{
  "aor": 0.0007761325966850829,
  "aqi": 0.001583915966850829,
  "bids_meta": {
    "AcquisitionNumber": 1,
    "AcquisitionTime": "12:41:15.540000",
    "BandwidthPerPixelPhaseEncode": 25.355,
    "BodyPartExamined": "BRAIN",
    "ConversionSoftware": "dcm2niix",
    "ConversionSoftwareVersion": "v1.0.20170724 (OpenJPEG build) GCC6.1.0",
    "DeviceSerialNumber": "67025",
    "EchoTime": 0.035,
    "EchoTrainLength": 68,
    "EffectiveEchoSpacing": 0.000579999,
    "FlipAngle": 52,
    "ImageType": [
      "ORIGINAL",
      "PRIMARY",
      "M",
      "MB",
      "ND",
      "MOSAIC"
    ],
    "InstitutionAddress": "McClintock_3520A_Los_Angeles_SVC0e0594213b1104_CA_US_90089",
    "InstitutionName": "USC",
    "MagneticFieldStrength": 3,
    "Manufacturer": "Siemens",
    "ManufacturersModelName": "Prisma_fit",
    "PhaseEncodingDirection": "j-",
    "PhaseEncodingLines": 68,
    "ProcedureStepDescription": "HAssal_Music",
    "ProtocolName": "MUSIC_DYNAMICS_HNL",
    "RepetitionTime": 1,
    "ScanningSequence": "EP",
    "SequenceName": "epfid2d1_68",
    "SequenceVariant": "SK_SS",
    "SeriesDescription": "MUSIC_DYNAMICS_HNL",
    "SliceTiming": [
      0,
      0.49,
      0.165,
      0.8175,
      0.3275,
      0.655,
      0,
      0.49,
      0.165,
      0.8175,
      0.3275,
      0.655,
      0,
      0.49,
      0.165,
      0.8175,
      0.3275,
      0.655,
      0,
      0.49,
      0.165,
      0.8175,
      0.3275,
      0.655,
      0,
      0.49,
      0.165,
      0.8175,
      0.3275,
      0.655,
      0,
      0.49,
      0.165,
      0.8175,
      0.3275,
      0.655,
      0,
      0.49,
      0.165,
      0.8175,
      0.3275,
      0.655,
      0,
      0.49,
      0.165,
      0.8175,
      0.3275,
      0.655
    ],
    "SoftwareVersions": "syngo_MR_E11",
    "TaskName": "happy",
    "TotalReadoutTime": 0.03886,
    "dataset": "ds003085",
    "modality": "bold",
    "subject_id": "19",
    "task_id": "happy"
  },
  "dummy_trs": 2,
  "dvars_nstd": 21.666467115888892,
  "dvars_std": 1.097777686666667,
  "dvars_vstd": 1.006758882666667,
  "efc": 0.527828927245559,
  "fber": 622.3529052734375,
  "fd_mean": 0.08879132762693667,
  "fd_num": 0,
  "fd_perc": 0.0,
  "fwhm_avg": 2.7321067414463065,
  "fwhm_x": 2.4817,
  "fwhm_y": 2.891783333333333,
  "fwhm_z": 2.8228368910055868,
  "gcor": 0.0178039,
  "gsr_x": 0.01960309036076069,
  "gsr_y": 0.03882713243365288,
  "provenance": {
    "md5sum": "67b40cb09b98a149a1ee95675a48e3ae",
    "settings": {
      "fd_thres": 0.2,
      "testing": false
    },
    "software": "mriqc",
    "version": "22.0.1",
    "webapi_port": null,
    "webapi_url": "https://mriqc.nimh.nih.gov/api/v1"
  },
  "size_t": 181,
  "size_x": 68,
  "size_y": 68,
  "size_z": 48,
  "snr": 2.428748643429636,
  "spacing_tr": 1.0,
  "spacing_x": 3.0,
  "spacing_y": 3.0,
  "spacing_z": 2.999999761581421,
  "summary_bg_k": 36.299180087804835,
  "summary_bg_mad": 137.30043288760677,
  "summary_bg_mean": 342.707275390625,
  "summary_bg_median": 179.3480682373047,
  "summary_bg_n": 130855.0,
  "summary_bg_p05": 64.23204803466797,
  "summary_bg_p95": 1170.7591796874988,
  "summary_bg_stdv": 541.05517578125,
  "summary_fg_k": 0.7130648126449843,
  "summary_fg_mad": 1792.3308888313263,
  "summary_fg_mean": 5030.2275390625,
  "summary_fg_median": 4636.8095703125,
  "summary_fg_n": 44254.0,
  "summary_fg_p05": 2607.3197265625,
  "summary_fg_p95": 8676.350048828124,
  "summary_fg_stdv": 1909.1136474609375,
  "tsnr": 69.35417037457228
}