{
  "aor": 0.00036223048327137545,
  "aqi": 0.0020529723791821563,
  "bids_meta": {
    "AcquisitionNumber": 1,
    "AcquisitionTime": "12:45:30.532500",
    "BandwidthPerPixelPhaseEncode": 25.355,
    "BodyPartExamined": "BRAIN",
    "ConversionSoftware": "dcm2niix",
    "ConversionSoftwareVersion": "v1.0.20170724 (OpenJPEG build) GCC6.1.0",
    "DeviceSerialNumber": "67025",
    "EchoTime": 0.035,
    "EchoTrainLength": 68,
    "EffectiveEchoSpacing": 0.000579999,
    "FlipAngle": 52,
    "ImageType": [
      "ORIGINAL",
      "PRIMARY",
      "M",
      "MB",
      "ND",
      "MOSAIC"
    ],
    "InstitutionAddress": "McClintock_3520A_Los_Angeles_SVC0e0594213b1104_CA_US_90089",
    "InstitutionName": "USC",
    "MagneticFieldStrength": 3,
    "Manufacturer": "Siemens",
    "ManufacturersModelName": "Prisma_fit",
    "PhaseEncodingDirection": "j-",
    "PhaseEncodingLines": 68,
    "ProcedureStepDescription": "HAssal_Music",
    "ProtocolName": "MUSIC_DYNAMICS_SNL",
    "RepetitionTime": 1,
    "ScanningSequence": "EP",
    "SequenceName": "epfid2d1_68",
    "SequenceVariant": "SK_SS",
    "SeriesDescription": "MUSIC_DYNAMICS_SNL",
    "SliceTiming": [
      0,
      0.49,
      0.1625,
      0.8175,
      0.3275,
      0.6525,
      0,
      0.49,
      0.1625,
      0.8175,
      0.3275,
      0.6525,
      0,
      0.49,
      0.1625,
      0.8175,
      0.3275,
      0.6525,
      0,
      0.49,
      0.1625,
      0.8175,
      0.3275,
      0.6525,
      0,
      0.49,
      0.1625,
      0.8175,
      0.3275,
      0.6525,
      0,
      0.49,
      0.1625,
      0.8175,
      0.3275,
      0.6525,
      0,
      0.49,
      0.1625,
      0.8175,
      0.3275,
      0.6525,
      0,
      0.49,
      0.1625,
      0.8175,
      0.3275,
      0.6525
    ],
    "SoftwareVersions": "syngo_MR_E11",
    "TaskName": "sadsh",
    "TotalReadoutTime": 0.03886,
    "dataset": "ds003085",
    "modality": "bold",
    "subject_id": "19",
    "task_id": "sadsh"
  },
  "dummy_trs": 2,
  "dvars_nstd": 21.776760080223873,
  "dvars_std": 1.0771627536940307,
  "dvars_vstd": 0.9880391975000005,
  "efc": 0.528189567000596,
  "fber": 616.2042846679688,
  "fd_mean": 0.08867673819525461,
  "fd_num": 0,
  "fd_perc": 0.0,
  "fwhm_avg": 2.744603408609944,
  "fwhm_x": 2.50986,
  "fwhm_y": 2.882353333333333,
  "fwhm_z": 2.8415968924964976,
  "gcor": 0.0130947,
  "gsr_x": 0.021127762272953987,
  "gsr_y": 0.03916998207569122,
  "provenance": {
    "md5sum": "513e5e6572efedaf5545a6b2b78af859",
    "settings": {
      "fd_thres": 0.2,
      "testing": false
    },
    "software": "mriqc",
    "version": "22.0.1",
    "webapi_port": null,
    "webapi_url": "https://mriqc.nimh.nih.gov/api/v1"
  },
  "size_t": 269,
  "size_x": 68,
  "size_y": 68,
  "size_z": 48,
  "snr": 2.4280194517266467,
  "spacing_tr": 1.0,
  "spacing_x": 3.0,
  "spacing_y": 3.0,
  "spacing_z": 2.999999761581421,
  "summary_bg_k": 37.06334986949661,
  "summary_bg_mad": 137.47967265471524,
  "summary_bg_mean": 346.2740478515625,
  "summary_bg_median": 179.96282958984375,
  "summary_bg_n": 131041.0,
  "summary_bg_p05": 64.20817565917969,
  "summary_bg_p95": 1184.6505126953125,
  "summary_bg_stdv": 553.2896118164062,
  "summary_fg_k": 0.7216391942900393,
  "summary_fg_mad": 1791.3751243884642,
  "summary_fg_mean": 5025.59619140625,
  "summary_fg_median": 4633.7060546875,
  "summary_fg_n": 44271.0,
  "summary_fg_p05": 2611.5836181640625,
  "summary_fg_p95": 8671.8583984375,
  "summary_fg_stdv": 1908.4088134765625,
  "tsnr": 64.1655006967485
}