{
  "aor": 0.00036147448015122876,
  "aqi": 0.00198327572778828,
  "bids_meta": {
    "AcquisitionNumber": 1,
    "AcquisitionTime": "12:28:38.500000",
    "BandwidthPerPixelPhaseEncode": 25.355,
    "BodyPartExamined": "BRAIN",
    "ConversionSoftware": "dcm2niix",
    "ConversionSoftwareVersion": "v1.0.20170724 (OpenJPEG build) GCC6.1.0",
    "DeviceSerialNumber": "67025",
    "EchoTime": 0.035,
    "EchoTrainLength": 68,
    "EffectiveEchoSpacing": 0.000579999,
    "FlipAngle": 52,
    "ImageType": [
      "ORIGINAL",
      "PRIMARY",
      "M",
      "MB",
      "ND",
      "MOSAIC"
    ],
    "InstitutionAddress": "McClintock_3520A_Los_Angeles_SVC0e0594213b1104_CA_US_90089",
    "InstitutionName": "USC",
    "MagneticFieldStrength": 3,
    "Manufacturer": "Siemens",
    "ManufacturersModelName": "Prisma_fit",
    "PhaseEncodingDirection": "j-",
    "PhaseEncodingLines": 68,
    "ProcedureStepDescription": "HAssal_Music",
    "ProtocolName": "MUSIC_DYNAMICS_SNL_L",
    "RepetitionTime": 1,
    "ScanningSequence": "EP",
    "SequenceName": "epfid2d1_68",
    "SequenceVariant": "SK_SS",
    "SeriesDescription": "MUSIC_DYNAMICS_SNL_L",
    "SliceTiming": [
      0,
      0.49,
      0.165,
      0.8175,
      0.3275,
      0.655,
      0,
      0.49,
      0.165,
      0.8175,
      0.3275,
      0.655,
      0,
      0.49,
      0.165,
      0.8175,
      0.3275,
      0.655,
      0,
      0.49,
      0.165,
      0.8175,
      0.3275,
      0.655,
      0,
      0.49,
      0.165,
      0.8175,
      0.3275,
      0.655,
      0,
      0.49,
      0.165,
      0.8175,
      0.3275,
      0.655,
      0,
      0.49,
      0.165,
      0.8175,
      0.3275,
      0.655,
      0,
      0.49,
      0.165,
      0.8175,
      0.3275,
      0.655
    ],
    "SoftwareVersions": "syngo_MR_E11",
    "TaskName": "sadln",
    "TotalReadoutTime": 0.03886,
    "dataset": "ds003085",
    "modality": "bold",
    "subject_id": "19",
    "task_id": "sadln"
  },
  "dummy_trs": 1,
  "dvars_nstd": 22.12313534253788,
  "dvars_std": 1.0935926786742414,
  "dvars_vstd": 0.992428418920454,
  "efc": 0.5279479337341185,
  "fber": 614.527099609375,
  "fd_mean": 0.08697728082469974,
  "fd_num": 0,
  "fd_perc": 0.0,
  "fwhm_avg": 2.74341451944343,
  "fwhm_x": 2.487346666666667,
  "fwhm_y": 2.9117800000000003,
  "fwhm_z": 2.8311168916636222,
  "gcor": 0.016086,
  "gsr_x": 0.019872354343533516,
  "gsr_y": 0.03903708606958389,
  "provenance": {
    "md5sum": "12bec54f973df0442475fd417d0b562a",
    "settings": {
      "fd_thres": 0.2,
      "testing": false
    },
    "software": "mriqc",
    "version": "22.0.1",
    "webapi_port": null,
    "webapi_url": "https://mriqc.nimh.nih.gov/api/v1"
  },
  "size_t": 529,
  "size_x": 68,
  "size_y": 68,
  "size_z": 48,
  "snr": 2.4272590048316918,
  "spacing_tr": 1.0,
  "spacing_x": 3.0,
  "spacing_y": 3.0,
  "spacing_z": 2.999999761581421,
  "summary_bg_k": 38.555056386769564,
  "summary_bg_mad": 137.78111466995927,
  "summary_bg_mean": 343.74005126953125,
  "summary_bg_median": 180.7760009765625,
  "summary_bg_n": 130930.0,
  "summary_bg_p05": 64.27032470703125,
  "summary_bg_p95": 1167.329608154296,
  "summary_bg_stdv": 546.0272827148438,
  "summary_fg_k": 0.7097704078001095,
  "summary_fg_mad": 1792.9062297068915,
  "summary_fg_mean": 5039.63916015625,
  "summary_fg_median": 4642.19482421875,
  "summary_fg_n": 44215.0,
  "summary_fg_p05": 2619.2953125,
  "summary_fg_p95": 8706.134667968745,
  "summary_fg_stdv": 1912.50390625,
  "tsnr": 64.45037363655865
}