{
  "aor": 0.0002934078212290503,
  "aqi": 0.002069881340782123,
  "bids_meta": {
    "AcquisitionNumber": 1,
    "AcquisitionTime": "12:08:6.380000",
    "BandwidthPerPixelPhaseEncode": 25.355,
    "BodyPartExamined": "BRAIN",
    "ConversionSoftware": "dcm2niix",
    "ConversionSoftwareVersion": "v1.0.20170724 (OpenJPEG build) GCC6.1.0",
    "DeviceSerialNumber": "67025",
    "EchoTime": 0.035,
    "EchoTrainLength": 68,
    "EffectiveEchoSpacing": 0.000579999,
    "FlipAngle": 52,
    "ImageType": [
      "ORIGINAL",
      "PRIMARY",
      "M",
      "MB",
      "ND",
      "MOSAIC"
    ],
    "InstitutionAddress": "McClintock_3520A_Los_Angeles_SVC0e0594213b1104_CA_US_90089",
    "InstitutionName": "USC",
    "MagneticFieldStrength": 3,
    "Manufacturer": "Siemens",
    "ManufacturersModelName": "Prisma_fit",
    "PhaseEncodingDirection": "j-",
    "PhaseEncodingLines": 68,
    "ProcedureStepDescription": "HAssal_Music",
    "ProtocolName": "Resting",
    "RepetitionTime": 1,
    "ScanningSequence": "EP",
    "SequenceName": "epfid2d1_68",
    "SequenceVariant": "SK_SS",
    "SeriesDescription": "Resting",
    "SliceTiming": [
      0,
      0.49,
      0.1625,
      0.8175,
      0.3275,
      0.6525,
      0,
      0.49,
      0.1625,
      0.8175,
      0.3275,
      0.6525,
      0,
      0.49,
      0.1625,
      0.8175,
      0.3275,
      0.6525,
      0,
      0.49,
      0.1625,
      0.8175,
      0.3275,
      0.6525,
      0,
      0.49,
      0.1625,
      0.8175,
      0.3275,
      0.6525,
      0,
      0.49,
      0.1625,
      0.8175,
      0.3275,
      0.6525,
      0,
      0.49,
      0.1625,
      0.8175,
      0.3275,
      0.6525,
      0,
      0.49,
      0.1625,
      0.8175,
      0.3275,
      0.6525
    ],
    "SoftwareVersions": "syngo_MR_E11",
    "TaskName": "rest",
    "TotalReadoutTime": 0.03886,
    "dataset": "ds003085",
    "modality": "bold",
    "subject_id": "19",
    "task_id": "rest"
  },
  "dummy_trs": 2,
  "dvars_nstd": 22.434976871792728,
  "dvars_std": 1.0965513235854334,
  "dvars_vstd": 0.9892521045378141,
  "efc": 0.5269979024522606,
  "fber": 657.6968994140625,
  "fd_mean": 0.07892239035637325,
  "fd_num": 0,
  "fd_perc": 0.0,
  "fwhm_avg": 2.6728022222222223,
  "fwhm_x": 2.45696,
  "fwhm_y": 2.8260066666666668,
  "fwhm_z": 2.73544,
  "gcor": 0.0198571,
  "gsr_x": 0.02419164590537548,
  "gsr_y": 0.039943281561136246,
  "provenance": {
    "md5sum": "e5497b843130222b4010164d05e9cd8c",
    "settings": {
      "fd_thres": 0.2,
      "testing": false
    },
    "software": "mriqc",
    "version": "22.0.1",
    "webapi_port": null,
    "webapi_url": "https://mriqc.nimh.nih.gov/api/v1"
  },
  "size_t": 358,
  "size_x": 68,
  "size_y": 68,
  "size_z": 48,
  "snr": 2.581749168170441,
  "spacing_tr": 1.0,
  "spacing_x": 3.0,
  "spacing_y": 3.0,
  "spacing_z": 3.0,
  "summary_bg_k": 39.15061238535975,
  "summary_bg_mad": 128.31755245532858,
  "summary_bg_mean": 330.29217529296875,
  "summary_bg_median": 170.534912109375,
  "summary_bg_n": 132272.0,
  "summary_bg_p05": 62.03910446166992,
  "summary_bg_p95": 1111.7823974609373,
  "summary_bg_stdv": 541.7271728515625,
  "summary_fg_k": 0.4962287807139458,
  "summary_fg_mad": 1645.6341680263804,
  "summary_fg_mean": 4816.35009765625,
  "summary_fg_median": 4471.12255859375,
  "summary_fg_n": 43737.0,
  "summary_fg_p05": 2590.175341796875,
  "summary_fg_p95": 8085.786425781248,
  "summary_fg_stdv": 1731.79931640625,
  "tsnr": 63.24980098521337
}