{
  "aor": 0.004044377358490565,
  "aqi": 0.004597988867924529,
  "bids_meta": {
    "AcquisitionNumber": 1,
    "AcquisitionTime": "15:57:45.842500",
    "BandwidthPerPixelPhaseEncode": 25.355,
    "BodyPartExamined": "BRAIN",
    "ConversionSoftware": "dcm2niix",
    "ConversionSoftwareVersion": "v1.0.20170724 (OpenJPEG build) GCC6.1.0",
    "DeviceSerialNumber": "67025",
    "EchoTime": 0.035,
    "EchoTrainLength": 68,
    "EffectiveEchoSpacing": 0.000579999,
    "FlipAngle": 52,
    "ImageType": [
      "ORIGINAL",
      "PRIMARY",
      "M",
      "MB",
      "ND",
      "MOSAIC"
    ],
    "InstitutionAddress": "McClintock_3520A_Los_Angeles_SVC0e0594213b1104_CA_US_90089",
    "InstitutionName": "USC",
    "MagneticFieldStrength": 3,
    "Manufacturer": "Siemens",
    "ManufacturersModelName": "Prisma_fit",
    "PhaseEncodingDirection": "j-",
    "PhaseEncodingLines": 68,
    "ProcedureStepDescription": "HAssal_Music",
    "ProtocolName": "MUSIC_DYNAMICS_SNL_L",
    "RepetitionTime": 1,
    "ScanningSequence": "EP",
    "SequenceName": "epfid2d1_68",
    "SequenceVariant": "SK_SS",
    "SeriesDescription": "MUSIC_DYNAMICS_SNL_L",
    "SliceTiming": [
      0,
      0.49,
      0.1625,
      0.815,
      0.325,
      0.6525,
      0,
      0.49,
      0.1625,
      0.815,
      0.325,
      0.6525,
      0,
      0.49,
      0.1625,
      0.815,
      0.325,
      0.6525,
      0,
      0.49,
      0.1625,
      0.815,
      0.325,
      0.6525,
      0,
      0.49,
      0.1625,
      0.815,
      0.325,
      0.6525,
      0,
      0.49,
      0.1625,
      0.815,
      0.325,
      0.6525,
      0,
      0.49,
      0.1625,
      0.815,
      0.325,
      0.6525,
      0,
      0.49,
      0.1625,
      0.815,
      0.325,
      0.6525
    ],
    "SoftwareVersions": "syngo_MR_E11",
    "TaskName": "sadln",
    "TotalReadoutTime": 0.03886,
    "dataset": "ds003085",
    "modality": "bold",
    "subject_id": "15",
    "task_id": "sadln"
  },
  "dummy_trs": 0,
  "dvars_nstd": 20.448444737807204,
  "dvars_std": 1.0729121681852556,
  "dvars_vstd": 1.0299222336105869,
  "efc": 0.5128955283169824,
  "fber": 992.7809448242188,
  "fd_mean": 0.10689073503238507,
  "fd_num": 65,
  "fd_perc": 12.264150943396226,
  "fwhm_avg": 2.858071111111111,
  "fwhm_x": 2.62261,
  "fwhm_y": 2.94872,
  "fwhm_z": 3.002883333333333,
  "gcor": 0.0436168,
  "gsr_x": 0.00835574883967638,
  "gsr_y": 0.05522583797574043,
  "provenance": {
    "md5sum": "56374af61f15a2578b3fd2be8286a514",
    "settings": {
      "fd_thres": 0.2,
      "testing": false
    },
    "software": "mriqc",
    "version": "22.0.1",
    "webapi_port": null,
    "webapi_url": "https://mriqc.nimh.nih.gov/api/v1"
  },
  "size_t": 530,
  "size_x": 68,
  "size_y": 68,
  "size_z": 48,
  "snr": 2.6637570389527157,
  "spacing_tr": 1.0,
  "spacing_x": 3.0,
  "spacing_y": 3.0,
  "spacing_z": 3.0,
  "summary_bg_k": 23.8492530744355,
  "summary_bg_mad": 105.31511567640985,
  "summary_bg_mean": 324.2366638183594,
  "summary_bg_median": 139.6584930419922,
  "summary_bg_n": 137029.0,
  "summary_bg_p05": 57.173583984375,
  "summary_bg_p95": 1250.8713623046847,
  "summary_bg_stdv": 543.0523071289062,
  "summary_fg_k": 0.4395180934962033,
  "summary_fg_mad": 1648.2030225050753,
  "summary_fg_mean": 4890.79443359375,
  "summary_fg_median": 4571.275390625,
  "summary_fg_n": 40595.0,
  "summary_fg_p05": 2659.1537353515623,
  "summary_fg_p95": 8157.538574218745,
  "summary_fg_stdv": 1716.07958984375,
  "tsnr": 49.2192459407961
}