{
  "bids_meta": {
    "AccelFactPE": 2,
    "AcquisitionNumber": 1,
    "AcquisitionTime": "12:54:17.417500",
    "BodyPartExamined": "BRAIN",
    "ConversionSoftware": "dcm2niix",
    "ConversionSoftwareVersion": "v1.0.20170724 (OpenJPEG build) GCC6.1.0",
    "DeviceSerialNumber": "67025",
    "EchoTime": 0.00226,
    "FlipAngle": 9,
    "ImageType": [
      "ORIGINAL",
      "PRIMARY",
      "M",
      "ND",
      "NORM"
    ],
    "InstitutionAddress": "McClintock_3520A_Los_Angeles_SVC0e0594213b1104_CA_US_90089",
    "InstitutionName": "USC",
    "InversionTime": 1.06,
    "MagneticFieldStrength": 3,
    "Manufacturer": "Siemens",
    "ManufacturersModelName": "Prisma_fit",
    "PhaseEncodingDirection": "i-",
    "PhaseEncodingLines": 224,
    "ProcedureStepDescription": "HAssal_Music",
    "ProtocolName": "t1_mprage_short_32channel",
    "RepetitionTime": 2.3,
    "ScanningSequence": "GR_IR",
    "SequenceName": "_tfl3d1_16ns",
    "SequenceVariant": "SK_SP_MP",
    "SeriesDescription": "t1_mprage_short_32channel",
    "SoftwareVersions": "syngo_MR_E11",
    "dataset": "ds003085",
    "modality": "T1w",
    "subject_id": "28"
  },
  "cjv": 0.3321779654120146,
  "cnr": 4.104718161880805,
  "efc": 0.5738081589839106,
  "fber": -1.0,
  "fwhm_avg": 4.700280300784693,
  "fwhm_x": 4.489210902354081,
  "fwhm_y": 5.01018,
  "fwhm_z": 4.60145,
  "icvs_csf": 0.1758526074911896,
  "icvs_gm": 0.45147853667706517,
  "icvs_wm": 0.3726688558317452,
  "inu_med": 0.2840278297662735,
  "inu_range": 0.06815525889396667,
  "provenance": {
    "md5sum": "f6d8d7a2e186cfec5b87e233d6f7a0ae",
    "settings": {
      "testing": false
    },
    "software": "mriqc",
    "version": "22.0.1",
    "warnings": {
      "large_rot_frame": true,
      "small_air_mask": false
    },
    "webapi_port": null,
    "webapi_url": "https://mriqc.nimh.nih.gov/api/v1"
  },
  "qi_1": 0.01777176659649582,
  "qi_2": 0.015840662042053283,
  "rpve_csf": 29.774364573351097,
  "rpve_gm": 12.62841280705757,
  "rpve_wm": 17.108459921699325,
  "size_x": 176,
  "size_y": 224,
  "size_z": 256,
  "snr_csf": 1.2658640740344365,
  "snr_gm": 16.156510556062116,
  "snr_total": 16.25287556374101,
  "snr_wm": 31.336252061126473,
  "snrd_csf": 18.91859497030078,
  "snrd_gm": 76.5497465370911,
  "snrd_total": 65.21054578240567,
  "snrd_wm": 100.16329583982517,
  "spacing_x": 1.0000020265579224,
  "spacing_y": 1.0,
  "spacing_z": 1.0,
  "summary_bg_k": 302.9805174214473,
  "summary_bg_mad": 0.0,
  "summary_bg_mean": 2.03654280546749,
  "summary_bg_median": 0.0,
  "summary_bg_n": 2073584.0,
  "summary_bg_p05": 0.0,
  "summary_bg_p95": 11.14829589985311,
  "summary_bg_stdv": 6.540822827177125,
  "summary_csf_k": -0.6573110009392695,
  "summary_csf_mad": 178.49503163254246,
  "summary_csf_mean": 216.0253683898528,
  "summary_csf_median": 188.8815486971289,
  "summary_csf_n": 22397.0,
  "summary_csf_p05": 29.326626193150876,
  "summary_csf_p95": 482.9833999197931,
  "summary_csf_stdv": 149.2082253170824,
  "summary_gm_k": 0.0034828197293141905,
  "summary_gm_mad": 47.68927102222142,
  "summary_gm_mean": 764.4185406327991,
  "summary_gm_median": 764.2657766602933,
  "summary_gm_n": 56105.0,
  "summary_gm_p05": 686.6796056922525,
  "summary_gm_p95": 841.2593613453209,
  "summary_gm_stdv": 47.30346710368658,
  "summary_wm_k": 0.4070700739350306,
  "summary_wm_mad": 30.623527912877773,
  "summary_wm_mean": 1001.662318090703,
  "summary_wm_median": 1000.0213266648352,
  "summary_wm_n": 183611.0,
  "summary_wm_p05": 952.3799474369735,
  "summary_wm_p95": 1056.9565051514655,
  "summary_wm_stdv": 31.912514665249596,
  "tpm_overlap_csf": 0.12484863020742762,
  "tpm_overlap_gm": 0.47025975521078467,
  "tpm_overlap_wm": 0.5126582290497653,
  "wm2max": 0.8983914209115281
}