{
  "bids_meta": {
    "AccelFactPE": 2,
    "AcquisitionNumber": 1,
    "AcquisitionTime": "16:29:57.030000",
    "BodyPartExamined": "BRAIN",
    "ConversionSoftware": "dcm2niix",
    "ConversionSoftwareVersion": "v1.0.20170724 (OpenJPEG build) GCC6.1.0",
    "DeviceSerialNumber": "67025",
    "EchoTime": 0.00226,
    "FlipAngle": 9,
    "ImageType": [
      "ORIGINAL",
      "PRIMARY",
      "M",
      "ND",
      "NORM"
    ],
    "InstitutionAddress": "McClintock_3520A_Los_Angeles_SVC0e0594213b1104_CA_US_90089",
    "InstitutionName": "USC",
    "InversionTime": 1.06,
    "MagneticFieldStrength": 3,
    "Manufacturer": "Siemens",
    "ManufacturersModelName": "Prisma_fit",
    "PhaseEncodingDirection": "i-",
    "PhaseEncodingLines": 224,
    "ProcedureStepDescription": "HAssal_Music",
    "ProtocolName": "t1_mprage_short_32channel",
    "RepetitionTime": 2.3,
    "ScanningSequence": "GR_IR",
    "SequenceName": "_tfl3d1_16ns",
    "SequenceVariant": "SK_SP_MP",
    "SeriesDescription": "t1_mprage_short_32channel",
    "SoftwareVersions": "syngo_MR_E11",
    "dataset": "ds003085",
    "modality": "T1w",
    "subject_id": "30"
  },
  "cjv": 0.3475841179943217,
  "cnr": 3.914265945947992,
  "efc": 0.5815661883507086,
  "fber": -1.0,
  "fwhm_avg": 4.3871461198414865,
  "fwhm_x": 4.382798359524459,
  "fwhm_y": 4.31706,
  "fwhm_z": 4.46158,
  "icvs_csf": 0.21523848353812935,
  "icvs_gm": 0.4514519457950468,
  "icvs_wm": 0.3333095706668238,
  "inu_med": 0.33472740650177,
  "inu_range": 0.10244137793779373,
  "provenance": {
    "md5sum": "586bf773a59fbdaf0c56d354f7fb552a",
    "settings": {
      "testing": false
    },
    "software": "mriqc",
    "version": "22.0.1",
    "warnings": {
      "large_rot_frame": true,
      "small_air_mask": false
    },
    "webapi_port": null,
    "webapi_url": "https://mriqc.nimh.nih.gov/api/v1"
  },
  "qi_1": 0.00718463875175731,
  "qi_2": 0.01515211962607746,
  "rpve_csf": 22.89821065111466,
  "rpve_gm": 11.522712691173643,
  "rpve_wm": 17.235508468160955,
  "size_x": 176,
  "size_y": 224,
  "size_z": 256,
  "snr_csf": 2.8690486339228625,
  "snr_gm": 18.333476358146722,
  "snr_total": 17.0939341503633,
  "snr_wm": 30.07927745902031,
  "snrd_csf": 68.63095024808007,
  "snrd_gm": 160.29729664357765,
  "snrd_total": 144.19564395749646,
  "snrd_wm": 203.65868498083165,
  "spacing_x": 0.9999980926513672,
  "spacing_y": 1.0,
  "spacing_z": 1.0,
  "summary_bg_k": 32.118844057085084,
  "summary_bg_mad": 0.0,
  "summary_bg_mean": 1.3187075377075925,
  "summary_bg_median": 0.0,
  "summary_bg_n": 2037302.0,
  "summary_bg_p05": 0.0,
  "summary_bg_p95": 5.444986769929528,
  "summary_bg_stdv": 3.216921301698096,
  "summary_csf_k": 1.4347053849875735,
  "summary_csf_mad": 75.1203139855472,
  "summary_csf_mean": 340.72434292505915,
  "summary_csf_median": 336.999082647264,
  "summary_csf_n": 39706.0,
  "summary_csf_p05": 97.76835850439966,
  "summary_csf_p95": 543.9286968507804,
  "summary_csf_stdv": 117.45874048854718,
  "summary_gm_k": 0.10688042835242939,
  "summary_gm_mad": 42.63047993250746,
  "summary_gm_mean": 786.0754157052638,
  "summary_gm_median": 787.1090480964631,
  "summary_gm_n": 41175.0,
  "summary_gm_p05": 714.6880417969078,
  "summary_gm_p95": 854.8361002840102,
  "summary_gm_stdv": 42.93236452095915,
  "summary_wm_k": 0.482835799291097,
  "summary_wm_mad": 31.376351368235436,
  "summary_wm_mean": 1001.7553064010929,
  "summary_wm_median": 1000.0268066171557,
  "summary_wm_n": 168624.0,
  "summary_wm_p05": 949.5735055617988,
  "summary_wm_p95": 1058.956047669053,
  "summary_wm_stdv": 33.24627204621963,
  "tpm_overlap_csf": 0.14667124656929567,
  "tpm_overlap_gm": 0.4808068010404909,
  "tpm_overlap_wm": 0.5066218744224656,
  "wm2max": 0.8028695020717238
}