{
  "aor": 0.004363459357277883,
  "aqi": 0.008841721531190927,
  "bids_meta": {
    "AcquisitionNumber": 1,
    "AcquisitionTime": "17:45:19.892500",
    "BandwidthPerPixelPhaseEncode": 25.355,
    "BodyPartExamined": "BRAIN",
    "ConversionSoftware": "dcm2niix",
    "ConversionSoftwareVersion": "v1.0.20170724 (OpenJPEG build) GCC6.1.0",
    "DeviceSerialNumber": "67025",
    "EchoTime": 0.035,
    "EchoTrainLength": 68,
    "EffectiveEchoSpacing": 0.000579999,
    "FlipAngle": 52,
    "ImageType": [
      "ORIGINAL",
      "PRIMARY",
      "M",
      "MB",
      "ND",
      "MOSAIC"
    ],
    "InstitutionAddress": "McClintock_3520A_Los_Angeles_SVC0e0594213b1104_CA_US_90089",
    "InstitutionName": "USC",
    "MagneticFieldStrength": 3,
    "Manufacturer": "Siemens",
    "ManufacturersModelName": "Prisma_fit",
    "PhaseEncodingDirection": "j-",
    "PhaseEncodingLines": 68,
    "ProcedureStepDescription": "HAssal_Music",
    "ProtocolName": "MUSIC_DYNAMICS_SNL_L",
    "RepetitionTime": 1,
    "ScanningSequence": "EP",
    "SequenceName": "epfid2d1_68",
    "SequenceVariant": "SK_SS",
    "SeriesDescription": "MUSIC_DYNAMICS_SNL_L",
    "SliceTiming": [
      0,
      0.49,
      0.1625,
      0.8175,
      0.3275,
      0.6525,
      0,
      0.49,
      0.1625,
      0.8175,
      0.3275,
      0.6525,
      0,
      0.49,
      0.1625,
      0.8175,
      0.3275,
      0.6525,
      0,
      0.49,
      0.1625,
      0.8175,
      0.3275,
      0.6525,
      0,
      0.49,
      0.1625,
      0.8175,
      0.3275,
      0.6525,
      0,
      0.49,
      0.1625,
      0.8175,
      0.3275,
      0.6525,
      0,
      0.49,
      0.1625,
      0.8175,
      0.3275,
      0.6525,
      0,
      0.49,
      0.1625,
      0.8175,
      0.3275,
      0.6525
    ],
    "SoftwareVersions": "syngo_MR_E11",
    "TaskName": "sadln",
    "TotalReadoutTime": 0.03886,
    "dataset": "ds003085",
    "modality": "bold",
    "subject_id": "33",
    "task_id": "sadln"
  },
  "dummy_trs": 1,
  "dvars_nstd": 24.411679408749997,
  "dvars_std": 0.9904583665340914,
  "dvars_vstd": 0.9778742048674242,
  "efc": 0.550321069390541,
  "fber": 447.5646057128906,
  "fd_mean": 0.11885690736608373,
  "fd_num": 54,
  "fd_perc": 10.207939508506616,
  "fwhm_avg": 2.877261111111111,
  "fwhm_x": 2.7019266666666666,
  "fwhm_y": 2.95579,
  "fwhm_z": 2.974066666666667,
  "gcor": 0.026682,
  "gsr_x": -0.004514768254011869,
  "gsr_y": 0.06552327424287796,
  "provenance": {
    "md5sum": "e55b6a3d6b797d772aaa986595bfb2a0",
    "settings": {
      "fd_thres": 0.2,
      "testing": false
    },
    "software": "mriqc",
    "version": "22.0.1",
    "webapi_port": null,
    "webapi_url": "https://mriqc.nimh.nih.gov/api/v1"
  },
  "size_t": 529,
  "size_x": 68,
  "size_y": 68,
  "size_z": 48,
  "snr": 2.183798212145361,
  "spacing_tr": 1.0,
  "spacing_x": 3.0,
  "spacing_y": 3.0,
  "spacing_z": 3.0,
  "summary_bg_k": 16.81987873344781,
  "summary_bg_mad": 165.93935292220178,
  "summary_bg_mean": 445.9843444824219,
  "summary_bg_median": 204.51417541503906,
  "summary_bg_n": 129313.0,
  "summary_bg_p05": 73.19017181396484,
  "summary_bg_p95": 1684.9157470703121,
  "summary_bg_stdv": 634.0087890625,
  "summary_fg_k": 1.2577646484212606,
  "summary_fg_mad": 1822.5624366564746,
  "summary_fg_mean": 5057.13134765625,
  "summary_fg_median": 4545.560546875,
  "summary_fg_n": 46308.0,
  "summary_fg_p05": 2530.381591796875,
  "summary_fg_p95": 9113.823925781251,
  "summary_fg_stdv": 2081.470458984375,
  "tsnr": 33.317599106696434
}