{
  "aor": 0.0004537535014005602,
  "aqi": 0.001738242324929972,
  "bids_meta": {
    "AcquisitionNumber": 1,
    "AcquisitionTime": "17:19:3.347500",
    "BandwidthPerPixelPhaseEncode": 25.355,
    "BodyPartExamined": "BRAIN",
    "ConversionSoftware": "dcm2niix",
    "ConversionSoftwareVersion": "v1.0.20170724 (OpenJPEG build) GCC6.1.0",
    "DeviceSerialNumber": "67025",
    "EchoTime": 0.035,
    "EchoTrainLength": 68,
    "EffectiveEchoSpacing": 0.000579999,
    "FlipAngle": 52,
    "ImageType": [
      "ORIGINAL",
      "PRIMARY",
      "M",
      "MB",
      "ND",
      "MOSAIC"
    ],
    "InstitutionAddress": "McClintock_3520A_Los_Angeles_SVC0e0594213b1104_CA_US_90089",
    "InstitutionName": "USC",
    "MagneticFieldStrength": 3,
    "Manufacturer": "Siemens",
    "ManufacturersModelName": "Prisma_fit",
    "PhaseEncodingDirection": "j-",
    "PhaseEncodingLines": 68,
    "ProcedureStepDescription": "HAssal_Music",
    "ProtocolName": "Resting",
    "RepetitionTime": 1,
    "ScanningSequence": "EP",
    "SequenceName": "epfid2d1_68",
    "SequenceVariant": "SK_SS",
    "SeriesDescription": "Resting",
    "SliceTiming": [
      0,
      0.49,
      0.165,
      0.8175,
      0.3275,
      0.655,
      0,
      0.49,
      0.165,
      0.8175,
      0.3275,
      0.655,
      0,
      0.49,
      0.165,
      0.8175,
      0.3275,
      0.655,
      0,
      0.49,
      0.165,
      0.8175,
      0.3275,
      0.655,
      0,
      0.49,
      0.165,
      0.8175,
      0.3275,
      0.655,
      0,
      0.49,
      0.165,
      0.8175,
      0.3275,
      0.655,
      0,
      0.49,
      0.165,
      0.8175,
      0.3275,
      0.655,
      0,
      0.49,
      0.165,
      0.8175,
      0.3275,
      0.655
    ],
    "SoftwareVersions": "syngo_MR_E11",
    "TaskName": "rest",
    "TotalReadoutTime": 0.03886,
    "dataset": "ds003085",
    "modality": "bold",
    "subject_id": "33",
    "task_id": "rest"
  },
  "dummy_trs": 3,
  "dvars_nstd": 21.498808860730325,
  "dvars_std": 1.077444326151685,
  "dvars_vstd": 1.0031418738764044,
  "efc": 0.5421975610342292,
  "fber": 493.05206298828125,
  "fd_mean": 0.06823979547055208,
  "fd_num": 0,
  "fd_perc": 0.0,
  "fwhm_avg": 2.8175411111111113,
  "fwhm_x": 2.6519266666666668,
  "fwhm_y": 2.8982033333333335,
  "fwhm_z": 2.9024933333333336,
  "gcor": 0.021614,
  "gsr_x": -0.0017410945147275925,
  "gsr_y": 0.057499270886182785,
  "provenance": {
    "md5sum": "2c538e3d2f5c09bc1b0d06eab950ff46",
    "settings": {
      "fd_thres": 0.2,
      "testing": false
    },
    "software": "mriqc",
    "version": "22.0.1",
    "webapi_port": null,
    "webapi_url": "https://mriqc.nimh.nih.gov/api/v1"
  },
  "size_t": 357,
  "size_x": 68,
  "size_y": 68,
  "size_z": 48,
  "snr": 2.1347418989334592,
  "spacing_tr": 1.0,
  "spacing_x": 3.0,
  "spacing_y": 3.0,
  "spacing_z": 3.0,
  "summary_bg_k": 17.27941814931848,
  "summary_bg_mad": 153.55730783171356,
  "summary_bg_mean": 417.3152160644531,
  "summary_bg_median": 195.5294189453125,
  "summary_bg_n": 129328.0,
  "summary_bg_p05": 72.44174118041992,
  "summary_bg_p95": 1579.6486083984362,
  "summary_bg_stdv": 591.4132080078125,
  "summary_fg_k": 1.4405979290708357,
  "summary_fg_mad": 1869.5863730123895,
  "summary_fg_mean": 5127.32763671875,
  "summary_fg_median": 4600.6220703125,
  "summary_fg_n": 45989.0,
  "summary_fg_p05": 2540.00576171875,
  "summary_fg_p95": 9355.8400390625,
  "summary_fg_stdv": 2155.09521484375,
  "tsnr": 64.95952201634645
}