{
  "aor": 0.0007116044776119402,
  "aqi": 0.0031033613059701496,
  "bids_meta": {
    "AcquisitionNumber": 1,
    "AcquisitionTime": "17:39:33.120000",
    "BandwidthPerPixelPhaseEncode": 25.355,
    "BodyPartExamined": "BRAIN",
    "ConversionSoftware": "dcm2niix",
    "ConversionSoftwareVersion": "v1.0.20170724 (OpenJPEG build) GCC6.1.0",
    "DeviceSerialNumber": "67025",
    "EchoTime": 0.035,
    "EchoTrainLength": 68,
    "EffectiveEchoSpacing": 0.000579999,
    "FlipAngle": 52,
    "ImageType": [
      "ORIGINAL",
      "PRIMARY",
      "M",
      "MB",
      "ND",
      "MOSAIC"
    ],
    "InstitutionAddress": "McClintock_3520A_Los_Angeles_SVC0e0594213b1104_CA_US_90089",
    "InstitutionName": "USC",
    "MagneticFieldStrength": 3,
    "Manufacturer": "Siemens",
    "ManufacturersModelName": "Prisma_fit",
    "PhaseEncodingDirection": "j-",
    "PhaseEncodingLines": 68,
    "ProcedureStepDescription": "HAssal_Music",
    "ProtocolName": "MUSIC_DYNAMICS_SNL",
    "RepetitionTime": 1,
    "ScanningSequence": "EP",
    "SequenceName": "epfid2d1_68",
    "SequenceVariant": "SK_SS",
    "SeriesDescription": "MUSIC_DYNAMICS_SNL",
    "SliceTiming": [
      0,
      0.49,
      0.1625,
      0.815,
      0.325,
      0.6525,
      0,
      0.49,
      0.1625,
      0.815,
      0.325,
      0.6525,
      0,
      0.49,
      0.1625,
      0.815,
      0.325,
      0.6525,
      0,
      0.49,
      0.1625,
      0.815,
      0.325,
      0.6525,
      0,
      0.49,
      0.1625,
      0.815,
      0.325,
      0.6525,
      0,
      0.49,
      0.1625,
      0.815,
      0.325,
      0.6525,
      0,
      0.49,
      0.1625,
      0.815,
      0.325,
      0.6525,
      0,
      0.49,
      0.1625,
      0.815,
      0.325,
      0.6525
    ],
    "SoftwareVersions": "syngo_MR_E11",
    "TaskName": "sadsh",
    "TotalReadoutTime": 0.03886,
    "dataset": "ds003085",
    "modality": "bold",
    "subject_id": "33",
    "task_id": "sadsh"
  },
  "dummy_trs": 3,
  "dvars_nstd": 22.360987052659162,
  "dvars_std": 1.0146128840449447,
  "dvars_vstd": 0.9584945488014984,
  "efc": 0.5490220590530911,
  "fber": 471.3935546875,
  "fd_mean": 0.07709856675633811,
  "fd_num": 5,
  "fd_perc": 1.8656716417910448,
  "fwhm_avg": 2.8338155555555553,
  "fwhm_x": 2.6675766666666667,
  "fwhm_y": 2.90833,
  "fwhm_z": 2.92554,
  "gcor": 0.0160642,
  "gsr_x": -0.0043488177470862865,
  "gsr_y": 0.06532960385084152,
  "provenance": {
    "md5sum": "28663ccdb15fb39ae13b9ca3a31576be",
    "settings": {
      "fd_thres": 0.2,
      "testing": false
    },
    "software": "mriqc",
    "version": "22.0.1",
    "webapi_port": null,
    "webapi_url": "https://mriqc.nimh.nih.gov/api/v1"
  },
  "size_t": 268,
  "size_x": 68,
  "size_y": 68,
  "size_z": 48,
  "snr": 2.1937999963744272,
  "spacing_tr": 1.0,
  "spacing_x": 3.0,
  "spacing_y": 3.0,
  "spacing_z": 3.0,
  "summary_bg_k": 17.00814573912137,
  "summary_bg_mad": 161.75576826087192,
  "summary_bg_mean": 444.78912353515625,
  "summary_bg_median": 200.24813842773438,
  "summary_bg_n": 129582.0,
  "summary_bg_p05": 72.32835388183594,
  "summary_bg_p95": 1702.1449462890625,
  "summary_bg_stdv": 642.0427856445312,
  "summary_fg_k": 1.2202078006236219,
  "summary_fg_mad": 1821.8249361632604,
  "summary_fg_mean": 5059.03662109375,
  "summary_fg_median": 4552.662109375,
  "summary_fg_n": 46112.0,
  "summary_fg_p05": 2539.545544433594,
  "summary_fg_p95": 9111.956298828123,
  "summary_fg_stdv": 2075.2177734375,
  "tsnr": 53.874088894575834
}