{
  "aor": 0.0009733888888888888,
  "aqi": 0.003492897611111111,
  "bids_meta": {
    "AcquisitionNumber": 1,
    "AcquisitionTime": "17:55:27.175000",
    "BandwidthPerPixelPhaseEncode": 25.355,
    "BodyPartExamined": "BRAIN",
    "ConversionSoftware": "dcm2niix",
    "ConversionSoftwareVersion": "v1.0.20170724 (OpenJPEG build) GCC6.1.0",
    "DeviceSerialNumber": "67025",
    "EchoTime": 0.035,
    "EchoTrainLength": 68,
    "EffectiveEchoSpacing": 0.000579999,
    "FlipAngle": 52,
    "ImageType": [
      "ORIGINAL",
      "PRIMARY",
      "M",
      "MB",
      "ND",
      "MOSAIC"
    ],
    "InstitutionAddress": "McClintock_3520A_Los_Angeles_SVC0e0594213b1104_CA_US_90089",
    "InstitutionName": "USC",
    "MagneticFieldStrength": 3,
    "Manufacturer": "Siemens",
    "ManufacturersModelName": "Prisma_fit",
    "PhaseEncodingDirection": "j-",
    "PhaseEncodingLines": 68,
    "ProcedureStepDescription": "HAssal_Music",
    "ProtocolName": "MUSIC_DYNAMICS_HNL",
    "RepetitionTime": 1,
    "ScanningSequence": "EP",
    "SequenceName": "epfid2d1_68",
    "SequenceVariant": "SK_SS",
    "SeriesDescription": "MUSIC_DYNAMICS_HNL",
    "SliceTiming": [
      0,
      0.49,
      0.165,
      0.8175,
      0.3275,
      0.655,
      0,
      0.49,
      0.165,
      0.8175,
      0.3275,
      0.655,
      0,
      0.49,
      0.165,
      0.8175,
      0.3275,
      0.655,
      0,
      0.49,
      0.165,
      0.8175,
      0.3275,
      0.655,
      0,
      0.49,
      0.165,
      0.8175,
      0.3275,
      0.655,
      0,
      0.49,
      0.165,
      0.8175,
      0.3275,
      0.655,
      0,
      0.49,
      0.165,
      0.8175,
      0.3275,
      0.655,
      0,
      0.49,
      0.165,
      0.8175,
      0.3275,
      0.655
    ],
    "SoftwareVersions": "syngo_MR_E11",
    "TaskName": "happy",
    "TotalReadoutTime": 0.03886,
    "dataset": "ds003085",
    "modality": "bold",
    "subject_id": "33",
    "task_id": "happy"
  },
  "dummy_trs": 3,
  "dvars_nstd": 23.700034061620112,
  "dvars_std": 1.0191112605027937,
  "dvars_vstd": 0.9624406297765363,
  "efc": 0.549830688568033,
  "fber": 473.406005859375,
  "fd_mean": 0.09562552287338917,
  "fd_num": 8,
  "fd_perc": 4.444444444444445,
  "fwhm_avg": 2.8332466666666662,
  "fwhm_x": 2.6784966666666663,
  "fwhm_y": 2.8943433333333335,
  "fwhm_z": 2.9269,
  "gcor": 0.0221988,
  "gsr_x": -0.004343667067587376,
  "gsr_y": 0.0659904032945633,
  "provenance": {
    "md5sum": "d8f9df0d024081ca4087a60037bdbad9",
    "settings": {
      "fd_thres": 0.2,
      "testing": false
    },
    "software": "mriqc",
    "version": "22.0.1",
    "webapi_port": null,
    "webapi_url": "https://mriqc.nimh.nih.gov/api/v1"
  },
  "size_t": 180,
  "size_x": 68,
  "size_y": 68,
  "size_z": 48,
  "snr": 2.1994316117574026,
  "spacing_tr": 1.0,
  "spacing_x": 3.0,
  "spacing_y": 3.0,
  "spacing_z": 3.0,
  "summary_bg_k": 16.827109990504717,
  "summary_bg_mad": 158.531352760939,
  "summary_bg_mean": 442.3256530761719,
  "summary_bg_median": 197.56666564941406,
  "summary_bg_n": 129259.0,
  "summary_bg_p05": 72.0999984741211,
  "summary_bg_p95": 1690.7183471679675,
  "summary_bg_stdv": 639.3230590820312,
  "summary_fg_k": 1.1357934089686692,
  "summary_fg_mad": 1807.7617519116761,
  "summary_fg_mean": 5026.1640625,
  "summary_fg_median": 4524.3193359375,
  "summary_fg_n": 46380.0,
  "summary_fg_p05": 2516.9013549804686,
  "summary_fg_p95": 9062.541064453122,
  "summary_fg_stdv": 2057.01806640625,
  "tsnr": 51.21115378476679
}