{
  "aor": 0.002129945054945055,
  "aqi": 0.002261542252747253,
  "bids_meta": {
    "AcquisitionNumber": 1,
    "AcquisitionTime": "14:27:17.785000",
    "BandwidthPerPixelPhaseEncode": 25.355,
    "BodyPartExamined": "BRAIN",
    "ConversionSoftware": "dcm2niix",
    "ConversionSoftwareVersion": "v1.0.20170724 (OpenJPEG build) GCC6.1.0",
    "DeviceSerialNumber": "67025",
    "EchoTime": 0.035,
    "EchoTrainLength": 68,
    "EffectiveEchoSpacing": 0.000579999,
    "FlipAngle": 52,
    "ImageType": [
      "ORIGINAL",
      "PRIMARY",
      "M",
      "MB",
      "ND",
      "MOSAIC"
    ],
    "InstitutionAddress": "McClintock_3520A_Los_Angeles_SVC0e0594213b1104_CA_US_90089",
    "InstitutionName": "USC",
    "MagneticFieldStrength": 3,
    "Manufacturer": "Siemens",
    "ManufacturersModelName": "Prisma_fit",
    "PhaseEncodingDirection": "j-",
    "PhaseEncodingLines": 68,
    "ProcedureStepDescription": "HAssal_Music",
    "ProtocolName": "MUSIC_DYNAMICS_HNL",
    "RepetitionTime": 1,
    "ScanningSequence": "EP",
    "SequenceName": "epfid2d1_68",
    "SequenceVariant": "SK_SS",
    "SeriesDescription": "MUSIC_DYNAMICS_HNL",
    "SliceTiming": [
      0,
      0.49,
      0.1625,
      0.815,
      0.325,
      0.6525,
      0,
      0.49,
      0.1625,
      0.815,
      0.325,
      0.6525,
      0,
      0.49,
      0.1625,
      0.815,
      0.325,
      0.6525,
      0,
      0.49,
      0.1625,
      0.815,
      0.325,
      0.6525,
      0,
      0.49,
      0.1625,
      0.815,
      0.325,
      0.6525,
      0,
      0.49,
      0.1625,
      0.815,
      0.325,
      0.6525,
      0,
      0.49,
      0.1625,
      0.815,
      0.325,
      0.6525,
      0,
      0.49,
      0.1625,
      0.815,
      0.325,
      0.6525
    ],
    "SoftwareVersions": "syngo_MR_E11",
    "TaskName": "happy",
    "TotalReadoutTime": 0.03886,
    "dataset": "ds003085",
    "modality": "bold",
    "subject_id": "36",
    "task_id": "happy"
  },
  "dummy_trs": 1,
  "dvars_nstd": 22.3668435661326,
  "dvars_std": 1.0940789683425414,
  "dvars_vstd": 1.0021166235359118,
  "efc": 0.4916205611313959,
  "fber": 1145.3419189453125,
  "fd_mean": 0.11431981000954537,
  "fd_num": 9,
  "fd_perc": 4.945054945054945,
  "fwhm_avg": 2.793921111111111,
  "fwhm_x": 2.5778266666666667,
  "fwhm_y": 2.9577533333333332,
  "fwhm_z": 2.8461833333333337,
  "gcor": 0.0121535,
  "gsr_x": -0.005346224643290043,
  "gsr_y": 0.046707022935152054,
  "provenance": {
    "md5sum": "9a1b1b61dc9484f032d1ec4ff42d4b41",
    "settings": {
      "fd_thres": 0.2,
      "testing": false
    },
    "software": "mriqc",
    "version": "22.0.1",
    "webapi_port": null,
    "webapi_url": "https://mriqc.nimh.nih.gov/api/v1"
  },
  "size_t": 182,
  "size_x": 68,
  "size_y": 68,
  "size_z": 48,
  "snr": 2.73390079850278,
  "spacing_tr": 1.0,
  "spacing_x": 3.0,
  "spacing_y": 3.0,
  "spacing_z": 3.0,
  "summary_bg_k": 21.845270844814596,
  "summary_bg_mad": 99.38322501458666,
  "summary_bg_mean": 300.3498229980469,
  "summary_bg_median": 131.04945373535156,
  "summary_bg_n": 144088.0,
  "summary_bg_p05": 55.5678596496582,
  "summary_bg_p95": 1186.2728576660156,
  "summary_bg_stdv": 471.0753173828125,
  "summary_fg_k": 0.925318198311678,
  "summary_fg_mad": 1532.741755104629,
  "summary_fg_mean": 4812.103515625,
  "summary_fg_median": 4521.10986328125,
  "summary_fg_n": 35739.0,
  "summary_fg_p05": 2643.240283203125,
  "summary_fg_p95": 7969.047412109372,
  "summary_fg_stdv": 1653.6981201171875,
  "tsnr": 63.009079756680876
}