{
  "aor": 0.0010051810584958219,
  "aqi": 0.004620854818941504,
  "bids_meta": {
    "AcquisitionNumber": 1,
    "AcquisitionTime": "13:30:40.562500",
    "BandwidthPerPixelPhaseEncode": 25.355,
    "BodyPartExamined": "BRAIN",
    "ConversionSoftware": "dcm2niix",
    "ConversionSoftwareVersion": "v1.0.20170724 (OpenJPEG build) GCC6.1.0",
    "DeviceSerialNumber": "67025",
    "EchoTime": 0.035,
    "EchoTrainLength": 68,
    "EffectiveEchoSpacing": 0.000579999,
    "FlipAngle": 52,
    "ImageType": [
      "ORIGINAL",
      "PRIMARY",
      "M",
      "MB",
      "ND",
      "MOSAIC"
    ],
    "InstitutionAddress": "McClintock_3520A_Los_Angeles_SVC0e0594213b1104_CA_US_90089",
    "InstitutionName": "USC",
    "MagneticFieldStrength": 3,
    "Manufacturer": "Siemens",
    "ManufacturersModelName": "Prisma_fit",
    "PhaseEncodingDirection": "j-",
    "PhaseEncodingLines": 68,
    "ProcedureStepDescription": "HAssal_Music",
    "ProtocolName": "Resting",
    "RepetitionTime": 1,
    "ScanningSequence": "EP",
    "SequenceName": "epfid2d1_68",
    "SequenceVariant": "SK_SS",
    "SeriesDescription": "Resting",
    "SliceTiming": [
      0,
      0.49,
      0.1625,
      0.815,
      0.325,
      0.6525,
      0,
      0.49,
      0.1625,
      0.815,
      0.325,
      0.6525,
      0,
      0.49,
      0.1625,
      0.815,
      0.325,
      0.6525,
      0,
      0.49,
      0.1625,
      0.815,
      0.325,
      0.6525,
      0,
      0.49,
      0.1625,
      0.815,
      0.325,
      0.6525,
      0,
      0.49,
      0.1625,
      0.815,
      0.325,
      0.6525,
      0,
      0.49,
      0.1625,
      0.815,
      0.325,
      0.6525,
      0,
      0.49,
      0.1625,
      0.815,
      0.325,
      0.6525
    ],
    "SoftwareVersions": "syngo_MR_E11",
    "TaskName": "rest",
    "TotalReadoutTime": 0.03886,
    "dataset": "ds003085",
    "modality": "bold",
    "subject_id": "16",
    "task_id": "rest"
  },
  "dummy_trs": 1,
  "dvars_nstd": 21.990415839525127,
  "dvars_std": 0.9560991693296095,
  "dvars_vstd": 0.9432509366759777,
  "efc": 0.5388471095222179,
  "fber": 567.4486083984375,
  "fd_mean": 0.1315582317143647,
  "fd_num": 46,
  "fd_perc": 12.813370473537605,
  "fwhm_avg": 2.8217933333333334,
  "fwhm_x": 2.565183333333333,
  "fwhm_y": 2.9520733333333333,
  "fwhm_z": 2.948123333333333,
  "gcor": 0.0203351,
  "gsr_x": 0.010420816019177437,
  "gsr_y": 0.07029972970485687,
  "provenance": {
    "md5sum": "94705df7f342c17215223c4d25e422e7",
    "settings": {
      "fd_thres": 0.2,
      "testing": false
    },
    "software": "mriqc",
    "version": "22.0.1",
    "webapi_port": null,
    "webapi_url": "https://mriqc.nimh.nih.gov/api/v1"
  },
  "size_t": 359,
  "size_x": 68,
  "size_y": 68,
  "size_z": 48,
  "snr": 2.593343197160841,
  "spacing_tr": 1.0,
  "spacing_x": 3.0,
  "spacing_y": 3.0,
  "spacing_z": 3.0,
  "summary_bg_k": 29.42413300263064,
  "summary_bg_mad": 133.00882476446412,
  "summary_bg_mean": 374.9241638183594,
  "summary_bg_median": 165.46238708496094,
  "summary_bg_n": 134499.0,
  "summary_bg_p05": 59.91058349609375,
  "summary_bg_p95": 1460.2314331054683,
  "summary_bg_stdv": 582.3153686523438,
  "summary_fg_k": 0.3030530203532167,
  "summary_fg_mad": 1482.9203843625517,
  "summary_fg_mean": 4401.90185546875,
  "summary_fg_median": 4098.8525390625,
  "summary_fg_n": 41093.0,
  "summary_fg_p05": 2348.7330078125,
  "summary_fg_p95": 7472.61279296875,
  "summary_fg_stdv": 1580.5091552734375,
  "tsnr": 47.537350035854615
}