{
  "bids_meta": {
    "AccelFactPE": 2,
    "AcquisitionNumber": 1,
    "AcquisitionTime": "14:19:38.650000",
    "BodyPartExamined": "BRAIN",
    "ConversionSoftware": "dcm2niix",
    "ConversionSoftwareVersion": "v1.0.20170724 (OpenJPEG build) GCC6.1.0",
    "DeviceSerialNumber": "67025",
    "EchoTime": 0.00226,
    "FlipAngle": 9,
    "ImageType": [
      "ORIGINAL",
      "PRIMARY",
      "M",
      "ND",
      "NORM"
    ],
    "InstitutionAddress": "McClintock_3520A_Los_Angeles_SVC0e0594213b1104_CA_US_90089",
    "InstitutionName": "USC",
    "InversionTime": 1.06,
    "MagneticFieldStrength": 3,
    "Manufacturer": "Siemens",
    "ManufacturersModelName": "Prisma_fit",
    "PhaseEncodingDirection": "i-",
    "PhaseEncodingLines": 224,
    "ProcedureStepDescription": "HAssal_Music",
    "ProtocolName": "t1_mprage_short_32channel",
    "RepetitionTime": 2.3,
    "ScanningSequence": "GR_IR",
    "SequenceName": "_tfl3d1_16ns",
    "SequenceVariant": "SK_SP_MP",
    "SeriesDescription": "t1_mprage_short_32channel",
    "SoftwareVersions": "syngo_MR_E11",
    "dataset": "ds003085",
    "modality": "T1w",
    "subject_id": "11"
  },
  "cjv": 0.33962693992198806,
  "cnr": 4.016189057136759,
  "efc": 0.6078376036688041,
  "fber": -1.0,
  "fwhm_avg": 4.867871370039812,
  "fwhm_x": 4.596344110119439,
  "fwhm_y": 5.20938,
  "fwhm_z": 4.79789,
  "icvs_csf": 0.23025747319404752,
  "icvs_gm": 0.42204491246250897,
  "icvs_wm": 0.3476976143434435,
  "inu_med": 0.30224965512752533,
  "inu_range": 0.07300855815410617,
  "provenance": {
    "md5sum": "b150e5c508a1ccaf27376a3614025289",
    "settings": {
      "testing": false
    },
    "software": "mriqc",
    "version": "22.0.1",
    "warnings": {
      "large_rot_frame": true,
      "small_air_mask": false
    },
    "webapi_port": null,
    "webapi_url": "https://mriqc.nimh.nih.gov/api/v1"
  },
  "qi_1": 0.013973016444264108,
  "qi_2": 0.003763588721207633,
  "rpve_csf": 21.288795456911405,
  "rpve_gm": 11.673876215532756,
  "rpve_wm": 16.205912571860353,
  "size_x": 176,
  "size_y": 224,
  "size_z": 256,
  "snr_csf": 3.4483004097096193,
  "snr_gm": 16.4815692675469,
  "snr_total": 17.75339112615633,
  "snr_wm": 33.33030370121247,
  "snrd_csf": 44.48319425386162,
  "snrd_gm": 105.22200793864333,
  "snrd_total": 95.15135212897123,
  "snrd_wm": 135.74885419440872,
  "spacing_x": 1.000003457069397,
  "spacing_y": 1.0,
  "spacing_z": 1.0,
  "summary_bg_k": 30.144721295095152,
  "summary_bg_mad": 0.0,
  "summary_bg_mean": 1.9982197796852619,
  "summary_bg_median": 0.0,
  "summary_bg_n": 2027639.0,
  "summary_bg_p05": 0.0,
  "summary_bg_p95": 10.100033681839705,
  "summary_bg_stdv": 4.826208105546744,
  "summary_csf_k": 2.106384747641197,
  "summary_csf_mad": 58.78679276548734,
  "summary_csf_mean": 340.1676747063551,
  "summary_csf_median": 327.69535117968917,
  "summary_csf_n": 64759.0,
  "summary_csf_p05": 192.33315335903316,
  "summary_csf_p95": 518.5328296944499,
  "summary_csf_stdv": 95.03024160332959,
  "summary_gm_k": -0.14691107862664765,
  "summary_gm_mad": 48.29043062027845,
  "summary_gm_mean": 773.3253443131605,
  "summary_gm_median": 775.1413409411907,
  "summary_gm_n": 41221.0,
  "summary_gm_p05": 694.1719321664423,
  "summary_gm_p95": 847.3879933543503,
  "summary_gm_stdv": 47.03022667554783,
  "summary_wm_k": 0.7237102970617801,
  "summary_wm_mad": 28.085829084791026,
  "summary_wm_mean": 1000.882318717955,
  "summary_wm_median": 1000.0241483021528,
  "summary_wm_n": 190717.0,
  "summary_wm_p05": 953.486672533676,
  "summary_wm_p95": 1051.1525484714657,
  "summary_wm_stdv": 30.003372771952705,
  "tpm_overlap_csf": 0.14420840161599072,
  "tpm_overlap_gm": 0.47281654067341283,
  "tpm_overlap_wm": 0.5050072676477986,
  "wm2max": 0.886141539180535
}