{
  "aor": 0.000817069943289225,
  "aqi": 0.005262521739130435,
  "bids_meta": {
    "AcquisitionNumber": 1,
    "AcquisitionTime": "13:46:52.260000",
    "BandwidthPerPixelPhaseEncode": 25.355,
    "BodyPartExamined": "BRAIN",
    "ConversionSoftware": "dcm2niix",
    "ConversionSoftwareVersion": "v1.0.20170724 (OpenJPEG build) GCC6.1.0",
    "DeviceSerialNumber": "67025",
    "EchoTime": 0.035,
    "EchoTrainLength": 68,
    "EffectiveEchoSpacing": 0.000579999,
    "FlipAngle": 52,
    "ImageType": [
      "ORIGINAL",
      "PRIMARY",
      "M",
      "MB",
      "ND",
      "MOSAIC"
    ],
    "InstitutionAddress": "McClintock_3520A_Los_Angeles_SVC0e0594213b1104_CA_US_90089",
    "InstitutionName": "USC",
    "MagneticFieldStrength": 3,
    "Manufacturer": "Siemens",
    "ManufacturersModelName": "Prisma_fit",
    "PhaseEncodingDirection": "j-",
    "PhaseEncodingLines": 68,
    "ProcedureStepDescription": "HAssal_Music",
    "ProtocolName": "MUSIC_DYNAMICS_SNL_L",
    "RepetitionTime": 1,
    "ScanningSequence": "EP",
    "SequenceName": "epfid2d1_68",
    "SequenceVariant": "SK_SS",
    "SeriesDescription": "MUSIC_DYNAMICS_SNL_L",
    "SliceTiming": [
      0,
      0.49,
      0.1625,
      0.815,
      0.325,
      0.6525,
      0,
      0.49,
      0.1625,
      0.815,
      0.325,
      0.6525,
      0,
      0.49,
      0.1625,
      0.815,
      0.325,
      0.6525,
      0,
      0.49,
      0.1625,
      0.815,
      0.325,
      0.6525,
      0,
      0.49,
      0.1625,
      0.815,
      0.325,
      0.6525,
      0,
      0.49,
      0.1625,
      0.815,
      0.325,
      0.6525,
      0,
      0.49,
      0.1625,
      0.815,
      0.325,
      0.6525,
      0,
      0.49,
      0.1625,
      0.815,
      0.325,
      0.6525
    ],
    "SoftwareVersions": "syngo_MR_E11",
    "TaskName": "sadln",
    "TotalReadoutTime": 0.03886,
    "dataset": "ds003085",
    "modality": "bold",
    "subject_id": "16",
    "task_id": "sadln"
  },
  "dummy_trs": 1,
  "dvars_nstd": 21.647388194545456,
  "dvars_std": 0.9716925252083349,
  "dvars_vstd": 0.9534407049053029,
  "efc": 0.5382792292496079,
  "fber": 541.0285034179688,
  "fd_mean": 0.12637194725542464,
  "fd_num": 62,
  "fd_perc": 11.720226843100189,
  "fwhm_avg": 2.8811677777777778,
  "fwhm_x": 2.59178,
  "fwhm_y": 3.00053,
  "fwhm_z": 3.0511933333333334,
  "gcor": 0.0142847,
  "gsr_x": 0.015922077000141144,
  "gsr_y": 0.0810583233833313,
  "provenance": {
    "md5sum": "c08cbacf83777ae73a18f1b5ad001d7b",
    "settings": {
      "fd_thres": 0.2,
      "testing": false
    },
    "software": "mriqc",
    "version": "22.0.1",
    "webapi_port": null,
    "webapi_url": "https://mriqc.nimh.nih.gov/api/v1"
  },
  "size_t": 529,
  "size_x": 68,
  "size_y": 68,
  "size_z": 48,
  "snr": 2.521283883454379,
  "spacing_tr": 1.0,
  "spacing_x": 3.0,
  "spacing_y": 3.0,
  "spacing_z": 3.0,
  "summary_bg_k": 26.444294208098302,
  "summary_bg_mad": 136.79740551899135,
  "summary_bg_mean": 376.26715087890625,
  "summary_bg_median": 168.0869598388672,
  "summary_bg_n": 134497.0,
  "summary_bg_p05": 58.83894271850586,
  "summary_bg_p95": 1464.9452148437495,
  "summary_bg_stdv": 588.4295654296875,
  "summary_fg_k": 0.3090913773506032,
  "summary_fg_mad": 1519.358881123963,
  "summary_fg_mean": 4354.029296875,
  "summary_fg_median": 4048.612548828125,
  "summary_fg_n": 41355.0,
  "summary_fg_p05": 2268.9795410156253,
  "summary_fg_p95": 7466.983740234374,
  "summary_fg_stdv": 1605.7547607421875,
  "tsnr": 45.73997064179275
}