{
  "aor": 0.002920774907749078,
  "aqi": 0.002941569372693727,
  "bids_meta": {
    "AcquisitionNumber": 1,
    "AcquisitionTime": "14:01:40.007500",
    "BandwidthPerPixelPhaseEncode": 25.355,
    "BodyPartExamined": "BRAIN",
    "ConversionSoftware": "dcm2niix",
    "ConversionSoftwareVersion": "v1.0.20170724 (OpenJPEG build) GCC6.1.0",
    "DeviceSerialNumber": "67025",
    "EchoTime": 0.035,
    "EchoTrainLength": 68,
    "EffectiveEchoSpacing": 0.000579999,
    "FlipAngle": 52,
    "ImageType": [
      "ORIGINAL",
      "PRIMARY",
      "M",
      "MB",
      "ND",
      "MOSAIC"
    ],
    "InstitutionAddress": "McClintock_3520A_Los_Angeles_SVC0e0594213b1104_CA_US_90089",
    "InstitutionName": "USC",
    "MagneticFieldStrength": 3,
    "Manufacturer": "Siemens",
    "ManufacturersModelName": "Prisma_fit",
    "PhaseEncodingDirection": "j-",
    "PhaseEncodingLines": 68,
    "ProcedureStepDescription": "HAssal_Music",
    "ProtocolName": "MUSIC_DYNAMICS_SNL",
    "RepetitionTime": 1,
    "ScanningSequence": "EP",
    "SequenceName": "epfid2d1_68",
    "SequenceVariant": "SK_SS",
    "SeriesDescription": "MUSIC_DYNAMICS_SNL",
    "SliceTiming": [
      0,
      0.49,
      0.165,
      0.8175,
      0.3275,
      0.655,
      0,
      0.49,
      0.165,
      0.8175,
      0.3275,
      0.655,
      0,
      0.49,
      0.165,
      0.8175,
      0.3275,
      0.655,
      0,
      0.49,
      0.165,
      0.8175,
      0.3275,
      0.655,
      0,
      0.49,
      0.165,
      0.8175,
      0.3275,
      0.655,
      0,
      0.49,
      0.165,
      0.8175,
      0.3275,
      0.655,
      0,
      0.49,
      0.165,
      0.8175,
      0.3275,
      0.655,
      0,
      0.49,
      0.165,
      0.8175,
      0.3275,
      0.655
    ],
    "SoftwareVersions": "syngo_MR_E11",
    "TaskName": "sadsh",
    "TotalReadoutTime": 0.03886,
    "dataset": "ds003085",
    "modality": "bold",
    "subject_id": "16",
    "task_id": "sadsh"
  },
  "dummy_trs": 0,
  "dvars_nstd": 22.60916723325925,
  "dvars_std": 1.061905361037037,
  "dvars_vstd": 1.021213508185185,
  "efc": 0.5378381853937046,
  "fber": 550.6941528320312,
  "fd_mean": 0.12858105019313745,
  "fd_num": 34,
  "fd_perc": 12.546125461254613,
  "fwhm_avg": 2.8392344444444446,
  "fwhm_x": 2.5630133333333336,
  "fwhm_y": 2.9705666666666666,
  "fwhm_z": 2.9841233333333332,
  "gcor": 0.0170713,
  "gsr_x": 0.016443217173218727,
  "gsr_y": 0.07855671644210815,
  "provenance": {
    "md5sum": "d155f90c59cd8001d2791cbeb1508ff9",
    "settings": {
      "fd_thres": 0.2,
      "testing": false
    },
    "software": "mriqc",
    "version": "22.0.1",
    "webapi_port": null,
    "webapi_url": "https://mriqc.nimh.nih.gov/api/v1"
  },
  "size_t": 271,
  "size_x": 68,
  "size_y": 68,
  "size_z": 48,
  "snr": 2.5195412186290547,
  "spacing_tr": 1.0,
  "spacing_x": 3.0,
  "spacing_y": 3.0,
  "spacing_z": 3.0,
  "summary_bg_k": 25.574194135440987,
  "summary_bg_mad": 135.65536564480618,
  "summary_bg_mean": 377.81201171875,
  "summary_bg_median": 167.08856201171875,
  "summary_bg_n": 134478.0,
  "summary_bg_p05": 58.66789627075195,
  "summary_bg_p95": 1478.7413208007806,
  "summary_bg_stdv": 591.1155395507812,
  "summary_fg_k": 0.3395414559000578,
  "summary_fg_mad": 1517.6486039065708,
  "summary_fg_mean": 4377.66259765625,
  "summary_fg_median": 4066.745361328125,
  "summary_fg_n": 41257.0,
  "summary_fg_p05": 2275.20517578125,
  "summary_fg_p95": 7516.9013671875,
  "summary_fg_stdv": 1614.0621337890625,
  "tsnr": 52.93990041385405
}