{
  "aor": 0.0015838461538461536,
  "aqi": 0.002509415824175824,
  "bids_meta": {
    "AcquisitionNumber": 1,
    "AcquisitionTime": "13:57:9.570000",
    "BandwidthPerPixelPhaseEncode": 25.355,
    "BodyPartExamined": "BRAIN",
    "ConversionSoftware": "dcm2niix",
    "ConversionSoftwareVersion": "v1.0.20170724 (OpenJPEG build) GCC6.1.0",
    "DeviceSerialNumber": "67025",
    "EchoTime": 0.035,
    "EchoTrainLength": 68,
    "EffectiveEchoSpacing": 0.000579999,
    "FlipAngle": 52,
    "ImageType": [
      "ORIGINAL",
      "PRIMARY",
      "M",
      "MB",
      "ND",
      "MOSAIC"
    ],
    "InstitutionAddress": "McClintock_3520A_Los_Angeles_SVC0e0594213b1104_CA_US_90089",
    "InstitutionName": "USC",
    "MagneticFieldStrength": 3,
    "Manufacturer": "Siemens",
    "ManufacturersModelName": "Prisma_fit",
    "PhaseEncodingDirection": "j-",
    "PhaseEncodingLines": 68,
    "ProcedureStepDescription": "HAssal_Music",
    "ProtocolName": "MUSIC_DYNAMICS_HNL",
    "RepetitionTime": 1,
    "ScanningSequence": "EP",
    "SequenceName": "epfid2d1_68",
    "SequenceVariant": "SK_SS",
    "SeriesDescription": "MUSIC_DYNAMICS_HNL",
    "SliceTiming": [
      0,
      0.49,
      0.165,
      0.8175,
      0.3275,
      0.655,
      0,
      0.49,
      0.165,
      0.8175,
      0.3275,
      0.655,
      0,
      0.49,
      0.165,
      0.8175,
      0.3275,
      0.655,
      0,
      0.49,
      0.165,
      0.8175,
      0.3275,
      0.655,
      0,
      0.49,
      0.165,
      0.8175,
      0.3275,
      0.655,
      0,
      0.49,
      0.165,
      0.8175,
      0.3275,
      0.655,
      0,
      0.49,
      0.165,
      0.8175,
      0.3275,
      0.655,
      0,
      0.49,
      0.165,
      0.8175,
      0.3275,
      0.655
    ],
    "SoftwareVersions": "syngo_MR_E11",
    "TaskName": "happy",
    "TotalReadoutTime": 0.03886,
    "dataset": "ds003085",
    "modality": "bold",
    "subject_id": "16",
    "task_id": "happy"
  },
  "dummy_trs": 1,
  "dvars_nstd": 22.440875901657463,
  "dvars_std": 1.0475302802209943,
  "dvars_vstd": 1.0090322296685081,
  "efc": 0.537998277956843,
  "fber": 545.6964111328125,
  "fd_mean": 0.11367578118355895,
  "fd_num": 11,
  "fd_perc": 6.043956043956044,
  "fwhm_avg": 2.8077488888888893,
  "fwhm_x": 2.5591233333333334,
  "fwhm_y": 2.93192,
  "fwhm_z": 2.9322033333333333,
  "gcor": 0.0102188,
  "gsr_x": 0.01696520484983921,
  "gsr_y": 0.07934141159057617,
  "provenance": {
    "md5sum": "79512d48b28688da87278168485ad489",
    "settings": {
      "fd_thres": 0.2,
      "testing": false
    },
    "software": "mriqc",
    "version": "22.0.1",
    "webapi_port": null,
    "webapi_url": "https://mriqc.nimh.nih.gov/api/v1"
  },
  "size_t": 182,
  "size_x": 68,
  "size_y": 68,
  "size_z": 48,
  "snr": 2.5167233455878337,
  "spacing_tr": 1.0,
  "spacing_x": 3.0,
  "spacing_y": 3.0,
  "spacing_z": 3.0,
  "summary_bg_k": 26.208123142840304,
  "summary_bg_mad": 134.22438846082557,
  "summary_bg_mean": 377.29180908203125,
  "summary_bg_median": 167.510986328125,
  "summary_bg_n": 134414.0,
  "summary_bg_p05": 60.472530364990234,
  "summary_bg_p95": 1480.3063659667957,
  "summary_bg_stdv": 592.4857788085938,
  "summary_fg_k": 0.31381894286167,
  "summary_fg_mad": 1517.9242390602308,
  "summary_fg_mean": 4360.3359375,
  "summary_fg_median": 4050.807861328125,
  "summary_fg_n": 41456.0,
  "summary_fg_p05": 2267.945068359375,
  "summary_fg_p95": 7479.08935546875,
  "summary_fg_stdv": 1609.536865234375,
  "tsnr": 56.866232787724584
}