{
  "bids_meta": {
    "AccelFactPE": 2,
    "AcquisitionNumber": 1,
    "AcquisitionTime": "14:03:50.860000",
    "BodyPartExamined": "BRAIN",
    "ConversionSoftware": "dcm2niix",
    "ConversionSoftwareVersion": "v1.0.20170724 (OpenJPEG build) GCC6.1.0",
    "DeviceSerialNumber": "67025",
    "EchoTime": 0.00226,
    "FlipAngle": 9,
    "ImageType": [
      "ORIGINAL",
      "PRIMARY",
      "M",
      "ND",
      "NORM"
    ],
    "InstitutionAddress": "McClintock_3520A_Los_Angeles_SVC0e0594213b1104_CA_US_90089",
    "InstitutionName": "USC",
    "InversionTime": 1.06,
    "MagneticFieldStrength": 3,
    "Manufacturer": "Siemens",
    "ManufacturersModelName": "Prisma_fit",
    "PhaseEncodingDirection": "i-",
    "PhaseEncodingLines": 224,
    "ProcedureStepDescription": "HAssal_Music",
    "ProtocolName": "t1_mprage_short_32channel",
    "RepetitionTime": 2.3,
    "ScanningSequence": "GR_IR",
    "SequenceName": "_tfl3d1_16ns",
    "SequenceVariant": "SK_SP_MP",
    "SeriesDescription": "t1_mprage_short_32channel",
    "SoftwareVersions": "syngo_MR_E11",
    "dataset": "ds003085",
    "modality": "T1w",
    "subject_id": "36"
  },
  "cjv": 0.3632322447410973,
  "cnr": 3.7831334768970435,
  "efc": 0.5567642286320359,
  "fber": -1.0,
  "fwhm_avg": 4.302535738691475,
  "fwhm_x": 4.174677216074423,
  "fwhm_y": 4.42187,
  "fwhm_z": 4.31106,
  "icvs_csf": 0.19060919194751608,
  "icvs_gm": 0.44777145876827756,
  "icvs_wm": 0.36161934928420636,
  "inu_med": 0.26678577065467834,
  "inu_range": 0.06386112272739411,
  "provenance": {
    "md5sum": "565764fd75afb968835758e47a939a29",
    "settings": {
      "testing": false
    },
    "software": "mriqc",
    "version": "22.0.1",
    "warnings": {
      "large_rot_frame": true,
      "small_air_mask": false
    },
    "webapi_port": null,
    "webapi_url": "https://mriqc.nimh.nih.gov/api/v1"
  },
  "qi_1": 0.009170265977487152,
  "qi_2": 0.0081082833435183,
  "rpve_csf": 25.372924590611976,
  "rpve_gm": 11.599229141122885,
  "rpve_wm": 16.23671137404271,
  "size_x": 176,
  "size_y": 224,
  "size_z": 256,
  "snr_csf": 2.7732734517899074,
  "snr_gm": 15.230397265595562,
  "snr_total": 17.685562540522724,
  "snr_wm": 35.053016904182705,
  "snrd_csf": 80.6648713306802,
  "snrd_gm": 186.42337214323624,
  "snrd_total": 168.86731870043428,
  "snrd_wm": 239.51371262738638,
  "spacing_x": 0.9999982714653015,
  "spacing_y": 1.0,
  "spacing_z": 1.0,
  "summary_bg_k": 36.684948137645655,
  "summary_bg_mad": 0.0,
  "summary_bg_mean": 1.0281064568275893,
  "summary_bg_median": 0.0,
  "summary_bg_n": 1975753.0,
  "summary_bg_p05": 0.0,
  "summary_bg_p95": 6.516012657433748,
  "summary_bg_stdv": 2.735331344244248,
  "summary_csf_k": 0.6817999339505105,
  "summary_csf_mad": 76.14005456755251,
  "summary_csf_mean": 332.0786993003875,
  "summary_csf_median": 336.7926906980574,
  "summary_csf_n": 34787.0,
  "summary_csf_p05": 79.84195083864033,
  "summary_csf_p95": 524.3053139101713,
  "summary_csf_stdv": 121.44054877174877,
  "summary_gm_k": -0.20519297701418182,
  "summary_gm_mad": 53.23637444310556,
  "summary_gm_mean": 778.0297104457654,
  "summary_gm_median": 778.3565271645784,
  "summary_gm_n": 46808.0,
  "summary_gm_p05": 695.1139703281224,
  "summary_gm_p95": 861.4208344146609,
  "summary_gm_stdv": 51.10491861724457,
  "summary_wm_k": 0.5541729450897175,
  "summary_wm_mad": 27.278870302065673,
  "summary_wm_mean": 1001.3295604717724,
  "summary_wm_median": 1000.0197905749083,
  "summary_wm_n": 181712.0,
  "summary_wm_p05": 957.0616402588785,
  "summary_wm_p95": 1050.1475353650749,
  "summary_wm_stdv": 28.52870101433127,
  "tpm_overlap_csf": 0.15188570193134895,
  "tpm_overlap_gm": 0.47406629306370335,
  "tpm_overlap_wm": 0.5091661505462026,
  "wm2max": 0.905593045923505
}