{
  "aor": 0.005759508196721311,
  "aqi": 0.010398023934426228,
  "bids_meta": {
    "AcquisitionNumber": 1,
    "AcquisitionTime": "13:40:18.702500",
    "BandwidthPerPixelPhaseEncode": 25.355,
    "BodyPartExamined": "BRAIN",
    "ConversionSoftware": "dcm2niix",
    "ConversionSoftwareVersion": "v1.0.20170724 (OpenJPEG build) GCC6.1.0",
    "DeviceSerialNumber": "67025",
    "EchoTime": 0.035,
    "EchoTrainLength": 68,
    "EffectiveEchoSpacing": 0.000579999,
    "FlipAngle": 52,
    "ImageType": [
      "ORIGINAL",
      "PRIMARY",
      "M",
      "MB",
      "ND",
      "MOSAIC"
    ],
    "InstitutionAddress": "McClintock_3520A_Los_Angeles_SVC0e0594213b1104_CA_US_90089",
    "InstitutionName": "USC",
    "MagneticFieldStrength": 3,
    "Manufacturer": "Siemens",
    "ManufacturersModelName": "Prisma_fit",
    "PhaseEncodingDirection": "j-",
    "PhaseEncodingLines": 68,
    "ProcedureStepDescription": "HAssal_Music",
    "ProtocolName": "MUSIC_DYNAMICS_HNL",
    "RepetitionTime": 1,
    "ScanningSequence": "EP",
    "SequenceName": "epfid2d1_68",
    "SequenceVariant": "SK_SS",
    "SeriesDescription": "MUSIC_DYNAMICS_HNL",
    "SliceTiming": [
      0,
      0.49,
      0.1625,
      0.8175,
      0.3275,
      0.6525,
      0,
      0.49,
      0.1625,
      0.8175,
      0.3275,
      0.6525,
      0,
      0.49,
      0.1625,
      0.8175,
      0.3275,
      0.6525,
      0,
      0.49,
      0.1625,
      0.8175,
      0.3275,
      0.6525,
      0,
      0.49,
      0.1625,
      0.8175,
      0.3275,
      0.6525,
      0,
      0.49,
      0.1625,
      0.8175,
      0.3275,
      0.6525,
      0,
      0.49,
      0.1625,
      0.8175,
      0.3275,
      0.6525,
      0,
      0.49,
      0.1625,
      0.8175,
      0.3275,
      0.6525
    ],
    "SoftwareVersions": "syngo_MR_E11",
    "TaskName": "happy",
    "TotalReadoutTime": 0.03886,
    "dataset": "ds003085",
    "modality": "bold",
    "subject_id": "28",
    "task_id": "happy"
  },
  "dummy_trs": 0,
  "dvars_nstd": 31.111297292912102,
  "dvars_std": 1.021671441923078,
  "dvars_vstd": 0.9933862571978025,
  "efc": 0.4857093863441535,
  "fber": 1113.0101318359375,
  "fd_mean": 0.333119683544557,
  "fd_num": 101,
  "fd_perc": 55.19125683060109,
  "fwhm_avg": 2.6207588888888886,
  "fwhm_x": 2.4157433333333334,
  "fwhm_y": 2.81945,
  "fwhm_z": 2.627083333333333,
  "gcor": 0.00762765,
  "gsr_x": -0.020783407613635063,
  "gsr_y": 0.09085065126419067,
  "provenance": {
    "md5sum": "dfd8a1534aa687bfadc063533a1d7aa5",
    "settings": {
      "fd_thres": 0.2,
      "testing": false
    },
    "software": "mriqc",
    "version": "22.0.1",
    "webapi_port": null,
    "webapi_url": "https://mriqc.nimh.nih.gov/api/v1"
  },
  "size_t": 183,
  "size_x": 68,
  "size_y": 68,
  "size_z": 48,
  "snr": 3.1000801659649624,
  "spacing_tr": 1.0,
  "spacing_x": 3.0,
  "spacing_y": 3.0,
  "spacing_z": 3.0,
  "summary_bg_k": 25.045440445998015,
  "summary_bg_mad": 74.78633931659634,
  "summary_bg_mean": 247.8193817138672,
  "summary_bg_median": 106.49726104736328,
  "summary_bg_n": 150261.0,
  "summary_bg_p05": 49.622947692871094,
  "summary_bg_p95": 938.3333129882812,
  "summary_bg_stdv": 374.0926208496094,
  "summary_fg_k": 2.021306555237107,
  "summary_fg_mad": 1063.6049321601204,
  "summary_fg_mean": 3773.634521484375,
  "summary_fg_median": 3597.30029296875,
  "summary_fg_n": 30604.0,
  "summary_fg_p05": 2229.8928100585936,
  "summary_fg_p95": 5873.49562988281,
  "summary_fg_stdv": 1160.3704833984375,
  "tsnr": 32.9336379027809
}