{
  "aor": 0.0064430277777777776,
  "aqi": 0.011381384722222219,
  "bids_meta": {
    "AcquisitionNumber": 1,
    "AcquisitionTime": "13:02:28.707500",
    "BandwidthPerPixelPhaseEncode": 25.355,
    "BodyPartExamined": "BRAIN",
    "ConversionSoftware": "dcm2niix",
    "ConversionSoftwareVersion": "v1.0.20170724 (OpenJPEG build) GCC6.1.0",
    "DeviceSerialNumber": "67025",
    "EchoTime": 0.035,
    "EchoTrainLength": 68,
    "EffectiveEchoSpacing": 0.000579999,
    "FlipAngle": 52,
    "ImageType": [
      "ORIGINAL",
      "PRIMARY",
      "M",
      "MB",
      "ND",
      "MOSAIC"
    ],
    "InstitutionAddress": "McClintock_3520A_Los_Angeles_SVC0e0594213b1104_CA_US_90089",
    "InstitutionName": "USC",
    "MagneticFieldStrength": 3,
    "Manufacturer": "Siemens",
    "ManufacturersModelName": "Prisma_fit",
    "PhaseEncodingDirection": "j-",
    "PhaseEncodingLines": 68,
    "ProcedureStepDescription": "HAssal_Music",
    "ProtocolName": "Resting",
    "RepetitionTime": 1,
    "ScanningSequence": "EP",
    "SequenceName": "epfid2d1_68",
    "SequenceVariant": "SK_SS",
    "SeriesDescription": "Resting",
    "SliceTiming": [
      0,
      0.49,
      0.1625,
      0.8175,
      0.3275,
      0.6525,
      0,
      0.49,
      0.1625,
      0.8175,
      0.3275,
      0.6525,
      0,
      0.49,
      0.1625,
      0.8175,
      0.3275,
      0.6525,
      0,
      0.49,
      0.1625,
      0.8175,
      0.3275,
      0.6525,
      0,
      0.49,
      0.1625,
      0.8175,
      0.3275,
      0.6525,
      0,
      0.49,
      0.1625,
      0.8175,
      0.3275,
      0.6525,
      0,
      0.49,
      0.1625,
      0.8175,
      0.3275,
      0.6525,
      0,
      0.49,
      0.1625,
      0.8175,
      0.3275,
      0.6525
    ],
    "SoftwareVersions": "syngo_MR_E11",
    "TaskName": "rest",
    "TotalReadoutTime": 0.03886,
    "dataset": "ds003085",
    "modality": "bold",
    "subject_id": "28",
    "task_id": "rest"
  },
  "dummy_trs": 0,
  "dvars_nstd": 27.48697497119777,
  "dvars_std": 1.0442600219777156,
  "dvars_vstd": 1.0303856708077999,
  "efc": 0.489840515369549,
  "fber": 1096.3568115234375,
  "fd_mean": 0.22181798455047877,
  "fd_num": 158,
  "fd_perc": 43.888888888888886,
  "fwhm_avg": 2.5944655555555554,
  "fwhm_x": 2.3996033333333333,
  "fwhm_y": 2.7487766666666666,
  "fwhm_z": 2.6350166666666666,
  "gcor": 0.00973874,
  "gsr_x": -0.02598694898188114,
  "gsr_y": 0.0924236997961998,
  "provenance": {
    "md5sum": "b316346d2933d1475d0d0b43700158ed",
    "settings": {
      "fd_thres": 0.2,
      "testing": false
    },
    "software": "mriqc",
    "version": "22.0.1",
    "webapi_port": null,
    "webapi_url": "https://mriqc.nimh.nih.gov/api/v1"
  },
  "size_t": 360,
  "size_x": 68,
  "size_y": 68,
  "size_z": 48,
  "snr": 3.222366363625683,
  "spacing_tr": 1.0,
  "spacing_x": 3.0,
  "spacing_y": 3.0,
  "spacing_z": 3.0,
  "summary_bg_k": 18.928732408248923,
  "summary_bg_mad": 79.6775172425505,
  "summary_bg_mean": 261.5442199707031,
  "summary_bg_median": 111.35833740234375,
  "summary_bg_n": 150187.0,
  "summary_bg_p05": 50.71666717529297,
  "summary_bg_p95": 1016.8739196777325,
  "summary_bg_stdv": 390.5226135253906,
  "summary_fg_k": 0.806816888956071,
  "summary_fg_mad": 1082.7774112396626,
  "summary_fg_mean": 3883.4267578125,
  "summary_fg_median": 3700.7890625,
  "summary_fg_n": 30935.0,
  "summary_fg_p05": 2334.456787109375,
  "summary_fg_p95": 6032.089746093749,
  "summary_fg_stdv": 1148.4508056640625,
  "tsnr": 32.19203457143158
}