{
  "aor": 0.0038025094339622636,
  "aqi": 0.013792362433962266,
  "bids_meta": {
    "AcquisitionNumber": 1,
    "AcquisitionTime": "13:30:7.262500",
    "BandwidthPerPixelPhaseEncode": 25.355,
    "BodyPartExamined": "BRAIN",
    "ConversionSoftware": "dcm2niix",
    "ConversionSoftwareVersion": "v1.0.20170724 (OpenJPEG build) GCC6.1.0",
    "DeviceSerialNumber": "67025",
    "EchoTime": 0.035,
    "EchoTrainLength": 68,
    "EffectiveEchoSpacing": 0.000579999,
    "FlipAngle": 52,
    "ImageType": [
      "ORIGINAL",
      "PRIMARY",
      "M",
      "MB",
      "ND",
      "MOSAIC"
    ],
    "InstitutionAddress": "McClintock_3520A_Los_Angeles_SVC0e0594213b1104_CA_US_90089",
    "InstitutionName": "USC",
    "MagneticFieldStrength": 3,
    "Manufacturer": "Siemens",
    "ManufacturersModelName": "Prisma_fit",
    "PhaseEncodingDirection": "j-",
    "PhaseEncodingLines": 68,
    "ProcedureStepDescription": "HAssal_Music",
    "ProtocolName": "MUSIC_DYNAMICS_SNL_L",
    "RepetitionTime": 1,
    "ScanningSequence": "EP",
    "SequenceName": "epfid2d1_68",
    "SequenceVariant": "SK_SS",
    "SeriesDescription": "MUSIC_DYNAMICS_SNL_L",
    "SliceTiming": [
      0,
      0.49,
      0.165,
      0.8175,
      0.3275,
      0.655,
      0,
      0.49,
      0.165,
      0.8175,
      0.3275,
      0.655,
      0,
      0.49,
      0.165,
      0.8175,
      0.3275,
      0.655,
      0,
      0.49,
      0.165,
      0.8175,
      0.3275,
      0.655,
      0,
      0.49,
      0.165,
      0.8175,
      0.3275,
      0.655,
      0,
      0.49,
      0.165,
      0.8175,
      0.3275,
      0.655,
      0,
      0.49,
      0.165,
      0.8175,
      0.3275,
      0.655,
      0,
      0.49,
      0.165,
      0.8175,
      0.3275,
      0.655
    ],
    "SoftwareVersions": "syngo_MR_E11",
    "TaskName": "sadln",
    "TotalReadoutTime": 0.03886,
    "dataset": "ds003085",
    "modality": "bold",
    "subject_id": "28",
    "task_id": "sadln"
  },
  "dummy_trs": 0,
  "dvars_nstd": 32.93447669724008,
  "dvars_std": 1.0384589024196602,
  "dvars_vstd": 0.994890021134216,
  "efc": 0.48565057769027387,
  "fber": 1093.9677734375,
  "fd_mean": 0.3596976849106444,
  "fd_num": 321,
  "fd_perc": 60.56603773584906,
  "fwhm_avg": 2.628192222222222,
  "fwhm_x": 2.386766666666667,
  "fwhm_y": 2.83535,
  "fwhm_z": 2.66246,
  "gcor": 0.0118097,
  "gsr_x": -0.02061423659324646,
  "gsr_y": 0.09225571155548096,
  "provenance": {
    "md5sum": "593d9a73d902e55cfbb151635f5fe73a",
    "settings": {
      "fd_thres": 0.2,
      "testing": false
    },
    "software": "mriqc",
    "version": "22.0.1",
    "webapi_port": null,
    "webapi_url": "https://mriqc.nimh.nih.gov/api/v1"
  },
  "size_t": 530,
  "size_x": 68,
  "size_y": 68,
  "size_z": 48,
  "snr": 3.153353501799016,
  "spacing_tr": 1.0,
  "spacing_x": 3.0,
  "spacing_y": 3.0,
  "spacing_z": 3.0,
  "summary_bg_k": 27.895150154782616,
  "summary_bg_mad": 75.32039373817017,
  "summary_bg_mean": 245.82095336914062,
  "summary_bg_median": 106.9443359375,
  "summary_bg_n": 150416.0,
  "summary_bg_p05": 49.356605529785156,
  "summary_bg_p95": 917.1759796142578,
  "summary_bg_stdv": 373.5927429199219,
  "summary_fg_k": 1.8201525535451353,
  "summary_fg_mad": 1047.5800870874446,
  "summary_fg_mean": 3758.524169921875,
  "summary_fg_median": 3584.283935546875,
  "summary_fg_n": 30448.0,
  "summary_fg_p05": 2245.4473510742187,
  "summary_fg_p95": 5805.866015624999,
  "summary_fg_stdv": 1136.63916015625,
  "tsnr": 29.671478390693665
}