{
  "aor": 0.005215645756457565,
  "aqi": 0.010711770036900369,
  "bids_meta": {
    "AcquisitionNumber": 1,
    "AcquisitionTime": "13:23:54.730000",
    "BandwidthPerPixelPhaseEncode": 25.355,
    "BodyPartExamined": "BRAIN",
    "ConversionSoftware": "dcm2niix",
    "ConversionSoftwareVersion": "v1.0.20170724 (OpenJPEG build) GCC6.1.0",
    "DeviceSerialNumber": "67025",
    "EchoTime": 0.035,
    "EchoTrainLength": 68,
    "EffectiveEchoSpacing": 0.000579999,
    "FlipAngle": 52,
    "ImageType": [
      "ORIGINAL",
      "PRIMARY",
      "M",
      "MB",
      "ND",
      "MOSAIC"
    ],
    "InstitutionAddress": "McClintock_3520A_Los_Angeles_SVC0e0594213b1104_CA_US_90089",
    "InstitutionName": "USC",
    "MagneticFieldStrength": 3,
    "Manufacturer": "Siemens",
    "ManufacturersModelName": "Prisma_fit",
    "PhaseEncodingDirection": "j-",
    "PhaseEncodingLines": 68,
    "ProcedureStepDescription": "HAssal_Music",
    "ProtocolName": "MUSIC_DYNAMICS_SNL",
    "RepetitionTime": 1,
    "ScanningSequence": "EP",
    "SequenceName": "epfid2d1_68",
    "SequenceVariant": "SK_SS",
    "SeriesDescription": "MUSIC_DYNAMICS_SNL",
    "SliceTiming": [
      0,
      0.49,
      0.165,
      0.8175,
      0.3275,
      0.655,
      0,
      0.49,
      0.165,
      0.8175,
      0.3275,
      0.655,
      0,
      0.49,
      0.165,
      0.8175,
      0.3275,
      0.655,
      0,
      0.49,
      0.165,
      0.8175,
      0.3275,
      0.655,
      0,
      0.49,
      0.165,
      0.8175,
      0.3275,
      0.655,
      0,
      0.49,
      0.165,
      0.8175,
      0.3275,
      0.655,
      0,
      0.49,
      0.165,
      0.8175,
      0.3275,
      0.655,
      0,
      0.49,
      0.165,
      0.8175,
      0.3275,
      0.655
    ],
    "SoftwareVersions": "syngo_MR_E11",
    "TaskName": "sadsh",
    "TotalReadoutTime": 0.03886,
    "dataset": "ds003085",
    "modality": "bold",
    "subject_id": "28",
    "task_id": "sadsh"
  },
  "dummy_trs": 0,
  "dvars_nstd": 31.14210193762964,
  "dvars_std": 0.9977904202222225,
  "dvars_vstd": 0.9801781964074076,
  "efc": 0.484647883827168,
  "fber": 1133.709716796875,
  "fd_mean": 0.3380760579793181,
  "fd_num": 163,
  "fd_perc": 60.14760147601476,
  "fwhm_avg": 2.6070422222222223,
  "fwhm_x": 2.4026866666666664,
  "fwhm_y": 2.765053333333333,
  "fwhm_z": 2.6533866666666666,
  "gcor": 0.00910564,
  "gsr_x": -0.020573830232024193,
  "gsr_y": 0.09248558431863785,
  "provenance": {
    "md5sum": "0efdc8e86d6e5f7222e9630586d5cebe",
    "settings": {
      "fd_thres": 0.2,
      "testing": false
    },
    "software": "mriqc",
    "version": "22.0.1",
    "webapi_port": null,
    "webapi_url": "https://mriqc.nimh.nih.gov/api/v1"
  },
  "size_t": 271,
  "size_x": 68,
  "size_y": 68,
  "size_z": 48,
  "snr": 3.145994461157844,
  "spacing_tr": 1.0,
  "spacing_x": 3.0,
  "spacing_y": 3.0,
  "spacing_z": 3.0,
  "summary_bg_k": 28.000177730536222,
  "summary_bg_mad": 71.30167210887399,
  "summary_bg_mean": 242.68788146972656,
  "summary_bg_median": 104.28044128417969,
  "summary_bg_n": 150371.0,
  "summary_bg_p05": 49.704795837402344,
  "summary_bg_p95": 913.7398681640625,
  "summary_bg_stdv": 371.2967224121094,
  "summary_fg_k": 1.8948900169046077,
  "summary_fg_mad": 1034.9768823398501,
  "summary_fg_mean": 3740.815185546875,
  "summary_fg_median": 3566.62744140625,
  "summary_fg_n": 30429.0,
  "summary_fg_p05": 2235.655322265625,
  "summary_fg_p95": 5790.847167968749,
  "summary_fg_stdv": 1133.6856689453125,
  "tsnr": 33.81912142713554
}