{
  "aor": 0.0008718525519848772,
  "aqi": 0.0021339441398865785,
  "bids_meta": {
    "AcquisitionNumber": 1,
    "AcquisitionTime": "13:52:44.410000",
    "BandwidthPerPixelPhaseEncode": 25.355,
    "BodyPartExamined": "BRAIN",
    "ConversionSoftware": "dcm2niix",
    "ConversionSoftwareVersion": "v1.0.20170724 (OpenJPEG build) GCC6.1.0",
    "DeviceSerialNumber": "67025",
    "EchoTime": 0.035,
    "EchoTrainLength": 68,
    "EffectiveEchoSpacing": 0.000579999,
    "FlipAngle": 52,
    "ImageType": [
      "ORIGINAL",
      "PRIMARY",
      "M",
      "MB",
      "ND",
      "MOSAIC"
    ],
    "InstitutionAddress": "McClintock_3520A_Los_Angeles_SVC0e0594213b1104_CA_US_90089",
    "InstitutionName": "USC",
    "MagneticFieldStrength": 3,
    "Manufacturer": "Siemens",
    "ManufacturersModelName": "Prisma_fit",
    "PhaseEncodingDirection": "j-",
    "PhaseEncodingLines": 68,
    "ProcedureStepDescription": "HAssal_Music",
    "ProtocolName": "MUSIC_DYNAMICS_SNL_L",
    "RepetitionTime": 1,
    "ScanningSequence": "EP",
    "SequenceName": "epfid2d1_68",
    "SequenceVariant": "SK_SS",
    "SeriesDescription": "MUSIC_DYNAMICS_SNL_L",
    "SliceTiming": [
      0,
      0.49,
      0.165,
      0.8175,
      0.3275,
      0.655,
      0,
      0.49,
      0.165,
      0.8175,
      0.3275,
      0.655,
      0,
      0.49,
      0.165,
      0.8175,
      0.3275,
      0.655,
      0,
      0.49,
      0.165,
      0.8175,
      0.3275,
      0.655,
      0,
      0.49,
      0.165,
      0.8175,
      0.3275,
      0.655,
      0,
      0.49,
      0.165,
      0.8175,
      0.3275,
      0.655,
      0,
      0.49,
      0.165,
      0.8175,
      0.3275,
      0.655,
      0,
      0.49,
      0.165,
      0.8175,
      0.3275,
      0.655
    ],
    "SoftwareVersions": "syngo_MR_E11",
    "TaskName": "sadln",
    "TotalReadoutTime": 0.03886,
    "dataset": "ds003085",
    "modality": "bold",
    "subject_id": "02",
    "task_id": "sadln"
  },
  "dummy_trs": 1,
  "dvars_nstd": 22.23197097854168,
  "dvars_std": 1.101250589545454,
  "dvars_vstd": 0.999266169886363,
  "efc": 0.5438464344514169,
  "fber": 759.22802734375,
  "fd_mean": 0.08070902995120988,
  "fd_num": 10,
  "fd_perc": 1.890359168241966,
  "fwhm_avg": 2.919503333333333,
  "fwhm_x": 2.73397,
  "fwhm_y": 3.0221699999999996,
  "fwhm_z": 3.0023700000000004,
  "gcor": 0.0171578,
  "gsr_x": -0.0068726870231330395,
  "gsr_y": 0.08138507604598999,
  "provenance": {
    "md5sum": "aacce597a926beb87748defa26e64b62",
    "settings": {
      "fd_thres": 0.2,
      "testing": false
    },
    "software": "mriqc",
    "version": "22.0.1",
    "webapi_port": null,
    "webapi_url": "https://mriqc.nimh.nih.gov/api/v1"
  },
  "size_t": 529,
  "size_x": 68,
  "size_y": 68,
  "size_z": 48,
  "snr": 2.4271304392166373,
  "spacing_tr": 1.0,
  "spacing_x": 3.0,
  "spacing_y": 3.0,
  "spacing_z": 3.0,
  "summary_bg_k": 18.36924715824652,
  "summary_bg_mad": 121.0913371165573,
  "summary_bg_mean": 369.511962890625,
  "summary_bg_median": 160.20794677734375,
  "summary_bg_n": 128231.0,
  "summary_bg_p05": 62.89036178588867,
  "summary_bg_p95": 1509.876220703125,
  "summary_bg_stdv": 572.014892578125,
  "summary_fg_k": 0.703718429921464,
  "summary_fg_mad": 1823.871296427499,
  "summary_fg_mean": 4999.65625,
  "summary_fg_median": 4622.3125,
  "summary_fg_n": 47084.0,
  "summary_fg_p05": 2588.893408203125,
  "summary_fg_p95": 8623.812890625,
  "summary_fg_stdv": 1904.4149169921875,
  "tsnr": 62.29549916344695
}