{
  "aor": 0.00092,
  "aqi": 0.0027033425626740945,
  "bids_meta": {
    "AcquisitionNumber": 1,
    "AcquisitionTime": "13:35:9.190000",
    "BandwidthPerPixelPhaseEncode": 25.355,
    "BodyPartExamined": "BRAIN",
    "ConversionSoftware": "dcm2niix",
    "ConversionSoftwareVersion": "v1.0.20170724 (OpenJPEG build) GCC6.1.0",
    "DeviceSerialNumber": "67025",
    "EchoTime": 0.035,
    "EchoTrainLength": 68,
    "EffectiveEchoSpacing": 0.000579999,
    "FlipAngle": 52,
    "ImageType": [
      "ORIGINAL",
      "PRIMARY",
      "M",
      "MB",
      "ND",
      "MOSAIC"
    ],
    "InstitutionAddress": "McClintock_3520A_Los_Angeles_SVC0e0594213b1104_CA_US_90089",
    "InstitutionName": "USC",
    "MagneticFieldStrength": 3,
    "Manufacturer": "Siemens",
    "ManufacturersModelName": "Prisma_fit",
    "PhaseEncodingDirection": "j-",
    "PhaseEncodingLines": 68,
    "ProcedureStepDescription": "HAssal_Music",
    "ProtocolName": "Resting",
    "RepetitionTime": 1,
    "ScanningSequence": "EP",
    "SequenceName": "epfid2d1_68",
    "SequenceVariant": "SK_SS",
    "SeriesDescription": "Resting",
    "SliceTiming": [
      0,
      0.49,
      0.1625,
      0.8175,
      0.3275,
      0.6525,
      0,
      0.49,
      0.1625,
      0.8175,
      0.3275,
      0.6525,
      0,
      0.49,
      0.1625,
      0.8175,
      0.3275,
      0.6525,
      0,
      0.49,
      0.1625,
      0.8175,
      0.3275,
      0.6525,
      0,
      0.49,
      0.1625,
      0.8175,
      0.3275,
      0.6525,
      0,
      0.49,
      0.1625,
      0.8175,
      0.3275,
      0.6525,
      0,
      0.49,
      0.1625,
      0.8175,
      0.3275,
      0.6525,
      0,
      0.49,
      0.1625,
      0.8175,
      0.3275,
      0.6525
    ],
    "SoftwareVersions": "syngo_MR_E11",
    "TaskName": "rest",
    "TotalReadoutTime": 0.03886,
    "dataset": "ds003085",
    "modality": "bold",
    "subject_id": "02",
    "task_id": "rest"
  },
  "dummy_trs": 1,
  "dvars_nstd": 21.639732928212283,
  "dvars_std": 1.0840459260614534,
  "dvars_vstd": 0.9863579731005597,
  "efc": 0.5405719248231556,
  "fber": 786.2440185546875,
  "fd_mean": 0.07601631923428426,
  "fd_num": 3,
  "fd_perc": 0.8356545961002786,
  "fwhm_avg": 2.917403333333333,
  "fwhm_x": 2.7415233333333333,
  "fwhm_y": 2.99992,
  "fwhm_z": 3.0107666666666666,
  "gcor": 0.0104527,
  "gsr_x": -0.0038652471266686916,
  "gsr_y": 0.07779423147439957,
  "provenance": {
    "md5sum": "73945d879a89c79530c37e302f06c4b1",
    "settings": {
      "fd_thres": 0.2,
      "testing": false
    },
    "software": "mriqc",
    "version": "22.0.1",
    "webapi_port": null,
    "webapi_url": "https://mriqc.nimh.nih.gov/api/v1"
  },
  "size_t": 359,
  "size_x": 68,
  "size_y": 68,
  "size_z": 48,
  "snr": 2.430362018953505,
  "spacing_tr": 1.0,
  "spacing_x": 3.0,
  "spacing_y": 3.0,
  "spacing_z": 3.0,
  "summary_bg_k": 19.290958865764757,
  "summary_bg_mad": 119.35566590212102,
  "summary_bg_mean": 358.8066101074219,
  "summary_bg_median": 157.93035888671875,
  "summary_bg_n": 128598.0,
  "summary_bg_p05": 61.97451210021973,
  "summary_bg_p95": 1451.3603881835932,
  "summary_bg_stdv": 561.9165649414062,
  "summary_fg_k": 0.5860580236252262,
  "summary_fg_mad": 1802.5056809119399,
  "summary_fg_mean": 4989.55322265625,
  "summary_fg_median": 4613.26318359375,
  "summary_fg_n": 46876.0,
  "summary_fg_p05": 2578.5397338867188,
  "summary_fg_p95": 8667.7294921875,
  "summary_fg_stdv": 1898.1591796875,
  "tsnr": 58.74981939792633
}