{
  "aor": 0.001634460966542751,
  "aqi": 0.0019740783271375464,
  "bids_meta": {
    "AcquisitionNumber": 1,
    "AcquisitionTime": "14:02:45.195000",
    "BandwidthPerPixelPhaseEncode": 25.355,
    "BodyPartExamined": "BRAIN",
    "ConversionSoftware": "dcm2niix",
    "ConversionSoftwareVersion": "v1.0.20170724 (OpenJPEG build) GCC6.1.0",
    "DeviceSerialNumber": "67025",
    "EchoTime": 0.035,
    "EchoTrainLength": 68,
    "EffectiveEchoSpacing": 0.000579999,
    "FlipAngle": 52,
    "ImageType": [
      "ORIGINAL",
      "PRIMARY",
      "M",
      "MB",
      "ND",
      "MOSAIC"
    ],
    "InstitutionAddress": "McClintock_3520A_Los_Angeles_SVC0e0594213b1104_CA_US_90089",
    "InstitutionName": "USC",
    "MagneticFieldStrength": 3,
    "Manufacturer": "Siemens",
    "ManufacturersModelName": "Prisma_fit",
    "PhaseEncodingDirection": "j-",
    "PhaseEncodingLines": 68,
    "ProcedureStepDescription": "HAssal_Music",
    "ProtocolName": "MUSIC_DYNAMICS_SNL",
    "RepetitionTime": 1,
    "ScanningSequence": "EP",
    "SequenceName": "epfid2d1_68",
    "SequenceVariant": "SK_SS",
    "SeriesDescription": "MUSIC_DYNAMICS_SNL",
    "SliceTiming": [
      0,
      0.49,
      0.1625,
      0.815,
      0.325,
      0.6525,
      0,
      0.49,
      0.1625,
      0.815,
      0.325,
      0.6525,
      0,
      0.49,
      0.1625,
      0.815,
      0.325,
      0.6525,
      0,
      0.49,
      0.1625,
      0.815,
      0.325,
      0.6525,
      0,
      0.49,
      0.1625,
      0.815,
      0.325,
      0.6525,
      0,
      0.49,
      0.1625,
      0.815,
      0.325,
      0.6525,
      0,
      0.49,
      0.1625,
      0.815,
      0.325,
      0.6525,
      0,
      0.49,
      0.1625,
      0.815,
      0.325,
      0.6525
    ],
    "SoftwareVersions": "syngo_MR_E11",
    "TaskName": "sadsh",
    "TotalReadoutTime": 0.03886,
    "dataset": "ds003085",
    "modality": "bold",
    "subject_id": "02",
    "task_id": "sadsh"
  },
  "dummy_trs": 2,
  "dvars_nstd": 21.15894645044778,
  "dvars_std": 1.1074740711567175,
  "dvars_vstd": 1.02235873261194,
  "efc": 0.5439076005030182,
  "fber": 745.7258911132812,
  "fd_mean": 0.07565057405012551,
  "fd_num": 3,
  "fd_perc": 1.1152416356877324,
  "fwhm_avg": 2.9339922222222223,
  "fwhm_x": 2.741213333333333,
  "fwhm_y": 3.040203333333333,
  "fwhm_z": 3.02056,
  "gcor": 0.0176894,
  "gsr_x": -0.0065345014445483685,
  "gsr_y": 0.08130864799022675,
  "provenance": {
    "md5sum": "b16de776e463efd20d4b487c1748374d",
    "settings": {
      "fd_thres": 0.2,
      "testing": false
    },
    "software": "mriqc",
    "version": "22.0.1",
    "webapi_port": null,
    "webapi_url": "https://mriqc.nimh.nih.gov/api/v1"
  },
  "size_t": 269,
  "size_x": 68,
  "size_y": 68,
  "size_z": 48,
  "snr": 2.418167708934529,
  "spacing_tr": 1.0,
  "spacing_x": 3.0,
  "spacing_y": 3.0,
  "spacing_z": 3.0,
  "summary_bg_k": 18.22643371550075,
  "summary_bg_mad": 122.29539716258746,
  "summary_bg_mean": 372.1945495605469,
  "summary_bg_median": 161.6505584716797,
  "summary_bg_n": 128221.0,
  "summary_bg_p05": 63.2713737487793,
  "summary_bg_p95": 1520.494384765625,
  "summary_bg_stdv": 575.839599609375,
  "summary_fg_k": 0.7391806690281006,
  "summary_fg_mad": 1833.4721954862764,
  "summary_fg_mean": 5011.08203125,
  "summary_fg_median": 4631.76220703125,
  "summary_fg_n": 47093.0,
  "summary_fg_p05": 2584.7009765625,
  "summary_fg_p95": 8648.958593750001,
  "summary_fg_stdv": 1915.3812255859375,
  "tsnr": 64.22584652970545
}