{
  "aor": 0.0015232596685082873,
  "aqi": 0.0018903912707182323,
  "bids_meta": {
    "AcquisitionNumber": 1,
    "AcquisitionTime": "14:08:28.380000",
    "BandwidthPerPixelPhaseEncode": 25.355,
    "BodyPartExamined": "BRAIN",
    "ConversionSoftware": "dcm2niix",
    "ConversionSoftwareVersion": "v1.0.20170724 (OpenJPEG build) GCC6.1.0",
    "DeviceSerialNumber": "67025",
    "EchoTime": 0.035,
    "EchoTrainLength": 68,
    "EffectiveEchoSpacing": 0.000579999,
    "FlipAngle": 52,
    "ImageType": [
      "ORIGINAL",
      "PRIMARY",
      "M",
      "MB",
      "ND",
      "MOSAIC"
    ],
    "InstitutionAddress": "McClintock_3520A_Los_Angeles_SVC0e0594213b1104_CA_US_90089",
    "InstitutionName": "USC",
    "MagneticFieldStrength": 3,
    "Manufacturer": "Siemens",
    "ManufacturersModelName": "Prisma_fit",
    "PhaseEncodingDirection": "j-",
    "PhaseEncodingLines": 68,
    "ProcedureStepDescription": "HAssal_Music",
    "ProtocolName": "MUSIC_DYNAMICS_HNL",
    "RepetitionTime": 1,
    "ScanningSequence": "EP",
    "SequenceName": "epfid2d1_68",
    "SequenceVariant": "SK_SS",
    "SeriesDescription": "MUSIC_DYNAMICS_HNL",
    "SliceTiming": [
      0,
      0.49,
      0.165,
      0.8175,
      0.3275,
      0.655,
      0,
      0.49,
      0.165,
      0.8175,
      0.3275,
      0.655,
      0,
      0.49,
      0.165,
      0.8175,
      0.3275,
      0.655,
      0,
      0.49,
      0.165,
      0.8175,
      0.3275,
      0.655,
      0,
      0.49,
      0.165,
      0.8175,
      0.3275,
      0.655,
      0,
      0.49,
      0.165,
      0.8175,
      0.3275,
      0.655,
      0,
      0.49,
      0.165,
      0.8175,
      0.3275,
      0.655,
      0,
      0.49,
      0.165,
      0.8175,
      0.3275,
      0.655
    ],
    "SoftwareVersions": "syngo_MR_E11",
    "TaskName": "happy",
    "TotalReadoutTime": 0.03886,
    "dataset": "ds003085",
    "modality": "bold",
    "subject_id": "02",
    "task_id": "happy"
  },
  "dummy_trs": 2,
  "dvars_nstd": 21.936557409555544,
  "dvars_std": 1.0993553153888886,
  "dvars_vstd": 1.007961380277779,
  "efc": 0.5435227553249455,
  "fber": 751.6207275390625,
  "fd_mean": 0.08208018967076748,
  "fd_num": 5,
  "fd_perc": 2.7624309392265194,
  "fwhm_avg": 2.93197,
  "fwhm_x": 2.7353566666666667,
  "fwhm_y": 3.0391100000000004,
  "fwhm_z": 3.0214433333333335,
  "gcor": 0.0165898,
  "gsr_x": -0.006043055094778538,
  "gsr_y": 0.08093048632144928,
  "provenance": {
    "md5sum": "e1488feb811a43a9bf1918adbf87b617",
    "settings": {
      "fd_thres": 0.2,
      "testing": false
    },
    "software": "mriqc",
    "version": "22.0.1",
    "webapi_port": null,
    "webapi_url": "https://mriqc.nimh.nih.gov/api/v1"
  },
  "size_t": 181,
  "size_x": 68,
  "size_y": 68,
  "size_z": 48,
  "snr": 2.4069152262065368,
  "spacing_tr": 1.0,
  "spacing_x": 3.0,
  "spacing_y": 3.0,
  "spacing_z": 3.0,
  "summary_bg_k": 17.798849087004136,
  "summary_bg_mad": 121.7167420593458,
  "summary_bg_mean": 371.0853576660156,
  "summary_bg_median": 160.72653198242188,
  "summary_bg_n": 128254.0,
  "summary_bg_p05": 63.21547317504883,
  "summary_bg_p95": 1522.4353881835934,
  "summary_bg_stdv": 572.6024169921875,
  "summary_fg_k": 0.765386404367645,
  "summary_fg_mad": 1833.6142661334354,
  "summary_fg_mean": 5007.17236328125,
  "summary_fg_median": 4626.0390625,
  "summary_fg_n": 47138.0,
  "summary_fg_p05": 2577.22119140625,
  "summary_fg_p95": 8651.09794921875,
  "summary_fg_stdv": 1921.9580078125,
  "tsnr": 65.85258629196323
}