{
  "bids_meta": {
    "AccelFactPE": 2,
    "AcquisitionNumber": 1,
    "AcquisitionTime": "13:28:16.735000",
    "BodyPartExamined": "BRAIN",
    "ConversionSoftware": "dcm2niix",
    "ConversionSoftwareVersion": "v1.0.20170724 (OpenJPEG build) GCC6.1.0",
    "DeviceSerialNumber": "67025",
    "EchoTime": 0.00226,
    "FlipAngle": 9,
    "ImageType": [
      "ORIGINAL",
      "PRIMARY",
      "M",
      "ND",
      "NORM"
    ],
    "InstitutionAddress": "McClintock_3520A_Los_Angeles_SVC0e0594213b1104_CA_US_90089",
    "InstitutionName": "USC",
    "InversionTime": 1.06,
    "MagneticFieldStrength": 3,
    "Manufacturer": "Siemens",
    "ManufacturersModelName": "Prisma_fit",
    "PhaseEncodingDirection": "i-",
    "PhaseEncodingLines": 224,
    "ProcedureStepDescription": "HAssal_Music",
    "ProtocolName": "t1_mprage_short_32channel",
    "RepetitionTime": 2.3,
    "ScanningSequence": "GR_IR",
    "SequenceName": "_tfl3d1_16ns",
    "SequenceVariant": "SK_SP_MP",
    "SeriesDescription": "t1_mprage_short_32channel",
    "SoftwareVersions": "syngo_MR_E11",
    "dataset": "ds003085",
    "modality": "T1w",
    "subject_id": "23"
  },
  "cjv": 0.3510604747756474,
  "cnr": 3.9449390160389703,
  "efc": 0.5934190915811284,
  "fber": -1.0,
  "fwhm_avg": 4.31609511465927,
  "fwhm_x": 4.239435343977812,
  "fwhm_y": 4.37207,
  "fwhm_z": 4.33678,
  "icvs_csf": 0.1835109683030458,
  "icvs_gm": 0.4494558397492878,
  "icvs_wm": 0.36703319194766637,
  "inu_med": 0.33121180534362793,
  "inu_range": 0.09777979850769042,
  "provenance": {
    "md5sum": "aac1c6ac6b1c7f02d388aa90674f0d3c",
    "settings": {
      "testing": false
    },
    "software": "mriqc",
    "version": "22.0.1",
    "warnings": {
      "large_rot_frame": true,
      "small_air_mask": false
    },
    "webapi_port": null,
    "webapi_url": "https://mriqc.nimh.nih.gov/api/v1"
  },
  "qi_1": 0.019364494039757332,
  "qi_2": 0.036058487273502006,
  "rpve_csf": 21.20767356107485,
  "rpve_gm": 9.494725993019077,
  "rpve_wm": 13.159055545170437,
  "size_x": 176,
  "size_y": 224,
  "size_z": 256,
  "snr_csf": 2.9835564819177276,
  "snr_gm": 18.264402794169904,
  "snr_total": 16.928155802335976,
  "snr_wm": 29.536508130920296,
  "snrd_csf": 97.0683720057719,
  "snrd_gm": 224.23742907641122,
  "snrd_total": 202.42618625282955,
  "snrd_wm": 285.97275767630555,
  "spacing_x": 1.000003457069397,
  "spacing_y": 1.0,
  "spacing_z": 1.0,
  "summary_bg_k": 30.649328218360992,
  "summary_bg_mad": 0.0,
  "summary_bg_mean": 0.9965874742414446,
  "summary_bg_median": 0.0,
  "summary_bg_n": 1866190.0,
  "summary_bg_p05": 0.0,
  "summary_bg_p95": 4.318574424833059,
  "summary_bg_stdv": 2.290957004096131,
  "summary_csf_k": 1.4142386952604644,
  "summary_csf_mad": 66.72316571377534,
  "summary_csf_mean": 341.19921645868726,
  "summary_csf_median": 339.43994979187846,
  "summary_csf_n": 37063.0,
  "summary_csf_p05": 110.26456973552705,
  "summary_csf_p95": 536.0305493459108,
  "summary_csf_stdv": 113.76870945427184,
  "summary_gm_k": -0.037976379413806605,
  "summary_gm_mad": 43.7744405364617,
  "summary_gm_mean": 782.9375858100681,
  "summary_gm_median": 784.1394688542932,
  "summary_gm_n": 49240.0,
  "summary_gm_p05": 711.4283131435513,
  "summary_gm_p95": 851.3058022969401,
  "summary_gm_stdv": 42.932228073761,
  "summary_wm_k": 0.6539903359055859,
  "summary_wm_mad": 32.01364011519524,
  "summary_wm_mean": 1001.7033731468301,
  "summary_wm_median": 1000.02273141779,
  "summary_wm_n": 221230.0,
  "summary_wm_p05": 949.8818094115704,
  "summary_wm_p95": 1060.3918560091406,
  "summary_wm_stdv": 33.857098707808376,
  "tpm_overlap_csf": 0.1683052906705851,
  "tpm_overlap_gm": 0.4636039262954114,
  "tpm_overlap_wm": 0.4887587132857362,
  "wm2max": 0.8622850836939332
}