{
  "bids_meta": {
    "AccelFactPE": 2,
    "AcquisitionNumber": 1,
    "AcquisitionTime": "11:58:27.105000",
    "BodyPartExamined": "BRAIN",
    "ConversionSoftware": "dcm2niix",
    "ConversionSoftwareVersion": "v1.0.20170724 (OpenJPEG build) GCC6.1.0",
    "DeviceSerialNumber": "67025",
    "EchoTime": 0.00226,
    "FlipAngle": 9,
    "ImageType": [
      "ORIGINAL",
      "PRIMARY",
      "M",
      "ND",
      "NORM"
    ],
    "InstitutionAddress": "McClintock_3520A_Los_Angeles_SVC0e0594213b1104_CA_US_90089",
    "InstitutionName": "USC",
    "InversionTime": 1.06,
    "MagneticFieldStrength": 3,
    "Manufacturer": "Siemens",
    "ManufacturersModelName": "Prisma_fit",
    "PhaseEncodingDirection": "i-",
    "PhaseEncodingLines": 224,
    "ProcedureStepDescription": "HAssal_Music",
    "ProtocolName": "t1_mprage_short_32channel",
    "RepetitionTime": 2.3,
    "ScanningSequence": "GR_IR",
    "SequenceName": "_tfl3d1_16ns",
    "SequenceVariant": "SK_SP_MP",
    "SeriesDescription": "t1_mprage_short_32channel",
    "SoftwareVersions": "syngo_MR_E11",
    "dataset": "ds003085",
    "modality": "T1w",
    "subject_id": "19"
  },
  "cjv": 0.35738596422566016,
  "cnr": 3.8336443539473435,
  "efc": 0.6108741797459708,
  "fber": -1.0,
  "fwhm_avg": 4.3611308281010475,
  "fwhm_x": 4.503302484303143,
  "fwhm_y": 4.17281,
  "fwhm_z": 4.40728,
  "icvs_csf": 0.2062220244984877,
  "icvs_gm": 0.43873452748965,
  "icvs_wm": 0.3550434480118623,
  "inu_med": 0.3239908516407013,
  "inu_range": 0.093928325176239,
  "provenance": {
    "md5sum": "1068b3d1fc2188d5addd7c151633b4bb",
    "settings": {
      "testing": false
    },
    "software": "mriqc",
    "version": "22.0.1",
    "warnings": {
      "large_rot_frame": true,
      "small_air_mask": false
    },
    "webapi_port": null,
    "webapi_url": "https://mriqc.nimh.nih.gov/api/v1"
  },
  "qi_1": 0.01026420529273015,
  "qi_2": 0.04121161883412619,
  "rpve_csf": 20.774190336312266,
  "rpve_gm": 10.313463369752254,
  "rpve_wm": 14.466418929759215,
  "size_x": 176,
  "size_y": 224,
  "size_z": 256,
  "snr_csf": 3.527215426409739,
  "snr_gm": 17.344238037158586,
  "snr_total": 17.534297928253128,
  "snr_wm": 31.73144032119106,
  "snrd_csf": 86.55351254993283,
  "snrd_gm": 197.56942665892188,
  "snrd_total": 178.3005532225418,
  "snrd_wm": 250.7787204587706,
  "spacing_x": 1.0000016689300537,
  "spacing_y": 1.0,
  "spacing_z": 1.0,
  "summary_bg_k": 13.756478419301768,
  "summary_bg_mad": 0.0,
  "summary_bg_mean": 1.193893222691387,
  "summary_bg_median": 0.0,
  "summary_bg_n": 2013191.0,
  "summary_bg_p05": 0.0,
  "summary_bg_p95": 5.8306665904819965,
  "summary_bg_stdv": 2.6124791021331437,
  "summary_csf_k": 3.053514743679532,
  "summary_csf_mad": 58.62217370363358,
  "summary_csf_mean": 358.32670037406683,
  "summary_csf_median": 345.1483427770436,
  "summary_csf_n": 48774.0,
  "summary_csf_p05": 231.0462655082345,
  "summary_csf_p95": 541.0682320000603,
  "summary_csf_stdv": 97.85192079099116,
  "summary_gm_k": -0.11632829635807784,
  "summary_gm_mad": 46.39916903566059,
  "summary_gm_mean": 786.7138154026629,
  "summary_gm_median": 787.8450935818255,
  "summary_gm_n": 40782.0,
  "summary_gm_p05": 710.7446976900101,
  "summary_gm_p95": 858.9792259857059,
  "summary_gm_stdv": 45.42346758669565,
  "summary_wm_k": 0.6541610848340662,
  "summary_wm_mad": 29.431708608408627,
  "summary_wm_mean": 1001.332858397654,
  "summary_wm_median": 1000.0271187163889,
  "summary_wm_n": 206013.0,
  "summary_wm_p05": 951.8902201205492,
  "summary_wm_p95": 1054.9167428053916,
  "summary_wm_stdv": 31.515263142608752,
  "tpm_overlap_csf": 0.16741406964853198,
  "tpm_overlap_gm": 0.4731708542610973,
  "tpm_overlap_wm": 0.5010946872084954,
  "wm2max": 0.8695964177673962
}