{
  "aor": 0.0014739259259259258,
  "aqi": 0.003445108444444444,
  "bids_meta": {
    "AcquisitionNumber": 1,
    "AcquisitionTime": "15:04:21.762500",
    "BandwidthPerPixelPhaseEncode": 25.355,
    "BodyPartExamined": "BRAIN",
    "ConversionSoftware": "dcm2niix",
    "ConversionSoftwareVersion": "v1.0.20170724 (OpenJPEG build) GCC6.1.0",
    "DeviceSerialNumber": "67025",
    "EchoTime": 0.035,
    "EchoTrainLength": 68,
    "EffectiveEchoSpacing": 0.000579999,
    "FlipAngle": 52,
    "ImageType": [
      "ORIGINAL",
      "PRIMARY",
      "M",
      "MB",
      "ND",
      "MOSAIC"
    ],
    "InstitutionAddress": "McClintock_3520A_Los_Angeles_SVC0e0594213b1104_CA_US_90089",
    "InstitutionName": "USC",
    "MagneticFieldStrength": 3,
    "Manufacturer": "Siemens",
    "ManufacturersModelName": "Prisma_fit",
    "PhaseEncodingDirection": "j-",
    "PhaseEncodingLines": 68,
    "ProcedureStepDescription": "HAssal_Music",
    "ProtocolName": "MUSIC_DYNAMICS_SNL",
    "RepetitionTime": 1,
    "ScanningSequence": "EP",
    "SequenceName": "epfid2d1_68",
    "SequenceVariant": "SK_SS",
    "SeriesDescription": "MUSIC_DYNAMICS_SNL",
    "SliceTiming": [
      0,
      0.49,
      0.165,
      0.8175,
      0.3275,
      0.655,
      0,
      0.49,
      0.165,
      0.8175,
      0.3275,
      0.655,
      0,
      0.49,
      0.165,
      0.8175,
      0.3275,
      0.655,
      0,
      0.49,
      0.165,
      0.8175,
      0.3275,
      0.655,
      0,
      0.49,
      0.165,
      0.8175,
      0.3275,
      0.655,
      0,
      0.49,
      0.165,
      0.8175,
      0.3275,
      0.655,
      0,
      0.49,
      0.165,
      0.8175,
      0.3275,
      0.655,
      0,
      0.49,
      0.165,
      0.8175,
      0.3275,
      0.655
    ],
    "SoftwareVersions": "syngo_MR_E11",
    "TaskName": "sadsh",
    "TotalReadoutTime": 0.03886,
    "dataset": "ds003085",
    "modality": "bold",
    "subject_id": "09",
    "task_id": "sadsh"
  },
  "dummy_trs": 1,
  "dvars_nstd": 21.57684370884758,
  "dvars_std": 1.0813176423048325,
  "dvars_vstd": 1.0198713947583649,
  "efc": 0.5145292049381425,
  "fber": 745.5511474609375,
  "fd_mean": 0.10590202351943065,
  "fd_num": 11,
  "fd_perc": 4.074074074074074,
  "fwhm_avg": 2.898078960817307,
  "fwhm_x": 2.715206882451922,
  "fwhm_y": 3.0180366666666667,
  "fwhm_z": 2.960993333333333,
  "gcor": 0.0143646,
  "gsr_x": 0.005200785119086504,
  "gsr_y": 0.08393692970275879,
  "provenance": {
    "md5sum": "f80a509e59ee6c2c90b60ede29461e7a",
    "settings": {
      "fd_thres": 0.2,
      "testing": false
    },
    "software": "mriqc",
    "version": "22.0.1",
    "webapi_port": null,
    "webapi_url": "https://mriqc.nimh.nih.gov/api/v1"
  },
  "size_t": 270,
  "size_x": 68,
  "size_y": 68,
  "size_z": 48,
  "snr": 2.2804257356559057,
  "spacing_tr": 1.0,
  "spacing_x": 2.999999761581421,
  "spacing_y": 3.0,
  "spacing_z": 3.0,
  "summary_bg_k": 30.78236780934796,
  "summary_bg_mad": 120.82658348857923,
  "summary_bg_mean": 378.62103271484375,
  "summary_bg_median": 158.07777404785156,
  "summary_bg_n": 137737.0,
  "summary_bg_p05": 60.50370407104492,
  "summary_bg_p95": 1536.8569580078122,
  "summary_bg_stdv": 648.8604125976562,
  "summary_fg_k": 1.222646359380252,
  "summary_fg_mad": 1769.1780788690214,
  "summary_fg_mean": 4855.76220703125,
  "summary_fg_median": 4455.0703125,
  "summary_fg_n": 39205.0,
  "summary_fg_p05": 2459.06953125,
  "summary_fg_p95": 8685.9482421875,
  "summary_fg_stdv": 1953.5885009765625,
  "tsnr": 60.717728815507144
}