{
  "aor": 0.0006126843100189036,
  "aqi": 0.0036047212098298674,
  "bids_meta": {
    "AcquisitionNumber": 1,
    "AcquisitionTime": "14:54:19.950000",
    "BandwidthPerPixelPhaseEncode": 25.355,
    "BodyPartExamined": "BRAIN",
    "ConversionSoftware": "dcm2niix",
    "ConversionSoftwareVersion": "v1.0.20170724 (OpenJPEG build) GCC6.1.0",
    "DeviceSerialNumber": "67025",
    "EchoTime": 0.035,
    "EchoTrainLength": 68,
    "EffectiveEchoSpacing": 0.000579999,
    "FlipAngle": 52,
    "ImageType": [
      "ORIGINAL",
      "PRIMARY",
      "M",
      "MB",
      "ND",
      "MOSAIC"
    ],
    "InstitutionAddress": "McClintock_3520A_Los_Angeles_SVC0e0594213b1104_CA_US_90089",
    "InstitutionName": "USC",
    "MagneticFieldStrength": 3,
    "Manufacturer": "Siemens",
    "ManufacturersModelName": "Prisma_fit",
    "PhaseEncodingDirection": "j-",
    "PhaseEncodingLines": 68,
    "ProcedureStepDescription": "HAssal_Music",
    "ProtocolName": "MUSIC_DYNAMICS_SNL_L",
    "RepetitionTime": 1,
    "ScanningSequence": "EP",
    "SequenceName": "epfid2d1_68",
    "SequenceVariant": "SK_SS",
    "SeriesDescription": "MUSIC_DYNAMICS_SNL_L",
    "SliceTiming": [
      0,
      0.49,
      0.1625,
      0.8175,
      0.3275,
      0.6525,
      0,
      0.49,
      0.1625,
      0.8175,
      0.3275,
      0.6525,
      0,
      0.49,
      0.1625,
      0.8175,
      0.3275,
      0.6525,
      0,
      0.49,
      0.1625,
      0.8175,
      0.3275,
      0.6525,
      0,
      0.49,
      0.1625,
      0.8175,
      0.3275,
      0.6525,
      0,
      0.49,
      0.1625,
      0.8175,
      0.3275,
      0.6525,
      0,
      0.49,
      0.1625,
      0.8175,
      0.3275,
      0.6525,
      0,
      0.49,
      0.1625,
      0.8175,
      0.3275,
      0.6525
    ],
    "SoftwareVersions": "syngo_MR_E11",
    "TaskName": "sadln",
    "TotalReadoutTime": 0.03886,
    "dataset": "ds003085",
    "modality": "bold",
    "subject_id": "09",
    "task_id": "sadln"
  },
  "dummy_trs": 1,
  "dvars_nstd": 22.107947262859852,
  "dvars_std": 1.0526124493560602,
  "dvars_vstd": 0.9914443661931817,
  "efc": 0.5137945808731078,
  "fber": 745.671875,
  "fd_mean": 0.1236295845653169,
  "fd_num": 36,
  "fd_perc": 6.805293005671078,
  "fwhm_avg": 2.8697522935687227,
  "fwhm_x": 2.6932402140395015,
  "fwhm_y": 2.98666,
  "fwhm_z": 2.9293566666666666,
  "gcor": 0.0162561,
  "gsr_x": 0.004934666212648153,
  "gsr_y": 0.08375364542007446,
  "provenance": {
    "md5sum": "182800d611e2f217e3205fd66ab58097",
    "settings": {
      "fd_thres": 0.2,
      "testing": false
    },
    "software": "mriqc",
    "version": "22.0.1",
    "webapi_port": null,
    "webapi_url": "https://mriqc.nimh.nih.gov/api/v1"
  },
  "size_t": 529,
  "size_x": 68,
  "size_y": 68,
  "size_z": 48,
  "snr": 2.2952699799951852,
  "spacing_tr": 1.0,
  "spacing_x": 2.999999761581421,
  "spacing_y": 3.0,
  "spacing_z": 3.0,
  "summary_bg_k": 32.0239237860747,
  "summary_bg_mad": 121.33795863885098,
  "summary_bg_mean": 375.3788146972656,
  "summary_bg_median": 157.8714599609375,
  "summary_bg_n": 138065.0,
  "summary_bg_p05": 59.93799667358399,
  "summary_bg_p95": 1519.8703124999938,
  "summary_bg_stdv": 642.661376953125,
  "summary_fg_k": 1.2060734397830135,
  "summary_fg_mad": 1759.5071398861032,
  "summary_fg_mean": 4842.9541015625,
  "summary_fg_median": 4448.06640625,
  "summary_fg_n": 39175.0,
  "summary_fg_p05": 2464.0664306640624,
  "summary_fg_p95": 8621.64716796875,
  "summary_fg_stdv": 1937.902587890625,
  "tsnr": 56.45605891151354
}