{
  "aor": 0.0018050273224043715,
  "aqi": 0.0026561919125683065,
  "bids_meta": {
    "AcquisitionNumber": 1,
    "AcquisitionTime": "14:49:54.160000",
    "BandwidthPerPixelPhaseEncode": 25.355,
    "BodyPartExamined": "BRAIN",
    "ConversionSoftware": "dcm2niix",
    "ConversionSoftwareVersion": "v1.0.20170724 (OpenJPEG build) GCC6.1.0",
    "DeviceSerialNumber": "67025",
    "EchoTime": 0.035,
    "EchoTrainLength": 68,
    "EffectiveEchoSpacing": 0.000579999,
    "FlipAngle": 52,
    "ImageType": [
      "ORIGINAL",
      "PRIMARY",
      "M",
      "MB",
      "ND",
      "MOSAIC"
    ],
    "InstitutionAddress": "McClintock_3520A_Los_Angeles_SVC0e0594213b1104_CA_US_90089",
    "InstitutionName": "USC",
    "MagneticFieldStrength": 3,
    "Manufacturer": "Siemens",
    "ManufacturersModelName": "Prisma_fit",
    "PhaseEncodingDirection": "j-",
    "PhaseEncodingLines": 68,
    "ProcedureStepDescription": "HAssal_Music",
    "ProtocolName": "MUSIC_DYNAMICS_HNL",
    "RepetitionTime": 1,
    "ScanningSequence": "EP",
    "SequenceName": "epfid2d1_68",
    "SequenceVariant": "SK_SS",
    "SeriesDescription": "MUSIC_DYNAMICS_HNL",
    "SliceTiming": [
      0,
      0.49,
      0.165,
      0.8175,
      0.3275,
      0.655,
      0,
      0.49,
      0.165,
      0.8175,
      0.3275,
      0.655,
      0,
      0.49,
      0.165,
      0.8175,
      0.3275,
      0.655,
      0,
      0.49,
      0.165,
      0.8175,
      0.3275,
      0.655,
      0,
      0.49,
      0.165,
      0.8175,
      0.3275,
      0.655,
      0,
      0.49,
      0.165,
      0.8175,
      0.3275,
      0.655,
      0,
      0.49,
      0.165,
      0.8175,
      0.3275,
      0.655,
      0,
      0.49,
      0.165,
      0.8175,
      0.3275,
      0.655
    ],
    "SoftwareVersions": "syngo_MR_E11",
    "TaskName": "happy",
    "TotalReadoutTime": 0.03886,
    "dataset": "ds003085",
    "modality": "bold",
    "subject_id": "09",
    "task_id": "happy"
  },
  "dummy_trs": 0,
  "dvars_nstd": 22.02492411082418,
  "dvars_std": 1.0765951429120886,
  "dvars_vstd": 1.0171276692857143,
  "efc": 0.5124615566542443,
  "fber": 756.6605834960938,
  "fd_mean": 0.1340755185101032,
  "fd_num": 21,
  "fd_perc": 11.475409836065573,
  "fwhm_avg": 2.887024516261601,
  "fwhm_x": 2.711006882118136,
  "fwhm_y": 3.0039433333333334,
  "fwhm_z": 2.946123333333333,
  "gcor": 0.0310121,
  "gsr_x": 0.003949328325688839,
  "gsr_y": 0.08281756192445755,
  "provenance": {
    "md5sum": "894d8f102627377b219c009e5bed43f8",
    "settings": {
      "fd_thres": 0.2,
      "testing": false
    },
    "software": "mriqc",
    "version": "22.0.1",
    "webapi_port": null,
    "webapi_url": "https://mriqc.nimh.nih.gov/api/v1"
  },
  "size_t": 183,
  "size_x": 68,
  "size_y": 68,
  "size_z": 48,
  "snr": 2.284846351577379,
  "spacing_tr": 1.0,
  "spacing_x": 2.999999761581421,
  "spacing_y": 3.0,
  "spacing_z": 3.0,
  "summary_bg_k": 33.83998917797385,
  "summary_bg_mad": 119.32517048295377,
  "summary_bg_mean": 370.73095703125,
  "summary_bg_median": 156.89889526367188,
  "summary_bg_n": 137912.0,
  "summary_bg_p05": 60.37704849243164,
  "summary_bg_p95": 1492.2024353027343,
  "summary_bg_stdv": 636.6394653320312,
  "summary_fg_k": 1.22055661351175,
  "summary_fg_mad": 1780.3536998398126,
  "summary_fg_mean": 4862.76123046875,
  "summary_fg_median": 4463.01611328125,
  "summary_fg_n": 39245.0,
  "summary_fg_p05": 2466.067724609375,
  "summary_fg_p95": 8673.883789062498,
  "summary_fg_stdv": 1953.286376953125,
  "tsnr": 61.97427697107196
}