{
  "aor": 0.0019214484679665738,
  "aqi": 0.0035467158217270195,
  "bids_meta": {
    "AcquisitionNumber": 1,
    "AcquisitionTime": "14:35:4.545000",
    "BandwidthPerPixelPhaseEncode": 25.355,
    "BodyPartExamined": "BRAIN",
    "ConversionSoftware": "dcm2niix",
    "ConversionSoftwareVersion": "v1.0.20170724 (OpenJPEG build) GCC6.1.0",
    "DeviceSerialNumber": "67025",
    "EchoTime": 0.035,
    "EchoTrainLength": 68,
    "EffectiveEchoSpacing": 0.000579999,
    "FlipAngle": 52,
    "ImageType": [
      "ORIGINAL",
      "PRIMARY",
      "M",
      "MB",
      "ND",
      "MOSAIC"
    ],
    "InstitutionAddress": "McClintock_3520A_Los_Angeles_SVC0e0594213b1104_CA_US_90089",
    "InstitutionName": "USC",
    "MagneticFieldStrength": 3,
    "Manufacturer": "Siemens",
    "ManufacturersModelName": "Prisma_fit",
    "PhaseEncodingDirection": "j-",
    "PhaseEncodingLines": 68,
    "ProcedureStepDescription": "HAssal_Music",
    "ProtocolName": "Resting",
    "RepetitionTime": 1,
    "ScanningSequence": "EP",
    "SequenceName": "epfid2d1_68",
    "SequenceVariant": "SK_SS",
    "SeriesDescription": "Resting",
    "SliceTiming": [
      0,
      0.49,
      0.1625,
      0.815,
      0.325,
      0.6525,
      0,
      0.49,
      0.1625,
      0.815,
      0.325,
      0.6525,
      0,
      0.49,
      0.1625,
      0.815,
      0.325,
      0.6525,
      0,
      0.49,
      0.1625,
      0.815,
      0.325,
      0.6525,
      0,
      0.49,
      0.1625,
      0.815,
      0.325,
      0.6525,
      0,
      0.49,
      0.1625,
      0.815,
      0.325,
      0.6525,
      0,
      0.49,
      0.1625,
      0.815,
      0.325,
      0.6525,
      0,
      0.49,
      0.1625,
      0.815,
      0.325,
      0.6525
    ],
    "SoftwareVersions": "syngo_MR_E11",
    "TaskName": "rest",
    "TotalReadoutTime": 0.03886,
    "dataset": "ds003085",
    "modality": "bold",
    "subject_id": "09",
    "task_id": "rest"
  },
  "dummy_trs": 1,
  "dvars_nstd": 22.844310403519554,
  "dvars_std": 1.087318668184358,
  "dvars_vstd": 1.0204959716201127,
  "efc": 0.5189446950637219,
  "fber": 748.8284912109375,
  "fd_mean": 0.11509852272227558,
  "fd_num": 26,
  "fd_perc": 7.242339832869081,
  "fwhm_avg": 2.807254513594403,
  "fwhm_x": 2.61032354078321,
  "fwhm_y": 2.929543333333333,
  "fwhm_z": 2.8818966666666666,
  "gcor": 0.0230047,
  "gsr_x": -0.0008281742339022458,
  "gsr_y": 0.08674738556146622,
  "provenance": {
    "md5sum": "5466ea4d6a2edc5cfbf3a2f5c53e1716",
    "settings": {
      "fd_thres": 0.2,
      "testing": false
    },
    "software": "mriqc",
    "version": "22.0.1",
    "webapi_port": null,
    "webapi_url": "https://mriqc.nimh.nih.gov/api/v1"
  },
  "size_t": 359,
  "size_x": 68,
  "size_y": 68,
  "size_z": 48,
  "snr": 2.3836207246394534,
  "spacing_tr": 1.0,
  "spacing_x": 2.999999761581421,
  "spacing_y": 3.0,
  "spacing_z": 3.0,
  "summary_bg_k": 33.756969684052684,
  "summary_bg_mad": 116.58869300105427,
  "summary_bg_mean": 356.0259704589844,
  "summary_bg_median": 152.7130889892578,
  "summary_bg_n": 136537.0,
  "summary_bg_p05": 59.356544494628906,
  "summary_bg_p95": 1416.2249999999997,
  "summary_bg_stdv": 600.397705078125,
  "summary_fg_k": 1.016495173289444,
  "summary_fg_mad": 1652.5769886204125,
  "summary_fg_mean": 4701.38134765625,
  "summary_fg_median": 4330.80224609375,
  "summary_fg_n": 40050.0,
  "summary_fg_p05": 2441.31240234375,
  "summary_fg_p95": 8258.49287109375,
  "summary_fg_stdv": 1816.8780517578125,
  "tsnr": 56.446277562645264
}