{
  "aor": 0.00037704545454545456,
  "aqi": 0.004561102803030303,
  "bids_meta": {
    "AcquisitionNumber": 1,
    "AcquisitionTime": "15:58:23.667500",
    "BandwidthPerPixelPhaseEncode": 25.355,
    "BodyPartExamined": "BRAIN",
    "ConversionSoftware": "dcm2niix",
    "ConversionSoftwareVersion": "v1.0.20170724 (OpenJPEG build) GCC6.1.0",
    "DeviceSerialNumber": "67025",
    "EchoTime": 0.035,
    "EchoTrainLength": 68,
    "EffectiveEchoSpacing": 0.000579999,
    "FlipAngle": 52,
    "ImageType": [
      "ORIGINAL",
      "PRIMARY",
      "M",
      "MB",
      "ND",
      "MOSAIC"
    ],
    "InstitutionAddress": "McClintock_3520A_Los_Angeles_SVC0e0594213b1104_CA_US_90089",
    "InstitutionName": "USC",
    "MagneticFieldStrength": 3,
    "Manufacturer": "Siemens",
    "ManufacturersModelName": "Prisma_fit",
    "PhaseEncodingDirection": "j-",
    "PhaseEncodingLines": 68,
    "ProcedureStepDescription": "HAssal_Music",
    "ProtocolName": "MUSIC_DYNAMICS_SNL_L",
    "RepetitionTime": 1,
    "ScanningSequence": "EP",
    "SequenceName": "epfid2d1_68",
    "SequenceVariant": "SK_SS",
    "SeriesDescription": "MUSIC_DYNAMICS_SNL_L",
    "SliceTiming": [
      0,
      0.49,
      0.1625,
      0.8175,
      0.3275,
      0.6525,
      0,
      0.49,
      0.1625,
      0.8175,
      0.3275,
      0.6525,
      0,
      0.49,
      0.1625,
      0.8175,
      0.3275,
      0.6525,
      0,
      0.49,
      0.1625,
      0.8175,
      0.3275,
      0.6525,
      0,
      0.49,
      0.1625,
      0.8175,
      0.3275,
      0.6525,
      0,
      0.49,
      0.1625,
      0.8175,
      0.3275,
      0.6525,
      0,
      0.49,
      0.1625,
      0.8175,
      0.3275,
      0.6525,
      0,
      0.49,
      0.1625,
      0.8175,
      0.3275,
      0.6525
    ],
    "SoftwareVersions": "syngo_MR_E11",
    "TaskName": "sadln",
    "TotalReadoutTime": 0.03886,
    "dataset": "ds003085",
    "modality": "bold",
    "subject_id": "35",
    "task_id": "sadln"
  },
  "dummy_trs": 2,
  "dvars_nstd": 24.420787717305483,
  "dvars_std": 1.0366563517457306,
  "dvars_vstd": 0.9560303063757114,
  "efc": 0.53499747904263,
  "fber": 580.5106811523438,
  "fd_mean": 0.1603188557707452,
  "fd_num": 171,
  "fd_perc": 32.38636363636363,
  "fwhm_avg": 2.9516488888888888,
  "fwhm_x": 2.759396666666667,
  "fwhm_y": 3.0673033333333333,
  "fwhm_z": 3.0282466666666665,
  "gcor": 0.00600956,
  "gsr_x": -0.00933942012488842,
  "gsr_y": 0.06881134957075119,
  "provenance": {
    "md5sum": "334527d5109d1316a043021f093faceb",
    "settings": {
      "fd_thres": 0.2,
      "testing": false
    },
    "software": "mriqc",
    "version": "22.0.1",
    "webapi_port": null,
    "webapi_url": "https://mriqc.nimh.nih.gov/api/v1"
  },
  "size_t": 528,
  "size_x": 68,
  "size_y": 68,
  "size_z": 48,
  "snr": 2.333922121420363,
  "spacing_tr": 1.0,
  "spacing_x": 3.0,
  "spacing_y": 3.0,
  "spacing_z": 3.0,
  "summary_bg_k": 19.224963280223413,
  "summary_bg_mad": 142.88859402507734,
  "summary_bg_mean": 386.349365234375,
  "summary_bg_median": 177.82765197753906,
  "summary_bg_n": 132767.0,
  "summary_bg_p05": 66.10473937988282,
  "summary_bg_p95": 1512.8654174804683,
  "summary_bg_stdv": 578.0155029296875,
  "summary_fg_k": 0.842703232599932,
  "summary_fg_mad": 1773.7091371139563,
  "summary_fg_mean": 4929.90576171875,
  "summary_fg_median": 4532.03125,
  "summary_fg_n": 43398.0,
  "summary_fg_p05": 2480.272998046875,
  "summary_fg_p95": 8707.467138671875,
  "summary_fg_stdv": 1941.7867431640625,
  "tsnr": 47.22396243177354
}