{
  "aor": 0.0007217037037037038,
  "aqi": 0.004205358962962964,
  "bids_meta": {
    "AcquisitionNumber": 1,
    "AcquisitionTime": "15:47:18.177500",
    "BandwidthPerPixelPhaseEncode": 25.355,
    "BodyPartExamined": "BRAIN",
    "ConversionSoftware": "dcm2niix",
    "ConversionSoftwareVersion": "v1.0.20170724 (OpenJPEG build) GCC6.1.0",
    "DeviceSerialNumber": "67025",
    "EchoTime": 0.035,
    "EchoTrainLength": 68,
    "EffectiveEchoSpacing": 0.000579999,
    "FlipAngle": 52,
    "ImageType": [
      "ORIGINAL",
      "PRIMARY",
      "M",
      "MB",
      "ND",
      "MOSAIC"
    ],
    "InstitutionAddress": "McClintock_3520A_Los_Angeles_SVC0e0594213b1104_CA_US_90089",
    "InstitutionName": "USC",
    "MagneticFieldStrength": 3,
    "Manufacturer": "Siemens",
    "ManufacturersModelName": "Prisma_fit",
    "PhaseEncodingDirection": "j-",
    "PhaseEncodingLines": 68,
    "ProcedureStepDescription": "HAssal_Music",
    "ProtocolName": "MUSIC_DYNAMICS_SNL",
    "RepetitionTime": 1,
    "ScanningSequence": "EP",
    "SequenceName": "epfid2d1_68",
    "SequenceVariant": "SK_SS",
    "SeriesDescription": "MUSIC_DYNAMICS_SNL",
    "SliceTiming": [
      0,
      0.49,
      0.1625,
      0.8175,
      0.3275,
      0.6525,
      0,
      0.49,
      0.1625,
      0.8175,
      0.3275,
      0.6525,
      0,
      0.49,
      0.1625,
      0.8175,
      0.3275,
      0.6525,
      0,
      0.49,
      0.1625,
      0.8175,
      0.3275,
      0.6525,
      0,
      0.49,
      0.1625,
      0.8175,
      0.3275,
      0.6525,
      0,
      0.49,
      0.1625,
      0.8175,
      0.3275,
      0.6525,
      0,
      0.49,
      0.1625,
      0.8175,
      0.3275,
      0.6525,
      0,
      0.49,
      0.1625,
      0.8175,
      0.3275,
      0.6525
    ],
    "SoftwareVersions": "syngo_MR_E11",
    "TaskName": "sadsh",
    "TotalReadoutTime": 0.03886,
    "dataset": "ds003085",
    "modality": "bold",
    "subject_id": "35",
    "task_id": "sadsh"
  },
  "dummy_trs": 1,
  "dvars_nstd": 24.281040645464646,
  "dvars_std": 1.05869855055762,
  "dvars_vstd": 0.9744836509665429,
  "efc": 0.5344661384347068,
  "fber": 587.3882446289062,
  "fd_mean": 0.1618259217081062,
  "fd_num": 78,
  "fd_perc": 28.88888888888889,
  "fwhm_avg": 2.9512344444444447,
  "fwhm_x": 2.771656666666667,
  "fwhm_y": 3.0502533333333335,
  "fwhm_z": 3.0317933333333333,
  "gcor": 0.0163045,
  "gsr_x": -0.01020872127264738,
  "gsr_y": 0.07124467939138412,
  "provenance": {
    "md5sum": "efb687f23a6cc36c6e75cbb6b3f3a661",
    "settings": {
      "fd_thres": 0.2,
      "testing": false
    },
    "software": "mriqc",
    "version": "22.0.1",
    "webapi_port": null,
    "webapi_url": "https://mriqc.nimh.nih.gov/api/v1"
  },
  "size_t": 270,
  "size_x": 68,
  "size_y": 68,
  "size_z": 48,
  "snr": 2.324953701991948,
  "spacing_tr": 1.0,
  "spacing_x": 3.0,
  "spacing_y": 3.0,
  "spacing_z": 3.0,
  "summary_bg_k": 18.44339975059952,
  "summary_bg_mad": 144.30935705345408,
  "summary_bg_mean": 390.90203857421875,
  "summary_bg_median": 178.33517456054688,
  "summary_bg_n": 133284.0,
  "summary_bg_p05": 65.73332977294922,
  "summary_bg_p95": 1538.7759216308584,
  "summary_bg_stdv": 585.8943481445312,
  "summary_fg_k": 0.8596561615978238,
  "summary_fg_mad": 1783.883205267705,
  "summary_fg_mean": 4948.5078125,
  "summary_fg_median": 4543.6220703125,
  "summary_fg_n": 43397.0,
  "summary_fg_p05": 2489.54736328125,
  "summary_fg_p95": 8746.300976562497,
  "summary_fg_stdv": 1954.262451171875,
  "tsnr": 48.79096545651555
}