{
  "aor": 0.0007691160220994475,
  "aqi": 0.0021431718784530387,
  "bids_meta": {
    "AcquisitionNumber": 1,
    "AcquisitionTime": "15:53:56.870000",
    "BandwidthPerPixelPhaseEncode": 25.355,
    "BodyPartExamined": "BRAIN",
    "ConversionSoftware": "dcm2niix",
    "ConversionSoftwareVersion": "v1.0.20170724 (OpenJPEG build) GCC6.1.0",
    "DeviceSerialNumber": "67025",
    "EchoTime": 0.035,
    "EchoTrainLength": 68,
    "EffectiveEchoSpacing": 0.000579999,
    "FlipAngle": 52,
    "ImageType": [
      "ORIGINAL",
      "PRIMARY",
      "M",
      "MB",
      "ND",
      "MOSAIC"
    ],
    "InstitutionAddress": "McClintock_3520A_Los_Angeles_SVC0e0594213b1104_CA_US_90089",
    "InstitutionName": "USC",
    "MagneticFieldStrength": 3,
    "Manufacturer": "Siemens",
    "ManufacturersModelName": "Prisma_fit",
    "PhaseEncodingDirection": "j-",
    "PhaseEncodingLines": 68,
    "ProcedureStepDescription": "HAssal_Music",
    "ProtocolName": "MUSIC_DYNAMICS_HNL",
    "RepetitionTime": 1,
    "ScanningSequence": "EP",
    "SequenceName": "epfid2d1_68",
    "SequenceVariant": "SK_SS",
    "SeriesDescription": "MUSIC_DYNAMICS_HNL",
    "SliceTiming": [
      0,
      0.49,
      0.1625,
      0.815,
      0.325,
      0.6525,
      0,
      0.49,
      0.1625,
      0.815,
      0.325,
      0.6525,
      0,
      0.49,
      0.1625,
      0.815,
      0.325,
      0.6525,
      0,
      0.49,
      0.1625,
      0.815,
      0.325,
      0.6525,
      0,
      0.49,
      0.1625,
      0.815,
      0.325,
      0.6525,
      0,
      0.49,
      0.1625,
      0.815,
      0.325,
      0.6525,
      0,
      0.49,
      0.1625,
      0.815,
      0.325,
      0.6525,
      0,
      0.49,
      0.1625,
      0.815,
      0.325,
      0.6525
    ],
    "SoftwareVersions": "syngo_MR_E11",
    "TaskName": "happy",
    "TotalReadoutTime": 0.03886,
    "dataset": "ds003085",
    "modality": "bold",
    "subject_id": "35",
    "task_id": "happy"
  },
  "dummy_trs": 2,
  "dvars_nstd": 23.52238060622221,
  "dvars_std": 1.0910984924444447,
  "dvars_vstd": 1.0005588301111101,
  "efc": 0.5345207374497977,
  "fber": 588.9881591796875,
  "fd_mean": 0.14250113981251214,
  "fd_num": 34,
  "fd_perc": 18.784530386740332,
  "fwhm_avg": 2.915071111111111,
  "fwhm_x": 2.7241433333333336,
  "fwhm_y": 3.035876666666667,
  "fwhm_z": 2.985193333333333,
  "gcor": 0.0125847,
  "gsr_x": -0.009088496677577496,
  "gsr_y": 0.06880492717027664,
  "provenance": {
    "md5sum": "47b6d5401519136b5291fb4ee83d7d82",
    "settings": {
      "fd_thres": 0.2,
      "testing": false
    },
    "software": "mriqc",
    "version": "22.0.1",
    "webapi_port": null,
    "webapi_url": "https://mriqc.nimh.nih.gov/api/v1"
  },
  "size_t": 181,
  "size_x": 68,
  "size_y": 68,
  "size_z": 48,
  "snr": 2.3363206715986604,
  "spacing_tr": 1.0,
  "spacing_x": 3.0,
  "spacing_y": 3.0,
  "spacing_z": 3.0,
  "summary_bg_k": 19.572961412459026,
  "summary_bg_mad": 139.88884470300056,
  "summary_bg_mean": 383.7939453125,
  "summary_bg_median": 175.9226531982422,
  "summary_bg_n": 132711.0,
  "summary_bg_p05": 66.06077575683594,
  "summary_bg_p95": 1496.62158203125,
  "summary_bg_stdv": 577.5662841796875,
  "summary_fg_k": 0.7574018698105687,
  "summary_fg_mad": 1772.2095226141348,
  "summary_fg_mean": 4921.46044921875,
  "summary_fg_median": 4524.25439453125,
  "summary_fg_n": 43402.0,
  "summary_fg_p05": 2473.380712890625,
  "summary_fg_p95": 8692.592968749996,
  "summary_fg_stdv": 1936.464599609375,
  "tsnr": 62.859451384982094
}