{
  "bids_meta": {
    "AccelFactPE": 2,
    "AcquisitionNumber": 1,
    "AcquisitionTime": "13:24:28.880000",
    "BodyPartExamined": "BRAIN",
    "ConversionSoftware": "dcm2niix",
    "ConversionSoftwareVersion": "v1.0.20170724 (OpenJPEG build) GCC6.1.0",
    "DeviceSerialNumber": "67025",
    "EchoTime": 0.00226,
    "FlipAngle": 9,
    "ImageType": [
      "ORIGINAL",
      "PRIMARY",
      "M",
      "ND",
      "NORM"
    ],
    "InstitutionAddress": "McClintock_3520A_Los_Angeles_SVC0e0594213b1104_CA_US_90089",
    "InstitutionName": "USC",
    "InversionTime": 1.06,
    "MagneticFieldStrength": 3,
    "Manufacturer": "Siemens",
    "ManufacturersModelName": "Prisma_fit",
    "PhaseEncodingDirection": "i-",
    "PhaseEncodingLines": 224,
    "ProcedureStepDescription": "HAssal_Music",
    "ProtocolName": "t1_mprage_short_32channel",
    "RepetitionTime": 2.3,
    "ScanningSequence": "GR_IR",
    "SequenceName": "_tfl3d1_16ns",
    "SequenceVariant": "SK_SP_MP",
    "SeriesDescription": "t1_mprage_short_32channel",
    "SoftwareVersions": "syngo_MR_E11",
    "dataset": "ds003085",
    "modality": "T1w",
    "subject_id": "12"
  },
  "cjv": 0.3769966897462146,
  "cnr": 3.56638530816463,
  "efc": 0.5716089878356277,
  "fber": -1.0,
  "fwhm_avg": 4.261789462369283,
  "fwhm_x": 4.277228387107849,
  "fwhm_y": 4.23418,
  "fwhm_z": 4.27396,
  "icvs_csf": 0.22288489424883798,
  "icvs_gm": 0.4258625738365471,
  "icvs_wm": 0.3512525319146149,
  "inu_med": 0.2958976924419403,
  "inu_range": 0.07188706994056698,
  "provenance": {
    "md5sum": "6fcc9338391eeca995fcea058c991eb6",
    "settings": {
      "testing": false
    },
    "software": "mriqc",
    "version": "22.0.1",
    "warnings": {
      "large_rot_frame": true,
      "small_air_mask": false
    },
    "webapi_port": null,
    "webapi_url": "https://mriqc.nimh.nih.gov/api/v1"
  },
  "qi_1": 0.011962263349658568,
  "qi_2": 0.04189946158796229,
  "rpve_csf": 21.085725893539404,
  "rpve_gm": 11.356402301108973,
  "rpve_wm": 15.899247802851017,
  "size_x": 176,
  "size_y": 224,
  "size_z": 256,
  "snr_csf": 3.4642797896404836,
  "snr_gm": 16.371199197373112,
  "snr_total": 17.592210898279358,
  "snr_wm": 32.941153707824476,
  "snrd_csf": 76.42295996885998,
  "snrd_gm": 171.88352942563262,
  "snrd_total": 154.80115726753965,
  "snrd_wm": 216.0969824081264,
  "spacing_x": 1.0000073909759521,
  "spacing_y": 1.0,
  "spacing_z": 1.0,
  "summary_bg_k": 48.67856894458348,
  "summary_bg_mad": 0.0,
  "summary_bg_mean": 1.1666845892064954,
  "summary_bg_median": 0.0,
  "summary_bg_n": 2042718.0,
  "summary_bg_p05": 0.0,
  "summary_bg_p95": 7.126414023339748,
  "summary_bg_stdv": 3.03173848288046,
  "summary_csf_k": 3.0178364452078625,
  "summary_csf_mad": 64.46225867257492,
  "summary_csf_mean": 361.1930681622652,
  "summary_csf_median": 353.65830491669476,
  "summary_csf_n": 45667.0,
  "summary_csf_p05": 186.25763842742896,
  "summary_csf_p95": 540.3002892689778,
  "summary_csf_stdv": 102.08599022807003,
  "summary_gm_k": -0.007893556120314837,
  "summary_gm_mad": 48.40605151702104,
  "summary_gm_mean": 794.8927055695743,
  "summary_gm_median": 795.4159022960812,
  "summary_gm_n": 32790.0,
  "summary_gm_p05": 714.6632220428437,
  "summary_gm_p95": 875.1876997202635,
  "summary_gm_stdv": 48.58555342671376,
  "summary_wm_k": 0.51863677315743,
  "summary_wm_mad": 28.72903609348643,
  "summary_wm_mean": 1001.5735558980001,
  "summary_wm_median": 1000.020053230226,
  "summary_wm_n": 193489.0,
  "summary_wm_p05": 954.2989025861025,
  "summary_wm_p95": 1054.148770980537,
  "summary_wm_stdv": 30.357694145099252,
  "tpm_overlap_csf": 0.1590833011494568,
  "tpm_overlap_gm": 0.4790450586521589,
  "tpm_overlap_wm": 0.5235251758166702,
  "wm2max": 0.9052952049581385
}