{
  "bids_meta": {
    "AccelFactPE": 2,
    "AcquisitionNumber": 1,
    "AcquisitionTime": "11:44:32.412500",
    "BodyPartExamined": "BRAIN",
    "ConversionSoftware": "dcm2niix",
    "ConversionSoftwareVersion": "v1.0.20170724 (OpenJPEG build) GCC6.1.0",
    "DeviceSerialNumber": "67025",
    "EchoTime": 0.00226,
    "FlipAngle": 9,
    "ImageType": [
      "ORIGINAL",
      "PRIMARY",
      "M",
      "ND",
      "NORM"
    ],
    "InstitutionAddress": "McClintock_3520A_Los_Angeles_SVC0e0594213b1104_CA_US_90089",
    "InstitutionName": "USC",
    "InversionTime": 1.06,
    "MagneticFieldStrength": 3,
    "Manufacturer": "Siemens",
    "ManufacturersModelName": "Prisma_fit",
    "PhaseEncodingDirection": "i-",
    "PhaseEncodingLines": 224,
    "ProcedureStepDescription": "HAssal_Music",
    "ProtocolName": "t1_mprage_short_32channel",
    "RepetitionTime": 2.3,
    "ScanningSequence": "GR_IR",
    "SequenceName": "_tfl3d1_16ns",
    "SequenceVariant": "SK_SP_MP",
    "SeriesDescription": "t1_mprage_short_32channel",
    "SoftwareVersions": "syngo_MR_E11",
    "dataset": "ds003085",
    "modality": "T1w",
    "subject_id": "38"
  },
  "cjv": 0.3464144055092596,
  "cnr": 3.8996287402936463,
  "efc": 0.5655444813745607,
  "fber": -1.0,
  "fwhm_avg": 4.571354820982241,
  "fwhm_x": 4.494284462946722,
  "fwhm_y": 4.60004,
  "fwhm_z": 4.61974,
  "icvs_csf": 0.20556204631322475,
  "icvs_gm": 0.43285669495857065,
  "icvs_wm": 0.3615812587282046,
  "inu_med": 0.2868153899908066,
  "inu_range": 0.0749921441078186,
  "provenance": {
    "md5sum": "0549b92c80d6acf981eb06727716bb09",
    "settings": {
      "testing": false
    },
    "software": "mriqc",
    "version": "22.0.1",
    "warnings": {
      "large_rot_frame": true,
      "small_air_mask": false
    },
    "webapi_port": null,
    "webapi_url": "https://mriqc.nimh.nih.gov/api/v1"
  },
  "qi_1": 0.013250120335753237,
  "qi_2": 0.0031060128056035812,
  "rpve_csf": 23.244137291280147,
  "rpve_gm": 11.608410474469036,
  "rpve_wm": 15.966684835097583,
  "size_x": 176,
  "size_y": 224,
  "size_z": 256,
  "snr_csf": 2.9798547656498773,
  "snr_gm": 16.74200932267838,
  "snr_total": 18.256417580726907,
  "snr_wm": 35.047388653852465,
  "snrd_csf": 28.68668548939563,
  "snrd_gm": 71.58483618403194,
  "snrd_total": 63.84865304206435,
  "snrd_wm": 91.27443745276548,
  "spacing_x": 1.000003457069397,
  "spacing_y": 1.0,
  "spacing_z": 1.0,
  "summary_bg_k": 194.77030010851013,
  "summary_bg_mad": 0.0,
  "summary_bg_mean": 1.8977867336053416,
  "summary_bg_median": 0.0,
  "summary_bg_n": 2061394.0,
  "summary_bg_p05": 0.0,
  "summary_bg_p95": 7.983201742172241,
  "summary_bg_stdv": 7.177803732573922,
  "summary_csf_k": 1.4682938863283521,
  "summary_csf_mad": 65.22081013186587,
  "summary_csf_mean": 315.7919634154992,
  "summary_csf_median": 314.2969894222915,
  "summary_csf_n": 40076.0,
  "summary_csf_p05": 97.41481136297807,
  "summary_csf_p95": 492.69764033379033,
  "summary_csf_stdv": 105.4726128799487,
  "summary_gm_k": -0.0542947792576407,
  "summary_gm_mad": 47.57482062312617,
  "summary_gm_mean": 781.8494859787951,
  "summary_gm_median": 784.2975971987471,
  "summary_gm_n": 47260.0,
  "summary_gm_p05": 702.1891199052334,
  "summary_gm_p95": 854.5778384734875,
  "summary_gm_stdv": 46.84558969890922,
  "summary_wm_k": 0.4422627975336577,
  "summary_wm_mad": 27.15478909554529,
  "summary_wm_mean": 1001.0554966920155,
  "summary_wm_median": 1000.0207557342947,
  "summary_wm_n": 198922.0,
  "summary_wm_p05": 956.1339357402176,
  "summary_wm_p95": 1049.644462501164,
  "summary_wm_stdv": 28.533316761704516,
  "tpm_overlap_csf": 0.14007244102516397,
  "tpm_overlap_gm": 0.47066140612807433,
  "tpm_overlap_wm": 0.5113081518711112,
  "wm2max": 0.9233870193692051
}