{
  "aor": 0.0016681549815498156,
  "aqi": 0.0032031325092250922,
  "bids_meta": {
    "AcquisitionNumber": 1,
    "AcquisitionTime": "12:36:24.440000",
    "BandwidthPerPixelPhaseEncode": 25.355,
    "BodyPartExamined": "BRAIN",
    "ConversionSoftware": "dcm2niix",
    "ConversionSoftwareVersion": "v1.0.20170724 (OpenJPEG build) GCC6.1.0",
    "DeviceSerialNumber": "67025",
    "EchoTime": 0.035,
    "EchoTrainLength": 68,
    "EffectiveEchoSpacing": 0.000579999,
    "FlipAngle": 52,
    "ImageType": [
      "ORIGINAL",
      "PRIMARY",
      "M",
      "MB",
      "ND",
      "MOSAIC"
    ],
    "InstitutionAddress": "McClintock_3520A_Los_Angeles_SVC0e0594213b1104_CA_US_90089",
    "InstitutionName": "USC",
    "MagneticFieldStrength": 3,
    "Manufacturer": "Siemens",
    "ManufacturersModelName": "Prisma_fit",
    "PhaseEncodingDirection": "j-",
    "PhaseEncodingLines": 68,
    "ProcedureStepDescription": "HAssal_Music",
    "ProtocolName": "MUSIC_DYNAMICS_SNL",
    "RepetitionTime": 1,
    "ScanningSequence": "EP",
    "SequenceName": "epfid2d1_68",
    "SequenceVariant": "SK_SS",
    "SeriesDescription": "MUSIC_DYNAMICS_SNL",
    "SliceTiming": [
      0,
      0.49,
      0.165,
      0.8175,
      0.3275,
      0.655,
      0,
      0.49,
      0.165,
      0.8175,
      0.3275,
      0.655,
      0,
      0.49,
      0.165,
      0.8175,
      0.3275,
      0.655,
      0,
      0.49,
      0.165,
      0.8175,
      0.3275,
      0.655,
      0,
      0.49,
      0.165,
      0.8175,
      0.3275,
      0.655,
      0,
      0.49,
      0.165,
      0.8175,
      0.3275,
      0.655,
      0,
      0.49,
      0.165,
      0.8175,
      0.3275,
      0.655,
      0,
      0.49,
      0.165,
      0.8175,
      0.3275,
      0.655
    ],
    "SoftwareVersions": "syngo_MR_E11",
    "TaskName": "sadsh",
    "TotalReadoutTime": 0.03886,
    "dataset": "ds003085",
    "modality": "bold",
    "subject_id": "13",
    "task_id": "sadsh"
  },
  "dummy_trs": 0,
  "dvars_nstd": 21.003563605370374,
  "dvars_std": 1.0382428674444444,
  "dvars_vstd": 1.003724274333333,
  "efc": 0.49128311648608514,
  "fber": 1104.58203125,
  "fd_mean": 0.13539774529479426,
  "fd_num": 36,
  "fd_perc": 13.284132841328413,
  "fwhm_avg": 2.6696266666666664,
  "fwhm_x": 2.4957566666666664,
  "fwhm_y": 2.8320333333333334,
  "fwhm_z": 2.6810899999999998,
  "gcor": 0.0118513,
  "gsr_x": 0.005839434452354908,
  "gsr_y": 0.07041662186384201,
  "provenance": {
    "md5sum": "eeb4c568b3b8af8ddeff08fbf9e2a1d5",
    "settings": {
      "fd_thres": 0.2,
      "testing": false
    },
    "software": "mriqc",
    "version": "22.0.1",
    "webapi_port": null,
    "webapi_url": "https://mriqc.nimh.nih.gov/api/v1"
  },
  "size_t": 271,
  "size_x": 68,
  "size_y": 68,
  "size_z": 48,
  "snr": 3.08851207337983,
  "spacing_tr": 1.0,
  "spacing_x": 3.0,
  "spacing_y": 3.0,
  "spacing_z": 3.0,
  "summary_bg_k": 30.73922585438787,
  "summary_bg_mad": 89.83420549587264,
  "summary_bg_mean": 283.78759765625,
  "summary_bg_median": 122.43727111816406,
  "summary_bg_n": 147526.0,
  "summary_bg_p05": 52.45756530761719,
  "summary_bg_p95": 1109.99169921875,
  "summary_bg_stdv": 461.294921875,
  "summary_fg_k": 0.4097970471671566,
  "summary_fg_mad": 1252.0163096967042,
  "summary_fg_mean": 4373.42333984375,
  "summary_fg_median": 4152.06640625,
  "summary_fg_n": 32965.0,
  "summary_fg_p05": 2552.216357421875,
  "summary_fg_p95": 6922.5728515625,
  "summary_fg_stdv": 1344.3377685546875,
  "tsnr": 53.70957343932241
}