{
  "aor": 0.0005992222222222221,
  "aqi": 0.0032359516388888888,
  "bids_meta": {
    "AcquisitionNumber": 1,
    "AcquisitionTime": "12:04:50.727500",
    "BandwidthPerPixelPhaseEncode": 25.355,
    "BodyPartExamined": "BRAIN",
    "ConversionSoftware": "dcm2niix",
    "ConversionSoftwareVersion": "v1.0.20170724 (OpenJPEG build) GCC6.1.0",
    "DeviceSerialNumber": "67025",
    "EchoTime": 0.035,
    "EchoTrainLength": 68,
    "EffectiveEchoSpacing": 0.000579999,
    "FlipAngle": 52,
    "ImageType": [
      "ORIGINAL",
      "PRIMARY",
      "M",
      "MB",
      "ND",
      "MOSAIC"
    ],
    "InstitutionAddress": "McClintock_3520A_Los_Angeles_SVC0e0594213b1104_CA_US_90089",
    "InstitutionName": "USC",
    "MagneticFieldStrength": 3,
    "Manufacturer": "Siemens",
    "ManufacturersModelName": "Prisma_fit",
    "PhaseEncodingDirection": "j-",
    "PhaseEncodingLines": 68,
    "ProcedureStepDescription": "HAssal_Music",
    "ProtocolName": "Resting",
    "RepetitionTime": 1,
    "ScanningSequence": "EP",
    "SequenceName": "epfid2d1_68",
    "SequenceVariant": "SK_SS",
    "SeriesDescription": "Resting",
    "SliceTiming": [
      0,
      0.49,
      0.165,
      0.8175,
      0.3275,
      0.655,
      0,
      0.49,
      0.165,
      0.8175,
      0.3275,
      0.655,
      0,
      0.49,
      0.165,
      0.8175,
      0.3275,
      0.655,
      0,
      0.49,
      0.165,
      0.8175,
      0.3275,
      0.655,
      0,
      0.49,
      0.165,
      0.8175,
      0.3275,
      0.655,
      0,
      0.49,
      0.165,
      0.8175,
      0.3275,
      0.655,
      0,
      0.49,
      0.165,
      0.8175,
      0.3275,
      0.655,
      0,
      0.49,
      0.165,
      0.8175,
      0.3275,
      0.655
    ],
    "SoftwareVersions": "syngo_MR_E11",
    "TaskName": "rest",
    "TotalReadoutTime": 0.03886,
    "dataset": "ds003085",
    "modality": "bold",
    "subject_id": "13",
    "task_id": "rest"
  },
  "dummy_trs": 0,
  "dvars_nstd": 22.822887510891363,
  "dvars_std": 1.063830739832869,
  "dvars_vstd": 0.9909629224233981,
  "efc": 0.48717821351034396,
  "fber": 1029.27490234375,
  "fd_mean": 0.14968804575849826,
  "fd_num": 88,
  "fd_perc": 24.444444444444443,
  "fwhm_avg": 2.788864444444444,
  "fwhm_x": 2.600026666666667,
  "fwhm_y": 2.9323533333333334,
  "fwhm_z": 2.834213333333333,
  "gcor": 0.0201813,
  "gsr_x": 0.012957355007529259,
  "gsr_y": 0.061705268919467926,
  "provenance": {
    "md5sum": "76923b2e47bd9f33c113e78e9d726173",
    "settings": {
      "fd_thres": 0.2,
      "testing": false
    },
    "software": "mriqc",
    "version": "22.0.1",
    "webapi_port": null,
    "webapi_url": "https://mriqc.nimh.nih.gov/api/v1"
  },
  "size_t": 360,
  "size_x": 68,
  "size_y": 68,
  "size_z": 48,
  "snr": 2.8132524239218424,
  "spacing_tr": 1.0,
  "spacing_x": 3.0,
  "spacing_y": 3.0,
  "spacing_z": 3.0,
  "summary_bg_k": 31.8921539685441,
  "summary_bg_mad": 94.38822014036236,
  "summary_bg_mean": 290.0438232421875,
  "summary_bg_median": 127.70833587646484,
  "summary_bg_n": 147595.0,
  "summary_bg_p05": 53.1694450378418,
  "summary_bg_p95": 1141.5764404296874,
  "summary_bg_stdv": 481.0286865234375,
  "summary_fg_k": 1.1955402297453332,
  "summary_fg_mad": 1256.1533707456324,
  "summary_fg_mean": 4470.21875,
  "summary_fg_median": 4172.6767578125,
  "summary_fg_n": 32604.0,
  "summary_fg_p05": 2589.2738525390623,
  "summary_fg_p95": 7402.044482421874,
  "summary_fg_stdv": 1483.1988525390625,
  "tsnr": 56.57570362382103
}