{
  "bids_meta": {
    "AccelFactPE": 2,
    "AcquisitionNumber": 1,
    "AcquisitionTime": "11:07:29.005000",
    "BodyPartExamined": "BRAIN",
    "ConversionSoftware": "dcm2niix",
    "ConversionSoftwareVersion": "v1.0.20170724 (OpenJPEG build) GCC6.1.0",
    "DeviceSerialNumber": "67025",
    "EchoTime": 0.00226,
    "FlipAngle": 9,
    "ImageType": [
      "ORIGINAL",
      "PRIMARY",
      "M",
      "ND",
      "NORM"
    ],
    "InstitutionAddress": "McClintock_3520A_Los_Angeles_SVC0e0594213b1104_CA_US_90089",
    "InstitutionName": "USC",
    "InversionTime": 1.06,
    "MagneticFieldStrength": 3,
    "Manufacturer": "Siemens",
    "ManufacturersModelName": "Prisma_fit",
    "PhaseEncodingDirection": "i-",
    "PhaseEncodingLines": 224,
    "ProcedureStepDescription": "HAssal_Music",
    "ProtocolName": "t1_mprage_short_32channel",
    "RepetitionTime": 2.3,
    "ScanningSequence": "GR_IR",
    "SequenceName": "_tfl3d1_16ns",
    "SequenceVariant": "SK_SP_MP",
    "SeriesDescription": "t1_mprage_short_32channel",
    "SoftwareVersions": "syngo_MR_E11",
    "dataset": "ds003085",
    "modality": "T1w",
    "subject_id": "29"
  },
  "cjv": 0.3674454112107851,
  "cnr": 3.7342815487201673,
  "efc": 0.5789533209081535,
  "fber": -1.0,
  "fwhm_avg": 4.30867224329387,
  "fwhm_x": 4.318166729881611,
  "fwhm_y": 4.18789,
  "fwhm_z": 4.41996,
  "icvs_csf": 0.2064540772401999,
  "icvs_gm": 0.44614883074235956,
  "icvs_wm": 0.3473970920174405,
  "inu_med": 0.2925405502319336,
  "inu_range": 0.08054541647434232,
  "provenance": {
    "md5sum": "85d25abaae0312f85266f6ac7a9b2f4e",
    "settings": {
      "testing": false
    },
    "software": "mriqc",
    "version": "22.0.1",
    "warnings": {
      "large_rot_frame": true,
      "small_air_mask": false
    },
    "webapi_port": null,
    "webapi_url": "https://mriqc.nimh.nih.gov/api/v1"
  },
  "qi_1": 0.03107847131099814,
  "qi_2": 0.025828274341856427,
  "rpve_csf": 21.8478508822625,
  "rpve_gm": 10.780873979110403,
  "rpve_wm": 15.569664318920347,
  "size_x": 176,
  "size_y": 224,
  "size_z": 256,
  "snr_csf": 3.251534944004512,
  "snr_gm": 17.440929709661958,
  "snr_total": 17.759523325659522,
  "snr_wm": 32.5861053233121,
  "snrd_csf": 85.28759594880201,
  "snrd_gm": 191.93868951714146,
  "snrd_total": 172.9246479864672,
  "snrd_wm": 241.5476584934581,
  "spacing_x": 0.9999961256980896,
  "spacing_y": 1.0,
  "spacing_z": 1.0,
  "summary_bg_k": 20.79960838733016,
  "summary_bg_mad": 0.0,
  "summary_bg_mean": 1.236642547373912,
  "summary_bg_median": 0.0,
  "summary_bg_n": 1807485.0,
  "summary_bg_p05": 0.0,
  "summary_bg_p95": 7.061204165220261,
  "summary_bg_stdv": 2.7123616146435983,
  "summary_csf_k": 1.6378738159288426,
  "summary_csf_mad": 71.87832644952319,
  "summary_csf_mean": 362.5586745980831,
  "summary_csf_median": 353.1032643839717,
  "summary_csf_n": 38984.0,
  "summary_csf_p05": 170.85961273685098,
  "summary_csf_p95": 559.8953645359724,
  "summary_csf_stdv": 108.59447664343843,
  "summary_gm_k": -0.0771859649089488,
  "summary_gm_mad": 46.23257365103655,
  "summary_gm_mean": 793.7068050964186,
  "summary_gm_median": 794.654569355771,
  "summary_gm_n": 44190.0,
  "summary_gm_p05": 718.3580430699512,
  "summary_gm_p95": 867.9683827236295,
  "summary_gm_stdv": 45.56211114854507,
  "summary_wm_k": 0.5463203547075222,
  "summary_wm_mad": 29.236477365791842,
  "summary_wm_mean": 1000.9742271174781,
  "summary_wm_median": 1000.0430398993194,
  "summary_wm_n": 195056.0,
  "summary_wm_p05": 952.7674168907106,
  "summary_wm_p95": 1052.980543076992,
  "summary_wm_stdv": 30.689168481385227,
  "tpm_overlap_csf": 0.16216459039473602,
  "tpm_overlap_gm": 0.4823746871004186,
  "tpm_overlap_wm": 0.5239003467927481,
  "wm2max": 0.8915780584238608
}