{
  "aor": 0.013776333333333335,
  "aqi": 0.005495058000000001,
  "bids_meta": {
    "AcquisitionNumber": 1,
    "AcquisitionTime": "15:42:10.325000",
    "BandwidthPerPixelPhaseEncode": 25.355,
    "BodyPartExamined": "BRAIN",
    "ConversionSoftware": "dcm2niix",
    "ConversionSoftwareVersion": "v1.0.20170724 (OpenJPEG build) GCC6.1.0",
    "DeviceSerialNumber": "67025",
    "EchoTime": 0.035,
    "EchoTrainLength": 68,
    "EffectiveEchoSpacing": 0.000579999,
    "FlipAngle": 52,
    "ImageType": [
      "ORIGINAL",
      "PRIMARY",
      "M",
      "MB",
      "ND",
      "MOSAIC"
    ],
    "InstitutionAddress": "McClintock_3520A_Los_Angeles_SVC0e0594213b1104_CA_US_90089",
    "InstitutionName": "USC",
    "MagneticFieldStrength": 3,
    "Manufacturer": "Siemens",
    "ManufacturersModelName": "Prisma_fit",
    "PhaseEncodingDirection": "j-",
    "PhaseEncodingLines": 68,
    "ProcedureStepDescription": "HAssal_Music",
    "ProtocolName": "MUSIC_DYNAMICS_SNL",
    "RepetitionTime": 1,
    "ScanningSequence": "EP",
    "SequenceName": "epfid2d1_68",
    "SequenceVariant": "SK_SS",
    "SeriesDescription": "MUSIC_DYNAMICS_SNL",
    "SliceTiming": [
      0,
      0.49,
      0.1625,
      0.815,
      0.325,
      0.6525,
      0,
      0.49,
      0.1625,
      0.815,
      0.325,
      0.6525,
      0,
      0.49,
      0.1625,
      0.815,
      0.325,
      0.6525,
      0,
      0.49,
      0.1625,
      0.815,
      0.325,
      0.6525,
      0,
      0.49,
      0.1625,
      0.815,
      0.325,
      0.6525,
      0,
      0.49,
      0.1625,
      0.815,
      0.325,
      0.6525,
      0,
      0.49,
      0.1625,
      0.815,
      0.325,
      0.6525,
      0,
      0.49,
      0.1625,
      0.815,
      0.325,
      0.6525
    ],
    "SoftwareVersions": "syngo_MR_E11",
    "TaskName": "sadsh",
    "TotalReadoutTime": 0.03886,
    "dataset": "ds003085",
    "modality": "bold",
    "subject_id": "17",
    "task_id": "sadsh"
  },
  "dummy_trs": 1,
  "dvars_nstd": 24.57559011947956,
  "dvars_std": 1.243114293754648,
  "dvars_vstd": 1.1405526207063195,
  "efc": 0.4972656867471857,
  "fber": 1004.4364013671875,
  "fd_mean": 0.1267221092460236,
  "fd_num": 18,
  "fd_perc": 6.666666666666667,
  "fwhm_avg": 2.668678888888889,
  "fwhm_x": 2.5200066666666667,
  "fwhm_y": 2.7646333333333337,
  "fwhm_z": 2.7213966666666667,
  "gcor": 0.0233107,
  "gsr_x": -0.0011081565171480179,
  "gsr_y": 0.05918024107813835,
  "provenance": {
    "md5sum": "c0b19b63d48a5b54e47973527eb8ba43",
    "settings": {
      "fd_thres": 0.2,
      "testing": false
    },
    "software": "mriqc",
    "version": "22.0.1",
    "webapi_port": null,
    "webapi_url": "https://mriqc.nimh.nih.gov/api/v1"
  },
  "size_t": 270,
  "size_x": 68,
  "size_y": 68,
  "size_z": 48,
  "snr": 2.559537365092387,
  "spacing_tr": 1.0,
  "spacing_x": 3.0,
  "spacing_y": 3.0,
  "spacing_z": 3.0,
  "summary_bg_k": 47.71424297323125,
  "summary_bg_mad": 94.33194613800438,
  "summary_bg_mean": 279.9181823730469,
  "summary_bg_median": 128.1962890625,
  "summary_bg_n": 140745.0,
  "summary_bg_p05": 53.39629364013672,
  "summary_bg_p95": 1021.5762939453109,
  "summary_bg_stdv": 475.9385986328125,
  "summary_fg_k": 0.8998072727438831,
  "summary_fg_mad": 1461.4668117329552,
  "summary_fg_mean": 4514.04931640625,
  "summary_fg_median": 4176.68359375,
  "summary_fg_n": 37490.0,
  "summary_fg_p05": 2469.26396484375,
  "summary_fg_p95": 7739.110351562498,
  "summary_fg_stdv": 1631.7901611328125,
  "tsnr": 47.07725658151321
}