{
  "aor": 0.010879945054945056,
  "aqi": 0.0045071652197802205,
  "bids_meta": {
    "AcquisitionNumber": 1,
    "AcquisitionTime": "15:58:18.955000",
    "BandwidthPerPixelPhaseEncode": 25.355,
    "BodyPartExamined": "BRAIN",
    "ConversionSoftware": "dcm2niix",
    "ConversionSoftwareVersion": "v1.0.20170724 (OpenJPEG build) GCC6.1.0",
    "DeviceSerialNumber": "67025",
    "EchoTime": 0.035,
    "EchoTrainLength": 68,
    "EffectiveEchoSpacing": 0.000579999,
    "FlipAngle": 52,
    "ImageType": [
      "ORIGINAL",
      "PRIMARY",
      "M",
      "MB",
      "ND",
      "MOSAIC"
    ],
    "InstitutionAddress": "McClintock_3520A_Los_Angeles_SVC0e0594213b1104_CA_US_90089",
    "InstitutionName": "USC",
    "MagneticFieldStrength": 3,
    "Manufacturer": "Siemens",
    "ManufacturersModelName": "Prisma_fit",
    "PhaseEncodingDirection": "j-",
    "PhaseEncodingLines": 68,
    "ProcedureStepDescription": "HAssal_Music",
    "ProtocolName": "MUSIC_DYNAMICS_HNL",
    "RepetitionTime": 1,
    "ScanningSequence": "EP",
    "SequenceName": "epfid2d1_68",
    "SequenceVariant": "SK_SS",
    "SeriesDescription": "MUSIC_DYNAMICS_HNL",
    "SliceTiming": [
      0,
      0.49,
      0.165,
      0.8175,
      0.3275,
      0.655,
      0,
      0.49,
      0.165,
      0.8175,
      0.3275,
      0.655,
      0,
      0.49,
      0.165,
      0.8175,
      0.3275,
      0.655,
      0,
      0.49,
      0.165,
      0.8175,
      0.3275,
      0.655,
      0,
      0.49,
      0.165,
      0.8175,
      0.3275,
      0.655,
      0,
      0.49,
      0.165,
      0.8175,
      0.3275,
      0.655,
      0,
      0.49,
      0.165,
      0.8175,
      0.3275,
      0.655,
      0,
      0.49,
      0.165,
      0.8175,
      0.3275,
      0.655
    ],
    "SoftwareVersions": "syngo_MR_E11",
    "TaskName": "happy",
    "TotalReadoutTime": 0.03886,
    "dataset": "ds003085",
    "modality": "bold",
    "subject_id": "17",
    "task_id": "happy"
  },
  "dummy_trs": 1,
  "dvars_nstd": 25.419410378895048,
  "dvars_std": 1.1944728407182328,
  "dvars_vstd": 1.0757050610497236,
  "efc": 0.4986801253802247,
  "fber": 987.2034301757812,
  "fd_mean": 0.1455572183871888,
  "fd_num": 8,
  "fd_perc": 4.395604395604396,
  "fwhm_avg": 2.6720655555555557,
  "fwhm_x": 2.5090533333333336,
  "fwhm_y": 2.769693333333333,
  "fwhm_z": 2.7374500000000004,
  "gcor": 0.0305251,
  "gsr_x": -0.0005760122439824045,
  "gsr_y": 0.055296264588832855,
  "provenance": {
    "md5sum": "d12923e20cb31f04b70f6a8a5cc2c1a1",
    "settings": {
      "fd_thres": 0.2,
      "testing": false
    },
    "software": "mriqc",
    "version": "22.0.1",
    "webapi_port": null,
    "webapi_url": "https://mriqc.nimh.nih.gov/api/v1"
  },
  "size_t": 182,
  "size_x": 68,
  "size_y": 68,
  "size_z": 48,
  "snr": 2.5649547570549136,
  "spacing_tr": 1.0,
  "spacing_x": 3.0,
  "spacing_y": 3.0,
  "spacing_z": 3.0,
  "summary_bg_k": 43.37264908181396,
  "summary_bg_mad": 93.80718965209655,
  "summary_bg_mean": 280.3737487792969,
  "summary_bg_median": 129.15110778808594,
  "summary_bg_n": 140466.0,
  "summary_bg_p05": 54.626373291015625,
  "summary_bg_p95": 1040.8764038085938,
  "summary_bg_stdv": 460.9676208496094,
  "summary_fg_k": 0.9039006380203287,
  "summary_fg_mad": 1465.6583482784374,
  "summary_fg_mean": 4523.11328125,
  "summary_fg_median": 4185.98046875,
  "summary_fg_n": 37358.0,
  "summary_fg_p05": 2476.0067138671875,
  "summary_fg_p95": 7727.847656250003,
  "summary_fg_stdv": 1631.9681396484375,
  "tsnr": 50.61465107800905
}