{
  "aor": 0.002213962264150943,
  "aqi": 0.010195079886792453,
  "bids_meta": {
    "AcquisitionNumber": 1,
    "AcquisitionTime": "15:48:3.242500",
    "BandwidthPerPixelPhaseEncode": 25.355,
    "BodyPartExamined": "BRAIN",
    "ConversionSoftware": "dcm2niix",
    "ConversionSoftwareVersion": "v1.0.20170724 (OpenJPEG build) GCC6.1.0",
    "DeviceSerialNumber": "67025",
    "EchoTime": 0.035,
    "EchoTrainLength": 68,
    "EffectiveEchoSpacing": 0.000579999,
    "FlipAngle": 52,
    "ImageType": [
      "ORIGINAL",
      "PRIMARY",
      "M",
      "MB",
      "ND",
      "MOSAIC"
    ],
    "InstitutionAddress": "McClintock_3520A_Los_Angeles_SVC0e0594213b1104_CA_US_90089",
    "InstitutionName": "USC",
    "MagneticFieldStrength": 3,
    "Manufacturer": "Siemens",
    "ManufacturersModelName": "Prisma_fit",
    "PhaseEncodingDirection": "j-",
    "PhaseEncodingLines": 68,
    "ProcedureStepDescription": "HAssal_Music",
    "ProtocolName": "MUSIC_DYNAMICS_SNL_L",
    "RepetitionTime": 1,
    "ScanningSequence": "EP",
    "SequenceName": "epfid2d1_68",
    "SequenceVariant": "SK_SS",
    "SeriesDescription": "MUSIC_DYNAMICS_SNL_L",
    "SliceTiming": [
      0,
      0.49,
      0.1625,
      0.815,
      0.325,
      0.6525,
      0,
      0.49,
      0.1625,
      0.815,
      0.325,
      0.6525,
      0,
      0.49,
      0.1625,
      0.815,
      0.325,
      0.6525,
      0,
      0.49,
      0.1625,
      0.815,
      0.325,
      0.6525,
      0,
      0.49,
      0.1625,
      0.815,
      0.325,
      0.6525,
      0,
      0.49,
      0.1625,
      0.815,
      0.325,
      0.6525,
      0,
      0.49,
      0.1625,
      0.815,
      0.325,
      0.6525,
      0,
      0.49,
      0.1625,
      0.815,
      0.325,
      0.6525
    ],
    "SoftwareVersions": "syngo_MR_E11",
    "TaskName": "sadln",
    "TotalReadoutTime": 0.03886,
    "dataset": "ds003085",
    "modality": "bold",
    "subject_id": "17",
    "task_id": "sadln"
  },
  "dummy_trs": 0,
  "dvars_nstd": 24.35145383145557,
  "dvars_std": 0.9277863376748577,
  "dvars_vstd": 0.8674026045179587,
  "efc": 0.49910816145227055,
  "fber": 962.3504028320312,
  "fd_mean": 0.13702072965690426,
  "fd_num": 52,
  "fd_perc": 9.81132075471698,
  "fwhm_avg": 2.7060844444444445,
  "fwhm_x": 2.56253,
  "fwhm_y": 2.8005099999999996,
  "fwhm_z": 2.7552133333333333,
  "gcor": 0.0234454,
  "gsr_x": -0.0018174332799389958,
  "gsr_y": 0.05768803134560585,
  "provenance": {
    "md5sum": "9ef0609f251f0806c3df9df4615a5a8a",
    "settings": {
      "fd_thres": 0.2,
      "testing": false
    },
    "software": "mriqc",
    "version": "22.0.1",
    "webapi_port": null,
    "webapi_url": "https://mriqc.nimh.nih.gov/api/v1"
  },
  "size_t": 530,
  "size_x": 68,
  "size_y": 68,
  "size_z": 48,
  "snr": 2.547879674017548,
  "spacing_tr": 1.0,
  "spacing_x": 3.0,
  "spacing_y": 3.0,
  "spacing_z": 3.0,
  "summary_bg_k": 44.29439898128067,
  "summary_bg_mad": 96.43067798634702,
  "summary_bg_mean": 280.1487121582031,
  "summary_bg_median": 130.46603393554688,
  "summary_bg_n": 140241.0,
  "summary_bg_p05": 54.19622802734375,
  "summary_bg_p95": 1021.1792602539062,
  "summary_bg_stdv": 462.1215515136719,
  "summary_fg_k": 0.9362150232081841,
  "summary_fg_mad": 1469.4180624492426,
  "summary_fg_mean": 4526.63134765625,
  "summary_fg_median": 4185.7451171875,
  "summary_fg_n": 37637.0,
  "summary_fg_p05": 2475.64599609375,
  "summary_fg_p95": 7757.629199218748,
  "summary_fg_stdv": 1642.8128662109375,
  "tsnr": 34.44702324725222
}