{
  "aor": 0.001669832402234637,
  "aqi": 0.004221792039106145,
  "bids_meta": {
    "AcquisitionNumber": 1,
    "AcquisitionTime": "15:25:48.750000",
    "BandwidthPerPixelPhaseEncode": 25.355,
    "BodyPartExamined": "BRAIN",
    "ConversionSoftware": "dcm2niix",
    "ConversionSoftwareVersion": "v1.0.20170724 (OpenJPEG build) GCC6.1.0",
    "DeviceSerialNumber": "67025",
    "EchoTime": 0.035,
    "EchoTrainLength": 68,
    "EffectiveEchoSpacing": 0.000579999,
    "FlipAngle": 52,
    "ImageType": [
      "ORIGINAL",
      "PRIMARY",
      "M",
      "MB",
      "ND",
      "MOSAIC"
    ],
    "InstitutionAddress": "McClintock_3520A_Los_Angeles_SVC0e0594213b1104_CA_US_90089",
    "InstitutionName": "USC",
    "MagneticFieldStrength": 3,
    "Manufacturer": "Siemens",
    "ManufacturersModelName": "Prisma_fit",
    "PhaseEncodingDirection": "j-",
    "PhaseEncodingLines": 68,
    "ProcedureStepDescription": "HAssal_Music",
    "ProtocolName": "Resting",
    "RepetitionTime": 1,
    "ScanningSequence": "EP",
    "SequenceName": "epfid2d1_68",
    "SequenceVariant": "SK_SS",
    "SeriesDescription": "Resting",
    "SliceTiming": [
      0,
      0.49,
      0.1625,
      0.815,
      0.325,
      0.6525,
      0,
      0.49,
      0.1625,
      0.815,
      0.325,
      0.6525,
      0,
      0.49,
      0.1625,
      0.815,
      0.325,
      0.6525,
      0,
      0.49,
      0.1625,
      0.815,
      0.325,
      0.6525,
      0,
      0.49,
      0.1625,
      0.815,
      0.325,
      0.6525,
      0,
      0.49,
      0.1625,
      0.815,
      0.325,
      0.6525,
      0,
      0.49,
      0.1625,
      0.815,
      0.325,
      0.6525,
      0,
      0.49,
      0.1625,
      0.815,
      0.325,
      0.6525
    ],
    "SoftwareVersions": "syngo_MR_E11",
    "TaskName": "rest",
    "TotalReadoutTime": 0.03886,
    "dataset": "ds003085",
    "modality": "bold",
    "subject_id": "17",
    "task_id": "rest"
  },
  "dummy_trs": 2,
  "dvars_nstd": 23.013289785490198,
  "dvars_std": 1.0787731026330538,
  "dvars_vstd": 0.9729695202520999,
  "efc": 0.496162887673682,
  "fber": 930.7467041015625,
  "fd_mean": 0.10459663024266289,
  "fd_num": 5,
  "fd_perc": 1.3966480446927374,
  "fwhm_avg": 2.6537255555555554,
  "fwhm_x": 2.49804,
  "fwhm_y": 2.7465333333333333,
  "fwhm_z": 2.7166033333333335,
  "gcor": 0.0238092,
  "gsr_x": -0.003209465416148305,
  "gsr_y": 0.057461921125650406,
  "provenance": {
    "md5sum": "a184c44737df4d9544fa163a3bf36d28",
    "settings": {
      "fd_thres": 0.2,
      "testing": false
    },
    "software": "mriqc",
    "version": "22.0.1",
    "webapi_port": null,
    "webapi_url": "https://mriqc.nimh.nih.gov/api/v1"
  },
  "size_t": 358,
  "size_x": 68,
  "size_y": 68,
  "size_z": 48,
  "snr": 2.5056150415728933,
  "spacing_tr": 1.0,
  "spacing_x": 3.0,
  "spacing_y": 3.0,
  "spacing_z": 3.0,
  "summary_bg_k": 45.48748224503715,
  "summary_bg_mad": 100.63058493620001,
  "summary_bg_mean": 286.5316162109375,
  "summary_bg_median": 134.34356689453125,
  "summary_bg_n": 141121.0,
  "summary_bg_p05": 54.9972038269043,
  "summary_bg_p95": 1049.31005859375,
  "summary_bg_stdv": 473.77264404296875,
  "summary_fg_k": 0.9917713281003437,
  "summary_fg_mad": 1489.1266093719505,
  "summary_fg_mean": 4544.228515625,
  "summary_fg_median": 4196.31396484375,
  "summary_fg_n": 37282.0,
  "summary_fg_p05": 2455.0257202148437,
  "summary_fg_p95": 7851.248535156246,
  "summary_fg_stdv": 1674.7415771484375,
  "tsnr": 51.19952127756551
}