{
  "aor": 0.013538333333333335,
  "aqi": 0.003388824416666667,
  "bids_meta": {
    "AcquisitionNumber": 1,
    "AcquisitionTime": "17:04:54.717500",
    "BandwidthPerPixelPhaseEncode": 25.355,
    "BodyPartExamined": "BRAIN",
    "ConversionSoftware": "dcm2niix",
    "ConversionSoftwareVersion": "v1.0.20170724 (OpenJPEG build) GCC6.1.0",
    "DeviceSerialNumber": "67025",
    "EchoTime": 0.035,
    "EchoTrainLength": 68,
    "EffectiveEchoSpacing": 0.000579999,
    "FlipAngle": 52,
    "ImageType": [
      "ORIGINAL",
      "PRIMARY",
      "M",
      "MB",
      "ND",
      "MOSAIC"
    ],
    "InstitutionAddress": "McClintock_3520A_Los_Angeles_SVC0e0594213b1104_CA_US_90089",
    "InstitutionName": "USC",
    "MagneticFieldStrength": 3,
    "Manufacturer": "Siemens",
    "ManufacturersModelName": "Prisma_fit",
    "PhaseEncodingDirection": "j-",
    "PhaseEncodingLines": 68,
    "ProcedureStepDescription": "HAssal_Music",
    "ProtocolName": "Resting",
    "RepetitionTime": 1,
    "ScanningSequence": "EP",
    "SequenceName": "epfid2d1_68",
    "SequenceVariant": "SK_SS",
    "SeriesDescription": "Resting",
    "SliceTiming": [
      0,
      0.49,
      0.1625,
      0.8175,
      0.3275,
      0.6525,
      0,
      0.49,
      0.1625,
      0.8175,
      0.3275,
      0.6525,
      0,
      0.49,
      0.1625,
      0.8175,
      0.3275,
      0.6525,
      0,
      0.49,
      0.1625,
      0.8175,
      0.3275,
      0.6525,
      0,
      0.49,
      0.1625,
      0.8175,
      0.3275,
      0.6525,
      0,
      0.49,
      0.1625,
      0.8175,
      0.3275,
      0.6525,
      0,
      0.49,
      0.1625,
      0.8175,
      0.3275,
      0.6525,
      0,
      0.49,
      0.1625,
      0.8175,
      0.3275,
      0.6525
    ],
    "SoftwareVersions": "syngo_MR_E11",
    "TaskName": "rest",
    "TotalReadoutTime": 0.03886,
    "dataset": "ds003085",
    "modality": "bold",
    "subject_id": "20",
    "task_id": "rest"
  },
  "dummy_trs": 0,
  "dvars_nstd": 21.424825344206123,
  "dvars_std": 1.2411478316434539,
  "dvars_vstd": 1.173643820807799,
  "efc": 0.4984029627623697,
  "fber": 1048.524169921875,
  "fd_mean": 0.115167982957814,
  "fd_num": 23,
  "fd_perc": 6.388888888888889,
  "fwhm_avg": 2.8623966666666667,
  "fwhm_x": 2.61225,
  "fwhm_y": 2.9840733333333334,
  "fwhm_z": 2.990866666666667,
  "gcor": 0.0301703,
  "gsr_x": 7.995996566023678e-05,
  "gsr_y": 0.038053739815950394,
  "provenance": {
    "md5sum": "3c568fd5f2f10205e9c0dfe7c812a27a",
    "settings": {
      "fd_thres": 0.2,
      "testing": false
    },
    "software": "mriqc",
    "version": "22.0.1",
    "webapi_port": null,
    "webapi_url": "https://mriqc.nimh.nih.gov/api/v1"
  },
  "size_t": 360,
  "size_x": 68,
  "size_y": 68,
  "size_z": 48,
  "snr": 2.717094052977263,
  "spacing_tr": 1.0,
  "spacing_x": 3.0,
  "spacing_y": 3.0,
  "spacing_z": 3.0,
  "summary_bg_k": 24.233967031384754,
  "summary_bg_mad": 108.31645989985999,
  "summary_bg_mean": 298.3974609375,
  "summary_bg_median": 142.96112060546875,
  "summary_bg_n": 140911.0,
  "summary_bg_p05": 57.655555725097656,
  "summary_bg_p95": 1103.745849609375,
  "summary_bg_stdv": 456.3450012207031,
  "summary_fg_k": 0.4592939457954004,
  "summary_fg_mad": 1654.6499531969216,
  "summary_fg_mean": 5056.2685546875,
  "summary_fg_median": 4735.40869140625,
  "summary_fg_n": 38383.0,
  "summary_fg_p05": 2798.19873046875,
  "summary_fg_p95": 8417.4388671875,
  "summary_fg_stdv": 1742.79833984375,
  "tsnr": 55.15338587737642
}