{
  "aor": 0.011732264150943398,
  "aqi": 0.009046147339622642,
  "bids_meta": {
    "AcquisitionNumber": 1,
    "AcquisitionTime": "17:27:18.170000",
    "BandwidthPerPixelPhaseEncode": 25.355,
    "BodyPartExamined": "BRAIN",
    "ConversionSoftware": "dcm2niix",
    "ConversionSoftwareVersion": "v1.0.20170724 (OpenJPEG build) GCC6.1.0",
    "DeviceSerialNumber": "67025",
    "EchoTime": 0.035,
    "EchoTrainLength": 68,
    "EffectiveEchoSpacing": 0.000579999,
    "FlipAngle": 52,
    "ImageType": [
      "ORIGINAL",
      "PRIMARY",
      "M",
      "MB",
      "ND",
      "MOSAIC"
    ],
    "InstitutionAddress": "McClintock_3520A_Los_Angeles_SVC0e0594213b1104_CA_US_90089",
    "InstitutionName": "USC",
    "MagneticFieldStrength": 3,
    "Manufacturer": "Siemens",
    "ManufacturersModelName": "Prisma_fit",
    "PhaseEncodingDirection": "j-",
    "PhaseEncodingLines": 68,
    "ProcedureStepDescription": "HAssal_Music",
    "ProtocolName": "MUSIC_DYNAMICS_SNL_L",
    "RepetitionTime": 1,
    "ScanningSequence": "EP",
    "SequenceName": "epfid2d1_68",
    "SequenceVariant": "SK_SS",
    "SeriesDescription": "MUSIC_DYNAMICS_SNL_L",
    "SliceTiming": [
      0,
      0.49,
      0.165,
      0.8175,
      0.3275,
      0.655,
      0,
      0.49,
      0.165,
      0.8175,
      0.3275,
      0.655,
      0,
      0.49,
      0.165,
      0.8175,
      0.3275,
      0.655,
      0,
      0.49,
      0.165,
      0.8175,
      0.3275,
      0.655,
      0,
      0.49,
      0.165,
      0.8175,
      0.3275,
      0.655,
      0,
      0.49,
      0.165,
      0.8175,
      0.3275,
      0.655,
      0,
      0.49,
      0.165,
      0.8175,
      0.3275,
      0.655,
      0,
      0.49,
      0.165,
      0.8175,
      0.3275,
      0.655
    ],
    "SoftwareVersions": "syngo_MR_E11",
    "TaskName": "sadln",
    "TotalReadoutTime": 0.03886,
    "dataset": "ds003085",
    "modality": "bold",
    "subject_id": "20",
    "task_id": "sadln"
  },
  "dummy_trs": 0,
  "dvars_nstd": 24.954796017920614,
  "dvars_std": 1.1279625210586008,
  "dvars_vstd": 1.05524108094518,
  "efc": 0.5054061599478163,
  "fber": 953.9653930664062,
  "fd_mean": 0.1428659801296478,
  "fd_num": 83,
  "fd_perc": 15.660377358490566,
  "fwhm_avg": 2.8568977777777778,
  "fwhm_x": 2.5935866666666665,
  "fwhm_y": 3.0681433333333334,
  "fwhm_z": 2.908963333333333,
  "gcor": 0.0501429,
  "gsr_x": -0.002002058085054159,
  "gsr_y": 0.04855231195688248,
  "provenance": {
    "md5sum": "8e442bfdf8a819862311ad3d9ce2afa6",
    "settings": {
      "fd_thres": 0.2,
      "testing": false
    },
    "software": "mriqc",
    "version": "22.0.1",
    "webapi_port": null,
    "webapi_url": "https://mriqc.nimh.nih.gov/api/v1"
  },
  "size_t": 530,
  "size_x": 68,
  "size_y": 68,
  "size_z": 48,
  "snr": 2.891236016616284,
  "spacing_tr": 1.0,
  "spacing_x": 3.0,
  "spacing_y": 3.0,
  "spacing_z": 3.0,
  "summary_bg_k": 26.457860790917575,
  "summary_bg_mad": 115.42758217853229,
  "summary_bg_mean": 310.5781555175781,
  "summary_bg_median": 149.84339904785156,
  "summary_bg_n": 140655.0,
  "summary_bg_p05": 58.969810485839844,
  "summary_bg_p95": 1131.4086914062495,
  "summary_bg_stdv": 469.3157653808594,
  "summary_fg_k": 0.044254700876591446,
  "summary_fg_mad": 1649.9695850361827,
  "summary_fg_mean": 4978.75390625,
  "summary_fg_median": 4706.37353515625,
  "summary_fg_n": 38544.0,
  "summary_fg_p05": 2781.470837402344,
  "summary_fg_p95": 7949.01787109375,
  "summary_fg_stdv": 1627.78564453125,
  "tsnr": 37.482205412117764
}