{
  "aor": 0.013030218579234972,
  "aqi": 0.005173963060109289,
  "bids_meta": {
    "AcquisitionNumber": 1,
    "AcquisitionTime": "17:38:39.180000",
    "BandwidthPerPixelPhaseEncode": 25.355,
    "BodyPartExamined": "BRAIN",
    "ConversionSoftware": "dcm2niix",
    "ConversionSoftwareVersion": "v1.0.20170724 (OpenJPEG build) GCC6.1.0",
    "DeviceSerialNumber": "67025",
    "EchoTime": 0.035,
    "EchoTrainLength": 68,
    "EffectiveEchoSpacing": 0.000579999,
    "FlipAngle": 52,
    "ImageType": [
      "ORIGINAL",
      "PRIMARY",
      "M",
      "MB",
      "ND",
      "MOSAIC"
    ],
    "InstitutionAddress": "McClintock_3520A_Los_Angeles_SVC0e0594213b1104_CA_US_90089",
    "InstitutionName": "USC",
    "MagneticFieldStrength": 3,
    "Manufacturer": "Siemens",
    "ManufacturersModelName": "Prisma_fit",
    "PhaseEncodingDirection": "j-",
    "PhaseEncodingLines": 68,
    "ProcedureStepDescription": "HAssal_Music",
    "ProtocolName": "MUSIC_DYNAMICS_HNL",
    "RepetitionTime": 1,
    "ScanningSequence": "EP",
    "SequenceName": "epfid2d1_68",
    "SequenceVariant": "SK_SS",
    "SeriesDescription": "MUSIC_DYNAMICS_HNL",
    "SliceTiming": [
      0,
      0.49,
      0.1625,
      0.8175,
      0.3275,
      0.6525,
      0,
      0.49,
      0.1625,
      0.8175,
      0.3275,
      0.6525,
      0,
      0.49,
      0.1625,
      0.8175,
      0.3275,
      0.6525,
      0,
      0.49,
      0.1625,
      0.8175,
      0.3275,
      0.6525,
      0,
      0.49,
      0.1625,
      0.8175,
      0.3275,
      0.6525,
      0,
      0.49,
      0.1625,
      0.8175,
      0.3275,
      0.6525,
      0,
      0.49,
      0.1625,
      0.8175,
      0.3275,
      0.6525,
      0,
      0.49,
      0.1625,
      0.8175,
      0.3275,
      0.6525
    ],
    "SoftwareVersions": "syngo_MR_E11",
    "TaskName": "happy",
    "TotalReadoutTime": 0.03886,
    "dataset": "ds003085",
    "modality": "bold",
    "subject_id": "20",
    "task_id": "happy"
  },
  "dummy_trs": 0,
  "dvars_nstd": 24.182892390604387,
  "dvars_std": 1.2304246663186813,
  "dvars_vstd": 1.11753877956044,
  "efc": 0.5082240921530435,
  "fber": 940.2403564453125,
  "fd_mean": 0.15021414890610477,
  "fd_num": 28,
  "fd_perc": 15.300546448087431,
  "fwhm_avg": 2.7761866666666664,
  "fwhm_x": 2.5387633333333333,
  "fwhm_y": 3.0299366666666665,
  "fwhm_z": 2.7598599999999998,
  "gcor": 0.0447938,
  "gsr_x": -0.002539386274293065,
  "gsr_y": 0.05068976432085037,
  "provenance": {
    "md5sum": "b9be85437d9f578893995759d0c884af",
    "settings": {
      "fd_thres": 0.2,
      "testing": false
    },
    "software": "mriqc",
    "version": "22.0.1",
    "webapi_port": null,
    "webapi_url": "https://mriqc.nimh.nih.gov/api/v1"
  },
  "size_t": 183,
  "size_x": 68,
  "size_y": 68,
  "size_z": 48,
  "snr": 2.932677040446359,
  "spacing_tr": 1.0,
  "spacing_x": 3.0,
  "spacing_y": 3.0,
  "spacing_z": 3.0,
  "summary_bg_k": 22.913565171102597,
  "summary_bg_mad": 117.1174537074314,
  "summary_bg_mean": 317.10491943359375,
  "summary_bg_median": 150.12567138671875,
  "summary_bg_n": 140789.0,
  "summary_bg_p05": 58.92568130493164,
  "summary_bg_p95": 1165.9278076171888,
  "summary_bg_stdv": 472.8219909667969,
  "summary_fg_k": 0.048630602495221,
  "summary_fg_mad": 1607.148768055582,
  "summary_fg_mean": 4935.5439453125,
  "summary_fg_median": 4675.07080078125,
  "summary_fg_n": 38517.0,
  "summary_fg_p05": 2773.4807617187503,
  "summary_fg_p95": 7853.824804687499,
  "summary_fg_stdv": 1594.110107421875,
  "tsnr": 48.31452706642449
}