{
  "aor": 0.003677011070110701,
  "aqi": 0.0033750078966789674,
  "bids_meta": {
    "AcquisitionNumber": 1,
    "AcquisitionTime": "17:21:33.387500",
    "BandwidthPerPixelPhaseEncode": 25.355,
    "BodyPartExamined": "BRAIN",
    "ConversionSoftware": "dcm2niix",
    "ConversionSoftwareVersion": "v1.0.20170724 (OpenJPEG build) GCC6.1.0",
    "DeviceSerialNumber": "67025",
    "EchoTime": 0.035,
    "EchoTrainLength": 68,
    "EffectiveEchoSpacing": 0.000579999,
    "FlipAngle": 52,
    "ImageType": [
      "ORIGINAL",
      "PRIMARY",
      "M",
      "MB",
      "ND",
      "MOSAIC"
    ],
    "InstitutionAddress": "McClintock_3520A_Los_Angeles_SVC0e0594213b1104_CA_US_90089",
    "InstitutionName": "USC",
    "MagneticFieldStrength": 3,
    "Manufacturer": "Siemens",
    "ManufacturersModelName": "Prisma_fit",
    "PhaseEncodingDirection": "j-",
    "PhaseEncodingLines": 68,
    "ProcedureStepDescription": "HAssal_Music",
    "ProtocolName": "MUSIC_DYNAMICS_SNL",
    "RepetitionTime": 1,
    "ScanningSequence": "EP",
    "SequenceName": "epfid2d1_68",
    "SequenceVariant": "SK_SS",
    "SeriesDescription": "MUSIC_DYNAMICS_SNL",
    "SliceTiming": [
      0,
      0.49,
      0.1625,
      0.8175,
      0.3275,
      0.6525,
      0,
      0.49,
      0.1625,
      0.8175,
      0.3275,
      0.6525,
      0,
      0.49,
      0.1625,
      0.8175,
      0.3275,
      0.6525,
      0,
      0.49,
      0.1625,
      0.8175,
      0.3275,
      0.6525,
      0,
      0.49,
      0.1625,
      0.8175,
      0.3275,
      0.6525,
      0,
      0.49,
      0.1625,
      0.8175,
      0.3275,
      0.6525,
      0,
      0.49,
      0.1625,
      0.8175,
      0.3275,
      0.6525,
      0,
      0.49,
      0.1625,
      0.8175,
      0.3275,
      0.6525
    ],
    "SoftwareVersions": "syngo_MR_E11",
    "TaskName": "sadsh",
    "TotalReadoutTime": 0.03886,
    "dataset": "ds003085",
    "modality": "bold",
    "subject_id": "20",
    "task_id": "sadsh"
  },
  "dummy_trs": 0,
  "dvars_nstd": 22.12680233170369,
  "dvars_std": 1.1804763082222218,
  "dvars_vstd": 1.0517553932222217,
  "efc": 0.5039655794578989,
  "fber": 1001.3546142578125,
  "fd_mean": 0.09440836497776868,
  "fd_num": 14,
  "fd_perc": 5.166051660516605,
  "fwhm_avg": 2.817272222222222,
  "fwhm_x": 2.56297,
  "fwhm_y": 3.0344233333333333,
  "fwhm_z": 2.854423333333333,
  "gcor": 0.0466115,
  "gsr_x": -0.0015804542927071452,
  "gsr_y": 0.04677590727806091,
  "provenance": {
    "md5sum": "9d162e777bac0ff08c03e9800e9e9df7",
    "settings": {
      "fd_thres": 0.2,
      "testing": false
    },
    "software": "mriqc",
    "version": "22.0.1",
    "webapi_port": null,
    "webapi_url": "https://mriqc.nimh.nih.gov/api/v1"
  },
  "size_t": 271,
  "size_x": 68,
  "size_y": 68,
  "size_z": 48,
  "snr": 2.872442575674517,
  "spacing_tr": 1.0,
  "spacing_x": 3.0,
  "spacing_y": 3.0,
  "spacing_z": 3.0,
  "summary_bg_k": 23.183851674560973,
  "summary_bg_mad": 112.19633461881561,
  "summary_bg_mean": 306.3603210449219,
  "summary_bg_median": 146.43911743164062,
  "summary_bg_n": 140666.0,
  "summary_bg_p05": 58.08487319946289,
  "summary_bg_p95": 1123.779541015625,
  "summary_bg_stdv": 461.8631896972656,
  "summary_fg_k": 0.07208106976148754,
  "summary_fg_mad": 1655.9410767597658,
  "summary_fg_mean": 4981.5126953125,
  "summary_fg_median": 4707.89306640625,
  "summary_fg_n": 38577.0,
  "summary_fg_p05": 2769.529248046875,
  "summary_fg_p95": 7989.084863281249,
  "summary_fg_stdv": 1638.9647216796875,
  "tsnr": 59.97044972889125
}