{
  "aor": 0.0012480327868852458,
  "aqi": 0.0026836729508196724,
  "bids_meta": {
    "AcquisitionNumber": 1,
    "AcquisitionTime": "14:32:48.647500",
    "BandwidthPerPixelPhaseEncode": 25.355,
    "BodyPartExamined": "BRAIN",
    "ConversionSoftware": "dcm2niix",
    "ConversionSoftwareVersion": "v1.0.20170724 (OpenJPEG build) GCC6.1.0",
    "DeviceSerialNumber": "67025",
    "EchoTime": 0.035,
    "EchoTrainLength": 68,
    "EffectiveEchoSpacing": 0.000579999,
    "FlipAngle": 52,
    "ImageType": [
      "ORIGINAL",
      "PRIMARY",
      "M",
      "MB",
      "ND",
      "MOSAIC"
    ],
    "InstitutionAddress": "McClintock_3520A_Los_Angeles_SVC0e0594213b1104_CA_US_90089",
    "InstitutionName": "USC",
    "MagneticFieldStrength": 3,
    "Manufacturer": "Siemens",
    "ManufacturersModelName": "Prisma_fit",
    "PhaseEncodingDirection": "j-",
    "PhaseEncodingLines": 68,
    "ProcedureStepDescription": "HAssal_Music",
    "ProtocolName": "MUSIC_DYNAMICS_HNL",
    "RepetitionTime": 1,
    "ScanningSequence": "EP",
    "SequenceName": "epfid2d1_68",
    "SequenceVariant": "SK_SS",
    "SeriesDescription": "MUSIC_DYNAMICS_HNL",
    "SliceTiming": [
      0,
      0.49,
      0.165,
      0.8175,
      0.3275,
      0.655,
      0,
      0.49,
      0.165,
      0.8175,
      0.3275,
      0.655,
      0,
      0.49,
      0.165,
      0.8175,
      0.3275,
      0.655,
      0,
      0.49,
      0.165,
      0.8175,
      0.3275,
      0.655,
      0,
      0.49,
      0.165,
      0.8175,
      0.3275,
      0.655,
      0,
      0.49,
      0.165,
      0.8175,
      0.3275,
      0.655,
      0,
      0.49,
      0.165,
      0.8175,
      0.3275,
      0.655,
      0,
      0.49,
      0.165,
      0.8175,
      0.3275,
      0.655
    ],
    "SoftwareVersions": "syngo_MR_E11",
    "TaskName": "happy",
    "TotalReadoutTime": 0.03886,
    "dataset": "ds003085",
    "modality": "bold",
    "subject_id": "06",
    "task_id": "happy"
  },
  "dummy_trs": 0,
  "dvars_nstd": 27.76419794681319,
  "dvars_std": 1.2034077518131867,
  "dvars_vstd": 1.0140202410439565,
  "efc": 0.5654272318950102,
  "fber": 510.47637939453125,
  "fd_mean": 0.09414200767748455,
  "fd_num": 3,
  "fd_perc": 1.639344262295082,
  "fwhm_avg": 2.8399811919347506,
  "fwhm_x": 2.5382433333333334,
  "fwhm_y": 2.93071,
  "fwhm_z": 3.0509902424709194,
  "gcor": 0.0392763,
  "gsr_x": 0.007106931414455175,
  "gsr_y": 0.0743943601846695,
  "provenance": {
    "md5sum": "bb2c650102feccadc95da6eedf56150f",
    "settings": {
      "fd_thres": 0.2,
      "testing": false
    },
    "software": "mriqc",
    "version": "22.0.1",
    "webapi_port": null,
    "webapi_url": "https://mriqc.nimh.nih.gov/api/v1"
  },
  "size_t": 183,
  "size_x": 68,
  "size_y": 68,
  "size_z": 48,
  "snr": 2.342589185869479,
  "spacing_tr": 1.0,
  "spacing_x": 3.0,
  "spacing_y": 3.0,
  "spacing_z": 2.999999761581421,
  "summary_bg_k": 32.580402999845006,
  "summary_bg_mad": 136.0348164353792,
  "summary_bg_mean": 381.65185546875,
  "summary_bg_median": 176.21310424804688,
  "summary_bg_n": 121695.0,
  "summary_bg_p05": 63.28415298461914,
  "summary_bg_p95": 1471.828393554686,
  "summary_bg_stdv": 603.9197998046875,
  "summary_fg_k": 0.9078559630180436,
  "summary_fg_mad": 1612.7186613510812,
  "summary_fg_mean": 4574.86962890625,
  "summary_fg_median": 4213.623046875,
  "summary_fg_n": 50828.0,
  "summary_fg_p05": 2334.8010986328127,
  "summary_fg_p95": 8160.74111328125,
  "summary_fg_stdv": 1798.6856689453125,
  "tsnr": 57.10502780275419
}