{
  "aor": 0.0011007777777777778,
  "aqi": 0.004438964888888889,
  "bids_meta": {
    "AcquisitionNumber": 1,
    "AcquisitionTime": "14:07:4.402500",
    "BandwidthPerPixelPhaseEncode": 25.355,
    "BodyPartExamined": "BRAIN",
    "ConversionSoftware": "dcm2niix",
    "ConversionSoftwareVersion": "v1.0.20170724 (OpenJPEG build) GCC6.1.0",
    "DeviceSerialNumber": "67025",
    "EchoTime": 0.035,
    "EchoTrainLength": 68,
    "EffectiveEchoSpacing": 0.000579999,
    "FlipAngle": 52,
    "ImageType": [
      "ORIGINAL",
      "PRIMARY",
      "M",
      "MB",
      "ND",
      "MOSAIC"
    ],
    "InstitutionAddress": "McClintock_3520A_Los_Angeles_SVC0e0594213b1104_CA_US_90089",
    "InstitutionName": "USC",
    "MagneticFieldStrength": 3,
    "Manufacturer": "Siemens",
    "ManufacturersModelName": "Prisma_fit",
    "PhaseEncodingDirection": "j-",
    "PhaseEncodingLines": 68,
    "ProcedureStepDescription": "HAssal_Music",
    "ProtocolName": "Resting",
    "RepetitionTime": 1,
    "ScanningSequence": "EP",
    "SequenceName": "epfid2d1_68",
    "SequenceVariant": "SK_SS",
    "SeriesDescription": "Resting",
    "SliceTiming": [
      0,
      0.49,
      0.1625,
      0.8175,
      0.3275,
      0.6525,
      0,
      0.49,
      0.1625,
      0.8175,
      0.3275,
      0.6525,
      0,
      0.49,
      0.1625,
      0.8175,
      0.3275,
      0.6525,
      0,
      0.49,
      0.1625,
      0.8175,
      0.3275,
      0.6525,
      0,
      0.49,
      0.1625,
      0.8175,
      0.3275,
      0.6525,
      0,
      0.49,
      0.1625,
      0.8175,
      0.3275,
      0.6525,
      0,
      0.49,
      0.1625,
      0.8175,
      0.3275,
      0.6525,
      0,
      0.49,
      0.1625,
      0.8175,
      0.3275,
      0.6525
    ],
    "SoftwareVersions": "syngo_MR_E11",
    "TaskName": "rest",
    "TotalReadoutTime": 0.03886,
    "dataset": "ds003085",
    "modality": "bold",
    "subject_id": "06",
    "task_id": "rest"
  },
  "dummy_trs": 0,
  "dvars_nstd": 24.64830151506965,
  "dvars_std": 1.064920632562673,
  "dvars_vstd": 0.9806466102785515,
  "efc": 0.5642305157801282,
  "fber": 527.1378784179688,
  "fd_mean": 0.09936240746266521,
  "fd_num": 13,
  "fd_perc": 3.611111111111111,
  "fwhm_avg": 2.844367857912123,
  "fwhm_x": 2.55818,
  "fwhm_y": 2.949953333333333,
  "fwhm_z": 3.0249702404030354,
  "gcor": 0.0280584,
  "gsr_x": 0.004778403323143721,
  "gsr_y": 0.08048441261053085,
  "provenance": {
    "md5sum": "a5bee12d8b2a0e722354589a618d264f",
    "settings": {
      "fd_thres": 0.2,
      "testing": false
    },
    "software": "mriqc",
    "version": "22.0.1",
    "webapi_port": null,
    "webapi_url": "https://mriqc.nimh.nih.gov/api/v1"
  },
  "size_t": 360,
  "size_x": 68,
  "size_y": 68,
  "size_z": 48,
  "snr": 2.3831977955856143,
  "spacing_tr": 1.0,
  "spacing_x": 3.0,
  "spacing_y": 3.0,
  "spacing_z": 2.999999761581421,
  "summary_bg_k": 37.296048443700045,
  "summary_bg_mad": 136.15024883619594,
  "summary_bg_mean": 383.3486022949219,
  "summary_bg_median": 175.03334045410156,
  "summary_bg_n": 123112.0,
  "summary_bg_p05": 60.67805786132813,
  "summary_bg_p95": 1470.5125305175777,
  "summary_bg_stdv": 627.4113159179688,
  "summary_fg_k": 0.8198503807514932,
  "summary_fg_mad": 1606.5413934162625,
  "summary_fg_mean": 4579.15087890625,
  "summary_fg_median": 4222.20849609375,
  "summary_fg_n": 49972.0,
  "summary_fg_p05": 2364.29912109375,
  "summary_fg_p95": 8079.202294921875,
  "summary_fg_stdv": 1771.6390380859375,
  "tsnr": 48.61633986025117
}