{
  "aor": 0.0012578966789667896,
  "aqi": 0.0033255829520295204,
  "bids_meta": {
    "AcquisitionNumber": 1,
    "AcquisitionTime": "14:37:12.257500",
    "BandwidthPerPixelPhaseEncode": 25.355,
    "BodyPartExamined": "BRAIN",
    "ConversionSoftware": "dcm2niix",
    "ConversionSoftwareVersion": "v1.0.20170724 (OpenJPEG build) GCC6.1.0",
    "DeviceSerialNumber": "67025",
    "EchoTime": 0.035,
    "EchoTrainLength": 68,
    "EffectiveEchoSpacing": 0.000579999,
    "FlipAngle": 52,
    "ImageType": [
      "ORIGINAL",
      "PRIMARY",
      "M",
      "MB",
      "ND",
      "MOSAIC"
    ],
    "InstitutionAddress": "McClintock_3520A_Los_Angeles_SVC0e0594213b1104_CA_US_90089",
    "InstitutionName": "USC",
    "MagneticFieldStrength": 3,
    "Manufacturer": "Siemens",
    "ManufacturersModelName": "Prisma_fit",
    "PhaseEncodingDirection": "j-",
    "PhaseEncodingLines": 68,
    "ProcedureStepDescription": "HAssal_Music",
    "ProtocolName": "MUSIC_DYNAMICS_SNL",
    "RepetitionTime": 1,
    "ScanningSequence": "EP",
    "SequenceName": "epfid2d1_68",
    "SequenceVariant": "SK_SS",
    "SeriesDescription": "MUSIC_DYNAMICS_SNL",
    "SliceTiming": [
      0,
      0.49,
      0.1625,
      0.815,
      0.325,
      0.6525,
      0,
      0.49,
      0.1625,
      0.815,
      0.325,
      0.6525,
      0,
      0.49,
      0.1625,
      0.815,
      0.325,
      0.6525,
      0,
      0.49,
      0.1625,
      0.815,
      0.325,
      0.6525,
      0,
      0.49,
      0.1625,
      0.815,
      0.325,
      0.6525,
      0,
      0.49,
      0.1625,
      0.815,
      0.325,
      0.6525,
      0,
      0.49,
      0.1625,
      0.815,
      0.325,
      0.6525,
      0,
      0.49,
      0.1625,
      0.815,
      0.325,
      0.6525
    ],
    "SoftwareVersions": "syngo_MR_E11",
    "TaskName": "sadsh",
    "TotalReadoutTime": 0.03886,
    "dataset": "ds003085",
    "modality": "bold",
    "subject_id": "06",
    "task_id": "sadsh"
  },
  "dummy_trs": 0,
  "dvars_nstd": 29.099272565925904,
  "dvars_std": 1.2220820862962958,
  "dvars_vstd": 1.0098820693333324,
  "efc": 0.5654471855828691,
  "fber": 515.2394409179688,
  "fd_mean": 0.10690488932334331,
  "fd_num": 17,
  "fd_perc": 6.273062730627307,
  "fwhm_avg": 2.857066748116111,
  "fwhm_x": 2.5529699999999997,
  "fwhm_y": 2.9436166666666668,
  "fwhm_z": 3.0746135776816663,
  "gcor": 0.0361966,
  "gsr_x": 0.007591908797621727,
  "gsr_y": 0.07459274679422379,
  "provenance": {
    "md5sum": "bd6f91ae28f3707fff4efa9e2d918a24",
    "settings": {
      "fd_thres": 0.2,
      "testing": false
    },
    "software": "mriqc",
    "version": "22.0.1",
    "webapi_port": null,
    "webapi_url": "https://mriqc.nimh.nih.gov/api/v1"
  },
  "size_t": 271,
  "size_x": 68,
  "size_y": 68,
  "size_z": 48,
  "snr": 2.3441826854143044,
  "spacing_tr": 1.0,
  "spacing_x": 3.0,
  "spacing_y": 3.0,
  "spacing_z": 2.999999761581421,
  "summary_bg_k": 32.18262964521092,
  "summary_bg_mad": 132.82147475420174,
  "summary_bg_mean": 380.3669128417969,
  "summary_bg_median": 174.77859497070312,
  "summary_bg_n": 121670.0,
  "summary_bg_p05": 63.551476097106935,
  "summary_bg_p95": 1469.646710205075,
  "summary_bg_stdv": 604.1618041992188,
  "summary_fg_k": 0.9320492658471458,
  "summary_fg_mad": 1610.0761473139228,
  "summary_fg_mean": 4571.173828125,
  "summary_fg_median": 4212.662109375,
  "summary_fg_n": 50944.0,
  "summary_fg_p05": 2334.244970703125,
  "summary_fg_p95": 8150.667407226562,
  "summary_fg_stdv": 1797.0531005859375,
  "tsnr": 53.61538944253698
}