{
  "aor": 0.0010273584905660378,
  "aqi": 0.004854144566037736,
  "bids_meta": {
    "AcquisitionNumber": 1,
    "AcquisitionTime": "14:22:32.790000",
    "BandwidthPerPixelPhaseEncode": 25.355,
    "BodyPartExamined": "BRAIN",
    "ConversionSoftware": "dcm2niix",
    "ConversionSoftwareVersion": "v1.0.20170724 (OpenJPEG build) GCC6.1.0",
    "DeviceSerialNumber": "67025",
    "EchoTime": 0.035,
    "EchoTrainLength": 68,
    "EffectiveEchoSpacing": 0.000579999,
    "FlipAngle": 52,
    "ImageType": [
      "ORIGINAL",
      "PRIMARY",
      "M",
      "MB",
      "ND",
      "MOSAIC"
    ],
    "InstitutionAddress": "McClintock_3520A_Los_Angeles_SVC0e0594213b1104_CA_US_90089",
    "InstitutionName": "USC",
    "MagneticFieldStrength": 3,
    "Manufacturer": "Siemens",
    "ManufacturersModelName": "Prisma_fit",
    "PhaseEncodingDirection": "j-",
    "PhaseEncodingLines": 68,
    "ProcedureStepDescription": "HAssal_Music",
    "ProtocolName": "MUSIC_DYNAMICS_SNL_L",
    "RepetitionTime": 1,
    "ScanningSequence": "EP",
    "SequenceName": "epfid2d1_68",
    "SequenceVariant": "SK_SS",
    "SeriesDescription": "MUSIC_DYNAMICS_SNL_L",
    "SliceTiming": [
      0,
      0.49,
      0.1625,
      0.815,
      0.325,
      0.6525,
      0,
      0.49,
      0.1625,
      0.815,
      0.325,
      0.6525,
      0,
      0.49,
      0.1625,
      0.815,
      0.325,
      0.6525,
      0,
      0.49,
      0.1625,
      0.815,
      0.325,
      0.6525,
      0,
      0.49,
      0.1625,
      0.815,
      0.325,
      0.6525,
      0,
      0.49,
      0.1625,
      0.815,
      0.325,
      0.6525,
      0,
      0.49,
      0.1625,
      0.815,
      0.325,
      0.6525,
      0,
      0.49,
      0.1625,
      0.815,
      0.325,
      0.6525
    ],
    "SoftwareVersions": "syngo_MR_E11",
    "TaskName": "sadln",
    "TotalReadoutTime": 0.03886,
    "dataset": "ds003085",
    "modality": "bold",
    "subject_id": "06",
    "task_id": "sadln"
  },
  "dummy_trs": 0,
  "dvars_nstd": 25.964901446332718,
  "dvars_std": 1.093559976483932,
  "dvars_vstd": 0.9926777468809082,
  "efc": 0.5657084778624903,
  "fber": 501.9802551269531,
  "fd_mean": 0.10753252055825513,
  "fd_num": 29,
  "fd_perc": 5.471698113207547,
  "fwhm_avg": 2.8961811941106297,
  "fwhm_x": 2.58543,
  "fwhm_y": 2.9699866666666668,
  "fwhm_z": 3.1331269156652226,
  "gcor": 0.0190458,
  "gsr_x": 0.006274338345974684,
  "gsr_y": 0.08305612951517105,
  "provenance": {
    "md5sum": "d22b8318ce78ba35d8b82a867d3bd0f4",
    "settings": {
      "fd_thres": 0.2,
      "testing": false
    },
    "software": "mriqc",
    "version": "22.0.1",
    "webapi_port": null,
    "webapi_url": "https://mriqc.nimh.nih.gov/api/v1"
  },
  "size_t": 530,
  "size_x": 68,
  "size_y": 68,
  "size_z": 48,
  "snr": 2.347482934703051,
  "spacing_tr": 1.0,
  "spacing_x": 3.0,
  "spacing_y": 3.0,
  "spacing_z": 2.999999761581421,
  "summary_bg_k": 33.07057045809145,
  "summary_bg_mad": 137.94354576018253,
  "summary_bg_mean": 393.750244140625,
  "summary_bg_median": 177.5556640625,
  "summary_bg_n": 122510.0,
  "summary_bg_p05": 62.794342041015625,
  "summary_bg_p95": 1524.0068542480453,
  "summary_bg_stdv": 647.4981079101562,
  "summary_fg_k": 0.9119972526091202,
  "summary_fg_mad": 1601.5294667515805,
  "summary_fg_mean": 4558.9033203125,
  "summary_fg_median": 4198.2802734375,
  "summary_fg_n": 50644.0,
  "summary_fg_p05": 2330.5337890625,
  "summary_fg_p95": 8131.92626953125,
  "summary_fg_stdv": 1788.400146484375,
  "tsnr": 46.4098219294101
}