{
  "bids_meta": {
    "AccelFactPE": 2,
    "AcquisitionNumber": 1,
    "AcquisitionTime": "11:55:12.565000",
    "BodyPartExamined": "BRAIN",
    "ConversionSoftware": "dcm2niix",
    "ConversionSoftwareVersion": "v1.0.20170724 (OpenJPEG build) GCC6.1.0",
    "DeviceSerialNumber": "67025",
    "EchoTime": 0.00226,
    "FlipAngle": 9,
    "ImageType": [
      "ORIGINAL",
      "PRIMARY",
      "M",
      "ND",
      "NORM"
    ],
    "InstitutionAddress": "McClintock_3520A_Los_Angeles_SVC0e0594213b1104_CA_US_90089",
    "InstitutionName": "USC",
    "InversionTime": 1.06,
    "MagneticFieldStrength": 3,
    "Manufacturer": "Siemens",
    "ManufacturersModelName": "Prisma_fit",
    "PhaseEncodingDirection": "i-",
    "PhaseEncodingLines": 224,
    "ProcedureStepDescription": "HAssal_Music",
    "ProtocolName": "t1_mprage_short_32channel",
    "RepetitionTime": 2.3,
    "ScanningSequence": "GR_IR",
    "SequenceName": "_tfl3d1_16ns",
    "SequenceVariant": "SK_SP_MP",
    "SeriesDescription": "t1_mprage_short_32channel",
    "SoftwareVersions": "syngo_MR_E11",
    "dataset": "ds003085",
    "modality": "T1w",
    "subject_id": "13"
  },
  "cjv": 0.3219848451706135,
  "cnr": 4.334072010155449,
  "efc": 0.5697244662434182,
  "fber": -1.0,
  "fwhm_avg": 4.565741621936314,
  "fwhm_x": 4.534554865808944,
  "fwhm_y": 4.62789,
  "fwhm_z": 4.53478,
  "icvs_csf": 0.18827991495158372,
  "icvs_gm": 0.47814702775910517,
  "icvs_wm": 0.33357305728931114,
  "inu_med": 0.3360520303249359,
  "inu_range": 0.09249193370342257,
  "provenance": {
    "md5sum": "148cdce208ecb12ff1682da7f1aa0c0b",
    "settings": {
      "testing": false
    },
    "software": "mriqc",
    "version": "22.0.1",
    "warnings": {
      "large_rot_frame": true,
      "small_air_mask": false
    },
    "webapi_port": null,
    "webapi_url": "https://mriqc.nimh.nih.gov/api/v1"
  },
  "qi_1": 0.003781881044245127,
  "qi_2": 0.017823603906116658,
  "rpve_csf": 27.291782521397984,
  "rpve_gm": 11.870635182588035,
  "rpve_wm": 18.436936083483097,
  "size_x": 176,
  "size_y": 224,
  "size_z": 256,
  "snr_csf": 2.5785078672104045,
  "snr_gm": 16.955868520555036,
  "snr_total": 17.38348324410018,
  "snr_wm": 32.6160733445351,
  "snrd_csf": 61.43892876648407,
  "snrd_gm": 138.2588606457796,
  "snrd_total": 126.93564026539889,
  "snrd_wm": 181.10913138393295,
  "spacing_x": 0.9999945163726807,
  "spacing_y": 1.0,
  "spacing_z": 1.0,
  "summary_bg_k": 46.78021133578051,
  "summary_bg_mad": 0.0,
  "summary_bg_mean": 1.2867018583561463,
  "summary_bg_median": 0.0,
  "summary_bg_n": 2105866.0,
  "summary_bg_p05": 0.0,
  "summary_bg_p95": 5.238307913765311,
  "summary_bg_stdv": 3.6174421602300177,
  "summary_csf_k": 0.12565664455649106,
  "summary_csf_mad": 99.3602275478458,
  "summary_csf_mean": 327.00626224817273,
  "summary_csf_median": 339.24503538385034,
  "summary_csf_n": 30125.0,
  "summary_csf_p05": 65.2322021368891,
  "summary_csf_p95": 532.0147666104137,
  "summary_csf_stdv": 131.56423101440427,
  "summary_gm_k": -0.16036305431813425,
  "summary_gm_mad": 46.998467254054646,
  "summary_gm_mean": 762.787719633385,
  "summary_gm_median": 763.4187804637477,
  "summary_gm_n": 70276.0,
  "summary_gm_p05": 688.5145008224063,
  "summary_gm_p95": 835.1695047803223,
  "summary_gm_stdv": 45.02354733074283,
  "summary_wm_k": 0.49737164594789185,
  "summary_wm_mad": 29.18467251492982,
  "summary_wm_mean": 1000.7482217076723,
  "summary_wm_median": 1000.0235179588199,
  "summary_wm_n": 164595.0,
  "summary_wm_p05": 952.0331006143242,
  "summary_wm_p95": 1052.9468710068613,
  "summary_wm_stdv": 30.660357841357712,
  "tpm_overlap_csf": 0.1418626554575092,
  "tpm_overlap_gm": 0.49500175733075413,
  "tpm_overlap_wm": 0.5189821537521359,
  "wm2max": 0.8827420324714371
}