{
  "aor": 0.000535765595463138,
  "aqi": 0.0044846082986767484,
  "bids_meta": {
    "AcquisitionNumber": 1,
    "AcquisitionTime": "17:18:19.582500",
    "BandwidthPerPixelPhaseEncode": 25.355,
    "BodyPartExamined": "BRAIN",
    "ConversionSoftware": "dcm2niix",
    "ConversionSoftwareVersion": "v1.0.20170724 (OpenJPEG build) GCC6.1.0",
    "DeviceSerialNumber": "67025",
    "EchoTime": 0.035,
    "EchoTrainLength": 68,
    "EffectiveEchoSpacing": 0.000579999,
    "FlipAngle": 52,
    "ImageType": [
      "ORIGINAL",
      "PRIMARY",
      "M",
      "MB",
      "ND",
      "MOSAIC"
    ],
    "InstitutionAddress": "McClintock_3520A_Los_Angeles_SVC0e0594213b1104_CA_US_90089",
    "InstitutionName": "USC",
    "MagneticFieldStrength": 3,
    "Manufacturer": "Siemens",
    "ManufacturersModelName": "Prisma_fit",
    "PhaseEncodingDirection": "j-",
    "PhaseEncodingLines": 68,
    "ProcedureStepDescription": "HAssal_Music",
    "ProtocolName": "MUSIC_DYNAMICS_SNL_L",
    "RepetitionTime": 1,
    "ScanningSequence": "EP",
    "SequenceName": "epfid2d1_68",
    "SequenceVariant": "SK_SS",
    "SeriesDescription": "MUSIC_DYNAMICS_SNL_L",
    "SliceTiming": [
      0,
      0.49,
      0.165,
      0.8175,
      0.3275,
      0.655,
      0,
      0.49,
      0.165,
      0.8175,
      0.3275,
      0.655,
      0,
      0.49,
      0.165,
      0.8175,
      0.3275,
      0.655,
      0,
      0.49,
      0.165,
      0.8175,
      0.3275,
      0.655,
      0,
      0.49,
      0.165,
      0.8175,
      0.3275,
      0.655,
      0,
      0.49,
      0.165,
      0.8175,
      0.3275,
      0.655,
      0,
      0.49,
      0.165,
      0.8175,
      0.3275,
      0.655,
      0,
      0.49,
      0.165,
      0.8175,
      0.3275,
      0.655
    ],
    "SoftwareVersions": "syngo_MR_E11",
    "TaskName": "sadln",
    "TotalReadoutTime": 0.03886,
    "dataset": "ds003085",
    "modality": "bold",
    "subject_id": "24",
    "task_id": "sadln"
  },
  "dummy_trs": 1,
  "dvars_nstd": 26.947891188560583,
  "dvars_std": 1.065993245530302,
  "dvars_vstd": 0.9889134093750012,
  "efc": 0.5384610014525085,
  "fber": 475.9451599121094,
  "fd_mean": 0.16312478398440605,
  "fd_num": 163,
  "fd_perc": 30.812854442344044,
  "fwhm_avg": 2.7467466754012757,
  "fwhm_x": 2.5602931298595166,
  "fwhm_y": 2.890013563010976,
  "fwhm_z": 2.7899333333333334,
  "gcor": 0.0234934,
  "gsr_x": 0.0039031952619552612,
  "gsr_y": 0.08225036412477493,
  "provenance": {
    "md5sum": "f164424aa77e714bf1d40dcfddc04691",
    "settings": {
      "fd_thres": 0.2,
      "testing": false
    },
    "software": "mriqc",
    "version": "22.0.1",
    "webapi_port": null,
    "webapi_url": "https://mriqc.nimh.nih.gov/api/v1"
  },
  "size_t": 529,
  "size_x": 68,
  "size_y": 68,
  "size_z": 48,
  "snr": 2.2599584813177698,
  "spacing_tr": 1.0,
  "spacing_x": 3.000000238418579,
  "spacing_y": 2.999999761581421,
  "spacing_z": 3.0,
  "summary_bg_k": 18.580467187474056,
  "summary_bg_mad": 152.96871004544224,
  "summary_bg_mean": 417.4778137207031,
  "summary_bg_median": 186.8468780517578,
  "summary_bg_n": 134091.0,
  "summary_bg_p05": 66.75897979736328,
  "summary_bg_p95": 1605.8270874023438,
  "summary_bg_stdv": 625.6845092773438,
  "summary_fg_k": 1.461795922429487,
  "summary_fg_mad": 1716.3782920246558,
  "summary_fg_mean": 4647.75439453125,
  "summary_fg_median": 4263.7333984375,
  "summary_fg_n": 42414.0,
  "summary_fg_p05": 2287.2145141601563,
  "summary_fg_p95": 8187.896142578122,
  "summary_fg_stdv": 1886.6201171875,
  "tsnr": 45.27566789416596
}