{
  "aor": 0.0007886296296296297,
  "aqi": 0.0033443207037037034,
  "bids_meta": {
    "AcquisitionNumber": 1,
    "AcquisitionTime": "16:04:40.427500",
    "BandwidthPerPixelPhaseEncode": 25.355,
    "BodyPartExamined": "BRAIN",
    "ConversionSoftware": "dcm2niix",
    "ConversionSoftwareVersion": "v1.0.20170724 (OpenJPEG build) GCC6.1.0",
    "DeviceSerialNumber": "67025",
    "EchoTime": 0.035,
    "EchoTrainLength": 68,
    "EffectiveEchoSpacing": 0.000579999,
    "FlipAngle": 52,
    "ImageType": [
      "ORIGINAL",
      "PRIMARY",
      "M",
      "MB",
      "ND",
      "MOSAIC"
    ],
    "InstitutionAddress": "McClintock_3520A_Los_Angeles_SVC0e0594213b1104_CA_US_90089",
    "InstitutionName": "USC",
    "MagneticFieldStrength": 3,
    "Manufacturer": "Siemens",
    "ManufacturersModelName": "Prisma_fit",
    "PhaseEncodingDirection": "j-",
    "PhaseEncodingLines": 68,
    "ProcedureStepDescription": "HAssal_Music",
    "ProtocolName": "MUSIC_DYNAMICS_SNL",
    "RepetitionTime": 1,
    "ScanningSequence": "EP",
    "SequenceName": "epfid2d1_68",
    "SequenceVariant": "SK_SS",
    "SeriesDescription": "MUSIC_DYNAMICS_SNL",
    "SliceTiming": [
      0,
      0.49,
      0.1625,
      0.815,
      0.325,
      0.6525,
      0,
      0.49,
      0.1625,
      0.815,
      0.325,
      0.6525,
      0,
      0.49,
      0.1625,
      0.815,
      0.325,
      0.6525,
      0,
      0.49,
      0.1625,
      0.815,
      0.325,
      0.6525,
      0,
      0.49,
      0.1625,
      0.815,
      0.325,
      0.6525,
      0,
      0.49,
      0.1625,
      0.815,
      0.325,
      0.6525,
      0,
      0.49,
      0.1625,
      0.815,
      0.325,
      0.6525,
      0,
      0.49,
      0.1625,
      0.815,
      0.325,
      0.6525
    ],
    "SoftwareVersions": "syngo_MR_E11",
    "TaskName": "sadsh",
    "TotalReadoutTime": 0.03886,
    "dataset": "ds003085",
    "modality": "bold",
    "subject_id": "22",
    "task_id": "sadsh"
  },
  "dummy_trs": 1,
  "dvars_nstd": 22.07054870628253,
  "dvars_std": 1.065966848810409,
  "dvars_vstd": 0.9873350906691443,
  "efc": 0.527852585415552,
  "fber": 665.2257690429688,
  "fd_mean": 0.08774033075581522,
  "fd_num": 6,
  "fd_perc": 2.2222222222222223,
  "fwhm_avg": 2.8757866666666665,
  "fwhm_x": 2.6155133333333334,
  "fwhm_y": 2.9628599999999996,
  "fwhm_z": 3.0489866666666665,
  "gcor": 0.034949,
  "gsr_x": 0.01659129373729229,
  "gsr_y": 0.048561953008174896,
  "provenance": {
    "md5sum": "1856ba9336a3f48e60cb6935c95f1a94",
    "settings": {
      "fd_thres": 0.2,
      "testing": false
    },
    "software": "mriqc",
    "version": "22.0.1",
    "webapi_port": null,
    "webapi_url": "https://mriqc.nimh.nih.gov/api/v1"
  },
  "size_t": 270,
  "size_x": 68,
  "size_y": 68,
  "size_z": 48,
  "snr": 2.3840094712328224,
  "spacing_tr": 1.0,
  "spacing_x": 3.0,
  "spacing_y": 3.0,
  "spacing_z": 3.0,
  "summary_bg_k": 30.22550742680304,
  "summary_bg_mad": 122.79515554895538,
  "summary_bg_mean": 309.1468811035156,
  "summary_bg_median": 161.07962036132812,
  "summary_bg_n": 131502.0,
  "summary_bg_p05": 58.622222900390625,
  "summary_bg_p95": 1111.5344360351557,
  "summary_bg_stdv": 462.6638488769531,
  "summary_fg_k": 1.2086594094033112,
  "summary_fg_mad": 1618.0739103312546,
  "summary_fg_mean": 4734.49560546875,
  "summary_fg_median": 4350.9296875,
  "summary_fg_n": 44433.0,
  "summary_fg_p05": 2497.936962890625,
  "summary_fg_p95": 8352.701171875004,
  "summary_fg_stdv": 1825.026611328125,
  "tsnr": 56.08501587482169
}