{
  "aor": 0.0011293396226415094,
  "aqi": 0.002349353905660377,
  "bids_meta": {
    "AcquisitionNumber": 1,
    "AcquisitionTime": "15:54:31.755000",
    "BandwidthPerPixelPhaseEncode": 25.355,
    "BodyPartExamined": "BRAIN",
    "ConversionSoftware": "dcm2niix",
    "ConversionSoftwareVersion": "v1.0.20170724 (OpenJPEG build) GCC6.1.0",
    "DeviceSerialNumber": "67025",
    "EchoTime": 0.035,
    "EchoTrainLength": 68,
    "EffectiveEchoSpacing": 0.000579999,
    "FlipAngle": 52,
    "ImageType": [
      "ORIGINAL",
      "PRIMARY",
      "M",
      "MB",
      "ND",
      "MOSAIC"
    ],
    "InstitutionAddress": "McClintock_3520A_Los_Angeles_SVC0e0594213b1104_CA_US_90089",
    "InstitutionName": "USC",
    "MagneticFieldStrength": 3,
    "Manufacturer": "Siemens",
    "ManufacturersModelName": "Prisma_fit",
    "PhaseEncodingDirection": "j-",
    "PhaseEncodingLines": 68,
    "ProcedureStepDescription": "HAssal_Music",
    "ProtocolName": "MUSIC_DYNAMICS_SNL_L",
    "RepetitionTime": 1,
    "ScanningSequence": "EP",
    "SequenceName": "epfid2d1_68",
    "SequenceVariant": "SK_SS",
    "SeriesDescription": "MUSIC_DYNAMICS_SNL_L",
    "SliceTiming": [
      0,
      0.49,
      0.165,
      0.8175,
      0.3275,
      0.655,
      0,
      0.49,
      0.165,
      0.8175,
      0.3275,
      0.655,
      0,
      0.49,
      0.165,
      0.8175,
      0.3275,
      0.655,
      0,
      0.49,
      0.165,
      0.8175,
      0.3275,
      0.655,
      0,
      0.49,
      0.165,
      0.8175,
      0.3275,
      0.655,
      0,
      0.49,
      0.165,
      0.8175,
      0.3275,
      0.655,
      0,
      0.49,
      0.165,
      0.8175,
      0.3275,
      0.655,
      0,
      0.49,
      0.165,
      0.8175,
      0.3275,
      0.655
    ],
    "SoftwareVersions": "syngo_MR_E11",
    "TaskName": "sadln",
    "TotalReadoutTime": 0.03886,
    "dataset": "ds003085",
    "modality": "bold",
    "subject_id": "22",
    "task_id": "sadln"
  },
  "dummy_trs": 0,
  "dvars_nstd": 22.25828577128543,
  "dvars_std": 1.0950168367107758,
  "dvars_vstd": 1.0148132750850656,
  "efc": 0.5296264851047673,
  "fber": 632.302978515625,
  "fd_mean": 0.09471194999424663,
  "fd_num": 9,
  "fd_perc": 1.6981132075471699,
  "fwhm_avg": 2.9027422222222223,
  "fwhm_x": 2.65685,
  "fwhm_y": 2.9962166666666668,
  "fwhm_z": 3.0551600000000003,
  "gcor": 0.0214861,
  "gsr_x": 0.014471057802438736,
  "gsr_y": 0.047786273062229156,
  "provenance": {
    "md5sum": "78ebae16a80ac401704378dbd2530ed8",
    "settings": {
      "fd_thres": 0.2,
      "testing": false
    },
    "software": "mriqc",
    "version": "22.0.1",
    "webapi_port": null,
    "webapi_url": "https://mriqc.nimh.nih.gov/api/v1"
  },
  "size_t": 530,
  "size_x": 68,
  "size_y": 68,
  "size_z": 48,
  "snr": 2.3582880041233882,
  "spacing_tr": 1.0,
  "spacing_x": 3.0,
  "spacing_y": 3.0,
  "spacing_z": 3.0,
  "summary_bg_k": 29.113182669631158,
  "summary_bg_mad": 129.22137514566268,
  "summary_bg_mean": 315.6828918457031,
  "summary_bg_median": 167.14906311035156,
  "summary_bg_n": 130570.0,
  "summary_bg_p05": 59.729999732971194,
  "summary_bg_p95": 1131.6737915039032,
  "summary_bg_stdv": 463.2878723144531,
  "summary_fg_k": 1.1345971231974366,
  "summary_fg_mad": 1661.7368352369904,
  "summary_fg_mean": 4782.87744140625,
  "summary_fg_median": 4394.37744140625,
  "summary_fg_n": 44951.0,
  "summary_fg_p05": 2486.7567138671875,
  "summary_fg_p95": 8460.947265625,
  "summary_fg_stdv": 1863.3553466796875,
  "tsnr": 59.163504148833454
}