{
  "aor": 0.002397978142076503,
  "aqi": 0.0024226490163934424,
  "bids_meta": {
    "AcquisitionNumber": 1,
    "AcquisitionTime": "15:50:7.390000",
    "BandwidthPerPixelPhaseEncode": 25.355,
    "BodyPartExamined": "BRAIN",
    "ConversionSoftware": "dcm2niix",
    "ConversionSoftwareVersion": "v1.0.20170724 (OpenJPEG build) GCC6.1.0",
    "DeviceSerialNumber": "67025",
    "EchoTime": 0.035,
    "EchoTrainLength": 68,
    "EffectiveEchoSpacing": 0.000579999,
    "FlipAngle": 52,
    "ImageType": [
      "ORIGINAL",
      "PRIMARY",
      "M",
      "MB",
      "ND",
      "MOSAIC"
    ],
    "InstitutionAddress": "McClintock_3520A_Los_Angeles_SVC0e0594213b1104_CA_US_90089",
    "InstitutionName": "USC",
    "MagneticFieldStrength": 3,
    "Manufacturer": "Siemens",
    "ManufacturersModelName": "Prisma_fit",
    "PhaseEncodingDirection": "j-",
    "PhaseEncodingLines": 68,
    "ProcedureStepDescription": "HAssal_Music",
    "ProtocolName": "MUSIC_DYNAMICS_HNL",
    "RepetitionTime": 1,
    "ScanningSequence": "EP",
    "SequenceName": "epfid2d1_68",
    "SequenceVariant": "SK_SS",
    "SeriesDescription": "MUSIC_DYNAMICS_HNL",
    "SliceTiming": [
      0,
      0.49,
      0.1625,
      0.815,
      0.325,
      0.6525,
      0,
      0.49,
      0.1625,
      0.815,
      0.325,
      0.6525,
      0,
      0.49,
      0.1625,
      0.815,
      0.325,
      0.6525,
      0,
      0.49,
      0.1625,
      0.815,
      0.325,
      0.6525,
      0,
      0.49,
      0.1625,
      0.815,
      0.325,
      0.6525,
      0,
      0.49,
      0.1625,
      0.815,
      0.325,
      0.6525,
      0,
      0.49,
      0.1625,
      0.815,
      0.325,
      0.6525,
      0,
      0.49,
      0.1625,
      0.815,
      0.325,
      0.6525
    ],
    "SoftwareVersions": "syngo_MR_E11",
    "TaskName": "happy",
    "TotalReadoutTime": 0.03886,
    "dataset": "ds003085",
    "modality": "bold",
    "subject_id": "22",
    "task_id": "happy"
  },
  "dummy_trs": 0,
  "dvars_nstd": 21.9935466532967,
  "dvars_std": 1.0921588032417584,
  "dvars_vstd": 1.0165544671428575,
  "efc": 0.5288908086300355,
  "fber": 633.5231323242188,
  "fd_mean": 0.09895133979045798,
  "fd_num": 3,
  "fd_perc": 1.639344262295082,
  "fwhm_avg": 2.9276500000000003,
  "fwhm_x": 2.6710700000000003,
  "fwhm_y": 2.9805733333333335,
  "fwhm_z": 3.1313066666666667,
  "gcor": 0.0296078,
  "gsr_x": 0.015528571791946888,
  "gsr_y": 0.04700996354222298,
  "provenance": {
    "md5sum": "cf70f1c2e631fdb4cbe33ffe9066b3f6",
    "settings": {
      "fd_thres": 0.2,
      "testing": false
    },
    "software": "mriqc",
    "version": "22.0.1",
    "webapi_port": null,
    "webapi_url": "https://mriqc.nimh.nih.gov/api/v1"
  },
  "size_t": 183,
  "size_x": 68,
  "size_y": 68,
  "size_z": 48,
  "snr": 2.339500282441484,
  "spacing_tr": 1.0,
  "spacing_x": 3.0,
  "spacing_y": 3.0,
  "spacing_z": 3.0,
  "summary_bg_k": 28.760347293132217,
  "summary_bg_mad": 128.96208490324017,
  "summary_bg_mean": 315.7605895996094,
  "summary_bg_median": 166.97813415527344,
  "summary_bg_n": 130664.0,
  "summary_bg_p05": 59.726776123046875,
  "summary_bg_p95": 1137.6819213867184,
  "summary_bg_stdv": 462.90557861328125,
  "summary_fg_k": 1.137348064112282,
  "summary_fg_mad": 1683.3692178021195,
  "summary_fg_mean": 4813.2529296875,
  "summary_fg_median": 4410.2021484375,
  "summary_fg_n": 44945.0,
  "summary_fg_p05": 2494.881982421875,
  "summary_fg_p95": 8554.133007812497,
  "summary_fg_stdv": 1885.0833740234375,
  "tsnr": 58.69438185123727
}