{
  "bids_meta": {
    "AccelFactPE": 2,
    "AcquisitionNumber": 1,
    "AcquisitionTime": "15:29:29.842500",
    "BodyPartExamined": "BRAIN",
    "ConversionSoftware": "dcm2niix",
    "ConversionSoftwareVersion": "v1.0.20170724 (OpenJPEG build) GCC6.1.0",
    "DeviceSerialNumber": "67025",
    "EchoTime": 0.00226,
    "FlipAngle": 9,
    "ImageType": [
      "ORIGINAL",
      "PRIMARY",
      "M",
      "ND",
      "NORM"
    ],
    "InstitutionAddress": "McClintock_3520A_Los_Angeles_SVC0e0594213b1104_CA_US_90089",
    "InstitutionName": "USC",
    "InversionTime": 1.06,
    "MagneticFieldStrength": 3,
    "Manufacturer": "Siemens",
    "ManufacturersModelName": "Prisma_fit",
    "PhaseEncodingDirection": "i-",
    "PhaseEncodingLines": 224,
    "ProcedureStepDescription": "HAssal_Music",
    "ProtocolName": "t1_mprage_short_32channel",
    "RepetitionTime": 2.3,
    "ScanningSequence": "GR_IR",
    "SequenceName": "_tfl3d1_16ns",
    "SequenceVariant": "SK_SP_MP",
    "SeriesDescription": "t1_mprage_short_32channel",
    "SoftwareVersions": "syngo_MR_E11",
    "dataset": "ds003085",
    "modality": "T1w",
    "subject_id": "15"
  },
  "cjv": 0.3674256157895885,
  "cnr": 3.7605103403177407,
  "efc": 0.5899363550947582,
  "fber": 61408.17180990043,
  "fwhm_avg": 4.489510621926503,
  "fwhm_x": 4.327711865779508,
  "fwhm_y": 4.57969,
  "fwhm_z": 4.56113,
  "icvs_csf": 0.18362249585934384,
  "icvs_gm": 0.45139118809031903,
  "icvs_wm": 0.3649863160503371,
  "inu_med": 0.3007412999868393,
  "inu_range": 0.08431080281734465,
  "provenance": {
    "md5sum": "c6ec7bbd8950d9966a8ec911eeff64ef",
    "settings": {
      "testing": false
    },
    "software": "mriqc",
    "version": "22.0.1",
    "warnings": {
      "large_rot_frame": true,
      "small_air_mask": false
    },
    "webapi_port": null,
    "webapi_url": "https://mriqc.nimh.nih.gov/api/v1"
  },
  "qi_1": 0.0,
  "qi_2": 0.015251310074704823,
  "rpve_csf": 23.537883931780964,
  "rpve_gm": 10.496189336057979,
  "rpve_wm": 14.562549931823506,
  "size_x": 176,
  "size_y": 224,
  "size_z": 256,
  "snr_csf": 2.990407660481035,
  "snr_gm": 16.856727365609423,
  "snr_total": 16.799624848425328,
  "snr_wm": 30.55173951918552,
  "snrd_csf": 28.723466269471775,
  "snrd_gm": 66.99378062248331,
  "snrd_total": 60.383453597872226,
  "snrd_wm": 85.43311390166159,
  "spacing_x": 0.9999972581863403,
  "spacing_y": 1.0,
  "spacing_z": 1.0,
  "summary_bg_k": 47.671496155538996,
  "summary_bg_mad": 0.0,
  "summary_bg_mean": 3.2314708061569304,
  "summary_bg_median": 0.0,
  "summary_bg_n": 2173036.0,
  "summary_bg_p05": 0.0,
  "summary_bg_p95": 15.762487191706896,
  "summary_bg_stdv": 7.668736921401529,
  "summary_csf_k": 1.1974804833202466,
  "summary_csf_mad": 68.91968560982394,
  "summary_csf_mean": 335.00452161051817,
  "summary_csf_median": 336.2241913154721,
  "summary_csf_n": 35321.0,
  "summary_csf_p05": 99.40706447139382,
  "summary_csf_p95": 521.0272205322981,
  "summary_csf_stdv": 112.432641266324,
  "summary_gm_k": -0.06787391713398838,
  "summary_gm_mad": 47.48982421957002,
  "summary_gm_mean": 783.8454834439159,
  "summary_gm_median": 784.1995635777712,
  "summary_gm_n": 45985.0,
  "summary_gm_p05": 707.4550308920443,
  "summary_gm_p95": 859.8046393580735,
  "summary_gm_stdv": 46.52095390962753,
  "summary_wm_k": 0.4879922507619412,
  "summary_wm_mad": 31.81630515896094,
  "summary_wm_mean": 1001.3754824953922,
  "summary_wm_median": 1000.0422429405153,
  "summary_wm_n": 207128.0,
  "summary_wm_p05": 950.7923833616078,
  "summary_wm_p95": 1057.3105029650033,
  "summary_wm_stdv": 32.732664149659705,
  "tpm_overlap_csf": 0.14603154658637216,
  "tpm_overlap_gm": 0.4568029260169612,
  "tpm_overlap_wm": 0.4828481402708724,
  "wm2max": 0.8918227038851209
}