{
  "aor": 0.000637188679245283,
  "aqi": 0.003109193188679245,
  "bids_meta": {
    "AcquisitionNumber": 1,
    "AcquisitionTime": "12:07:43.270000",
    "BandwidthPerPixelPhaseEncode": 25.355,
    "BodyPartExamined": "BRAIN",
    "ConversionSoftware": "dcm2niix",
    "ConversionSoftwareVersion": "v1.0.20170724 (OpenJPEG build) GCC6.1.0",
    "DeviceSerialNumber": "67025",
    "EchoTime": 0.035,
    "EchoTrainLength": 68,
    "EffectiveEchoSpacing": 0.000579999,
    "FlipAngle": 52,
    "ImageType": [
      "ORIGINAL",
      "PRIMARY",
      "M",
      "MB",
      "ND",
      "MOSAIC"
    ],
    "InstitutionAddress": "McClintock_3520A_Los_Angeles_SVC0e0594213b1104_CA_US_90089",
    "InstitutionName": "USC",
    "MagneticFieldStrength": 3,
    "Manufacturer": "Siemens",
    "ManufacturersModelName": "Prisma_fit",
    "PhaseEncodingDirection": "j-",
    "PhaseEncodingLines": 68,
    "ProcedureStepDescription": "HAssal_Music",
    "ProtocolName": "MUSIC_DYNAMICS_SNL_L",
    "RepetitionTime": 1,
    "ScanningSequence": "EP",
    "SequenceName": "epfid2d1_68",
    "SequenceVariant": "SK_SS",
    "SeriesDescription": "MUSIC_DYNAMICS_SNL_L",
    "SliceTiming": [
      0,
      0.49,
      0.1625,
      0.815,
      0.325,
      0.6525,
      0,
      0.49,
      0.1625,
      0.815,
      0.325,
      0.6525,
      0,
      0.49,
      0.1625,
      0.815,
      0.325,
      0.6525,
      0,
      0.49,
      0.1625,
      0.815,
      0.325,
      0.6525,
      0,
      0.49,
      0.1625,
      0.815,
      0.325,
      0.6525,
      0,
      0.49,
      0.1625,
      0.815,
      0.325,
      0.6525,
      0,
      0.49,
      0.1625,
      0.815,
      0.325,
      0.6525,
      0,
      0.49,
      0.1625,
      0.815,
      0.325,
      0.6525
    ],
    "SoftwareVersions": "syngo_MR_E11",
    "TaskName": "sadln",
    "TotalReadoutTime": 0.03886,
    "dataset": "ds003085",
    "modality": "bold",
    "subject_id": "04",
    "task_id": "sadln"
  },
  "dummy_trs": 0,
  "dvars_nstd": 21.07988586489605,
  "dvars_std": 1.052753365689981,
  "dvars_vstd": 0.9945877870321354,
  "efc": 0.5113524010261695,
  "fber": 717.2662963867188,
  "fd_mean": 0.0967997511402303,
  "fd_num": 5,
  "fd_perc": 0.9433962264150944,
  "fwhm_avg": 2.714437777777778,
  "fwhm_x": 2.48744,
  "fwhm_y": 2.87763,
  "fwhm_z": 2.7782433333333336,
  "gcor": 0.0114829,
  "gsr_x": 0.01840425282716751,
  "gsr_y": 0.043035171926021576,
  "provenance": {
    "md5sum": "976a66516ecd5bcdf8dc5f3936ceb5b6",
    "settings": {
      "fd_thres": 0.2,
      "testing": false
    },
    "software": "mriqc",
    "version": "22.0.1",
    "webapi_port": null,
    "webapi_url": "https://mriqc.nimh.nih.gov/api/v1"
  },
  "size_t": 530,
  "size_x": 68,
  "size_y": 68,
  "size_z": 48,
  "snr": 2.6957023428660225,
  "spacing_tr": 1.0,
  "spacing_x": 3.0,
  "spacing_y": 3.0,
  "spacing_z": 3.0,
  "summary_bg_k": 42.47388881116228,
  "summary_bg_mad": 115.30168677225203,
  "summary_bg_mean": 302.5794677734375,
  "summary_bg_median": 150.2660369873047,
  "summary_bg_n": 138561.0,
  "summary_bg_p05": 56.44717025756836,
  "summary_bg_p95": 1072.562255859375,
  "summary_bg_stdv": 475.9256286621094,
  "summary_fg_k": 0.7160626050827266,
  "summary_fg_mad": 1414.242890580721,
  "summary_fg_mean": 4473.7841796875,
  "summary_fg_median": 4182.29248046875,
  "summary_fg_n": 37077.0,
  "summary_fg_p05": 2475.580517578125,
  "summary_fg_p95": 7524.694433593748,
  "summary_fg_stdv": 1551.44580078125,
  "tsnr": 55.710466167423874
}