{
  "aor": 0.0005249722222222222,
  "aqi": 0.002310528222222222,
  "bids_meta": {
    "AcquisitionNumber": 1,
    "AcquisitionTime": "11:33:13.892500",
    "BandwidthPerPixelPhaseEncode": 25.355,
    "BodyPartExamined": "BRAIN",
    "ConversionSoftware": "dcm2niix",
    "ConversionSoftwareVersion": "v1.0.20170724 (OpenJPEG build) GCC6.1.0",
    "DeviceSerialNumber": "67025",
    "EchoTime": 0.035,
    "EchoTrainLength": 68,
    "EffectiveEchoSpacing": 0.000579999,
    "FlipAngle": 52,
    "ImageType": [
      "ORIGINAL",
      "PRIMARY",
      "M",
      "MB",
      "ND",
      "MOSAIC"
    ],
    "InstitutionAddress": "McClintock_3520A_Los_Angeles_SVC0e0594213b1104_CA_US_90089",
    "InstitutionName": "USC",
    "MagneticFieldStrength": 3,
    "Manufacturer": "Siemens",
    "ManufacturersModelName": "Prisma_fit",
    "PhaseEncodingDirection": "j-",
    "PhaseEncodingLines": 68,
    "ProcedureStepDescription": "HAssal_Music",
    "ProtocolName": "Resting",
    "RepetitionTime": 1,
    "ScanningSequence": "EP",
    "SequenceName": "epfid2d1_68",
    "SequenceVariant": "SK_SS",
    "SeriesDescription": "Resting",
    "SliceTiming": [
      0,
      0.49,
      0.165,
      0.8175,
      0.3275,
      0.655,
      0,
      0.49,
      0.165,
      0.8175,
      0.3275,
      0.655,
      0,
      0.49,
      0.165,
      0.8175,
      0.3275,
      0.655,
      0,
      0.49,
      0.165,
      0.8175,
      0.3275,
      0.655,
      0,
      0.49,
      0.165,
      0.8175,
      0.3275,
      0.655,
      0,
      0.49,
      0.165,
      0.8175,
      0.3275,
      0.655,
      0,
      0.49,
      0.165,
      0.8175,
      0.3275,
      0.655,
      0,
      0.49,
      0.165,
      0.8175,
      0.3275,
      0.655
    ],
    "SoftwareVersions": "syngo_MR_E11",
    "TaskName": "rest",
    "TotalReadoutTime": 0.03886,
    "dataset": "ds003085",
    "modality": "bold",
    "subject_id": "04",
    "task_id": "rest"
  },
  "dummy_trs": 0,
  "dvars_nstd": 21.3900004627855,
  "dvars_std": 1.0595783966016727,
  "dvars_vstd": 0.9881060278830087,
  "efc": 0.5069669256251543,
  "fber": 791.3639526367188,
  "fd_mean": 0.08765493401116364,
  "fd_num": 6,
  "fd_perc": 1.6666666666666667,
  "fwhm_avg": 2.71533,
  "fwhm_x": 2.4984633333333335,
  "fwhm_y": 2.85047,
  "fwhm_z": 2.7970566666666667,
  "gcor": 0.0126338,
  "gsr_x": 0.026274364441633224,
  "gsr_y": 0.034825198352336884,
  "provenance": {
    "md5sum": "3830d6ddedba31c9f696fc3610258da4",
    "settings": {
      "fd_thres": 0.2,
      "testing": false
    },
    "software": "mriqc",
    "version": "22.0.1",
    "webapi_port": null,
    "webapi_url": "https://mriqc.nimh.nih.gov/api/v1"
  },
  "size_t": 360,
  "size_x": 68,
  "size_y": 68,
  "size_z": 48,
  "snr": 2.710769775939406,
  "spacing_tr": 1.0,
  "spacing_x": 3.0,
  "spacing_y": 3.0,
  "spacing_z": 3.0,
  "summary_bg_k": 37.81375232607774,
  "summary_bg_mad": 103.3023614545844,
  "summary_bg_mean": 276.1854553222656,
  "summary_bg_median": 140.2513885498047,
  "summary_bg_n": 138652.0,
  "summary_bg_p05": 54.2388916015625,
  "summary_bg_p95": 982.9427917480463,
  "summary_bg_stdv": 423.9274597167969,
  "summary_fg_k": 0.8369629479725607,
  "summary_fg_mad": 1358.039018637738,
  "summary_fg_mean": 4431.54345703125,
  "summary_fg_median": 4140.6220703125,
  "summary_fg_n": 36808.0,
  "summary_fg_p05": 2483.7955688476563,
  "summary_fg_p95": 7480.344799804688,
  "summary_fg_stdv": 1527.4501953125,
  "tsnr": 61.33075407799333
}