{
  "aor": 0.002117158469945355,
  "aqi": 0.002429569453551913,
  "bids_meta": {
    "AcquisitionNumber": 1,
    "AcquisitionTime": "12:03:4.607500",
    "BandwidthPerPixelPhaseEncode": 25.355,
    "BodyPartExamined": "BRAIN",
    "ConversionSoftware": "dcm2niix",
    "ConversionSoftwareVersion": "v1.0.20170724 (OpenJPEG build) GCC6.1.0",
    "DeviceSerialNumber": "67025",
    "EchoTime": 0.035,
    "EchoTrainLength": 68,
    "EffectiveEchoSpacing": 0.000579999,
    "FlipAngle": 52,
    "ImageType": [
      "ORIGINAL",
      "PRIMARY",
      "M",
      "MB",
      "ND",
      "MOSAIC"
    ],
    "InstitutionAddress": "McClintock_3520A_Los_Angeles_SVC0e0594213b1104_CA_US_90089",
    "InstitutionName": "USC",
    "MagneticFieldStrength": 3,
    "Manufacturer": "Siemens",
    "ManufacturersModelName": "Prisma_fit",
    "PhaseEncodingDirection": "j-",
    "PhaseEncodingLines": 68,
    "ProcedureStepDescription": "HAssal_Music",
    "ProtocolName": "MUSIC_DYNAMICS_HNL",
    "RepetitionTime": 1,
    "ScanningSequence": "EP",
    "SequenceName": "epfid2d1_68",
    "SequenceVariant": "SK_SS",
    "SeriesDescription": "MUSIC_DYNAMICS_HNL",
    "SliceTiming": [
      0,
      0.49,
      0.1625,
      0.8175,
      0.3275,
      0.6525,
      0,
      0.49,
      0.1625,
      0.8175,
      0.3275,
      0.6525,
      0,
      0.49,
      0.1625,
      0.8175,
      0.3275,
      0.6525,
      0,
      0.49,
      0.1625,
      0.8175,
      0.3275,
      0.6525,
      0,
      0.49,
      0.1625,
      0.8175,
      0.3275,
      0.6525,
      0,
      0.49,
      0.1625,
      0.8175,
      0.3275,
      0.6525,
      0,
      0.49,
      0.1625,
      0.8175,
      0.3275,
      0.6525,
      0,
      0.49,
      0.1625,
      0.8175,
      0.3275,
      0.6525
    ],
    "SoftwareVersions": "syngo_MR_E11",
    "TaskName": "happy",
    "TotalReadoutTime": 0.03886,
    "dataset": "ds003085",
    "modality": "bold",
    "subject_id": "04",
    "task_id": "happy"
  },
  "dummy_trs": 0,
  "dvars_nstd": 21.36139741807694,
  "dvars_std": 1.0665138985714284,
  "dvars_vstd": 1.0124398597252748,
  "efc": 0.5111473495207668,
  "fber": 721.2321166992188,
  "fd_mean": 0.0992197974580587,
  "fd_num": 6,
  "fd_perc": 3.278688524590164,
  "fwhm_avg": 2.7141877777777776,
  "fwhm_x": 2.476383333333333,
  "fwhm_y": 2.8726333333333334,
  "fwhm_z": 2.7935466666666664,
  "gcor": 0.0194336,
  "gsr_x": 0.018382642418146133,
  "gsr_y": 0.0411028116941452,
  "provenance": {
    "md5sum": "4f6d34d6c6d46f1c0225b2b2e6d2407f",
    "settings": {
      "fd_thres": 0.2,
      "testing": false
    },
    "software": "mriqc",
    "version": "22.0.1",
    "webapi_port": null,
    "webapi_url": "https://mriqc.nimh.nih.gov/api/v1"
  },
  "size_t": 183,
  "size_x": 68,
  "size_y": 68,
  "size_z": 48,
  "snr": 2.6889084975271706,
  "spacing_tr": 1.0,
  "spacing_x": 3.0,
  "spacing_y": 3.0,
  "spacing_z": 3.0,
  "summary_bg_k": 37.23385195246023,
  "summary_bg_mad": 114.63026722813844,
  "summary_bg_mean": 301.92474365234375,
  "summary_bg_median": 150.37158203125,
  "summary_bg_n": 138672.0,
  "summary_bg_p05": 56.52458953857422,
  "summary_bg_p95": 1078.0089660644514,
  "summary_bg_stdv": 468.07806396484375,
  "summary_fg_k": 0.7518911536606367,
  "summary_fg_mad": 1417.5052669956112,
  "summary_fg_mean": 4489.978515625,
  "summary_fg_median": 4191.08203125,
  "summary_fg_n": 36926.0,
  "summary_fg_p05": 2486.5245971679688,
  "summary_fg_p95": 7534.932861328125,
  "summary_fg_stdv": 1558.6343994140625,
  "tsnr": 61.10193135030568
}