{
  "aor": 0.00040500000000000003,
  "aqi": 0.0042990182962962965,
  "bids_meta": {
    "AcquisitionNumber": 1,
    "AcquisitionTime": "11:57:25.527500",
    "BandwidthPerPixelPhaseEncode": 25.355,
    "BodyPartExamined": "BRAIN",
    "ConversionSoftware": "dcm2niix",
    "ConversionSoftwareVersion": "v1.0.20170724 (OpenJPEG build) GCC6.1.0",
    "DeviceSerialNumber": "67025",
    "EchoTime": 0.035,
    "EchoTrainLength": 68,
    "EffectiveEchoSpacing": 0.000579999,
    "FlipAngle": 52,
    "ImageType": [
      "ORIGINAL",
      "PRIMARY",
      "M",
      "MB",
      "ND",
      "MOSAIC"
    ],
    "InstitutionAddress": "McClintock_3520A_Los_Angeles_SVC0e0594213b1104_CA_US_90089",
    "InstitutionName": "USC",
    "MagneticFieldStrength": 3,
    "Manufacturer": "Siemens",
    "ManufacturersModelName": "Prisma_fit",
    "PhaseEncodingDirection": "j-",
    "PhaseEncodingLines": 68,
    "ProcedureStepDescription": "HAssal_Music",
    "ProtocolName": "MUSIC_DYNAMICS_SNL",
    "RepetitionTime": 1,
    "ScanningSequence": "EP",
    "SequenceName": "epfid2d1_68",
    "SequenceVariant": "SK_SS",
    "SeriesDescription": "MUSIC_DYNAMICS_SNL",
    "SliceTiming": [
      0,
      0.49,
      0.165,
      0.8175,
      0.3275,
      0.655,
      0,
      0.49,
      0.165,
      0.8175,
      0.3275,
      0.655,
      0,
      0.49,
      0.165,
      0.8175,
      0.3275,
      0.655,
      0,
      0.49,
      0.165,
      0.8175,
      0.3275,
      0.655,
      0,
      0.49,
      0.165,
      0.8175,
      0.3275,
      0.655,
      0,
      0.49,
      0.165,
      0.8175,
      0.3275,
      0.655,
      0,
      0.49,
      0.165,
      0.8175,
      0.3275,
      0.655,
      0,
      0.49,
      0.165,
      0.8175,
      0.3275,
      0.655
    ],
    "SoftwareVersions": "syngo_MR_E11",
    "TaskName": "sadsh",
    "TotalReadoutTime": 0.03886,
    "dataset": "ds003085",
    "modality": "bold",
    "subject_id": "04",
    "task_id": "sadsh"
  },
  "dummy_trs": 1,
  "dvars_nstd": 21.08603368286245,
  "dvars_std": 0.9668807898141261,
  "dvars_vstd": 0.9308713813382898,
  "efc": 0.5110436661173985,
  "fber": 711.3955688476562,
  "fd_mean": 0.10708139516480684,
  "fd_num": 13,
  "fd_perc": 4.814814814814815,
  "fwhm_avg": 2.7369533333333336,
  "fwhm_x": 2.498866666666667,
  "fwhm_y": 2.90687,
  "fwhm_z": 2.805123333333333,
  "gcor": 0.0168616,
  "gsr_x": 0.01819937862455845,
  "gsr_y": 0.04160584136843681,
  "provenance": {
    "md5sum": "28ae9fd4b19dc1809b7b2f7b304e173f",
    "settings": {
      "fd_thres": 0.2,
      "testing": false
    },
    "software": "mriqc",
    "version": "22.0.1",
    "webapi_port": null,
    "webapi_url": "https://mriqc.nimh.nih.gov/api/v1"
  },
  "size_t": 270,
  "size_x": 68,
  "size_y": 68,
  "size_z": 48,
  "snr": 2.7043613433365437,
  "spacing_tr": 1.0,
  "spacing_x": 3.0,
  "spacing_y": 3.0,
  "spacing_z": 3.0,
  "summary_bg_k": 35.838252336139945,
  "summary_bg_mad": 116.30740216876517,
  "summary_bg_mean": 302.89849853515625,
  "summary_bg_median": 151.78147888183594,
  "summary_bg_n": 138921.0,
  "summary_bg_p05": 56.71110916137695,
  "summary_bg_p95": 1077.5333251953125,
  "summary_bg_stdv": 465.8586730957031,
  "summary_fg_k": 0.7129448286226601,
  "summary_fg_mad": 1422.5951967799438,
  "summary_fg_mean": 4501.88525390625,
  "summary_fg_median": 4204.61474609375,
  "summary_fg_n": 36789.0,
  "summary_fg_p05": 2503.973291015625,
  "summary_fg_p95": 7540.816113281245,
  "summary_fg_stdv": 1554.732177734375,
  "tsnr": 49.13617661828175
}