{
  "aor": 0.000956502732240437,
  "aqi": 0.002432723551912568,
  "bids_meta": {
    "AcquisitionNumber": 1,
    "AcquisitionTime": "12:21:31.902500",
    "BandwidthPerPixelPhaseEncode": 25.355,
    "BodyPartExamined": "BRAIN",
    "ConversionSoftware": "dcm2niix",
    "ConversionSoftwareVersion": "v1.0.20170724 (OpenJPEG build) GCC6.1.0",
    "DeviceSerialNumber": "67025",
    "EchoTime": 0.035,
    "EchoTrainLength": 68,
    "EffectiveEchoSpacing": 0.000579999,
    "FlipAngle": 52,
    "ImageType": [
      "ORIGINAL",
      "PRIMARY",
      "M",
      "MB",
      "ND",
      "MOSAIC"
    ],
    "InstitutionAddress": "McClintock_3520A_Los_Angeles_SVC0e0594213b1104_CA_US_90089",
    "InstitutionName": "USC",
    "MagneticFieldStrength": 3,
    "Manufacturer": "Siemens",
    "ManufacturersModelName": "Prisma_fit",
    "PhaseEncodingDirection": "j-",
    "PhaseEncodingLines": 68,
    "ProcedureStepDescription": "HAssal_Music",
    "ProtocolName": "MUSIC_DYNAMICS_HNL",
    "RepetitionTime": 1,
    "ScanningSequence": "EP",
    "SequenceName": "epfid2d1_68",
    "SequenceVariant": "SK_SS",
    "SeriesDescription": "MUSIC_DYNAMICS_HNL",
    "SliceTiming": [
      0,
      0.49,
      0.1625,
      0.815,
      0.325,
      0.6525,
      0,
      0.49,
      0.1625,
      0.815,
      0.325,
      0.6525,
      0,
      0.49,
      0.1625,
      0.815,
      0.325,
      0.6525,
      0,
      0.49,
      0.1625,
      0.815,
      0.325,
      0.6525,
      0,
      0.49,
      0.1625,
      0.815,
      0.325,
      0.6525,
      0,
      0.49,
      0.1625,
      0.815,
      0.325,
      0.6525,
      0,
      0.49,
      0.1625,
      0.815,
      0.325,
      0.6525,
      0,
      0.49,
      0.1625,
      0.815,
      0.325,
      0.6525
    ],
    "SoftwareVersions": "syngo_MR_E11",
    "TaskName": "happy",
    "TotalReadoutTime": 0.03886,
    "dataset": "ds003085",
    "modality": "bold",
    "subject_id": "13",
    "task_id": "happy"
  },
  "dummy_trs": 0,
  "dvars_nstd": 22.102027809230783,
  "dvars_std": 1.0560477275274724,
  "dvars_vstd": 1.004699894010989,
  "efc": 0.4921729499332631,
  "fber": 1085.68798828125,
  "fd_mean": 0.13595491054372247,
  "fd_num": 24,
  "fd_perc": 13.114754098360656,
  "fwhm_avg": 2.64471,
  "fwhm_x": 2.46291,
  "fwhm_y": 2.805403333333333,
  "fwhm_z": 2.6658166666666667,
  "gcor": 0.0194815,
  "gsr_x": 0.006227984558790922,
  "gsr_y": 0.07257751375436783,
  "provenance": {
    "md5sum": "c2ae67e9c21b169a82e7a8e37c186036",
    "settings": {
      "fd_thres": 0.2,
      "testing": false
    },
    "software": "mriqc",
    "version": "22.0.1",
    "webapi_port": null,
    "webapi_url": "https://mriqc.nimh.nih.gov/api/v1"
  },
  "size_t": 183,
  "size_x": 68,
  "size_y": 68,
  "size_z": 48,
  "snr": 3.149609826007858,
  "spacing_tr": 1.0,
  "spacing_x": 3.0,
  "spacing_y": 3.0,
  "spacing_z": 3.0,
  "summary_bg_k": 30.007182896784293,
  "summary_bg_mad": 88.61181256756676,
  "summary_bg_mean": 283.0203857421875,
  "summary_bg_median": 122.19398498535156,
  "summary_bg_n": 147826.0,
  "summary_bg_p05": 52.551910400390625,
  "summary_bg_p95": 1111.0668640136719,
  "summary_bg_stdv": 461.7259216308594,
  "summary_fg_k": 0.41484099497892046,
  "summary_fg_mad": 1218.2780601398954,
  "summary_fg_mean": 4306.7880859375,
  "summary_fg_median": 4102.39892578125,
  "summary_fg_n": 32819.0,
  "summary_fg_p05": 2534.9906982421876,
  "summary_fg_p95": 6751.589111328121,
  "summary_fg_stdv": 1302.4903564453125,
  "tsnr": 60.07806597277522
}