{
  "aor": 0.00029105660377358493,
  "aqi": 0.004542407509433962,
  "bids_meta": {
    "AcquisitionNumber": 1,
    "AcquisitionTime": "12:26:18.690000",
    "BandwidthPerPixelPhaseEncode": 25.355,
    "BodyPartExamined": "BRAIN",
    "ConversionSoftware": "dcm2niix",
    "ConversionSoftwareVersion": "v1.0.20170724 (OpenJPEG build) GCC6.1.0",
    "DeviceSerialNumber": "67025",
    "EchoTime": 0.035,
    "EchoTrainLength": 68,
    "EffectiveEchoSpacing": 0.000579999,
    "FlipAngle": 52,
    "ImageType": [
      "ORIGINAL",
      "PRIMARY",
      "M",
      "MB",
      "ND",
      "MOSAIC"
    ],
    "InstitutionAddress": "McClintock_3520A_Los_Angeles_SVC0e0594213b1104_CA_US_90089",
    "InstitutionName": "USC",
    "MagneticFieldStrength": 3,
    "Manufacturer": "Siemens",
    "ManufacturersModelName": "Prisma_fit",
    "PhaseEncodingDirection": "j-",
    "PhaseEncodingLines": 68,
    "ProcedureStepDescription": "HAssal_Music",
    "ProtocolName": "MUSIC_DYNAMICS_SNL_L",
    "RepetitionTime": 1,
    "ScanningSequence": "EP",
    "SequenceName": "epfid2d1_68",
    "SequenceVariant": "SK_SS",
    "SeriesDescription": "MUSIC_DYNAMICS_SNL_L",
    "SliceTiming": [
      0,
      0.49,
      0.1625,
      0.815,
      0.325,
      0.6525,
      0,
      0.49,
      0.1625,
      0.815,
      0.325,
      0.6525,
      0,
      0.49,
      0.1625,
      0.815,
      0.325,
      0.6525,
      0,
      0.49,
      0.1625,
      0.815,
      0.325,
      0.6525,
      0,
      0.49,
      0.1625,
      0.815,
      0.325,
      0.6525,
      0,
      0.49,
      0.1625,
      0.815,
      0.325,
      0.6525,
      0,
      0.49,
      0.1625,
      0.815,
      0.325,
      0.6525,
      0,
      0.49,
      0.1625,
      0.815,
      0.325,
      0.6525
    ],
    "SoftwareVersions": "syngo_MR_E11",
    "TaskName": "sadln",
    "TotalReadoutTime": 0.03886,
    "dataset": "ds003085",
    "modality": "bold",
    "subject_id": "13",
    "task_id": "sadln"
  },
  "dummy_trs": 0,
  "dvars_nstd": 21.499350841795845,
  "dvars_std": 0.9854356639886579,
  "dvars_vstd": 0.9527270338563318,
  "efc": 0.49121386792800925,
  "fber": 1096.8995361328125,
  "fd_mean": 0.13762473712099518,
  "fd_num": 77,
  "fd_perc": 14.528301886792454,
  "fwhm_avg": 2.6793033333333334,
  "fwhm_x": 2.5016233333333333,
  "fwhm_y": 2.82296,
  "fwhm_z": 2.7133266666666667,
  "gcor": 0.025448,
  "gsr_x": 0.007000909652560949,
  "gsr_y": 0.07218863815069199,
  "provenance": {
    "md5sum": "eaafb46d382fc6a503aa672fb85c489c",
    "settings": {
      "fd_thres": 0.2,
      "testing": false
    },
    "software": "mriqc",
    "version": "22.0.1",
    "webapi_port": null,
    "webapi_url": "https://mriqc.nimh.nih.gov/api/v1"
  },
  "size_t": 530,
  "size_x": 68,
  "size_y": 68,
  "size_z": 48,
  "snr": 3.128663370128534,
  "spacing_tr": 1.0,
  "spacing_x": 3.0,
  "spacing_y": 3.0,
  "spacing_z": 3.0,
  "summary_bg_k": 31.734628476864337,
  "summary_bg_mad": 88.39386816376113,
  "summary_bg_mean": 279.49554443359375,
  "summary_bg_median": 121.40377807617188,
  "summary_bg_n": 147641.0,
  "summary_bg_p05": 52.23207473754883,
  "summary_bg_p95": 1084.611328125,
  "summary_bg_stdv": 455.33935546875,
  "summary_fg_k": 0.4467659112354161,
  "summary_fg_mad": 1218.696308885863,
  "summary_fg_mean": 4324.89501953125,
  "summary_fg_median": 4111.8984375,
  "summary_fg_n": 32878.0,
  "summary_fg_p05": 2549.5353393554688,
  "summary_fg_p95": 6809.156176757812,
  "summary_fg_stdv": 1314.246826171875,
  "tsnr": 47.09713641600683
}