{
  "bids_meta": {
    "AccelFactPE": 2,
    "AcquisitionNumber": 1,
    "AcquisitionTime": "15:18:17.750000",
    "BodyPartExamined": "BRAIN",
    "ConversionSoftware": "dcm2niix",
    "ConversionSoftwareVersion": "v1.0.20170724 (OpenJPEG build) GCC6.1.0",
    "DeviceSerialNumber": "67025",
    "EchoTime": 0.00226,
    "FlipAngle": 9,
    "ImageType": [
      "ORIGINAL",
      "PRIMARY",
      "M",
      "ND",
      "NORM"
    ],
    "InstitutionAddress": "McClintock_3520A_Los_Angeles_SVC0e0594213b1104_CA_US_90089",
    "InstitutionName": "USC",
    "InversionTime": 1.06,
    "MagneticFieldStrength": 3,
    "Manufacturer": "Siemens",
    "ManufacturersModelName": "Prisma_fit",
    "PhaseEncodingDirection": "i-",
    "PhaseEncodingLines": 224,
    "ProcedureStepDescription": "HAssal_Music",
    "ProtocolName": "t1_mprage_short_32channel",
    "RepetitionTime": 2.3,
    "ScanningSequence": "GR_IR",
    "SequenceName": "_tfl3d1_16ns",
    "SequenceVariant": "SK_SP_MP",
    "SeriesDescription": "t1_mprage_short_32channel",
    "SoftwareVersions": "syngo_MR_E11",
    "dataset": "ds003085",
    "modality": "T1w",
    "subject_id": "17"
  },
  "cjv": 0.3790521539001383,
  "cnr": 3.5831274781190334,
  "efc": 0.558523857918071,
  "fber": -1.0,
  "fwhm_avg": 4.545180361616698,
  "fwhm_x": 4.550191084850093,
  "fwhm_y": 4.45711,
  "fwhm_z": 4.62824,
  "icvs_csf": 0.23177314609089905,
  "icvs_gm": 0.41786257729212717,
  "icvs_wm": 0.3503642766169738,
  "inu_med": 0.2848116159439087,
  "inu_range": 0.06992939412593835,
  "provenance": {
    "md5sum": "abedaa6878c2f9a3db6aead47bbc5082",
    "settings": {
      "testing": false
    },
    "software": "mriqc",
    "version": "22.0.1",
    "warnings": {
      "large_rot_frame": true,
      "small_air_mask": false
    },
    "webapi_port": null,
    "webapi_url": "https://mriqc.nimh.nih.gov/api/v1"
  },
  "qi_1": 0.011221313078628243,
  "qi_2": 0.035904697788796396,
  "rpve_csf": 21.20160857001426,
  "rpve_gm": 11.828968675764559,
  "rpve_wm": 16.25427801066826,
  "size_x": 176,
  "size_y": 224,
  "size_z": 256,
  "snr_csf": 3.1262034252936877,
  "snr_gm": 15.07165412257002,
  "snr_total": 17.531004982865017,
  "snr_wm": 34.39515740073135,
  "snrd_csf": 86.49985068489254,
  "snrd_gm": 206.9956712559786,
  "snrd_total": 185.62768893051904,
  "snrd_wm": 263.38754485068597,
  "spacing_x": 0.9999997615814209,
  "spacing_y": 1.0,
  "spacing_z": 1.0,
  "summary_bg_k": 47.20085047641388,
  "summary_bg_mad": 0.0,
  "summary_bg_mean": 1.0250145466635936,
  "summary_bg_median": 0.0,
  "summary_bg_n": 2109416.0,
  "summary_bg_p05": 0.0,
  "summary_bg_p95": 4.044407606124878,
  "summary_bg_stdv": 2.4874482902959256,
  "summary_csf_k": 1.9799643469323103,
  "summary_csf_mad": 61.79133243907816,
  "summary_csf_mean": 328.2179031884924,
  "summary_csf_median": 328.4261196553707,
  "summary_csf_n": 61677.0,
  "summary_csf_p05": 107.61764199137689,
  "summary_csf_p95": 508.21217097043973,
  "summary_csf_stdv": 105.05505000698568,
  "summary_gm_k": -0.2410536863172119,
  "summary_gm_mad": 54.14611663511652,
  "summary_gm_mean": 783.7159670710844,
  "summary_gm_median": 785.9295080602169,
  "summary_gm_n": 39754.0,
  "summary_gm_p05": 696.5076558887959,
  "summary_gm_p95": 867.4849874377251,
  "summary_gm_stdv": 52.14554531941344,
  "summary_wm_k": 0.9403409999184151,
  "summary_wm_mad": 27.013095840664445,
  "summary_wm_mean": 1001.3037894717186,
  "summary_wm_median": 1000.0404467284679,
  "summary_wm_n": 190520.0,
  "summary_wm_p05": 956.1990682780743,
  "summary_wm_p95": 1050.3933214247227,
  "summary_wm_stdv": 29.074959901222112,
  "tpm_overlap_csf": 0.1483776920534118,
  "tpm_overlap_gm": 0.4658728478209462,
  "tpm_overlap_wm": 0.49938836136240927,
  "wm2max": 0.9161525778543508
}