{
  "aor": 0.00036487465181058495,
  "aqi": 0.004356588050139276,
  "bids_meta": {
    "AcquisitionNumber": 1,
    "AcquisitionTime": "15:30:14.387500",
    "BandwidthPerPixelPhaseEncode": 25.355,
    "BodyPartExamined": "BRAIN",
    "ConversionSoftware": "dcm2niix",
    "ConversionSoftwareVersion": "v1.0.20170724 (OpenJPEG build) GCC6.1.0",
    "DeviceSerialNumber": "67025",
    "EchoTime": 0.035,
    "EchoTrainLength": 68,
    "EffectiveEchoSpacing": 0.000579999,
    "FlipAngle": 52,
    "ImageType": [
      "ORIGINAL",
      "PRIMARY",
      "M",
      "MB",
      "ND",
      "MOSAIC"
    ],
    "InstitutionAddress": "McClintock_3520A_Los_Angeles_SVC0e0594213b1104_CA_US_90089",
    "InstitutionName": "USC",
    "MagneticFieldStrength": 3,
    "Manufacturer": "Siemens",
    "ManufacturersModelName": "Prisma_fit",
    "PhaseEncodingDirection": "j-",
    "PhaseEncodingLines": 68,
    "ProcedureStepDescription": "HAssal_Music",
    "ProtocolName": "Resting",
    "RepetitionTime": 1,
    "ScanningSequence": "EP",
    "SequenceName": "epfid2d1_68",
    "SequenceVariant": "SK_SS",
    "SeriesDescription": "Resting",
    "SliceTiming": [
      0,
      0.49,
      0.1625,
      0.8175,
      0.3275,
      0.6525,
      0,
      0.49,
      0.1625,
      0.8175,
      0.3275,
      0.6525,
      0,
      0.49,
      0.1625,
      0.8175,
      0.3275,
      0.6525,
      0,
      0.49,
      0.1625,
      0.8175,
      0.3275,
      0.6525,
      0,
      0.49,
      0.1625,
      0.8175,
      0.3275,
      0.6525,
      0,
      0.49,
      0.1625,
      0.8175,
      0.3275,
      0.6525,
      0,
      0.49,
      0.1625,
      0.8175,
      0.3275,
      0.6525,
      0,
      0.49,
      0.1625,
      0.8175,
      0.3275,
      0.6525
    ],
    "SoftwareVersions": "syngo_MR_E11",
    "TaskName": "rest",
    "TotalReadoutTime": 0.03886,
    "dataset": "ds003085",
    "modality": "bold",
    "subject_id": "35",
    "task_id": "rest"
  },
  "dummy_trs": 1,
  "dvars_nstd": 24.95574179698324,
  "dvars_std": 1.0483816573743017,
  "dvars_vstd": 0.9643975225418997,
  "efc": 0.536426946086145,
  "fber": 683.459716796875,
  "fd_mean": 0.17386367325399235,
  "fd_num": 157,
  "fd_perc": 43.73259052924791,
  "fwhm_avg": 2.8525255555555553,
  "fwhm_x": 2.65991,
  "fwhm_y": 2.9611066666666663,
  "fwhm_z": 2.93656,
  "gcor": 0.00937887,
  "gsr_x": -0.0015272180316969752,
  "gsr_y": 0.07205646485090256,
  "provenance": {
    "md5sum": "a98aa6aa4bd46176bf4ff33c2434f43f",
    "settings": {
      "fd_thres": 0.2,
      "testing": false
    },
    "software": "mriqc",
    "version": "22.0.1",
    "webapi_port": null,
    "webapi_url": "https://mriqc.nimh.nih.gov/api/v1"
  },
  "size_t": 359,
  "size_x": 68,
  "size_y": 68,
  "size_z": 48,
  "snr": 2.4193597292400373,
  "spacing_tr": 1.0,
  "spacing_x": 3.0,
  "spacing_y": 3.0,
  "spacing_z": 3.0,
  "summary_bg_k": 20.99691966214124,
  "summary_bg_mad": 120.63179060524118,
  "summary_bg_mean": 362.7734375,
  "summary_bg_median": 156.9025115966797,
  "summary_bg_n": 131864.0,
  "summary_bg_p05": 62.19818744659424,
  "summary_bg_p95": 1427.6125061035139,
  "summary_bg_stdv": 574.8727416992188,
  "summary_fg_k": 1.133751363640612,
  "summary_fg_mad": 1564.1996350382478,
  "summary_fg_mean": 4643.94091796875,
  "summary_fg_median": 4278.333984375,
  "summary_fg_n": 43985.0,
  "summary_fg_p05": 2439.658935546875,
  "summary_fg_p95": 8082.22236328125,
  "summary_fg_stdv": 1768.3543701171875,
  "tsnr": 50.79982630733866
}