{
  "aor": 0.003543169398907103,
  "aqi": 0.0029683960109289616,
  "bids_meta": {
    "AcquisitionNumber": 1,
    "AcquisitionTime": "14:58:59.387500",
    "BandwidthPerPixelPhaseEncode": 25.355,
    "BodyPartExamined": "BRAIN",
    "ConversionSoftware": "dcm2niix",
    "ConversionSoftwareVersion": "v1.0.20170724 (OpenJPEG build) GCC6.1.0",
    "DeviceSerialNumber": "67025",
    "EchoTime": 0.035,
    "EchoTrainLength": 68,
    "EffectiveEchoSpacing": 0.000579999,
    "FlipAngle": 52,
    "ImageType": [
      "ORIGINAL",
      "PRIMARY",
      "M",
      "MB",
      "ND",
      "MOSAIC"
    ],
    "InstitutionAddress": "McClintock_3520A_Los_Angeles_SVC0e0594213b1104_CA_US_90089",
    "InstitutionName": "USC",
    "MagneticFieldStrength": 3,
    "Manufacturer": "Siemens",
    "ManufacturersModelName": "Prisma_fit",
    "PhaseEncodingDirection": "j-",
    "PhaseEncodingLines": 68,
    "ProcedureStepDescription": "HAssal_Music",
    "ProtocolName": "MUSIC_DYNAMICS_HNL",
    "RepetitionTime": 1,
    "ScanningSequence": "EP",
    "SequenceName": "epfid2d1_68",
    "SequenceVariant": "SK_SS",
    "SeriesDescription": "MUSIC_DYNAMICS_HNL",
    "SliceTiming": [
      0,
      0.49,
      0.1625,
      0.8175,
      0.3275,
      0.6525,
      0,
      0.49,
      0.1625,
      0.8175,
      0.3275,
      0.6525,
      0,
      0.49,
      0.1625,
      0.8175,
      0.3275,
      0.6525,
      0,
      0.49,
      0.1625,
      0.8175,
      0.3275,
      0.6525,
      0,
      0.49,
      0.1625,
      0.8175,
      0.3275,
      0.6525,
      0,
      0.49,
      0.1625,
      0.8175,
      0.3275,
      0.6525,
      0,
      0.49,
      0.1625,
      0.8175,
      0.3275,
      0.6525,
      0,
      0.49,
      0.1625,
      0.8175,
      0.3275,
      0.6525
    ],
    "SoftwareVersions": "syngo_MR_E11",
    "TaskName": "happy",
    "TotalReadoutTime": 0.03886,
    "dataset": "ds003085",
    "modality": "bold",
    "subject_id": "18",
    "task_id": "happy"
  },
  "dummy_trs": 0,
  "dvars_nstd": 28.924074561098898,
  "dvars_std": 1.1658312424725277,
  "dvars_vstd": 1.0359693742857141,
  "efc": 0.5301942811846015,
  "fber": 507.838623046875,
  "fd_mean": 0.14254679138181528,
  "fd_num": 37,
  "fd_perc": 20.218579234972676,
  "fwhm_avg": 2.797572222222222,
  "fwhm_x": 2.5743533333333333,
  "fwhm_y": 2.950806666666667,
  "fwhm_z": 2.8675566666666668,
  "gcor": 0.0341302,
  "gsr_x": 0.026562044396996498,
  "gsr_y": 0.04833495244383812,
  "provenance": {
    "md5sum": "7f0109d6ed510524feda429b2bc12f58",
    "settings": {
      "fd_thres": 0.2,
      "testing": false
    },
    "software": "mriqc",
    "version": "22.0.1",
    "webapi_port": null,
    "webapi_url": "https://mriqc.nimh.nih.gov/api/v1"
  },
  "size_t": 183,
  "size_x": 68,
  "size_y": 68,
  "size_z": 48,
  "snr": 2.5134959503513,
  "spacing_tr": 1.0,
  "spacing_x": 3.0,
  "spacing_y": 3.0,
  "spacing_z": 3.0,
  "summary_bg_k": 30.47492345337774,
  "summary_bg_mad": 146.53862196455273,
  "summary_bg_mean": 367.04974365234375,
  "summary_bg_median": 180.41256713867188,
  "summary_bg_n": 136574.0,
  "summary_bg_p05": 63.58278579711914,
  "summary_bg_p95": 1314.690429687499,
  "summary_bg_stdv": 567.83447265625,
  "summary_fg_k": 0.8560516083963527,
  "summary_fg_mad": 1527.4855031231764,
  "summary_fg_mean": 4469.85595703125,
  "summary_fg_median": 4148.41259765625,
  "summary_fg_n": 40862.0,
  "summary_fg_p05": 2343.3842041015623,
  "summary_fg_p95": 7605.536401367183,
  "summary_fg_stdv": 1650.43505859375,
  "tsnr": 53.31521503790282
}