{
  "aor": 0.0006576181474480151,
  "aqi": 0.0034030679584120985,
  "bids_meta": {
    "AcquisitionNumber": 1,
    "AcquisitionTime": "15:03:27.662500",
    "BandwidthPerPixelPhaseEncode": 25.355,
    "BodyPartExamined": "BRAIN",
    "ConversionSoftware": "dcm2niix",
    "ConversionSoftwareVersion": "v1.0.20170724 (OpenJPEG build) GCC6.1.0",
    "DeviceSerialNumber": "67025",
    "EchoTime": 0.035,
    "EchoTrainLength": 68,
    "EffectiveEchoSpacing": 0.000579999,
    "FlipAngle": 52,
    "ImageType": [
      "ORIGINAL",
      "PRIMARY",
      "M",
      "MB",
      "ND",
      "MOSAIC"
    ],
    "InstitutionAddress": "McClintock_3520A_Los_Angeles_SVC0e0594213b1104_CA_US_90089",
    "InstitutionName": "USC",
    "MagneticFieldStrength": 3,
    "Manufacturer": "Siemens",
    "ManufacturersModelName": "Prisma_fit",
    "PhaseEncodingDirection": "j-",
    "PhaseEncodingLines": 68,
    "ProcedureStepDescription": "HAssal_Music",
    "ProtocolName": "MUSIC_DYNAMICS_SNL_L",
    "RepetitionTime": 1,
    "ScanningSequence": "EP",
    "SequenceName": "epfid2d1_68",
    "SequenceVariant": "SK_SS",
    "SeriesDescription": "MUSIC_DYNAMICS_SNL_L",
    "SliceTiming": [
      0,
      0.49,
      0.165,
      0.8175,
      0.3275,
      0.655,
      0,
      0.49,
      0.165,
      0.8175,
      0.3275,
      0.655,
      0,
      0.49,
      0.165,
      0.8175,
      0.3275,
      0.655,
      0,
      0.49,
      0.165,
      0.8175,
      0.3275,
      0.655,
      0,
      0.49,
      0.165,
      0.8175,
      0.3275,
      0.655,
      0,
      0.49,
      0.165,
      0.8175,
      0.3275,
      0.655,
      0,
      0.49,
      0.165,
      0.8175,
      0.3275,
      0.655,
      0,
      0.49,
      0.165,
      0.8175,
      0.3275,
      0.655
    ],
    "SoftwareVersions": "syngo_MR_E11",
    "TaskName": "sadln",
    "TotalReadoutTime": 0.03886,
    "dataset": "ds003085",
    "modality": "bold",
    "subject_id": "18",
    "task_id": "sadln"
  },
  "dummy_trs": 1,
  "dvars_nstd": 27.25220952965911,
  "dvars_std": 1.1000633301515146,
  "dvars_vstd": 0.9896817674242429,
  "efc": 0.5314758636174658,
  "fber": 497.5675354003906,
  "fd_mean": 0.12534695639643226,
  "fd_num": 32,
  "fd_perc": 6.049149338374291,
  "fwhm_avg": 2.808441111111111,
  "fwhm_x": 2.5713500000000002,
  "fwhm_y": 2.97504,
  "fwhm_z": 2.878933333333333,
  "gcor": 0.0210074,
  "gsr_x": 0.026866108179092407,
  "gsr_y": 0.04884834960103035,
  "provenance": {
    "md5sum": "a7edc1458b176af5f226ecf026f0cfba",
    "settings": {
      "fd_thres": 0.2,
      "testing": false
    },
    "software": "mriqc",
    "version": "22.0.1",
    "webapi_port": null,
    "webapi_url": "https://mriqc.nimh.nih.gov/api/v1"
  },
  "size_t": 529,
  "size_x": 68,
  "size_y": 68,
  "size_z": 48,
  "snr": 2.4894982157595593,
  "spacing_tr": 1.0,
  "spacing_x": 3.0,
  "spacing_y": 3.0,
  "spacing_z": 3.0,
  "summary_bg_k": 32.92297395492332,
  "summary_bg_mad": 146.73138445926298,
  "summary_bg_mean": 366.6181335449219,
  "summary_bg_median": 180.91116333007812,
  "summary_bg_n": 135876.0,
  "summary_bg_p05": 64.01795959472656,
  "summary_bg_p95": 1299.78076171875,
  "summary_bg_stdv": 565.0205688476562,
  "summary_fg_k": 0.9298165975899466,
  "summary_fg_mad": 1537.0806107670378,
  "summary_fg_mean": 4463.7685546875,
  "summary_fg_median": 4143.9375,
  "summary_fg_n": 41097.0,
  "summary_fg_p05": 2325.7058593750003,
  "summary_fg_p95": 7617.63671875,
  "summary_fg_stdv": 1664.547119140625,
  "tsnr": 50.50316806300543
}