{
  "aor": 0.0007460740740740741,
  "aqi": 0.0024885877037037043,
  "bids_meta": {
    "AcquisitionNumber": 1,
    "AcquisitionTime": "15:13:42.727500",
    "BandwidthPerPixelPhaseEncode": 25.355,
    "BodyPartExamined": "BRAIN",
    "ConversionSoftware": "dcm2niix",
    "ConversionSoftwareVersion": "v1.0.20170724 (OpenJPEG build) GCC6.1.0",
    "DeviceSerialNumber": "67025",
    "EchoTime": 0.035,
    "EchoTrainLength": 68,
    "EffectiveEchoSpacing": 0.000579999,
    "FlipAngle": 52,
    "ImageType": [
      "ORIGINAL",
      "PRIMARY",
      "M",
      "MB",
      "ND",
      "MOSAIC"
    ],
    "InstitutionAddress": "McClintock_3520A_Los_Angeles_SVC0e0594213b1104_CA_US_90089",
    "InstitutionName": "USC",
    "MagneticFieldStrength": 3,
    "Manufacturer": "Siemens",
    "ManufacturersModelName": "Prisma_fit",
    "PhaseEncodingDirection": "j-",
    "PhaseEncodingLines": 68,
    "ProcedureStepDescription": "HAssal_Music",
    "ProtocolName": "MUSIC_DYNAMICS_SNL",
    "RepetitionTime": 1,
    "ScanningSequence": "EP",
    "SequenceName": "epfid2d1_68",
    "SequenceVariant": "SK_SS",
    "SeriesDescription": "MUSIC_DYNAMICS_SNL",
    "SliceTiming": [
      0,
      0.49,
      0.165,
      0.8175,
      0.3275,
      0.655,
      0,
      0.49,
      0.165,
      0.8175,
      0.3275,
      0.655,
      0,
      0.49,
      0.165,
      0.8175,
      0.3275,
      0.655,
      0,
      0.49,
      0.165,
      0.8175,
      0.3275,
      0.655,
      0,
      0.49,
      0.165,
      0.8175,
      0.3275,
      0.655,
      0,
      0.49,
      0.165,
      0.8175,
      0.3275,
      0.655,
      0,
      0.49,
      0.165,
      0.8175,
      0.3275,
      0.655,
      0,
      0.49,
      0.165,
      0.8175,
      0.3275,
      0.655
    ],
    "SoftwareVersions": "syngo_MR_E11",
    "TaskName": "sadsh",
    "TotalReadoutTime": 0.03886,
    "dataset": "ds003085",
    "modality": "bold",
    "subject_id": "18",
    "task_id": "sadsh"
  },
  "dummy_trs": 1,
  "dvars_nstd": 27.26721898345727,
  "dvars_std": 1.1322440843494428,
  "dvars_vstd": 1.0103215913754644,
  "efc": 0.5311695282028044,
  "fber": 495.043701171875,
  "fd_mean": 0.12420402363732531,
  "fd_num": 22,
  "fd_perc": 8.148148148148149,
  "fwhm_avg": 2.8033300000000003,
  "fwhm_x": 2.60284,
  "fwhm_y": 2.9514566666666666,
  "fwhm_z": 2.8556933333333334,
  "gcor": 0.0170232,
  "gsr_x": 0.02626275084912777,
  "gsr_y": 0.046837788075208664,
  "provenance": {
    "md5sum": "05f988e82f3c098407c74f49004c6f3c",
    "settings": {
      "fd_thres": 0.2,
      "testing": false
    },
    "software": "mriqc",
    "version": "22.0.1",
    "webapi_port": null,
    "webapi_url": "https://mriqc.nimh.nih.gov/api/v1"
  },
  "size_t": 270,
  "size_x": 68,
  "size_y": 68,
  "size_z": 48,
  "snr": 2.465067682732326,
  "spacing_tr": 1.0,
  "spacing_x": 3.0,
  "spacing_y": 3.0,
  "spacing_z": 3.0,
  "summary_bg_k": 29.291499521480013,
  "summary_bg_mad": 149.67692410168135,
  "summary_bg_mean": 379.68212890625,
  "summary_bg_median": 183.28887939453125,
  "summary_bg_n": 136795.0,
  "summary_bg_p05": 64.49629211425781,
  "summary_bg_p95": 1382.759265136717,
  "summary_bg_stdv": 584.1604614257812,
  "summary_fg_k": 1.0275413355352407,
  "summary_fg_mad": 1556.6418385728189,
  "summary_fg_mean": 4503.4384765625,
  "summary_fg_median": 4171.53515625,
  "summary_fg_n": 41018.0,
  "summary_fg_p05": 2334.14228515625,
  "summary_fg_p95": 7708.254711914063,
  "summary_fg_stdv": 1692.2392578125,
  "tsnr": 57.33501756191254
}