{
  "aor": 0.0007210893854748603,
  "aqi": 0.0027559585474860337,
  "bids_meta": {
    "AcquisitionNumber": 1,
    "AcquisitionTime": "14:42:49.015000",
    "BandwidthPerPixelPhaseEncode": 25.355,
    "BodyPartExamined": "BRAIN",
    "ConversionSoftware": "dcm2niix",
    "ConversionSoftwareVersion": "v1.0.20170724 (OpenJPEG build) GCC6.1.0",
    "DeviceSerialNumber": "67025",
    "EchoTime": 0.035,
    "EchoTrainLength": 68,
    "EffectiveEchoSpacing": 0.000579999,
    "FlipAngle": 52,
    "ImageType": [
      "ORIGINAL",
      "PRIMARY",
      "M",
      "MB",
      "ND",
      "MOSAIC"
    ],
    "InstitutionAddress": "McClintock_3520A_Los_Angeles_SVC0e0594213b1104_CA_US_90089",
    "InstitutionName": "USC",
    "MagneticFieldStrength": 3,
    "Manufacturer": "Siemens",
    "ManufacturersModelName": "Prisma_fit",
    "PhaseEncodingDirection": "j-",
    "PhaseEncodingLines": 68,
    "ProcedureStepDescription": "HAssal_Music",
    "ProtocolName": "Resting",
    "RepetitionTime": 1,
    "ScanningSequence": "EP",
    "SequenceName": "epfid2d1_68",
    "SequenceVariant": "SK_SS",
    "SeriesDescription": "Resting",
    "SliceTiming": [
      0,
      0.49,
      0.165,
      0.8175,
      0.3275,
      0.655,
      0,
      0.49,
      0.165,
      0.8175,
      0.3275,
      0.655,
      0,
      0.49,
      0.165,
      0.8175,
      0.3275,
      0.655,
      0,
      0.49,
      0.165,
      0.8175,
      0.3275,
      0.655,
      0,
      0.49,
      0.165,
      0.8175,
      0.3275,
      0.655,
      0,
      0.49,
      0.165,
      0.8175,
      0.3275,
      0.655,
      0,
      0.49,
      0.165,
      0.8175,
      0.3275,
      0.655,
      0,
      0.49,
      0.165,
      0.8175,
      0.3275,
      0.655
    ],
    "SoftwareVersions": "syngo_MR_E11",
    "TaskName": "rest",
    "TotalReadoutTime": 0.03886,
    "dataset": "ds003085",
    "modality": "bold",
    "subject_id": "18",
    "task_id": "rest"
  },
  "dummy_trs": 2,
  "dvars_nstd": 27.715188055770305,
  "dvars_std": 1.1308115366106446,
  "dvars_vstd": 1.0033038473389362,
  "efc": 0.5283716759745998,
  "fber": 538.30859375,
  "fd_mean": 0.11957525995342501,
  "fd_num": 17,
  "fd_perc": 4.748603351955308,
  "fwhm_avg": 2.753906666666667,
  "fwhm_x": 2.5465033333333333,
  "fwhm_y": 2.9306533333333333,
  "fwhm_z": 2.7845633333333333,
  "gcor": 0.0199615,
  "gsr_x": 0.026241261512041092,
  "gsr_y": 0.044091444462537766,
  "provenance": {
    "md5sum": "30109d874c255d95968f9fe31896d94c",
    "settings": {
      "fd_thres": 0.2,
      "testing": false
    },
    "software": "mriqc",
    "version": "22.0.1",
    "webapi_port": null,
    "webapi_url": "https://mriqc.nimh.nih.gov/api/v1"
  },
  "size_t": 358,
  "size_x": 68,
  "size_y": 68,
  "size_z": 48,
  "snr": 2.535261297813792,
  "spacing_tr": 1.0,
  "spacing_x": 3.0,
  "spacing_y": 3.0,
  "spacing_z": 3.0,
  "summary_bg_k": 31.623239513972706,
  "summary_bg_mad": 138.93804029029582,
  "summary_bg_mean": 350.3924255371094,
  "summary_bg_median": 173.6564178466797,
  "summary_bg_n": 136608.0,
  "summary_bg_p05": 62.13226013183594,
  "summary_bg_p95": 1238.5633300781246,
  "summary_bg_stdv": 538.4589233398438,
  "summary_fg_k": 0.810408343018401,
  "summary_fg_mad": 1498.3266339295083,
  "summary_fg_mean": 4430.65966796875,
  "summary_fg_median": 4107.70361328125,
  "summary_fg_n": 40937.0,
  "summary_fg_p05": 2342.126220703125,
  "summary_fg_p95": 7491.598242187498,
  "summary_fg_stdv": 1620.2091064453125,
  "tsnr": 54.50643561780453
}