{
  "aor": 0.002015459610027855,
  "aqi": 0.003916989665738161,
  "bids_meta": {
    "AcquisitionNumber": 1,
    "AcquisitionTime": "14:10:42.857500",
    "BandwidthPerPixelPhaseEncode": 25.355,
    "BodyPartExamined": "BRAIN",
    "ConversionSoftware": "dcm2niix",
    "ConversionSoftwareVersion": "v1.0.20170724 (OpenJPEG build) GCC6.1.0",
    "DeviceSerialNumber": "67025",
    "EchoTime": 0.035,
    "EchoTrainLength": 68,
    "EffectiveEchoSpacing": 0.000579999,
    "FlipAngle": 52,
    "ImageType": [
      "ORIGINAL",
      "PRIMARY",
      "M",
      "MB",
      "ND",
      "MOSAIC"
    ],
    "InstitutionAddress": "McClintock_3520A_Los_Angeles_SVC0e0594213b1104_CA_US_90089",
    "InstitutionName": "USC",
    "MagneticFieldStrength": 3,
    "Manufacturer": "Siemens",
    "ManufacturersModelName": "Prisma_fit",
    "PhaseEncodingDirection": "j-",
    "PhaseEncodingLines": 68,
    "ProcedureStepDescription": "HAssal_Music",
    "ProtocolName": "Resting",
    "RepetitionTime": 1,
    "ScanningSequence": "EP",
    "SequenceName": "epfid2d1_68",
    "SequenceVariant": "SK_SS",
    "SeriesDescription": "Resting",
    "SliceTiming": [
      0,
      0.49,
      0.1625,
      0.815,
      0.325,
      0.6525,
      0,
      0.49,
      0.1625,
      0.815,
      0.325,
      0.6525,
      0,
      0.49,
      0.1625,
      0.815,
      0.325,
      0.6525,
      0,
      0.49,
      0.1625,
      0.815,
      0.325,
      0.6525,
      0,
      0.49,
      0.1625,
      0.815,
      0.325,
      0.6525,
      0,
      0.49,
      0.1625,
      0.815,
      0.325,
      0.6525,
      0,
      0.49,
      0.1625,
      0.815,
      0.325,
      0.6525,
      0,
      0.49,
      0.1625,
      0.815,
      0.325,
      0.6525
    ],
    "SoftwareVersions": "syngo_MR_E11",
    "TaskName": "rest",
    "TotalReadoutTime": 0.03886,
    "dataset": "ds003085",
    "modality": "bold",
    "subject_id": "36",
    "task_id": "rest"
  },
  "dummy_trs": 1,
  "dvars_nstd": 22.012006871508387,
  "dvars_std": 1.0764895453631278,
  "dvars_vstd": 0.9864323627653625,
  "efc": 0.48947368744549236,
  "fber": 1165.3587646484375,
  "fd_mean": 0.10350219299151249,
  "fd_num": 4,
  "fd_perc": 1.1142061281337048,
  "fwhm_avg": 2.8092144444444442,
  "fwhm_x": 2.6153366666666664,
  "fwhm_y": 2.957046666666667,
  "fwhm_z": 2.85526,
  "gcor": 0.0166408,
  "gsr_x": -0.004058931488543749,
  "gsr_y": 0.04838543012738228,
  "provenance": {
    "md5sum": "54b440a0e45a45d5046af348cdaa0c03",
    "settings": {
      "fd_thres": 0.2,
      "testing": false
    },
    "software": "mriqc",
    "version": "22.0.1",
    "webapi_port": null,
    "webapi_url": "https://mriqc.nimh.nih.gov/api/v1"
  },
  "size_t": 359,
  "size_x": 68,
  "size_y": 68,
  "size_z": 48,
  "snr": 2.740889342754181,
  "spacing_tr": 1.0,
  "spacing_x": 3.0,
  "spacing_y": 3.0,
  "spacing_z": 3.0,
  "summary_bg_k": 22.918416870283483,
  "summary_bg_mad": 97.61221712007674,
  "summary_bg_mean": 294.225341796875,
  "summary_bg_median": 130.28411865234375,
  "summary_bg_n": 144331.0,
  "summary_bg_p05": 55.46378707885742,
  "summary_bg_p95": 1157.7966918945312,
  "summary_bg_stdv": 464.2026672363281,
  "summary_fg_k": 0.8941766890034204,
  "summary_fg_mad": 1520.414728455843,
  "summary_fg_mean": 4838.3095703125,
  "summary_fg_median": 4545.98876953125,
  "summary_fg_n": 35591.0,
  "summary_fg_p05": 2668.0362548828125,
  "summary_fg_p95": 8016.62109375,
  "summary_fg_stdv": 1658.558349609375,
  "tsnr": 52.994713719468564
}