{
  "aor": 0.0016710964083175804,
  "aqi": 0.003823337069943289,
  "bids_meta": {
    "AcquisitionNumber": 1,
    "AcquisitionTime": "14:32:2.662500",
    "BandwidthPerPixelPhaseEncode": 25.355,
    "BodyPartExamined": "BRAIN",
    "ConversionSoftware": "dcm2niix",
    "ConversionSoftwareVersion": "v1.0.20170724 (OpenJPEG build) GCC6.1.0",
    "DeviceSerialNumber": "67025",
    "EchoTime": 0.035,
    "EchoTrainLength": 68,
    "EffectiveEchoSpacing": 0.000579999,
    "FlipAngle": 52,
    "ImageType": [
      "ORIGINAL",
      "PRIMARY",
      "M",
      "MB",
      "ND",
      "MOSAIC"
    ],
    "InstitutionAddress": "McClintock_3520A_Los_Angeles_SVC0e0594213b1104_CA_US_90089",
    "InstitutionName": "USC",
    "MagneticFieldStrength": 3,
    "Manufacturer": "Siemens",
    "ManufacturersModelName": "Prisma_fit",
    "PhaseEncodingDirection": "j-",
    "PhaseEncodingLines": 68,
    "ProcedureStepDescription": "HAssal_Music",
    "ProtocolName": "MUSIC_DYNAMICS_SNL_L",
    "RepetitionTime": 1,
    "ScanningSequence": "EP",
    "SequenceName": "epfid2d1_68",
    "SequenceVariant": "SK_SS",
    "SeriesDescription": "MUSIC_DYNAMICS_SNL_L",
    "SliceTiming": [
      0,
      0.49,
      0.165,
      0.8175,
      0.3275,
      0.655,
      0,
      0.49,
      0.165,
      0.8175,
      0.3275,
      0.655,
      0,
      0.49,
      0.165,
      0.8175,
      0.3275,
      0.655,
      0,
      0.49,
      0.165,
      0.8175,
      0.3275,
      0.655,
      0,
      0.49,
      0.165,
      0.8175,
      0.3275,
      0.655,
      0,
      0.49,
      0.165,
      0.8175,
      0.3275,
      0.655,
      0,
      0.49,
      0.165,
      0.8175,
      0.3275,
      0.655,
      0,
      0.49,
      0.165,
      0.8175,
      0.3275,
      0.655
    ],
    "SoftwareVersions": "syngo_MR_E11",
    "TaskName": "sadln",
    "TotalReadoutTime": 0.03886,
    "dataset": "ds003085",
    "modality": "bold",
    "subject_id": "36",
    "task_id": "sadln"
  },
  "dummy_trs": 1,
  "dvars_nstd": 23.594173182159075,
  "dvars_std": 1.0551750284280301,
  "dvars_vstd": 0.9558549227840909,
  "efc": 0.493083873670773,
  "fber": 1087.611572265625,
  "fd_mean": 0.1168100460037176,
  "fd_num": 19,
  "fd_perc": 3.5916824196597354,
  "fwhm_avg": 2.792311111111111,
  "fwhm_x": 2.581513333333333,
  "fwhm_y": 2.9686500000000002,
  "fwhm_z": 2.82677,
  "gcor": 0.0101171,
  "gsr_x": -0.004996501374989748,
  "gsr_y": 0.04873127490282059,
  "provenance": {
    "md5sum": "64d39fe3f770c0268a0513bae955f5b5",
    "settings": {
      "fd_thres": 0.2,
      "testing": false
    },
    "software": "mriqc",
    "version": "22.0.1",
    "webapi_port": null,
    "webapi_url": "https://mriqc.nimh.nih.gov/api/v1"
  },
  "size_t": 529,
  "size_x": 68,
  "size_y": 68,
  "size_z": 48,
  "snr": 2.715879736084948,
  "spacing_tr": 1.0,
  "spacing_x": 3.0,
  "spacing_y": 3.0,
  "spacing_z": 3.0,
  "summary_bg_k": 21.84194327162169,
  "summary_bg_mad": 102.71714576413316,
  "summary_bg_mean": 302.60357666015625,
  "summary_bg_median": 134.1531219482422,
  "summary_bg_n": 143833.0,
  "summary_bg_p05": 56.158790588378906,
  "summary_bg_p95": 1188.2140380859357,
  "summary_bg_stdv": 469.5966491699219,
  "summary_fg_k": 0.9728321389926715,
  "summary_fg_mad": 1530.5305204969993,
  "summary_fg_mean": 4807.255859375,
  "summary_fg_median": 4514.708984375,
  "summary_fg_n": 35919.0,
  "summary_fg_p05": 2628.13193359375,
  "summary_fg_p95": 7966.133935546874,
  "summary_fg_stdv": 1662.314453125,
  "tsnr": 50.75104986783117
}