{
  "aor": 0.004464851851851853,
  "aqi": 0.00265744462962963,
  "bids_meta": {
    "AcquisitionNumber": 1,
    "AcquisitionTime": "14:42:7.732500",
    "BandwidthPerPixelPhaseEncode": 25.355,
    "BodyPartExamined": "BRAIN",
    "ConversionSoftware": "dcm2niix",
    "ConversionSoftwareVersion": "v1.0.20170724 (OpenJPEG build) GCC6.1.0",
    "DeviceSerialNumber": "67025",
    "EchoTime": 0.035,
    "EchoTrainLength": 68,
    "EffectiveEchoSpacing": 0.000579999,
    "FlipAngle": 52,
    "ImageType": [
      "ORIGINAL",
      "PRIMARY",
      "M",
      "MB",
      "ND",
      "MOSAIC"
    ],
    "InstitutionAddress": "McClintock_3520A_Los_Angeles_SVC0e0594213b1104_CA_US_90089",
    "InstitutionName": "USC",
    "MagneticFieldStrength": 3,
    "Manufacturer": "Siemens",
    "ManufacturersModelName": "Prisma_fit",
    "PhaseEncodingDirection": "j-",
    "PhaseEncodingLines": 68,
    "ProcedureStepDescription": "HAssal_Music",
    "ProtocolName": "MUSIC_DYNAMICS_SNL",
    "RepetitionTime": 1,
    "ScanningSequence": "EP",
    "SequenceName": "epfid2d1_68",
    "SequenceVariant": "SK_SS",
    "SeriesDescription": "MUSIC_DYNAMICS_SNL",
    "SliceTiming": [
      0,
      0.49,
      0.165,
      0.8175,
      0.3275,
      0.655,
      0,
      0.49,
      0.165,
      0.8175,
      0.3275,
      0.655,
      0,
      0.49,
      0.165,
      0.8175,
      0.3275,
      0.655,
      0,
      0.49,
      0.165,
      0.8175,
      0.3275,
      0.655,
      0,
      0.49,
      0.165,
      0.8175,
      0.3275,
      0.655,
      0,
      0.49,
      0.165,
      0.8175,
      0.3275,
      0.655,
      0,
      0.49,
      0.165,
      0.8175,
      0.3275,
      0.655,
      0,
      0.49,
      0.165,
      0.8175,
      0.3275,
      0.655
    ],
    "SoftwareVersions": "syngo_MR_E11",
    "TaskName": "sadsh",
    "TotalReadoutTime": 0.03886,
    "dataset": "ds003085",
    "modality": "bold",
    "subject_id": "36",
    "task_id": "sadsh"
  },
  "dummy_trs": 1,
  "dvars_nstd": 24.12680657111523,
  "dvars_std": 1.155932747843866,
  "dvars_vstd": 1.036440607026022,
  "efc": 0.49267760143126527,
  "fber": 1096.497802734375,
  "fd_mean": 0.1156838435639088,
  "fd_num": 14,
  "fd_perc": 5.185185185185185,
  "fwhm_avg": 2.8004355555555556,
  "fwhm_x": 2.5817733333333335,
  "fwhm_y": 2.9753900000000004,
  "fwhm_z": 2.8441433333333332,
  "gcor": 0.016442,
  "gsr_x": -0.004937408026307821,
  "gsr_y": 0.04801589995622635,
  "provenance": {
    "md5sum": "05fed04c3e6f2f48631c86e104a61b5a",
    "settings": {
      "fd_thres": 0.2,
      "testing": false
    },
    "software": "mriqc",
    "version": "22.0.1",
    "webapi_port": null,
    "webapi_url": "https://mriqc.nimh.nih.gov/api/v1"
  },
  "size_t": 270,
  "size_x": 68,
  "size_y": 68,
  "size_z": 48,
  "snr": 2.712861219141926,
  "spacing_tr": 1.0,
  "spacing_x": 3.0,
  "spacing_y": 3.0,
  "spacing_z": 3.0,
  "summary_bg_k": 21.926375951660457,
  "summary_bg_mad": 101.5637379759038,
  "summary_bg_mean": 302.44366455078125,
  "summary_bg_median": 133.50924682617188,
  "summary_bg_n": 143926.0,
  "summary_bg_p05": 56.037962913513184,
  "summary_bg_p95": 1193.8944396972656,
  "summary_bg_stdv": 471.7623291015625,
  "summary_fg_k": 0.9515816965639425,
  "summary_fg_mad": 1540.2369318962783,
  "summary_fg_mean": 4808.93994140625,
  "summary_fg_median": 4515.11083984375,
  "summary_fg_n": 35837.0,
  "summary_fg_p05": 2624.35634765625,
  "summary_fg_p95": 7987.10419921875,
  "summary_fg_stdv": 1664.3121337890625,
  "tsnr": 58.24421070283279
}