{
  "aor": 0.0017104918032786883,
  "aqi": 0.0023533678688524586,
  "bids_meta": {
    "AcquisitionNumber": 1,
    "AcquisitionTime": "15:52:24.965000",
    "BandwidthPerPixelPhaseEncode": 25.355,
    "BodyPartExamined": "BRAIN",
    "ConversionSoftware": "dcm2niix",
    "ConversionSoftwareVersion": "v1.0.20170724 (OpenJPEG build) GCC6.1.0",
    "DeviceSerialNumber": "67025",
    "EchoTime": 0.035,
    "EchoTrainLength": 68,
    "EffectiveEchoSpacing": 0.000579999,
    "FlipAngle": 52,
    "ImageType": [
      "ORIGINAL",
      "PRIMARY",
      "M",
      "MB",
      "ND",
      "MOSAIC"
    ],
    "InstitutionAddress": "McClintock_3520A_Los_Angeles_SVC0e0594213b1104_CA_US_90089",
    "InstitutionName": "USC",
    "MagneticFieldStrength": 3,
    "Manufacturer": "Siemens",
    "ManufacturersModelName": "Prisma_fit",
    "PhaseEncodingDirection": "j-",
    "PhaseEncodingLines": 68,
    "ProcedureStepDescription": "HAssal_Music",
    "ProtocolName": "MUSIC_DYNAMICS_HNL",
    "RepetitionTime": 1,
    "ScanningSequence": "EP",
    "SequenceName": "epfid2d1_68",
    "SequenceVariant": "SK_SS",
    "SeriesDescription": "MUSIC_DYNAMICS_HNL",
    "SliceTiming": [
      0,
      0.49,
      0.165,
      0.8175,
      0.3275,
      0.655,
      0,
      0.49,
      0.165,
      0.8175,
      0.3275,
      0.655,
      0,
      0.49,
      0.165,
      0.8175,
      0.3275,
      0.655,
      0,
      0.49,
      0.165,
      0.8175,
      0.3275,
      0.655,
      0,
      0.49,
      0.165,
      0.8175,
      0.3275,
      0.655,
      0,
      0.49,
      0.165,
      0.8175,
      0.3275,
      0.655,
      0,
      0.49,
      0.165,
      0.8175,
      0.3275,
      0.655,
      0,
      0.49,
      0.165,
      0.8175,
      0.3275,
      0.655
    ],
    "SoftwareVersions": "syngo_MR_E11",
    "TaskName": "happy",
    "TotalReadoutTime": 0.03886,
    "dataset": "ds003085",
    "modality": "bold",
    "subject_id": "15",
    "task_id": "happy"
  },
  "dummy_trs": 0,
  "dvars_nstd": 19.254700498626374,
  "dvars_std": 1.0447526757692314,
  "dvars_vstd": 0.9978348959890112,
  "efc": 0.5121840151688983,
  "fber": 1017.0762329101562,
  "fd_mean": 0.09287306691164215,
  "fd_num": 2,
  "fd_perc": 1.092896174863388,
  "fwhm_avg": 2.871988888888889,
  "fwhm_x": 2.62953,
  "fwhm_y": 2.9719033333333336,
  "fwhm_z": 3.014533333333333,
  "gcor": 0.014454,
  "gsr_x": 0.0085213677957654,
  "gsr_y": 0.05522460117936134,
  "provenance": {
    "md5sum": "ff9103f483d1ae82cc11ac30c776477a",
    "settings": {
      "fd_thres": 0.2,
      "testing": false
    },
    "software": "mriqc",
    "version": "22.0.1",
    "webapi_port": null,
    "webapi_url": "https://mriqc.nimh.nih.gov/api/v1"
  },
  "size_t": 183,
  "size_x": 68,
  "size_y": 68,
  "size_z": 48,
  "snr": 2.643582803115714,
  "spacing_tr": 1.0,
  "spacing_x": 3.0,
  "spacing_y": 3.0,
  "spacing_z": 3.0,
  "summary_bg_k": 23.289943530601324,
  "summary_bg_mad": 103.67278012638701,
  "summary_bg_mean": 322.6228332519531,
  "summary_bg_median": 138.1256866455078,
  "summary_bg_n": 137158.0,
  "summary_bg_p05": 56.84070987701416,
  "summary_bg_p95": 1242.4941894531223,
  "summary_bg_stdv": 539.779296875,
  "summary_fg_k": 0.4303177742773001,
  "summary_fg_mad": 1642.9422459807197,
  "summary_fg_mean": 4886.0869140625,
  "summary_fg_median": 4556.650390625,
  "summary_fg_n": 40735.0,
  "summary_fg_p05": 2641.774169921875,
  "summary_fg_p95": 8162.7347656249985,
  "summary_fg_stdv": 1723.6435546875,
  "tsnr": 63.845112791634165
}