{
  "aor": 0.002663788300835655,
  "aqi": 0.0032119851532033425,
  "bids_meta": {
    "AcquisitionNumber": 1,
    "AcquisitionTime": "15:36:40.167500",
    "BandwidthPerPixelPhaseEncode": 25.355,
    "BodyPartExamined": "BRAIN",
    "ConversionSoftware": "dcm2niix",
    "ConversionSoftwareVersion": "v1.0.20170724 (OpenJPEG build) GCC6.1.0",
    "DeviceSerialNumber": "67025",
    "EchoTime": 0.035,
    "EchoTrainLength": 68,
    "EffectiveEchoSpacing": 0.000579999,
    "FlipAngle": 52,
    "ImageType": [
      "ORIGINAL",
      "PRIMARY",
      "M",
      "MB",
      "ND",
      "MOSAIC"
    ],
    "InstitutionAddress": "McClintock_3520A_Los_Angeles_SVC0e0594213b1104_CA_US_90089",
    "InstitutionName": "USC",
    "MagneticFieldStrength": 3,
    "Manufacturer": "Siemens",
    "ManufacturersModelName": "Prisma_fit",
    "PhaseEncodingDirection": "j-",
    "PhaseEncodingLines": 68,
    "ProcedureStepDescription": "HAssal_Music",
    "ProtocolName": "Resting",
    "RepetitionTime": 1,
    "ScanningSequence": "EP",
    "SequenceName": "epfid2d1_68",
    "SequenceVariant": "SK_SS",
    "SeriesDescription": "Resting",
    "SliceTiming": [
      0,
      0.49,
      0.1625,
      0.8175,
      0.3275,
      0.6525,
      0,
      0.49,
      0.1625,
      0.8175,
      0.3275,
      0.6525,
      0,
      0.49,
      0.1625,
      0.8175,
      0.3275,
      0.6525,
      0,
      0.49,
      0.1625,
      0.8175,
      0.3275,
      0.6525,
      0,
      0.49,
      0.1625,
      0.8175,
      0.3275,
      0.6525,
      0,
      0.49,
      0.1625,
      0.8175,
      0.3275,
      0.6525,
      0,
      0.49,
      0.1625,
      0.8175,
      0.3275,
      0.6525,
      0,
      0.49,
      0.1625,
      0.8175,
      0.3275,
      0.6525
    ],
    "SoftwareVersions": "syngo_MR_E11",
    "TaskName": "rest",
    "TotalReadoutTime": 0.03886,
    "dataset": "ds003085",
    "modality": "bold",
    "subject_id": "15",
    "task_id": "rest"
  },
  "dummy_trs": 1,
  "dvars_nstd": 20.39008454932962,
  "dvars_std": 1.0567434481005593,
  "dvars_vstd": 1.0097224120949728,
  "efc": 0.5121395192869006,
  "fber": 998.8012084960938,
  "fd_mean": 0.10418925218193241,
  "fd_num": 40,
  "fd_perc": 11.142061281337048,
  "fwhm_avg": 2.875643333333333,
  "fwhm_x": 2.634333333333333,
  "fwhm_y": 2.979703333333333,
  "fwhm_z": 3.012893333333333,
  "gcor": 0.0524508,
  "gsr_x": 0.010248919017612934,
  "gsr_y": 0.052486222237348557,
  "provenance": {
    "md5sum": "4c95b1b1082d2eccdffcced34df0ade2",
    "settings": {
      "fd_thres": 0.2,
      "testing": false
    },
    "software": "mriqc",
    "version": "22.0.1",
    "webapi_port": null,
    "webapi_url": "https://mriqc.nimh.nih.gov/api/v1"
  },
  "size_t": 359,
  "size_x": 68,
  "size_y": 68,
  "size_z": 48,
  "snr": 2.6425641439211094,
  "spacing_tr": 1.0,
  "spacing_x": 3.0,
  "spacing_y": 3.0,
  "spacing_z": 3.0,
  "summary_bg_k": 24.181943164217,
  "summary_bg_mad": 110.81108925222864,
  "summary_bg_mean": 335.85546875,
  "summary_bg_median": 144.66851806640625,
  "summary_bg_n": 137009.0,
  "summary_bg_p05": 58.58774185180664,
  "summary_bg_p95": 1281.791601562499,
  "summary_bg_stdv": 567.75341796875,
  "summary_fg_k": 0.398760127291637,
  "summary_fg_mad": 1726.2607986337255,
  "summary_fg_mean": 5065.8662109375,
  "summary_fg_median": 4727.87158203125,
  "summary_fg_n": 40393.0,
  "summary_fg_p05": 2734.774951171875,
  "summary_fg_p95": 8470.287304687501,
  "summary_fg_stdv": 1789.1005859375,
  "tsnr": 56.69333123927936
}