{
  "aor": 0.006011328413284133,
  "aqi": 0.0033907454243542433,
  "bids_meta": {
    "AcquisitionNumber": 1,
    "AcquisitionTime": "16:07:52.002500",
    "BandwidthPerPixelPhaseEncode": 25.355,
    "BodyPartExamined": "BRAIN",
    "ConversionSoftware": "dcm2niix",
    "ConversionSoftwareVersion": "v1.0.20170724 (OpenJPEG build) GCC6.1.0",
    "DeviceSerialNumber": "67025",
    "EchoTime": 0.035,
    "EchoTrainLength": 68,
    "EffectiveEchoSpacing": 0.000579999,
    "FlipAngle": 52,
    "ImageType": [
      "ORIGINAL",
      "PRIMARY",
      "M",
      "MB",
      "ND",
      "MOSAIC"
    ],
    "InstitutionAddress": "McClintock_3520A_Los_Angeles_SVC0e0594213b1104_CA_US_90089",
    "InstitutionName": "USC",
    "MagneticFieldStrength": 3,
    "Manufacturer": "Siemens",
    "ManufacturersModelName": "Prisma_fit",
    "PhaseEncodingDirection": "j-",
    "PhaseEncodingLines": 68,
    "ProcedureStepDescription": "HAssal_Music",
    "ProtocolName": "MUSIC_DYNAMICS_SNL",
    "RepetitionTime": 1,
    "ScanningSequence": "EP",
    "SequenceName": "epfid2d1_68",
    "SequenceVariant": "SK_SS",
    "SeriesDescription": "MUSIC_DYNAMICS_SNL",
    "SliceTiming": [
      0,
      0.49,
      0.165,
      0.8175,
      0.3275,
      0.655,
      0,
      0.49,
      0.165,
      0.8175,
      0.3275,
      0.655,
      0,
      0.49,
      0.165,
      0.8175,
      0.3275,
      0.655,
      0,
      0.49,
      0.165,
      0.8175,
      0.3275,
      0.655,
      0,
      0.49,
      0.165,
      0.8175,
      0.3275,
      0.655,
      0,
      0.49,
      0.165,
      0.8175,
      0.3275,
      0.655,
      0,
      0.49,
      0.165,
      0.8175,
      0.3275,
      0.655,
      0,
      0.49,
      0.165,
      0.8175,
      0.3275,
      0.655
    ],
    "SoftwareVersions": "syngo_MR_E11",
    "TaskName": "sadsh",
    "TotalReadoutTime": 0.03886,
    "dataset": "ds003085",
    "modality": "bold",
    "subject_id": "15",
    "task_id": "sadsh"
  },
  "dummy_trs": 0,
  "dvars_nstd": 20.49439259625926,
  "dvars_std": 1.1078092279629626,
  "dvars_vstd": 1.0605893786296292,
  "efc": 0.5129809839843952,
  "fber": 1008.8453369140625,
  "fd_mean": 0.10423799332347217,
  "fd_num": 24,
  "fd_perc": 8.85608856088561,
  "fwhm_avg": 2.8429855555555554,
  "fwhm_x": 2.6162466666666666,
  "fwhm_y": 2.9654366666666667,
  "fwhm_z": 2.9472733333333334,
  "gcor": 0.0638191,
  "gsr_x": 0.00873975083231926,
  "gsr_y": 0.05556168034672737,
  "provenance": {
    "md5sum": "673c642602f0300efe2901b5f75c2379",
    "settings": {
      "fd_thres": 0.2,
      "testing": false
    },
    "software": "mriqc",
    "version": "22.0.1",
    "webapi_port": null,
    "webapi_url": "https://mriqc.nimh.nih.gov/api/v1"
  },
  "size_t": 271,
  "size_x": 68,
  "size_y": 68,
  "size_z": 48,
  "snr": 2.6575348118215127,
  "spacing_tr": 1.0,
  "spacing_x": 3.0,
  "spacing_y": 3.0,
  "spacing_z": 3.0,
  "summary_bg_k": 23.852972457417327,
  "summary_bg_mad": 104.98027687886191,
  "summary_bg_mean": 325.97442626953125,
  "summary_bg_median": 139.21771240234375,
  "summary_bg_n": 136988.0,
  "summary_bg_p05": 57.44409732818604,
  "summary_bg_p95": 1258.5219787597648,
  "summary_bg_stdv": 546.3320922851562,
  "summary_fg_k": 0.46572786740762684,
  "summary_fg_mad": 1645.8252847186095,
  "summary_fg_mean": 4892.70654296875,
  "summary_fg_median": 4570.498046875,
  "summary_fg_n": 40629.0,
  "summary_fg_p05": 2649.848779296875,
  "summary_fg_p95": 8160.52255859375,
  "summary_fg_stdv": 1719.8050537109375,
  "tsnr": 55.238101466558874
}