{
  "aor": 0.0012225757575757576,
  "aqi": 0.007463461287878788,
  "bids_meta": {
    "AcquisitionNumber": 1,
    "AcquisitionTime": "14:17:18.390000",
    "BandwidthPerPixelPhaseEncode": 25.355,
    "BodyPartExamined": "BRAIN",
    "ConversionSoftware": "dcm2niix",
    "ConversionSoftwareVersion": "v1.0.20170724 (OpenJPEG build) GCC6.1.0",
    "DeviceSerialNumber": "67025",
    "EchoTime": 0.035,
    "EchoTrainLength": 68,
    "EffectiveEchoSpacing": 0.000579999,
    "FlipAngle": 52,
    "ImageType": [
      "ORIGINAL",
      "PRIMARY",
      "M",
      "MB",
      "ND",
      "MOSAIC"
    ],
    "InstitutionAddress": "McClintock_3520A_Los_Angeles_SVC0e0594213b1104_CA_US_90089",
    "InstitutionName": "USC",
    "MagneticFieldStrength": 3,
    "Manufacturer": "Siemens",
    "ManufacturersModelName": "Prisma_fit",
    "PhaseEncodingDirection": "j-",
    "PhaseEncodingLines": 68,
    "ProcedureStepDescription": "HAssal_Music",
    "ProtocolName": "MUSIC_DYNAMICS_SNL_L",
    "RepetitionTime": 1,
    "ScanningSequence": "EP",
    "SequenceName": "epfid2d1_68",
    "SequenceVariant": "SK_SS",
    "SeriesDescription": "MUSIC_DYNAMICS_SNL_L",
    "SliceTiming": [
      0,
      0.49,
      0.1625,
      0.815,
      0.325,
      0.6525,
      0,
      0.49,
      0.1625,
      0.815,
      0.325,
      0.6525,
      0,
      0.49,
      0.1625,
      0.815,
      0.325,
      0.6525,
      0,
      0.49,
      0.1625,
      0.815,
      0.325,
      0.6525,
      0,
      0.49,
      0.1625,
      0.815,
      0.325,
      0.6525,
      0,
      0.49,
      0.1625,
      0.815,
      0.325,
      0.6525,
      0,
      0.49,
      0.1625,
      0.815,
      0.325,
      0.6525,
      0,
      0.49,
      0.1625,
      0.815,
      0.325,
      0.6525
    ],
    "SoftwareVersions": "syngo_MR_E11",
    "TaskName": "sadln",
    "TotalReadoutTime": 0.03886,
    "dataset": "ds003085",
    "modality": "bold",
    "subject_id": "21",
    "task_id": "sadln"
  },
  "dummy_trs": 2,
  "dvars_nstd": 24.048536735047435,
  "dvars_std": 1.0599766954459198,
  "dvars_vstd": 0.9862659729411778,
  "efc": 0.47611700872526336,
  "fber": 1465.2891845703125,
  "fd_mean": 0.1480025852466956,
  "fd_num": 120,
  "fd_perc": 22.727272727272727,
  "fwhm_avg": 2.3189166666666665,
  "fwhm_x": 2.1753233333333335,
  "fwhm_y": 2.4677966666666666,
  "fwhm_z": 2.31363,
  "gcor": 0.00858119,
  "gsr_x": -0.0017296854639425874,
  "gsr_y": 0.06627977639436722,
  "provenance": {
    "md5sum": "41c8ec407cd469ca4b75430b5a35d763",
    "settings": {
      "fd_thres": 0.2,
      "testing": false
    },
    "software": "mriqc",
    "version": "22.0.1",
    "webapi_port": null,
    "webapi_url": "https://mriqc.nimh.nih.gov/api/v1"
  },
  "size_t": 528,
  "size_x": 68,
  "size_y": 68,
  "size_z": 48,
  "snr": 3.928422548179839,
  "spacing_tr": 1.0,
  "spacing_x": 3.0,
  "spacing_y": 3.0,
  "spacing_z": 3.0,
  "summary_bg_k": 49.92052722929184,
  "summary_bg_mad": 66.0600400566774,
  "summary_bg_mean": 229.71189880371094,
  "summary_bg_median": 98.65909576416016,
  "summary_bg_n": 152229.0,
  "summary_bg_p05": 47.72727584838867,
  "summary_bg_p95": 850.1685791015625,
  "summary_bg_stdv": 404.19952392578125,
  "summary_fg_k": 0.2515729678814682,
  "summary_fg_mad": 947.0910750986842,
  "summary_fg_mean": 3899.91064453125,
  "summary_fg_median": 3807.64599609375,
  "summary_fg_n": 30009.0,
  "summary_fg_p05": 2476.055078125,
  "summary_fg_p95": 5639.104394531249,
  "summary_fg_stdv": 969.2395629882812,
  "tsnr": 49.44950314995367
}