{
  "aor": 0.000806138888888889,
  "aqi": 0.002966489361111111,
  "bids_meta": {
    "AcquisitionNumber": 1,
    "AcquisitionTime": "13:55:13.002500",
    "BandwidthPerPixelPhaseEncode": 25.355,
    "BodyPartExamined": "BRAIN",
    "ConversionSoftware": "dcm2niix",
    "ConversionSoftwareVersion": "v1.0.20170724 (OpenJPEG build) GCC6.1.0",
    "DeviceSerialNumber": "67025",
    "EchoTime": 0.035,
    "EchoTrainLength": 68,
    "EffectiveEchoSpacing": 0.000579999,
    "FlipAngle": 52,
    "ImageType": [
      "ORIGINAL",
      "PRIMARY",
      "M",
      "MB",
      "ND",
      "MOSAIC"
    ],
    "InstitutionAddress": "McClintock_3520A_Los_Angeles_SVC0e0594213b1104_CA_US_90089",
    "InstitutionName": "USC",
    "MagneticFieldStrength": 3,
    "Manufacturer": "Siemens",
    "ManufacturersModelName": "Prisma_fit",
    "PhaseEncodingDirection": "j-",
    "PhaseEncodingLines": 68,
    "ProcedureStepDescription": "HAssal_Music",
    "ProtocolName": "Resting",
    "RepetitionTime": 1,
    "ScanningSequence": "EP",
    "SequenceName": "epfid2d1_68",
    "SequenceVariant": "SK_SS",
    "SeriesDescription": "Resting",
    "SliceTiming": [
      0,
      0.49,
      0.1625,
      0.815,
      0.325,
      0.6525,
      0,
      0.49,
      0.1625,
      0.815,
      0.325,
      0.6525,
      0,
      0.49,
      0.1625,
      0.815,
      0.325,
      0.6525,
      0,
      0.49,
      0.1625,
      0.815,
      0.325,
      0.6525,
      0,
      0.49,
      0.1625,
      0.815,
      0.325,
      0.6525,
      0,
      0.49,
      0.1625,
      0.815,
      0.325,
      0.6525,
      0,
      0.49,
      0.1625,
      0.815,
      0.325,
      0.6525,
      0,
      0.49,
      0.1625,
      0.815,
      0.325,
      0.6525
    ],
    "SoftwareVersions": "syngo_MR_E11",
    "TaskName": "rest",
    "TotalReadoutTime": 0.03886,
    "dataset": "ds003085",
    "modality": "bold",
    "subject_id": "21",
    "task_id": "rest"
  },
  "dummy_trs": 0,
  "dvars_nstd": 23.602976897103066,
  "dvars_std": 1.128493624289694,
  "dvars_vstd": 0.9997635565459607,
  "efc": 0.4709807863426524,
  "fber": 1316.7901611328125,
  "fd_mean": 0.11404521481786667,
  "fd_num": 14,
  "fd_perc": 3.888888888888889,
  "fwhm_avg": 2.6832788888888888,
  "fwhm_x": 2.555356666666667,
  "fwhm_y": 2.7347866666666665,
  "fwhm_z": 2.7596933333333333,
  "gcor": 0.0209836,
  "gsr_x": -0.003985609859228134,
  "gsr_y": 0.05368902161717415,
  "provenance": {
    "md5sum": "38dad747499e1144d7c85ca1e72c833f",
    "settings": {
      "fd_thres": 0.2,
      "testing": false
    },
    "software": "mriqc",
    "version": "22.0.1",
    "webapi_port": null,
    "webapi_url": "https://mriqc.nimh.nih.gov/api/v1"
  },
  "size_t": 360,
  "size_x": 68,
  "size_y": 68,
  "size_z": 48,
  "snr": 3.0243803092296373,
  "spacing_tr": 1.0,
  "spacing_x": 3.0,
  "spacing_y": 3.0,
  "spacing_z": 3.0,
  "summary_bg_k": 26.58397764235162,
  "summary_bg_mad": 85.42670686194431,
  "summary_bg_mean": 280.25372314453125,
  "summary_bg_median": 116.6916732788086,
  "summary_bg_n": 152579.0,
  "summary_bg_p05": 51.41389083862305,
  "summary_bg_p95": 1136.8817260742187,
  "summary_bg_stdv": 474.15423583984375,
  "summary_fg_k": 0.909237387640832,
  "summary_fg_mad": 1270.4748159061285,
  "summary_fg_mean": 4500.34912109375,
  "summary_fg_median": 4271.1611328125,
  "summary_fg_n": 29674.0,
  "summary_fg_p05": 2645.7240966796876,
  "summary_fg_p95": 7239.37082519531,
  "summary_fg_stdv": 1412.2196044921875,
  "tsnr": 61.72709808242507
}