{
  "aor": 0.001429322033898305,
  "aqi": 0.005427831186440678,
  "bids_meta": {
    "AcquisitionNumber": 1,
    "AcquisitionTime": "14:28:13.640000",
    "BandwidthPerPixelPhaseEncode": 25.355,
    "BodyPartExamined": "BRAIN",
    "ConversionSoftware": "dcm2niix",
    "ConversionSoftwareVersion": "v1.0.20170724 (OpenJPEG build) GCC6.1.0",
    "DeviceSerialNumber": "67025",
    "EchoTime": 0.035,
    "EchoTrainLength": 68,
    "EffectiveEchoSpacing": 0.000579999,
    "FlipAngle": 52,
    "ImageType": [
      "ORIGINAL",
      "PRIMARY",
      "M",
      "MB",
      "ND",
      "MOSAIC"
    ],
    "InstitutionAddress": "McClintock_3520A_Los_Angeles_SVC0e0594213b1104_CA_US_90089",
    "InstitutionName": "USC",
    "MagneticFieldStrength": 3,
    "Manufacturer": "Siemens",
    "ManufacturersModelName": "Prisma_fit",
    "PhaseEncodingDirection": "j-",
    "PhaseEncodingLines": 68,
    "ProcedureStepDescription": "HAssal_Music",
    "ProtocolName": "MUSIC_DYNAMICS_HNL",
    "RepetitionTime": 1,
    "ScanningSequence": "EP",
    "SequenceName": "epfid2d1_68",
    "SequenceVariant": "SK_SS",
    "SeriesDescription": "MUSIC_DYNAMICS_HNL",
    "SliceTiming": [
      0,
      0.4875,
      0.1625,
      0.815,
      0.325,
      0.6525,
      0,
      0.4875,
      0.1625,
      0.815,
      0.325,
      0.6525,
      0,
      0.4875,
      0.1625,
      0.815,
      0.325,
      0.6525,
      0,
      0.4875,
      0.1625,
      0.815,
      0.325,
      0.6525,
      0,
      0.4875,
      0.1625,
      0.815,
      0.325,
      0.6525,
      0,
      0.4875,
      0.1625,
      0.815,
      0.325,
      0.6525,
      0,
      0.4875,
      0.1625,
      0.815,
      0.325,
      0.6525,
      0,
      0.4875,
      0.1625,
      0.815,
      0.325,
      0.6525
    ],
    "SoftwareVersions": "syngo_MR_E11",
    "TaskName": "happy",
    "TotalReadoutTime": 0.03886,
    "dataset": "ds003085",
    "modality": "bold",
    "subject_id": "21",
    "task_id": "happy"
  },
  "dummy_trs": 6,
  "dvars_nstd": 24.129854690227262,
  "dvars_std": 1.0878645427840907,
  "dvars_vstd": 1.0118005241477275,
  "efc": 0.47610610576080037,
  "fber": 1454.53173828125,
  "fd_mean": 0.14138134418546924,
  "fd_num": 25,
  "fd_perc": 14.124293785310735,
  "fwhm_avg": 2.3350333333333335,
  "fwhm_x": 2.1918,
  "fwhm_y": 2.4648266666666667,
  "fwhm_z": 2.348473333333333,
  "gcor": 0.0206576,
  "gsr_x": -0.0015216482570394874,
  "gsr_y": 0.0656408816576004,
  "provenance": {
    "md5sum": "e28bc9453bc26d96dcaae6ff4f916ed9",
    "settings": {
      "fd_thres": 0.2,
      "testing": false
    },
    "software": "mriqc",
    "version": "22.0.1",
    "webapi_port": null,
    "webapi_url": "https://mriqc.nimh.nih.gov/api/v1"
  },
  "size_t": 177,
  "size_x": 68,
  "size_y": 68,
  "size_z": 48,
  "snr": 3.9347133807359516,
  "spacing_tr": 1.0,
  "spacing_x": 3.0,
  "spacing_y": 3.0,
  "spacing_z": 3.0,
  "summary_bg_k": 46.53747050520651,
  "summary_bg_mad": 64.77798820235411,
  "summary_bg_mean": 228.94374084472656,
  "summary_bg_median": 98.2796630859375,
  "summary_bg_n": 152202.0,
  "summary_bg_p05": 47.87005615234375,
  "summary_bg_p95": 848.6500274658184,
  "summary_bg_stdv": 402.7696228027344,
  "summary_fg_k": 0.22925209991946494,
  "summary_fg_mad": 948.6183798010729,
  "summary_fg_mean": 3884.6943359375,
  "summary_fg_median": 3796.0029296875,
  "summary_fg_n": 29954.0,
  "summary_fg_p05": 2462.1358276367187,
  "summary_fg_p95": 5597.307153320312,
  "summary_fg_stdv": 964.7308959960938,
  "tsnr": 59.38677531189751
}