{
  "bids_meta": {
    "AccelFactPE": 2,
    "AcquisitionNumber": 1,
    "AcquisitionTime": "13:22:41.405000",
    "BodyPartExamined": "BRAIN",
    "ConversionSoftware": "dcm2niix",
    "ConversionSoftwareVersion": "v1.0.20170724 (OpenJPEG build) GCC6.1.0",
    "DeviceSerialNumber": "67025",
    "EchoTime": 0.00226,
    "FlipAngle": 9,
    "ImageType": [
      "ORIGINAL",
      "PRIMARY",
      "M",
      "ND",
      "NORM"
    ],
    "InstitutionAddress": "McClintock_3520A_Los_Angeles_SVC0e0594213b1104_CA_US_90089",
    "InstitutionName": "USC",
    "InversionTime": 1.06,
    "MagneticFieldStrength": 3,
    "Manufacturer": "Siemens",
    "ManufacturersModelName": "Prisma_fit",
    "PhaseEncodingDirection": "i-",
    "PhaseEncodingLines": 224,
    "ProcedureStepDescription": "HAssal_Music",
    "ProtocolName": "t1_mprage_short_32channel",
    "RepetitionTime": 2.3,
    "ScanningSequence": "GR_IR",
    "SequenceName": "_tfl3d1_16ns",
    "SequenceVariant": "SK_SP_MP",
    "SeriesDescription": "t1_mprage_short_32channel",
    "SoftwareVersions": "syngo_MR_E11",
    "dataset": "ds003085",
    "modality": "T1w",
    "subject_id": "16"
  },
  "cjv": 0.35476010007934045,
  "cnr": 3.8537154651881353,
  "efc": 0.6192760625742184,
  "fber": -1.0,
  "fwhm_avg": 4.510284701459998,
  "fwhm_x": 4.496004104379994,
  "fwhm_y": 4.46656,
  "fwhm_z": 4.56829,
  "icvs_csf": 0.19636010873781706,
  "icvs_gm": 0.45840850424736584,
  "icvs_wm": 0.3452313870148171,
  "inu_med": 0.32910676300525665,
  "inu_range": 0.09981309622526169,
  "provenance": {
    "md5sum": "185317b6fc82a629e5326ce21d54aa7b",
    "settings": {
      "testing": false
    },
    "software": "mriqc",
    "version": "22.0.1",
    "warnings": {
      "large_rot_frame": true,
      "small_air_mask": false
    },
    "webapi_port": null,
    "webapi_url": "https://mriqc.nimh.nih.gov/api/v1"
  },
  "qi_1": 0.023692618556252123,
  "qi_2": 0.005349265265530925,
  "rpve_csf": 22.13149441741889,
  "rpve_gm": 10.288094582366133,
  "rpve_wm": 15.118559441319858,
  "size_x": 176,
  "size_y": 224,
  "size_z": 256,
  "snr_csf": 2.853525581154945,
  "snr_gm": 17.36293517484403,
  "snr_total": 16.910332488252582,
  "snr_wm": 30.514536708758776,
  "snrd_csf": 52.680111141425705,
  "snrd_gm": 121.13453145594711,
  "snrd_total": 109.42024771076898,
  "snrd_wm": 154.44610053493412,
  "spacing_x": 1.000001311302185,
  "spacing_y": 1.0,
  "spacing_z": 1.0,
  "summary_bg_k": 28.439192366645564,
  "summary_bg_mad": 0.0,
  "summary_bg_mean": 1.870394347100719,
  "summary_bg_median": 0.0,
  "summary_bg_n": 1945864.0,
  "summary_bg_p05": 0.0,
  "summary_bg_p95": 8.694305922836065,
  "summary_bg_stdv": 4.242126577009358,
  "summary_csf_k": 0.9285973813645252,
  "summary_csf_mad": 75.79960774488659,
  "summary_csf_mean": 335.4585540595435,
  "summary_csf_median": 341.1132392473519,
  "summary_csf_n": 35253.0,
  "summary_csf_p05": 82.41228606551886,
  "summary_csf_p95": 526.4590281061828,
  "summary_csf_stdv": 119.5392827006192,
  "summary_gm_k": 0.021296560825047717,
  "summary_gm_mad": 45.39448598828344,
  "summary_gm_mean": 783.9376170067941,
  "summary_gm_median": 784.3679809011519,
  "summary_gm_n": 49366.0,
  "summary_gm_p05": 708.7352623930201,
  "summary_gm_p95": 857.0141057716683,
  "summary_gm_stdv": 45.174391803428136,
  "summary_wm_k": 0.7065095003377828,
  "summary_wm_mad": 31.126710406705914,
  "summary_wm_mean": 1001.4092366474108,
  "summary_wm_median": 1000.0664102844894,
  "summary_wm_n": 199519.0,
  "summary_wm_p05": 950.7986767217517,
  "summary_wm_p95": 1057.6966060325503,
  "summary_wm_stdv": 32.773360239183106,
  "tpm_overlap_csf": 0.16265916286693133,
  "tpm_overlap_gm": 0.49099923191650435,
  "tpm_overlap_wm": 0.5162991558968332,
  "wm2max": 0.8699124410661022
}