{
  "bids_meta": {
    "AccelFactPE": 2,
    "AcquisitionNumber": 1,
    "AcquisitionTime": "16:28:44.920000",
    "BodyPartExamined": "BRAIN",
    "ConversionSoftware": "dcm2niix",
    "ConversionSoftwareVersion": "v1.0.20170724 (OpenJPEG build) GCC6.1.0",
    "DeviceSerialNumber": "67025",
    "EchoTime": 0.00226,
    "FlipAngle": 9,
    "ImageType": [
      "ORIGINAL",
      "PRIMARY",
      "M",
      "ND",
      "NORM"
    ],
    "InstitutionAddress": "McClintock_3520A_Los_Angeles_SVC0e0594213b1104_CA_US_90089",
    "InstitutionName": "USC",
    "InversionTime": 1.06,
    "MagneticFieldStrength": 3,
    "Manufacturer": "Siemens",
    "ManufacturersModelName": "Prisma_fit",
    "PhaseEncodingDirection": "i-",
    "PhaseEncodingLines": 224,
    "ProcedureStepDescription": "HAssal_Music",
    "ProtocolName": "t1_mprage_short_32channel",
    "RepetitionTime": 2.3,
    "ScanningSequence": "GR_IR",
    "SequenceName": "_tfl3d1_16ns",
    "SequenceVariant": "SK_SP_MP",
    "SeriesDescription": "t1_mprage_short_32channel",
    "SoftwareVersions": "syngo_MR_E11",
    "dataset": "ds003085",
    "modality": "T1w",
    "subject_id": "24"
  },
  "cjv": 0.39190114005163557,
  "cnr": 3.5198681452222824,
  "efc": 0.6215495000345979,
  "fber": 83813.50284055044,
  "fwhm_avg": 4.5220362837097,
  "fwhm_x": 4.440748851129101,
  "fwhm_y": 4.57188,
  "fwhm_z": 4.55348,
  "icvs_csf": 0.22188490211490752,
  "icvs_gm": 0.40552775969639654,
  "icvs_wm": 0.37258733818869594,
  "inu_med": 0.3023092448711395,
  "inu_range": 0.07916479706764218,
  "provenance": {
    "md5sum": "886a445ee3d0c4870f9eba40f488eee2",
    "settings": {
      "testing": false
    },
    "software": "mriqc",
    "version": "22.0.1",
    "warnings": {
      "large_rot_frame": true,
      "small_air_mask": false
    },
    "webapi_port": null,
    "webapi_url": "https://mriqc.nimh.nih.gov/api/v1"
  },
  "qi_1": 0.03544860324679399,
  "qi_2": 0.012658143851799242,
  "rpve_csf": 19.676634959200964,
  "rpve_gm": 10.836914565667328,
  "rpve_wm": 13.986583183007786,
  "size_x": 176,
  "size_y": 224,
  "size_z": 256,
  "snr_csf": 3.1357047623194028,
  "snr_gm": 14.16872728140897,
  "snr_total": 16.195584468355385,
  "snr_wm": 31.282321361337782,
  "snrd_csf": 54.69716980438225,
  "snrd_gm": 128.3393208892748,
  "snrd_total": 116.11999883602755,
  "snrd_wm": 165.3235058144256,
  "spacing_x": 0.9999935030937195,
  "spacing_y": 1.0,
  "spacing_z": 1.0,
  "summary_bg_k": 48.46586793340404,
  "summary_bg_mad": 0.0,
  "summary_bg_mean": 1.5229160391318022,
  "summary_bg_median": 0.0,
  "summary_bg_n": 1859710.0,
  "summary_bg_p05": 0.0,
  "summary_bg_p95": 7.578142806887627,
  "summary_bg_stdv": 3.962837161555735,
  "summary_csf_k": 1.486422757783541,
  "summary_csf_mad": 69.43521732488493,
  "summary_csf_mean": 331.27914676120105,
  "summary_csf_median": 330.856257006526,
  "summary_csf_n": 52686.0,
  "summary_csf_p05": 105.18084358423948,
  "summary_csf_p95": 502.10444116964936,
  "summary_csf_stdv": 105.51156508086092,
  "summary_gm_k": -0.15526613309955284,
  "summary_gm_mad": 56.83043784636481,
  "summary_gm_mean": 776.0241074832743,
  "summary_gm_median": 776.3083078712225,
  "summary_gm_n": 31869.0,
  "summary_gm_p05": 686.2816506922245,
  "summary_gm_p95": 865.8185597509146,
  "summary_gm_stdv": 54.789404346599355,
  "summary_wm_k": 0.6230190008643866,
  "summary_wm_mad": 30.842806082008504,
  "summary_wm_mean": 1001.0364252610963,
  "summary_wm_median": 1000.0209613144398,
  "summary_wm_n": 235012.0,
  "summary_wm_p05": 951.1094024777412,
  "summary_wm_p95": 1054.1595494002104,
  "summary_wm_stdv": 31.967539178616793,
  "tpm_overlap_csf": 0.15817983657202717,
  "tpm_overlap_gm": 0.45153719144608595,
  "tpm_overlap_wm": 0.5055533817292851,
  "wm2max": 0.8536705571563921
}