{
  "bids_meta": {
    "AccelFactPE": 2,
    "AcquisitionNumber": 1,
    "AcquisitionTime": "10:26:48.712500",
    "BodyPartExamined": "BRAIN",
    "ConversionSoftware": "dcm2niix",
    "ConversionSoftwareVersion": "v1.0.20170724 (OpenJPEG build) GCC6.1.0",
    "DeviceSerialNumber": "67025",
    "EchoTime": 0.00226,
    "FlipAngle": 9,
    "ImageType": [
      "ORIGINAL",
      "PRIMARY",
      "M",
      "ND",
      "NORM"
    ],
    "InstitutionAddress": "McClintock_3520A_Los_Angeles_SVC0e0594213b1104_CA_US_90089",
    "InstitutionName": "USC",
    "InversionTime": 1.06,
    "MagneticFieldStrength": 3,
    "Manufacturer": "Siemens",
    "ManufacturersModelName": "Prisma_fit",
    "PhaseEncodingDirection": "i-",
    "PhaseEncodingLines": 224,
    "ProcedureStepDescription": "HAssal_Music",
    "ProtocolName": "t1_mprage_short_32channel",
    "RepetitionTime": 2.3,
    "ScanningSequence": "GR_IR",
    "SequenceName": "_tfl3d1_16ns",
    "SequenceVariant": "SK_SP_MP",
    "SeriesDescription": "t1_mprage_short_32channel",
    "SoftwareVersions": "syngo_MR_E11",
    "dataset": "ds003085",
    "modality": "T1w",
    "subject_id": "27"
  },
  "cjv": 0.37684950678645074,
  "cnr": 3.5840804788634,
  "efc": 0.6265244343867075,
  "fber": -1.0,
  "fwhm_avg": 4.322115899841595,
  "fwhm_x": 4.2993276995247856,
  "fwhm_y": 4.16069,
  "fwhm_z": 4.50633,
  "icvs_csf": 0.22408024678011115,
  "icvs_gm": 0.43241690277488654,
  "icvs_wm": 0.3435028504450023,
  "inu_med": 0.2907586842775345,
  "inu_range": 0.07661257386207576,
  "provenance": {
    "md5sum": "8d92238ba083c4b1e1347f3139fd51f7",
    "settings": {
      "testing": false
    },
    "software": "mriqc",
    "version": "22.0.1",
    "warnings": {
      "large_rot_frame": true,
      "small_air_mask": false
    },
    "webapi_port": null,
    "webapi_url": "https://mriqc.nimh.nih.gov/api/v1"
  },
  "qi_1": 0.009105977759013407,
  "qi_2": 0.018355599151261205,
  "rpve_csf": 20.874905460280818,
  "rpve_gm": 11.206614410666354,
  "rpve_wm": 15.944699111212978,
  "size_x": 176,
  "size_y": 224,
  "size_z": 256,
  "snr_csf": 4.051091571096182,
  "snr_gm": 17.214619389770633,
  "snr_total": 17.479083612771905,
  "snr_wm": 31.1715398774489,
  "snrd_csf": 52.209193749613625,
  "snrd_gm": 123.66978439721974,
  "snrd_total": 110.31851531729926,
  "snrd_wm": 155.0765678050644,
  "spacing_x": 1.0000028610229492,
  "spacing_y": 1.0,
  "spacing_z": 1.0,
  "summary_bg_k": 27.746230130516413,
  "summary_bg_mad": 0.0,
  "summary_bg_mean": 1.9190053343081792,
  "summary_bg_median": 0.0,
  "summary_bg_n": 1861311.0,
  "summary_bg_p05": 0.0,
  "summary_bg_p95": 9.298907171934843,
  "summary_bg_stdv": 4.2247345714419735,
  "summary_csf_k": 4.211661901040346,
  "summary_csf_mad": 45.24461953492364,
  "summary_csf_mean": 350.20580661330115,
  "summary_csf_median": 336.67795863747597,
  "summary_csf_n": 53737.0,
  "summary_csf_p05": 266.37694221735,
  "summary_csf_p95": 512.9162158012384,
  "summary_csf_stdv": 83.10718730214998,
  "summary_gm_k": 0.03693190123317258,
  "summary_gm_mad": 45.481502359713815,
  "summary_gm_mean": 796.9931560096951,
  "summary_gm_median": 797.5011212714016,
  "summary_gm_n": 40507.0,
  "summary_gm_p05": 719.8824081420898,
  "summary_gm_p95": 872.9692623984067,
  "summary_gm_stdv": 46.3263961382214,
  "summary_wm_k": 0.5298531749999218,
  "summary_wm_mad": 30.842143787680932,
  "summary_wm_mean": 1001.4989662593176,
  "summary_wm_median": 1000.0319585762918,
  "summary_wm_n": 188352.0,
  "summary_wm_p05": 951.6520772762597,
  "summary_wm_p95": 1056.1769066900015,
  "summary_wm_stdv": 32.08148547731061,
  "tpm_overlap_csf": 0.17123705396664732,
  "tpm_overlap_gm": 0.4741624509002933,
  "tpm_overlap_wm": 0.505161763126143,
  "wm2max": 0.7695720719429824
}