{
  "bids_meta": {
    "AccelFactPE": 2,
    "AcquisitionNumber": 1,
    "AcquisitionTime": "11:00:1.525000",
    "BodyPartExamined": "BRAIN",
    "ConversionSoftware": "dcm2niix",
    "ConversionSoftwareVersion": "v1.0.20170724 (OpenJPEG build) GCC6.1.0",
    "DeviceSerialNumber": "67025",
    "EchoTime": 0.00226,
    "FlipAngle": 9,
    "ImageType": [
      "ORIGINAL",
      "PRIMARY",
      "M",
      "ND",
      "NORM"
    ],
    "InstitutionAddress": "McClintock_3520A_Los_Angeles_SVC0e0594213b1104_CA_US_90089",
    "InstitutionName": "USC",
    "InversionTime": 1.06,
    "MagneticFieldStrength": 3,
    "Manufacturer": "Siemens",
    "ManufacturersModelName": "Prisma_fit",
    "PhaseEncodingDirection": "i-",
    "PhaseEncodingLines": 224,
    "ProcedureStepDescription": "HAssal_Music",
    "ProtocolName": "t1_mprage_short_32channel",
    "RepetitionTime": 2.3,
    "ScanningSequence": "GR_IR",
    "SequenceName": "_tfl3d1_16ns",
    "SequenceVariant": "SK_SP_MP",
    "SeriesDescription": "t1_mprage_short_32channel",
    "SoftwareVersions": "syngo_MR_E11",
    "dataset": "ds003085",
    "modality": "T1w",
    "subject_id": "37"
  },
  "cjv": 0.3933178295806445,
  "cnr": 3.510879029490396,
  "efc": 0.5593003796212714,
  "fber": -1.0,
  "fwhm_avg": 4.399510614770113,
  "fwhm_x": 4.420341844310339,
  "fwhm_y": 4.39667,
  "fwhm_z": 4.38152,
  "icvs_csf": 0.17274592054448254,
  "icvs_gm": 0.43123174385025326,
  "icvs_wm": 0.3960223356052642,
  "inu_med": 0.24003054946660995,
  "inu_range": 0.05738271251320842,
  "provenance": {
    "md5sum": "0c725ba383906410bc508040590138a5",
    "settings": {
      "testing": false
    },
    "software": "mriqc",
    "version": "22.0.1",
    "warnings": {
      "large_rot_frame": true,
      "small_air_mask": false
    },
    "webapi_port": null,
    "webapi_url": "https://mriqc.nimh.nih.gov/api/v1"
  },
  "qi_1": 0.01807402473042175,
  "qi_2": 0.026012690934925437,
  "rpve_csf": 25.49630289079093,
  "rpve_gm": 11.122566258306415,
  "rpve_wm": 13.973343849681369,
  "size_x": 176,
  "size_y": 224,
  "size_z": 256,
  "snr_csf": 2.7402219669948793,
  "snr_gm": 16.352600340478226,
  "snr_total": 16.69659886692295,
  "snr_wm": 30.996974293295747,
  "snrd_csf": 62.76054683860784,
  "snrd_gm": 150.50303401817703,
  "snrd_total": 134.20569736968227,
  "snrd_wm": 189.35351125226188,
  "spacing_x": 0.9999995827674866,
  "spacing_y": 1.0,
  "spacing_z": 1.0,
  "summary_bg_k": 44.72292067777686,
  "summary_bg_mad": 0.0,
  "summary_bg_mean": 1.2983334659655374,
  "summary_bg_median": 0.0,
  "summary_bg_n": 2018782.0,
  "summary_bg_p05": 0.0,
  "summary_bg_p95": 7.173219742253423,
  "summary_bg_stdv": 3.4600000363813987,
  "summary_csf_k": 1.6999769570383574,
  "summary_csf_mad": 70.21847723592244,
  "summary_csf_mean": 331.23898317745534,
  "summary_csf_median": 331.4599743578583,
  "summary_csf_n": 31106.0,
  "summary_csf_p05": 73.19851798238233,
  "summary_csf_p95": 530.7160783093423,
  "summary_csf_stdv": 120.95905017794298,
  "summary_gm_k": -0.10229150438877399,
  "summary_gm_mad": 49.28170581412205,
  "summary_gm_mean": 793.7312008117367,
  "summary_gm_median": 794.8581443168223,
  "summary_gm_n": 40884.0,
  "summary_gm_p05": 713.85083071189,
  "summary_gm_p95": 872.7212987840176,
  "summary_gm_stdv": 48.606851926469254,
  "summary_wm_k": 0.3626081248433115,
  "summary_wm_mad": 31.420306750227212,
  "summary_wm_mean": 1002.3606871308699,
  "summary_wm_median": 1000.0408400781453,
  "summary_wm_n": 236522.0,
  "summary_wm_p05": 953.8542970083654,
  "summary_wm_p95": 1059.2035537329498,
  "summary_wm_stdv": 32.26246267002955,
  "tpm_overlap_csf": 0.15812717180946478,
  "tpm_overlap_gm": 0.4718045178141993,
  "tpm_overlap_wm": 0.5226652386171797,
  "wm2max": 0.9082248479564429
}