{
  "aor": 0.01026704918032787,
  "aqi": 0.0044443168306010925,
  "bids_meta": {
    "AcquisitionNumber": 1,
    "AcquisitionTime": "12:04:41.882500",
    "BandwidthPerPixelPhaseEncode": 25.355,
    "BodyPartExamined": "BRAIN",
    "ConversionSoftware": "dcm2niix",
    "ConversionSoftwareVersion": "v1.0.20170724 (OpenJPEG build) GCC6.1.0",
    "DeviceSerialNumber": "67025",
    "EchoTime": 0.035,
    "EchoTrainLength": 68,
    "EffectiveEchoSpacing": 0.000579999,
    "FlipAngle": 52,
    "ImageType": [
      "ORIGINAL",
      "PRIMARY",
      "M",
      "MB",
      "ND",
      "MOSAIC"
    ],
    "InstitutionAddress": "McClintock_3520A_Los_Angeles_SVC0e0594213b1104_CA_US_90089",
    "InstitutionName": "USC",
    "MagneticFieldStrength": 3,
    "Manufacturer": "Siemens",
    "ManufacturersModelName": "Prisma_fit",
    "PhaseEncodingDirection": "j-",
    "PhaseEncodingLines": 68,
    "ProcedureStepDescription": "HAssal_Music",
    "ProtocolName": "MUSIC_DYNAMICS_HNL",
    "RepetitionTime": 1,
    "ScanningSequence": "EP",
    "SequenceName": "epfid2d1_68",
    "SequenceVariant": "SK_SS",
    "SeriesDescription": "MUSIC_DYNAMICS_HNL",
    "SliceTiming": [
      0,
      0.49,
      0.1625,
      0.815,
      0.325,
      0.6525,
      0,
      0.49,
      0.1625,
      0.815,
      0.325,
      0.6525,
      0,
      0.49,
      0.1625,
      0.815,
      0.325,
      0.6525,
      0,
      0.49,
      0.1625,
      0.815,
      0.325,
      0.6525,
      0,
      0.49,
      0.1625,
      0.815,
      0.325,
      0.6525,
      0,
      0.49,
      0.1625,
      0.815,
      0.325,
      0.6525,
      0,
      0.49,
      0.1625,
      0.815,
      0.325,
      0.6525,
      0,
      0.49,
      0.1625,
      0.815,
      0.325,
      0.6525
    ],
    "SoftwareVersions": "syngo_MR_E11",
    "TaskName": "happy",
    "TotalReadoutTime": 0.03886,
    "dataset": "ds003085",
    "modality": "bold",
    "subject_id": "14",
    "task_id": "happy"
  },
  "dummy_trs": 0,
  "dvars_nstd": 24.299209594780237,
  "dvars_std": 1.0584742135714285,
  "dvars_vstd": 1.0279231729120883,
  "efc": 0.5422095585047773,
  "fber": 540.9158935546875,
  "fd_mean": 0.10782054278447716,
  "fd_num": 8,
  "fd_perc": 4.371584699453552,
  "fwhm_avg": 2.971158882589617,
  "fwhm_x": 2.8031802227767484,
  "fwhm_y": 3.0409697583254367,
  "fwhm_z": 3.0693266666666665,
  "gcor": 0.0400065,
  "gsr_x": -0.009262798354029655,
  "gsr_y": 0.08806943893432617,
  "provenance": {
    "md5sum": "c64850479f6b35b219dce54c906747c9",
    "settings": {
      "fd_thres": 0.2,
      "testing": false
    },
    "software": "mriqc",
    "version": "22.0.1",
    "webapi_port": null,
    "webapi_url": "https://mriqc.nimh.nih.gov/api/v1"
  },
  "size_t": 183,
  "size_x": 68,
  "size_y": 68,
  "size_z": 48,
  "snr": 2.2633887524750915,
  "spacing_tr": 1.0,
  "spacing_x": 2.999999761581421,
  "spacing_y": 3.000000238418579,
  "spacing_z": 3.0,
  "summary_bg_k": 13.970551710129428,
  "summary_bg_mad": 149.52001295379995,
  "summary_bg_mean": 425.322265625,
  "summary_bg_median": 183.75408935546875,
  "summary_bg_n": 130102.0,
  "summary_bg_p05": 67.03278350830078,
  "summary_bg_p95": 1747.4193481445304,
  "summary_bg_stdv": 633.9534912109375,
  "summary_fg_k": 1.0894766481137061,
  "summary_fg_mad": 1866.012708045762,
  "summary_fg_mean": 4968.1708984375,
  "summary_fg_median": 4550.73193359375,
  "summary_fg_n": 44395.0,
  "summary_fg_p05": 2472.009765625,
  "summary_fg_p95": 8819.72021484375,
  "summary_fg_stdv": 2010.560791015625,
  "tsnr": 47.34972171112895
}