{
  "aor": 0.004973301886792453,
  "aqi": 0.003553900169811321,
  "bids_meta": {
    "AcquisitionNumber": 1,
    "AcquisitionTime": "12:09:6.340000",
    "BandwidthPerPixelPhaseEncode": 25.355,
    "BodyPartExamined": "BRAIN",
    "ConversionSoftware": "dcm2niix",
    "ConversionSoftwareVersion": "v1.0.20170724 (OpenJPEG build) GCC6.1.0",
    "DeviceSerialNumber": "67025",
    "EchoTime": 0.035,
    "EchoTrainLength": 68,
    "EffectiveEchoSpacing": 0.000579999,
    "FlipAngle": 52,
    "ImageType": [
      "ORIGINAL",
      "PRIMARY",
      "M",
      "MB",
      "ND",
      "MOSAIC"
    ],
    "InstitutionAddress": "McClintock_3520A_Los_Angeles_SVC0e0594213b1104_CA_US_90089",
    "InstitutionName": "USC",
    "MagneticFieldStrength": 3,
    "Manufacturer": "Siemens",
    "ManufacturersModelName": "Prisma_fit",
    "PhaseEncodingDirection": "j-",
    "PhaseEncodingLines": 68,
    "ProcedureStepDescription": "HAssal_Music",
    "ProtocolName": "MUSIC_DYNAMICS_SNL_L",
    "RepetitionTime": 1,
    "ScanningSequence": "EP",
    "SequenceName": "epfid2d1_68",
    "SequenceVariant": "SK_SS",
    "SeriesDescription": "MUSIC_DYNAMICS_SNL_L",
    "SliceTiming": [
      0,
      0.49,
      0.165,
      0.8175,
      0.3275,
      0.655,
      0,
      0.49,
      0.165,
      0.8175,
      0.3275,
      0.655,
      0,
      0.49,
      0.165,
      0.8175,
      0.3275,
      0.655,
      0,
      0.49,
      0.165,
      0.8175,
      0.3275,
      0.655,
      0,
      0.49,
      0.165,
      0.8175,
      0.3275,
      0.655,
      0,
      0.49,
      0.165,
      0.8175,
      0.3275,
      0.655,
      0,
      0.49,
      0.165,
      0.8175,
      0.3275,
      0.655,
      0,
      0.49,
      0.165,
      0.8175,
      0.3275,
      0.655
    ],
    "SoftwareVersions": "syngo_MR_E11",
    "TaskName": "sadln",
    "TotalReadoutTime": 0.03886,
    "dataset": "ds003085",
    "modality": "bold",
    "subject_id": "14",
    "task_id": "sadln"
  },
  "dummy_trs": 0,
  "dvars_nstd": 21.489074728638936,
  "dvars_std": 1.0610588509640828,
  "dvars_vstd": 1.0316395758790164,
  "efc": 0.5437516333858929,
  "fber": 531.5843505859375,
  "fd_mean": 0.08981223774148532,
  "fd_num": 29,
  "fd_perc": 5.471698113207547,
  "fwhm_avg": 2.9598122149754573,
  "fwhm_x": 2.7736435537627186,
  "fwhm_y": 3.047199757830321,
  "fwhm_z": 3.058593333333333,
  "gcor": 0.0558261,
  "gsr_x": -0.008262635208666325,
  "gsr_y": 0.09053900092840195,
  "provenance": {
    "md5sum": "27b8d7deb4c07c9dd2c5e8b923e2b147",
    "settings": {
      "fd_thres": 0.2,
      "testing": false
    },
    "software": "mriqc",
    "version": "22.0.1",
    "webapi_port": null,
    "webapi_url": "https://mriqc.nimh.nih.gov/api/v1"
  },
  "size_t": 530,
  "size_x": 68,
  "size_y": 68,
  "size_z": 48,
  "snr": 2.245180777682473,
  "spacing_tr": 1.0,
  "spacing_x": 2.999999761581421,
  "spacing_y": 3.000000238418579,
  "spacing_z": 3.0,
  "summary_bg_k": 13.922034095460852,
  "summary_bg_mad": 151.39747203146385,
  "summary_bg_mean": 432.09619140625,
  "summary_bg_median": 184.87547302246094,
  "summary_bg_n": 129928.0,
  "summary_bg_p05": 66.99623107910156,
  "summary_bg_p95": 1772.9111877441405,
  "summary_bg_stdv": 645.2125244140625,
  "summary_fg_k": 1.1291627960180248,
  "summary_fg_mad": 1857.1746469204566,
  "summary_fg_mean": 4948.1484375,
  "summary_fg_median": 4522.5078125,
  "summary_fg_n": 44556.0,
  "summary_fg_p05": 2460.1373901367188,
  "summary_fg_p95": 8803.385986328125,
  "summary_fg_stdv": 2014.2952880859375,
  "tsnr": 50.73354119528085
}