{
  "aor": 0.006306111111111111,
  "aqi": 0.004241828722222222,
  "bids_meta": {
    "AcquisitionNumber": 1,
    "AcquisitionTime": "11:41:52.972500",
    "BandwidthPerPixelPhaseEncode": 25.355,
    "BodyPartExamined": "BRAIN",
    "ConversionSoftware": "dcm2niix",
    "ConversionSoftwareVersion": "v1.0.20170724 (OpenJPEG build) GCC6.1.0",
    "DeviceSerialNumber": "67025",
    "EchoTime": 0.035,
    "EchoTrainLength": 68,
    "EffectiveEchoSpacing": 0.000579999,
    "FlipAngle": 52,
    "ImageType": [
      "ORIGINAL",
      "PRIMARY",
      "M",
      "MB",
      "ND",
      "MOSAIC"
    ],
    "InstitutionAddress": "McClintock_3520A_Los_Angeles_SVC0e0594213b1104_CA_US_90089",
    "InstitutionName": "USC",
    "MagneticFieldStrength": 3,
    "Manufacturer": "Siemens",
    "ManufacturersModelName": "Prisma_fit",
    "PhaseEncodingDirection": "j-",
    "PhaseEncodingLines": 68,
    "ProcedureStepDescription": "HAssal_Music",
    "ProtocolName": "Resting",
    "RepetitionTime": 1,
    "ScanningSequence": "EP",
    "SequenceName": "epfid2d1_68",
    "SequenceVariant": "SK_SS",
    "SeriesDescription": "Resting",
    "SliceTiming": [
      0,
      0.49,
      0.1625,
      0.8175,
      0.3275,
      0.6525,
      0,
      0.49,
      0.1625,
      0.8175,
      0.3275,
      0.6525,
      0,
      0.49,
      0.1625,
      0.8175,
      0.3275,
      0.6525,
      0,
      0.49,
      0.1625,
      0.8175,
      0.3275,
      0.6525,
      0,
      0.49,
      0.1625,
      0.8175,
      0.3275,
      0.6525,
      0,
      0.49,
      0.1625,
      0.8175,
      0.3275,
      0.6525,
      0,
      0.49,
      0.1625,
      0.8175,
      0.3275,
      0.6525,
      0,
      0.49,
      0.1625,
      0.8175,
      0.3275,
      0.6525
    ],
    "SoftwareVersions": "syngo_MR_E11",
    "TaskName": "rest",
    "TotalReadoutTime": 0.03886,
    "dataset": "ds003085",
    "modality": "bold",
    "subject_id": "14",
    "task_id": "rest"
  },
  "dummy_trs": 0,
  "dvars_nstd": 22.960394320334256,
  "dvars_std": 1.0307996937883004,
  "dvars_vstd": 1.00695228568245,
  "efc": 0.54067409275656,
  "fber": 553.1185302734375,
  "fd_mean": 0.11260970112381145,
  "fd_num": 26,
  "fd_perc": 7.222222222222222,
  "fwhm_avg": 2.997871104454388,
  "fwhm_x": 2.819230224052288,
  "fwhm_y": 3.070513089310877,
  "fwhm_z": 3.10387,
  "gcor": 0.0655614,
  "gsr_x": -0.004339777398854494,
  "gsr_y": 0.09052706509828568,
  "provenance": {
    "md5sum": "d05b6a00ec9df8e91ee8758532b69d4c",
    "settings": {
      "fd_thres": 0.2,
      "testing": false
    },
    "software": "mriqc",
    "version": "22.0.1",
    "webapi_port": null,
    "webapi_url": "https://mriqc.nimh.nih.gov/api/v1"
  },
  "size_t": 360,
  "size_x": 68,
  "size_y": 68,
  "size_z": 48,
  "snr": 2.1843658876628047,
  "spacing_tr": 1.0,
  "spacing_x": 2.999999761581421,
  "spacing_y": 3.000000238418579,
  "spacing_z": 3.0,
  "summary_bg_k": 15.381361381921124,
  "summary_bg_mad": 147.3830147838539,
  "summary_bg_mean": 427.82293701171875,
  "summary_bg_median": 181.55833435058594,
  "summary_bg_n": 129959.0,
  "summary_bg_p05": 66.5888900756836,
  "summary_bg_p95": 1739.998974609375,
  "summary_bg_stdv": 652.59130859375,
  "summary_fg_k": 1.5303128669677655,
  "summary_fg_mad": 1888.4090144346596,
  "summary_fg_mean": 4990.6650390625,
  "summary_fg_median": 4549.3779296875,
  "summary_fg_n": 44662.0,
  "summary_fg_p05": 2448.3630126953126,
  "summary_fg_p95": 8982.143847656249,
  "summary_fg_stdv": 2082.67626953125,
  "tsnr": 46.013596433680505
}