{
  "aor": 0.007186346863468634,
  "aqi": 0.004390504206642067,
  "bids_meta": {
    "AcquisitionNumber": 1,
    "AcquisitionTime": "11:58:23.175000",
    "BandwidthPerPixelPhaseEncode": 25.355,
    "BodyPartExamined": "BRAIN",
    "ConversionSoftware": "dcm2niix",
    "ConversionSoftwareVersion": "v1.0.20170724 (OpenJPEG build) GCC6.1.0",
    "DeviceSerialNumber": "67025",
    "EchoTime": 0.035,
    "EchoTrainLength": 68,
    "EffectiveEchoSpacing": 0.000579999,
    "FlipAngle": 52,
    "ImageType": [
      "ORIGINAL",
      "PRIMARY",
      "M",
      "MB",
      "ND",
      "MOSAIC"
    ],
    "InstitutionAddress": "McClintock_3520A_Los_Angeles_SVC0e0594213b1104_CA_US_90089",
    "InstitutionName": "USC",
    "MagneticFieldStrength": 3,
    "Manufacturer": "Siemens",
    "ManufacturersModelName": "Prisma_fit",
    "PhaseEncodingDirection": "j-",
    "PhaseEncodingLines": 68,
    "ProcedureStepDescription": "HAssal_Music",
    "ProtocolName": "MUSIC_DYNAMICS_SNL",
    "RepetitionTime": 1,
    "ScanningSequence": "EP",
    "SequenceName": "epfid2d1_68",
    "SequenceVariant": "SK_SS",
    "SeriesDescription": "MUSIC_DYNAMICS_SNL",
    "SliceTiming": [
      0,
      0.49,
      0.1625,
      0.8175,
      0.3275,
      0.6525,
      0,
      0.49,
      0.1625,
      0.8175,
      0.3275,
      0.6525,
      0,
      0.49,
      0.1625,
      0.8175,
      0.3275,
      0.6525,
      0,
      0.49,
      0.1625,
      0.8175,
      0.3275,
      0.6525,
      0,
      0.49,
      0.1625,
      0.8175,
      0.3275,
      0.6525,
      0,
      0.49,
      0.1625,
      0.8175,
      0.3275,
      0.6525,
      0,
      0.49,
      0.1625,
      0.8175,
      0.3275,
      0.6525,
      0,
      0.49,
      0.1625,
      0.8175,
      0.3275,
      0.6525
    ],
    "SoftwareVersions": "syngo_MR_E11",
    "TaskName": "sadsh",
    "TotalReadoutTime": 0.03886,
    "dataset": "ds003085",
    "modality": "bold",
    "subject_id": "14",
    "task_id": "sadsh"
  },
  "dummy_trs": 0,
  "dvars_nstd": 23.223995293222213,
  "dvars_std": 1.0923285710370378,
  "dvars_vstd": 1.0536963591851856,
  "efc": 0.5431533595212278,
  "fber": 530.6744384765625,
  "fd_mean": 0.11870412920371633,
  "fd_num": 29,
  "fd_perc": 10.70110701107011,
  "fwhm_avg": 2.948285548532198,
  "fwhm_x": 2.779583554234787,
  "fwhm_y": 3.04470642469514,
  "fwhm_z": 3.020566666666667,
  "gcor": 0.068286,
  "gsr_x": -0.009059395641088486,
  "gsr_y": 0.08987414836883545,
  "provenance": {
    "md5sum": "7cc9d01bbfa9dc0fa6358a56a99c7c46",
    "settings": {
      "fd_thres": 0.2,
      "testing": false
    },
    "software": "mriqc",
    "version": "22.0.1",
    "webapi_port": null,
    "webapi_url": "https://mriqc.nimh.nih.gov/api/v1"
  },
  "size_t": 271,
  "size_x": 68,
  "size_y": 68,
  "size_z": 48,
  "snr": 2.243380847271904,
  "spacing_tr": 1.0,
  "spacing_x": 2.999999761581421,
  "spacing_y": 3.000000238418579,
  "spacing_z": 3.0,
  "summary_bg_k": 14.630915629111687,
  "summary_bg_mad": 150.28170844018874,
  "summary_bg_mean": 432.1835021972656,
  "summary_bg_median": 185.7472381591797,
  "summary_bg_n": 130002.0,
  "summary_bg_p05": 68.06660614013671,
  "summary_bg_p95": 1782.8502014160156,
  "summary_bg_stdv": 647.3218994140625,
  "summary_fg_k": 1.247508334921796,
  "summary_fg_mad": 1878.4135752347274,
  "summary_fg_mean": 4978.2470703125,
  "summary_fg_median": 4559.2470703125,
  "summary_fg_n": 44545.0,
  "summary_fg_p05": 2464.1705078125,
  "summary_fg_p95": 8861.523242187497,
  "summary_fg_stdv": 2032.2879638671875,
  "tsnr": 48.58053555828519
}