{
  "aor": 0.0006808518518518519,
  "aqi": 0.003578484925925926,
  "bids_meta": {
    "AcquisitionNumber": 1,
    "AcquisitionTime": "11:36:54.675000",
    "BandwidthPerPixelPhaseEncode": 25.355,
    "BodyPartExamined": "BRAIN",
    "ConversionSoftware": "dcm2niix",
    "ConversionSoftwareVersion": "v1.0.20170724 (OpenJPEG build) GCC6.1.0",
    "DeviceSerialNumber": "67025",
    "EchoTime": 0.035,
    "EchoTrainLength": 68,
    "EffectiveEchoSpacing": 0.000579999,
    "FlipAngle": 52,
    "ImageType": [
      "ORIGINAL",
      "PRIMARY",
      "M",
      "MB",
      "ND",
      "MOSAIC"
    ],
    "InstitutionAddress": "McClintock_3520A_Los_Angeles_SVC0e0594213b1104_CA_US_90089",
    "InstitutionName": "USC",
    "MagneticFieldStrength": 3,
    "Manufacturer": "Siemens",
    "ManufacturersModelName": "Prisma_fit",
    "PhaseEncodingDirection": "j-",
    "PhaseEncodingLines": 68,
    "ProcedureStepDescription": "HAssal_Music",
    "ProtocolName": "MUSIC_DYNAMICS_SNL",
    "RepetitionTime": 1,
    "ScanningSequence": "EP",
    "SequenceName": "epfid2d1_68",
    "SequenceVariant": "SK_SS",
    "SeriesDescription": "MUSIC_DYNAMICS_SNL",
    "SliceTiming": [
      0,
      0.49,
      0.1625,
      0.815,
      0.325,
      0.6525,
      0,
      0.49,
      0.1625,
      0.815,
      0.325,
      0.6525,
      0,
      0.49,
      0.1625,
      0.815,
      0.325,
      0.6525,
      0,
      0.49,
      0.1625,
      0.815,
      0.325,
      0.6525,
      0,
      0.49,
      0.1625,
      0.815,
      0.325,
      0.6525,
      0,
      0.49,
      0.1625,
      0.815,
      0.325,
      0.6525,
      0,
      0.49,
      0.1625,
      0.815,
      0.325,
      0.6525,
      0,
      0.49,
      0.1625,
      0.815,
      0.325,
      0.6525
    ],
    "SoftwareVersions": "syngo_MR_E11",
    "TaskName": "sadsh",
    "TotalReadoutTime": 0.03886,
    "dataset": "ds003085",
    "modality": "bold",
    "subject_id": "29",
    "task_id": "sadsh"
  },
  "dummy_trs": 1,
  "dvars_nstd": 23.394182134646844,
  "dvars_std": 1.129630545613383,
  "dvars_vstd": 1.004450598289963,
  "efc": 0.5072924569926928,
  "fber": 846.8062133789062,
  "fd_mean": 0.12356690772832868,
  "fd_num": 73,
  "fd_perc": 27.037037037037038,
  "fwhm_avg": 2.8952467386556613,
  "fwhm_x": 2.717493549300317,
  "fwhm_y": 2.9351766666666665,
  "fwhm_z": 3.03307,
  "gcor": 0.0348024,
  "gsr_x": -0.003548998851329088,
  "gsr_y": 0.054747942835092545,
  "provenance": {
    "md5sum": "45f7a3e22eaf2adee9821b348623bc44",
    "settings": {
      "fd_thres": 0.2,
      "testing": false
    },
    "software": "mriqc",
    "version": "22.0.1",
    "webapi_port": null,
    "webapi_url": "https://mriqc.nimh.nih.gov/api/v1"
  },
  "size_t": 270,
  "size_x": 68,
  "size_y": 68,
  "size_z": 48,
  "snr": 2.487470884102266,
  "spacing_tr": 1.0,
  "spacing_x": 2.999999761581421,
  "spacing_y": 3.0,
  "spacing_z": 3.0,
  "summary_bg_k": 42.05029112008645,
  "summary_bg_mad": 114.85773862259452,
  "summary_bg_mean": 313.3343200683594,
  "summary_bg_median": 149.79629516601562,
  "summary_bg_n": 137823.0,
  "summary_bg_p05": 58.551849365234375,
  "summary_bg_p95": 1153.9788208007808,
  "summary_bg_stdv": 509.0235900878906,
  "summary_fg_k": 1.1627704776523515,
  "summary_fg_mad": 1560.1612090246085,
  "summary_fg_mean": 4847.369140625,
  "summary_fg_median": 4476.21826171875,
  "summary_fg_n": 39534.0,
  "summary_fg_p05": 2608.6103271484376,
  "summary_fg_p95": 8466.528857421874,
  "summary_fg_stdv": 1799.4830322265625,
  "tsnr": 59.05386587744579
}