{
  "aor": 0.001024022140221402,
  "aqi": 0.0028913058671586715,
  "bids_meta": {
    "AcquisitionNumber": 1,
    "AcquisitionTime": "12:00:2.015000",
    "BandwidthPerPixelPhaseEncode": 25.355,
    "BodyPartExamined": "BRAIN",
    "ConversionSoftware": "dcm2niix",
    "ConversionSoftwareVersion": "v1.0.20170724 (OpenJPEG build) GCC6.1.0",
    "DeviceSerialNumber": "67025",
    "EchoTime": 0.035,
    "EchoTrainLength": 68,
    "EffectiveEchoSpacing": 0.000579999,
    "FlipAngle": 52,
    "ImageType": [
      "ORIGINAL",
      "PRIMARY",
      "M",
      "MB",
      "ND",
      "MOSAIC"
    ],
    "InstitutionAddress": "McClintock_3520A_Los_Angeles_SVC0e0594213b1104_CA_US_90089",
    "InstitutionName": "USC",
    "MagneticFieldStrength": 3,
    "Manufacturer": "Siemens",
    "ManufacturersModelName": "Prisma_fit",
    "PhaseEncodingDirection": "j-",
    "PhaseEncodingLines": 68,
    "ProcedureStepDescription": "HAssal_Music",
    "ProtocolName": "MUSIC_DYNAMICS_SNL",
    "RepetitionTime": 1,
    "ScanningSequence": "EP",
    "SequenceName": "epfid2d1_68",
    "SequenceVariant": "SK_SS",
    "SeriesDescription": "MUSIC_DYNAMICS_SNL",
    "SliceTiming": [
      0,
      0.49,
      0.165,
      0.8175,
      0.3275,
      0.655,
      0,
      0.49,
      0.165,
      0.8175,
      0.3275,
      0.655,
      0,
      0.49,
      0.165,
      0.8175,
      0.3275,
      0.655,
      0,
      0.49,
      0.165,
      0.8175,
      0.3275,
      0.655,
      0,
      0.49,
      0.165,
      0.8175,
      0.3275,
      0.655,
      0,
      0.49,
      0.165,
      0.8175,
      0.3275,
      0.655,
      0,
      0.49,
      0.165,
      0.8175,
      0.3275,
      0.655,
      0,
      0.49,
      0.165,
      0.8175,
      0.3275,
      0.655
    ],
    "SoftwareVersions": "syngo_MR_E11",
    "TaskName": "sadsh",
    "TotalReadoutTime": 0.03886,
    "dataset": "ds003085",
    "modality": "bold",
    "subject_id": "31",
    "task_id": "sadsh"
  },
  "dummy_trs": 0,
  "dvars_nstd": 19.626825078703703,
  "dvars_std": 1.0083764777407416,
  "dvars_vstd": 0.9597107382222223,
  "efc": 0.5042111276884499,
  "fber": 952.652587890625,
  "fd_mean": 0.09232984085804516,
  "fd_num": 0,
  "fd_perc": 0.0,
  "fwhm_avg": 2.926731111111111,
  "fwhm_x": 2.7538,
  "fwhm_y": 2.99954,
  "fwhm_z": 3.0268533333333334,
  "gcor": 0.0136423,
  "gsr_x": -0.006803868338465691,
  "gsr_y": 0.06440143287181854,
  "provenance": {
    "md5sum": "9ddc48707793e44b2012d9246664a5ff",
    "settings": {
      "fd_thres": 0.2,
      "testing": false
    },
    "software": "mriqc",
    "version": "22.0.1",
    "webapi_port": null,
    "webapi_url": "https://mriqc.nimh.nih.gov/api/v1"
  },
  "size_t": 271,
  "size_x": 68,
  "size_y": 68,
  "size_z": 48,
  "snr": 2.283418393523987,
  "spacing_tr": 1.0,
  "spacing_x": 3.0,
  "spacing_y": 3.0,
  "spacing_z": 3.0,
  "summary_bg_k": 26.607409572737883,
  "summary_bg_mad": 112.40421474250104,
  "summary_bg_mean": 324.0374450683594,
  "summary_bg_median": 149.6383819580078,
  "summary_bg_n": 136749.0,
  "summary_bg_p05": 60.645755767822266,
  "summary_bg_p95": 1278.4642578124983,
  "summary_bg_stdv": 493.76934814453125,
  "summary_fg_k": 1.7149673535424599,
  "summary_fg_mad": 1847.9954352602533,
  "summary_fg_mean": 5202.32421875,
  "summary_fg_median": 4736.498046875,
  "summary_fg_n": 40586.0,
  "summary_fg_p05": 2699.0055541992188,
  "summary_fg_p95": 9234.07568359375,
  "summary_fg_stdv": 2074.27587890625,
  "tsnr": 57.93535730987787
}