{
  "aor": 0.00260812854442344,
  "aqi": 0.00881694504725898,
  "bids_meta": {
    "AcquisitionNumber": 1,
    "AcquisitionTime": "13:29:18.990000",
    "BandwidthPerPixelPhaseEncode": 25.355,
    "BodyPartExamined": "BRAIN",
    "ConversionSoftware": "dcm2niix",
    "ConversionSoftwareVersion": "v1.0.20170724 (OpenJPEG build) GCC6.1.0",
    "DeviceSerialNumber": "67025",
    "EchoTime": 0.035,
    "EchoTrainLength": 68,
    "EffectiveEchoSpacing": 0.000579999,
    "FlipAngle": 52,
    "ImageType": [
      "ORIGINAL",
      "PRIMARY",
      "M",
      "MB",
      "ND",
      "MOSAIC"
    ],
    "InstitutionAddress": "McClintock_3520A_Los_Angeles_SVC0e0594213b1104_CA_US_90089",
    "InstitutionName": "USC",
    "MagneticFieldStrength": 3,
    "Manufacturer": "Siemens",
    "ManufacturersModelName": "Prisma_fit",
    "PhaseEncodingDirection": "j-",
    "PhaseEncodingLines": 68,
    "ProcedureStepDescription": "HAssal_Music",
    "ProtocolName": "MUSIC_DYNAMICS_SNL_L",
    "RepetitionTime": 1,
    "ScanningSequence": "EP",
    "SequenceName": "epfid2d1_68",
    "SequenceVariant": "SK_SS",
    "SeriesDescription": "MUSIC_DYNAMICS_SNL_L",
    "SliceTiming": [
      0,
      0.49,
      0.1625,
      0.8175,
      0.3275,
      0.6525,
      0,
      0.49,
      0.1625,
      0.8175,
      0.3275,
      0.6525,
      0,
      0.49,
      0.1625,
      0.8175,
      0.3275,
      0.6525,
      0,
      0.49,
      0.1625,
      0.8175,
      0.3275,
      0.6525,
      0,
      0.49,
      0.1625,
      0.8175,
      0.3275,
      0.6525,
      0,
      0.49,
      0.1625,
      0.8175,
      0.3275,
      0.6525,
      0,
      0.49,
      0.1625,
      0.8175,
      0.3275,
      0.6525,
      0,
      0.49,
      0.1625,
      0.8175,
      0.3275,
      0.6525
    ],
    "SoftwareVersions": "syngo_MR_E11",
    "TaskName": "sadln",
    "TotalReadoutTime": 0.03886,
    "dataset": "ds003085",
    "modality": "bold",
    "subject_id": "01",
    "task_id": "sadln"
  },
  "dummy_trs": 1,
  "dvars_nstd": 23.95824624551134,
  "dvars_std": 1.0323743888636363,
  "dvars_vstd": 0.9807885964583327,
  "efc": 0.5360916904530045,
  "fber": 725.1347045898438,
  "fd_mean": 0.09691708030042379,
  "fd_num": 33,
  "fd_perc": 6.238185255198488,
  "fwhm_avg": 2.7345344444444444,
  "fwhm_x": 2.55756,
  "fwhm_y": 2.8033333333333332,
  "fwhm_z": 2.8427100000000003,
  "gcor": 0.0231444,
  "gsr_x": -0.009867792017757893,
  "gsr_y": 0.0935455933213234,
  "provenance": {
    "md5sum": "d36e646296eb1d24fe28a85e5bee230c",
    "settings": {
      "fd_thres": 0.2,
      "testing": false
    },
    "software": "mriqc",
    "version": "22.0.1",
    "webapi_port": null,
    "webapi_url": "https://mriqc.nimh.nih.gov/api/v1"
  },
  "size_t": 529,
  "size_x": 68,
  "size_y": 68,
  "size_z": 48,
  "snr": 2.666604360008018,
  "spacing_tr": 1.0,
  "spacing_x": 3.0,
  "spacing_y": 3.0,
  "spacing_z": 3.0,
  "summary_bg_k": 35.78943051449002,
  "summary_bg_mad": 105.12322981188707,
  "summary_bg_mean": 340.2580261230469,
  "summary_bg_median": 135.0198516845703,
  "summary_bg_n": 135958.0,
  "summary_bg_p05": 54.181192779541014,
  "summary_bg_p95": 1364.4674499511696,
  "summary_bg_stdv": 570.73876953125,
  "summary_fg_k": 1.142373083233469,
  "summary_fg_mad": 1231.2913694562317,
  "summary_fg_mean": 4030.506591796875,
  "summary_fg_median": 3762.291259765625,
  "summary_fg_n": 41337.0,
  "summary_fg_p05": 2238.521875,
  "summary_fg_p95": 6817.366503906248,
  "summary_fg_stdv": 1410.8751220703125,
  "tsnr": 40.59970750543289
}