{
  "aor": 0.00108625,
  "aqi": 0.0040161528611111115,
  "bids_meta": {
    "AcquisitionNumber": 1,
    "AcquisitionTime": "13:09:34.142500",
    "BandwidthPerPixelPhaseEncode": 25.355,
    "BodyPartExamined": "BRAIN",
    "ConversionSoftware": "dcm2niix",
    "ConversionSoftwareVersion": "v1.0.20170724 (OpenJPEG build) GCC6.1.0",
    "DeviceSerialNumber": "67025",
    "EchoTime": 0.035,
    "EchoTrainLength": 68,
    "EffectiveEchoSpacing": 0.000579999,
    "FlipAngle": 52,
    "ImageType": [
      "ORIGINAL",
      "PRIMARY",
      "M",
      "MB",
      "ND",
      "MOSAIC"
    ],
    "InstitutionAddress": "McClintock_3520A_Los_Angeles_SVC0e0594213b1104_CA_US_90089",
    "InstitutionName": "USC",
    "MagneticFieldStrength": 3,
    "Manufacturer": "Siemens",
    "ManufacturersModelName": "Prisma_fit",
    "PhaseEncodingDirection": "j-",
    "PhaseEncodingLines": 68,
    "ProcedureStepDescription": "HAssal_Music",
    "ProtocolName": "Resting",
    "RepetitionTime": 1,
    "ScanningSequence": "EP",
    "SequenceName": "epfid2d1_68",
    "SequenceVariant": "SK_SS",
    "SeriesDescription": "Resting",
    "SliceTiming": [
      0,
      0.49,
      0.1625,
      0.815,
      0.325,
      0.6525,
      0,
      0.49,
      0.1625,
      0.815,
      0.325,
      0.6525,
      0,
      0.49,
      0.1625,
      0.815,
      0.325,
      0.6525,
      0,
      0.49,
      0.1625,
      0.815,
      0.325,
      0.6525,
      0,
      0.49,
      0.1625,
      0.815,
      0.325,
      0.6525,
      0,
      0.49,
      0.1625,
      0.815,
      0.325,
      0.6525,
      0,
      0.49,
      0.1625,
      0.815,
      0.325,
      0.6525,
      0,
      0.49,
      0.1625,
      0.815,
      0.325,
      0.6525
    ],
    "SoftwareVersions": "syngo_MR_E11",
    "TaskName": "rest",
    "TotalReadoutTime": 0.03886,
    "dataset": "ds003085",
    "modality": "bold",
    "subject_id": "01",
    "task_id": "rest"
  },
  "dummy_trs": 0,
  "dvars_nstd": 23.572278551671317,
  "dvars_std": 1.0472480120334258,
  "dvars_vstd": 0.9813713515041785,
  "efc": 0.5316594038686578,
  "fber": 775.905517578125,
  "fd_mean": 0.09054741754511289,
  "fd_num": 18,
  "fd_perc": 5.0,
  "fwhm_avg": 2.7244266666666666,
  "fwhm_x": 2.531213333333333,
  "fwhm_y": 2.788186666666667,
  "fwhm_z": 2.85388,
  "gcor": 0.0288412,
  "gsr_x": -0.005326432175934315,
  "gsr_y": 0.09089869260787964,
  "provenance": {
    "md5sum": "14ed33b9430e06c5798aa94ae4b33560",
    "settings": {
      "fd_thres": 0.2,
      "testing": false
    },
    "software": "mriqc",
    "version": "22.0.1",
    "webapi_port": null,
    "webapi_url": "https://mriqc.nimh.nih.gov/api/v1"
  },
  "size_t": 360,
  "size_x": 68,
  "size_y": 68,
  "size_z": 48,
  "snr": 2.70174943973641,
  "spacing_tr": 1.0,
  "spacing_x": 3.0,
  "spacing_y": 3.0,
  "spacing_z": 3.0,
  "summary_bg_k": 28.60933899243596,
  "summary_bg_mad": 100.76753153852123,
  "summary_bg_mean": 333.88134765625,
  "summary_bg_median": 132.602783203125,
  "summary_bg_n": 137152.0,
  "summary_bg_p05": 54.0043083190918,
  "summary_bg_p95": 1365.6682617187498,
  "summary_bg_stdv": 555.5420532226562,
  "summary_fg_k": 0.9357707880091457,
  "summary_fg_mad": 1254.7017164005842,
  "summary_fg_mean": 4082.34716796875,
  "summary_fg_median": 3823.855712890625,
  "summary_fg_n": 40531.0,
  "summary_fg_p05": 2245.318115234375,
  "summary_fg_p95": 6860.8447265625,
  "summary_fg_stdv": 1415.308349609375,
  "tsnr": 49.65392682561651
}