{
  "aor": 0.0019273076923076924,
  "aqi": 0.0037173350549450546,
  "bids_meta": {
    "AcquisitionNumber": 1,
    "AcquisitionTime": "13:45:10.557500",
    "BandwidthPerPixelPhaseEncode": 25.355,
    "BodyPartExamined": "BRAIN",
    "ConversionSoftware": "dcm2niix",
    "ConversionSoftwareVersion": "v1.0.20170724 (OpenJPEG build) GCC6.1.0",
    "DeviceSerialNumber": "67025",
    "EchoTime": 0.035,
    "EchoTrainLength": 68,
    "EffectiveEchoSpacing": 0.000579999,
    "FlipAngle": 52,
    "ImageType": [
      "ORIGINAL",
      "PRIMARY",
      "M",
      "MB",
      "ND",
      "MOSAIC"
    ],
    "InstitutionAddress": "McClintock_3520A_Los_Angeles_SVC0e0594213b1104_CA_US_90089",
    "InstitutionName": "USC",
    "MagneticFieldStrength": 3,
    "Manufacturer": "Siemens",
    "ManufacturersModelName": "Prisma_fit",
    "PhaseEncodingDirection": "j-",
    "PhaseEncodingLines": 68,
    "ProcedureStepDescription": "HAssal_Music",
    "ProtocolName": "MUSIC_DYNAMICS_HNL",
    "RepetitionTime": 1,
    "ScanningSequence": "EP",
    "SequenceName": "epfid2d1_68",
    "SequenceVariant": "SK_SS",
    "SeriesDescription": "MUSIC_DYNAMICS_HNL",
    "SliceTiming": [
      0,
      0.49,
      0.165,
      0.8175,
      0.3275,
      0.655,
      0,
      0.49,
      0.165,
      0.8175,
      0.3275,
      0.655,
      0,
      0.49,
      0.165,
      0.8175,
      0.3275,
      0.655,
      0,
      0.49,
      0.165,
      0.8175,
      0.3275,
      0.655,
      0,
      0.49,
      0.165,
      0.8175,
      0.3275,
      0.655,
      0,
      0.49,
      0.165,
      0.8175,
      0.3275,
      0.655,
      0,
      0.49,
      0.165,
      0.8175,
      0.3275,
      0.655,
      0,
      0.49,
      0.165,
      0.8175,
      0.3275,
      0.655
    ],
    "SoftwareVersions": "syngo_MR_E11",
    "TaskName": "happy",
    "TotalReadoutTime": 0.03886,
    "dataset": "ds003085",
    "modality": "bold",
    "subject_id": "01",
    "task_id": "happy"
  },
  "dummy_trs": 1,
  "dvars_nstd": 23.99554795314917,
  "dvars_std": 1.0709277253591156,
  "dvars_vstd": 1.0169654302762434,
  "efc": 0.5359622861566365,
  "fber": 689.7899780273438,
  "fd_mean": 0.09869239036761965,
  "fd_num": 14,
  "fd_perc": 7.6923076923076925,
  "fwhm_avg": 2.7475311111111114,
  "fwhm_x": 2.5538666666666665,
  "fwhm_y": 2.8257333333333334,
  "fwhm_z": 2.8629933333333333,
  "gcor": 0.0452103,
  "gsr_x": -0.008406034670770168,
  "gsr_y": 0.08985264599323273,
  "provenance": {
    "md5sum": "e2d6db85f089af0f9e7b0ceebec0e5c8",
    "settings": {
      "fd_thres": 0.2,
      "testing": false
    },
    "software": "mriqc",
    "version": "22.0.1",
    "webapi_port": null,
    "webapi_url": "https://mriqc.nimh.nih.gov/api/v1"
  },
  "size_t": 182,
  "size_x": 68,
  "size_y": 68,
  "size_z": 48,
  "snr": 2.6473165194246735,
  "spacing_tr": 1.0,
  "spacing_x": 3.0,
  "spacing_y": 3.0,
  "spacing_z": 3.0,
  "summary_bg_k": 27.676290978743886,
  "summary_bg_mad": 105.41954212661464,
  "summary_bg_mean": 338.3891906738281,
  "summary_bg_median": 137.6703338623047,
  "summary_bg_n": 136134.0,
  "summary_bg_p05": 55.505496978759766,
  "summary_bg_p95": 1378.7327575683585,
  "summary_bg_stdv": 548.7335205078125,
  "summary_fg_k": 1.0972888387246025,
  "summary_fg_mad": 1239.3743748618588,
  "summary_fg_mean": 4026.135498046875,
  "summary_fg_median": 3756.43408203125,
  "summary_fg_n": 41333.0,
  "summary_fg_p05": 2222.0791015625,
  "summary_fg_p95": 6844.13642578125,
  "summary_fg_stdv": 1418.9420166015625,
  "tsnr": 52.0323132853955
}