{
  "aor": 0.0012026937269372692,
  "aqi": 0.0053310795202952035,
  "bids_meta": {
    "AcquisitionNumber": 1,
    "AcquisitionTime": "13:39:27.082500",
    "BandwidthPerPixelPhaseEncode": 25.355,
    "BodyPartExamined": "BRAIN",
    "ConversionSoftware": "dcm2niix",
    "ConversionSoftwareVersion": "v1.0.20170724 (OpenJPEG build) GCC6.1.0",
    "DeviceSerialNumber": "67025",
    "EchoTime": 0.035,
    "EchoTrainLength": 68,
    "EffectiveEchoSpacing": 0.000579999,
    "FlipAngle": 52,
    "ImageType": [
      "ORIGINAL",
      "PRIMARY",
      "M",
      "MB",
      "ND",
      "MOSAIC"
    ],
    "InstitutionAddress": "McClintock_3520A_Los_Angeles_SVC0e0594213b1104_CA_US_90089",
    "InstitutionName": "USC",
    "MagneticFieldStrength": 3,
    "Manufacturer": "Siemens",
    "ManufacturersModelName": "Prisma_fit",
    "PhaseEncodingDirection": "j-",
    "PhaseEncodingLines": 68,
    "ProcedureStepDescription": "HAssal_Music",
    "ProtocolName": "MUSIC_DYNAMICS_SNL",
    "RepetitionTime": 1,
    "ScanningSequence": "EP",
    "SequenceName": "epfid2d1_68",
    "SequenceVariant": "SK_SS",
    "SeriesDescription": "MUSIC_DYNAMICS_SNL",
    "SliceTiming": [
      0,
      0.49,
      0.165,
      0.8175,
      0.3275,
      0.655,
      0,
      0.49,
      0.165,
      0.8175,
      0.3275,
      0.655,
      0,
      0.49,
      0.165,
      0.8175,
      0.3275,
      0.655,
      0,
      0.49,
      0.165,
      0.8175,
      0.3275,
      0.655,
      0,
      0.49,
      0.165,
      0.8175,
      0.3275,
      0.655,
      0,
      0.49,
      0.165,
      0.8175,
      0.3275,
      0.655,
      0,
      0.49,
      0.165,
      0.8175,
      0.3275,
      0.655,
      0,
      0.49,
      0.165,
      0.8175,
      0.3275,
      0.655
    ],
    "SoftwareVersions": "syngo_MR_E11",
    "TaskName": "sadsh",
    "TotalReadoutTime": 0.03886,
    "dataset": "ds003085",
    "modality": "bold",
    "subject_id": "01",
    "task_id": "sadsh"
  },
  "dummy_trs": 0,
  "dvars_nstd": 24.868142283259253,
  "dvars_std": 1.0670792673703702,
  "dvars_vstd": 1.0021344835555555,
  "efc": 0.5367465839593791,
  "fber": 684.1600341796875,
  "fd_mean": 0.09902691969770586,
  "fd_num": 31,
  "fd_perc": 11.439114391143912,
  "fwhm_avg": 2.737931111111111,
  "fwhm_x": 2.5450833333333334,
  "fwhm_y": 2.8059,
  "fwhm_z": 2.86281,
  "gcor": 0.0440253,
  "gsr_x": -0.008640671148896217,
  "gsr_y": 0.09222938120365143,
  "provenance": {
    "md5sum": "96c60114af2abc20c819bb6e1c52e464",
    "settings": {
      "fd_thres": 0.2,
      "testing": false
    },
    "software": "mriqc",
    "version": "22.0.1",
    "webapi_port": null,
    "webapi_url": "https://mriqc.nimh.nih.gov/api/v1"
  },
  "size_t": 271,
  "size_x": 68,
  "size_y": 68,
  "size_z": 48,
  "snr": 2.65905480822577,
  "spacing_tr": 1.0,
  "spacing_x": 3.0,
  "spacing_y": 3.0,
  "spacing_z": 3.0,
  "summary_bg_k": 30.37306695339135,
  "summary_bg_mad": 106.06077165820693,
  "summary_bg_mean": 342.36761474609375,
  "summary_bg_median": 137.94833374023438,
  "summary_bg_n": 136256.0,
  "summary_bg_p05": 55.26937484741211,
  "summary_bg_p95": 1396.9400634765625,
  "summary_bg_stdv": 563.4993286132812,
  "summary_fg_k": 1.0965274486908738,
  "summary_fg_mad": 1231.8180262501587,
  "summary_fg_mean": 4013.479736328125,
  "summary_fg_median": 3743.7158203125,
  "summary_fg_n": 41163.0,
  "summary_fg_p05": 2211.8350830078125,
  "summary_fg_p95": 6821.624755859376,
  "summary_fg_stdv": 1407.8951416015625,
  "tsnr": 50.711732923518866
}