{
  "aor": 0.0008163703703703704,
  "aqi": 0.0020789824814814815,
  "bids_meta": {
    "AcquisitionNumber": 1,
    "AcquisitionTime": "15:00:34.117500",
    "BandwidthPerPixelPhaseEncode": 25.355,
    "BodyPartExamined": "BRAIN",
    "ConversionSoftware": "dcm2niix",
    "ConversionSoftwareVersion": "v1.0.20170724 (OpenJPEG build) GCC6.1.0",
    "DeviceSerialNumber": "67025",
    "EchoTime": 0.035,
    "EchoTrainLength": 68,
    "EffectiveEchoSpacing": 0.000579999,
    "FlipAngle": 52,
    "ImageType": [
      "ORIGINAL",
      "PRIMARY",
      "M",
      "MB",
      "ND",
      "MOSAIC"
    ],
    "InstitutionAddress": "McClintock_3520A_Los_Angeles_SVC0e0594213b1104_CA_US_90089",
    "InstitutionName": "USC",
    "MagneticFieldStrength": 3,
    "Manufacturer": "Siemens",
    "ManufacturersModelName": "Prisma_fit",
    "PhaseEncodingDirection": "j-",
    "PhaseEncodingLines": 68,
    "ProcedureStepDescription": "HAssal_Music",
    "ProtocolName": "MUSIC_DYNAMICS_SNL",
    "RepetitionTime": 1,
    "ScanningSequence": "EP",
    "SequenceName": "epfid2d1_68",
    "SequenceVariant": "SK_SS",
    "SeriesDescription": "MUSIC_DYNAMICS_SNL",
    "SliceTiming": [
      0,
      0.49,
      0.1625,
      0.8175,
      0.3275,
      0.6525,
      0,
      0.49,
      0.1625,
      0.8175,
      0.3275,
      0.6525,
      0,
      0.49,
      0.1625,
      0.8175,
      0.3275,
      0.6525,
      0,
      0.49,
      0.1625,
      0.8175,
      0.3275,
      0.6525,
      0,
      0.49,
      0.1625,
      0.8175,
      0.3275,
      0.6525,
      0,
      0.49,
      0.1625,
      0.8175,
      0.3275,
      0.6525,
      0,
      0.49,
      0.1625,
      0.8175,
      0.3275,
      0.6525,
      0,
      0.49,
      0.1625,
      0.8175,
      0.3275,
      0.6525
    ],
    "SoftwareVersions": "syngo_MR_E11",
    "TaskName": "sadsh",
    "TotalReadoutTime": 0.03886,
    "dataset": "ds003085",
    "modality": "bold",
    "subject_id": "08",
    "task_id": "sadsh"
  },
  "dummy_trs": 1,
  "dvars_nstd": 23.184078088921936,
  "dvars_std": 1.1079052202230486,
  "dvars_vstd": 0.9916715784386616,
  "efc": 0.5346091398643625,
  "fber": 813.610107421875,
  "fd_mean": 0.09047576027176067,
  "fd_num": 0,
  "fd_perc": 0.0,
  "fwhm_avg": 2.8130633333333335,
  "fwhm_x": 2.64583,
  "fwhm_y": 2.9190833333333335,
  "fwhm_z": 2.874276666666667,
  "gcor": 0.00771982,
  "gsr_x": -0.0141697833314538,
  "gsr_y": 0.051077019423246384,
  "provenance": {
    "md5sum": "b04175d5a877bf38adb98cb634c3881d",
    "settings": {
      "fd_thres": 0.2,
      "testing": false
    },
    "software": "mriqc",
    "version": "22.0.1",
    "webapi_port": null,
    "webapi_url": "https://mriqc.nimh.nih.gov/api/v1"
  },
  "size_t": 270,
  "size_x": 68,
  "size_y": 68,
  "size_z": 48,
  "snr": 2.5152134266045043,
  "spacing_tr": 1.0,
  "spacing_x": 3.0,
  "spacing_y": 3.0,
  "spacing_z": 3.0,
  "summary_bg_k": 24.80444151593275,
  "summary_bg_mad": 108.42215322207768,
  "summary_bg_mean": 303.2681884765625,
  "summary_bg_median": 148.3629608154297,
  "summary_bg_n": 128251.0,
  "summary_bg_p05": 60.733333587646484,
  "summary_bg_p95": 1151.4926147460938,
  "summary_bg_stdv": 469.7500915527344,
  "summary_fg_k": 0.6725055126614814,
  "summary_fg_mad": 1693.8618137762503,
  "summary_fg_mean": 4821.74853515625,
  "summary_fg_median": 4499.04052734375,
  "summary_fg_n": 45985.0,
  "summary_fg_p05": 2500.563720703125,
  "summary_fg_p95": 8213.879296874995,
  "summary_fg_stdv": 1788.711669921875,
  "tsnr": 64.23681532917544
}