{
  "aor": 0.0017328961748633877,
  "aqi": 0.001572704644808743,
  "bids_meta": {
    "AcquisitionNumber": 1,
    "AcquisitionTime": "15:16:39.967500",
    "BandwidthPerPixelPhaseEncode": 25.355,
    "BodyPartExamined": "BRAIN",
    "ConversionSoftware": "dcm2niix",
    "ConversionSoftwareVersion": "v1.0.20170724 (OpenJPEG build) GCC6.1.0",
    "DeviceSerialNumber": "67025",
    "EchoTime": 0.035,
    "EchoTrainLength": 68,
    "EffectiveEchoSpacing": 0.000579999,
    "FlipAngle": 52,
    "ImageType": [
      "ORIGINAL",
      "PRIMARY",
      "M",
      "MB",
      "ND",
      "MOSAIC"
    ],
    "InstitutionAddress": "McClintock_3520A_Los_Angeles_SVC0e0594213b1104_CA_US_90089",
    "InstitutionName": "USC",
    "MagneticFieldStrength": 3,
    "Manufacturer": "Siemens",
    "ManufacturersModelName": "Prisma_fit",
    "PhaseEncodingDirection": "j-",
    "PhaseEncodingLines": 68,
    "ProcedureStepDescription": "HAssal_Music",
    "ProtocolName": "MUSIC_DYNAMICS_HNL",
    "RepetitionTime": 1,
    "ScanningSequence": "EP",
    "SequenceName": "epfid2d1_68",
    "SequenceVariant": "SK_SS",
    "SeriesDescription": "MUSIC_DYNAMICS_HNL",
    "SliceTiming": [
      0,
      0.49,
      0.1625,
      0.815,
      0.325,
      0.6525,
      0,
      0.49,
      0.1625,
      0.815,
      0.325,
      0.6525,
      0,
      0.49,
      0.1625,
      0.815,
      0.325,
      0.6525,
      0,
      0.49,
      0.1625,
      0.815,
      0.325,
      0.6525,
      0,
      0.49,
      0.1625,
      0.815,
      0.325,
      0.6525,
      0,
      0.49,
      0.1625,
      0.815,
      0.325,
      0.6525,
      0,
      0.49,
      0.1625,
      0.815,
      0.325,
      0.6525,
      0,
      0.49,
      0.1625,
      0.815,
      0.325,
      0.6525
    ],
    "SoftwareVersions": "syngo_MR_E11",
    "TaskName": "happy",
    "TotalReadoutTime": 0.03886,
    "dataset": "ds003085",
    "modality": "bold",
    "subject_id": "08",
    "task_id": "happy"
  },
  "dummy_trs": 0,
  "dvars_nstd": 23.1286355845055,
  "dvars_std": 1.1341378790659342,
  "dvars_vstd": 1.019912559890109,
  "efc": 0.5342221898668954,
  "fber": 794.80517578125,
  "fd_mean": 0.08890915326958596,
  "fd_num": 0,
  "fd_perc": 0.0,
  "fwhm_avg": 2.807563333333333,
  "fwhm_x": 2.65651,
  "fwhm_y": 2.905803333333333,
  "fwhm_z": 2.860376666666667,
  "gcor": 0.0137685,
  "gsr_x": -0.01352513488382101,
  "gsr_y": 0.05191626027226448,
  "provenance": {
    "md5sum": "f81f879f9211fa309833f9d610fed8fd",
    "settings": {
      "fd_thres": 0.2,
      "testing": false
    },
    "software": "mriqc",
    "version": "22.0.1",
    "webapi_port": null,
    "webapi_url": "https://mriqc.nimh.nih.gov/api/v1"
  },
  "size_t": 183,
  "size_x": 68,
  "size_y": 68,
  "size_z": 48,
  "snr": 2.4981602853959077,
  "spacing_tr": 1.0,
  "spacing_x": 3.0,
  "spacing_y": 3.0,
  "spacing_z": 3.0,
  "summary_bg_k": 24.46699977836497,
  "summary_bg_mad": 110.53082775345,
  "summary_bg_mean": 305.42083740234375,
  "summary_bg_median": 150.69398498535156,
  "summary_bg_n": 128275.0,
  "summary_bg_p05": 61.32786560058594,
  "summary_bg_p95": 1159.2551635742175,
  "summary_bg_stdv": 469.236572265625,
  "summary_fg_k": 0.6305798495151733,
  "summary_fg_mad": 1714.365956323049,
  "summary_fg_mean": 4838.55029296875,
  "summary_fg_median": 4512.158203125,
  "summary_fg_n": 46121.0,
  "summary_fg_p05": 2497.02734375,
  "summary_fg_p95": 8272.787109375,
  "summary_fg_stdv": 1806.1728515625,
  "tsnr": 71.21703894343227
}