{
  "aor": 0.0004777504725897921,
  "aqi": 0.0021341643100189034,
  "bids_meta": {
    "AcquisitionNumber": 1,
    "AcquisitionTime": "15:06:28.640000",
    "BandwidthPerPixelPhaseEncode": 25.355,
    "BodyPartExamined": "BRAIN",
    "ConversionSoftware": "dcm2niix",
    "ConversionSoftwareVersion": "v1.0.20170724 (OpenJPEG build) GCC6.1.0",
    "DeviceSerialNumber": "67025",
    "EchoTime": 0.035,
    "EchoTrainLength": 68,
    "EffectiveEchoSpacing": 0.000579999,
    "FlipAngle": 52,
    "ImageType": [
      "ORIGINAL",
      "PRIMARY",
      "M",
      "MB",
      "ND",
      "MOSAIC"
    ],
    "InstitutionAddress": "McClintock_3520A_Los_Angeles_SVC0e0594213b1104_CA_US_90089",
    "InstitutionName": "USC",
    "MagneticFieldStrength": 3,
    "Manufacturer": "Siemens",
    "ManufacturersModelName": "Prisma_fit",
    "PhaseEncodingDirection": "j-",
    "PhaseEncodingLines": 68,
    "ProcedureStepDescription": "HAssal_Music",
    "ProtocolName": "MUSIC_DYNAMICS_SNL_L",
    "RepetitionTime": 1,
    "ScanningSequence": "EP",
    "SequenceName": "epfid2d1_68",
    "SequenceVariant": "SK_SS",
    "SeriesDescription": "MUSIC_DYNAMICS_SNL_L",
    "SliceTiming": [
      0,
      0.49,
      0.1625,
      0.815,
      0.325,
      0.6525,
      0,
      0.49,
      0.1625,
      0.815,
      0.325,
      0.6525,
      0,
      0.49,
      0.1625,
      0.815,
      0.325,
      0.6525,
      0,
      0.49,
      0.1625,
      0.815,
      0.325,
      0.6525,
      0,
      0.49,
      0.1625,
      0.815,
      0.325,
      0.6525,
      0,
      0.49,
      0.1625,
      0.815,
      0.325,
      0.6525,
      0,
      0.49,
      0.1625,
      0.815,
      0.325,
      0.6525,
      0,
      0.49,
      0.1625,
      0.815,
      0.325,
      0.6525
    ],
    "SoftwareVersions": "syngo_MR_E11",
    "TaskName": "sadln",
    "TotalReadoutTime": 0.03886,
    "dataset": "ds003085",
    "modality": "bold",
    "subject_id": "08",
    "task_id": "sadln"
  },
  "dummy_trs": 1,
  "dvars_nstd": 23.067090728068177,
  "dvars_std": 1.110073182897727,
  "dvars_vstd": 1.0007844532575763,
  "efc": 0.5348524148899677,
  "fber": 799.30029296875,
  "fd_mean": 0.0899691961293964,
  "fd_num": 0,
  "fd_perc": 0.0,
  "fwhm_avg": 2.810044444444445,
  "fwhm_x": 2.6423099999999997,
  "fwhm_y": 2.9110600000000004,
  "fwhm_z": 2.8767633333333333,
  "gcor": 0.00854225,
  "gsr_x": -0.015227512456476688,
  "gsr_y": 0.05396021530032158,
  "provenance": {
    "md5sum": "5fe56ed12cbeb2aa59549d6fefc88bf6",
    "settings": {
      "fd_thres": 0.2,
      "testing": false
    },
    "software": "mriqc",
    "version": "22.0.1",
    "webapi_port": null,
    "webapi_url": "https://mriqc.nimh.nih.gov/api/v1"
  },
  "size_t": 529,
  "size_x": 68,
  "size_y": 68,
  "size_z": 48,
  "snr": 2.5042261500309455,
  "spacing_tr": 1.0,
  "spacing_x": 3.0,
  "spacing_y": 3.0,
  "spacing_z": 3.0,
  "summary_bg_k": 23.22152393682977,
  "summary_bg_mad": 111.86780755861759,
  "summary_bg_mean": 310.5897216796875,
  "summary_bg_median": 150.5992431640625,
  "summary_bg_n": 128693.0,
  "summary_bg_p05": 60.607940673828125,
  "summary_bg_p95": 1193.0166992187492,
  "summary_bg_stdv": 480.7298583984375,
  "summary_fg_k": 0.6695045851817358,
  "summary_fg_mad": 1709.9420392540608,
  "summary_fg_mean": 4828.64404296875,
  "summary_fg_median": 4504.7607421875,
  "summary_fg_n": 46082.0,
  "summary_fg_p05": 2487.3169921875,
  "summary_fg_p95": 8231.841064453125,
  "summary_fg_stdv": 1798.8438720703125,
  "tsnr": 63.48014869377948
}