{
  "aor": 0.0005986350974930361,
  "aqi": 0.0022892878830083566,
  "bids_meta": {
    "AcquisitionNumber": 1,
    "AcquisitionTime": "14:45:10.445000",
    "BandwidthPerPixelPhaseEncode": 25.355,
    "BodyPartExamined": "BRAIN",
    "ConversionSoftware": "dcm2niix",
    "ConversionSoftwareVersion": "v1.0.20170724 (OpenJPEG build) GCC6.1.0",
    "DeviceSerialNumber": "67025",
    "EchoTime": 0.035,
    "EchoTrainLength": 68,
    "EffectiveEchoSpacing": 0.000579999,
    "FlipAngle": 52,
    "ImageType": [
      "ORIGINAL",
      "PRIMARY",
      "M",
      "MB",
      "ND",
      "MOSAIC"
    ],
    "InstitutionAddress": "McClintock_3520A_Los_Angeles_SVC0e0594213b1104_CA_US_90089",
    "InstitutionName": "USC",
    "MagneticFieldStrength": 3,
    "Manufacturer": "Siemens",
    "ManufacturersModelName": "Prisma_fit",
    "PhaseEncodingDirection": "j-",
    "PhaseEncodingLines": 68,
    "ProcedureStepDescription": "HAssal_Music",
    "ProtocolName": "Resting",
    "RepetitionTime": 1,
    "ScanningSequence": "EP",
    "SequenceName": "epfid2d1_68",
    "SequenceVariant": "SK_SS",
    "SeriesDescription": "Resting",
    "SliceTiming": [
      0,
      0.49,
      0.1625,
      0.815,
      0.325,
      0.6525,
      0,
      0.49,
      0.1625,
      0.815,
      0.325,
      0.6525,
      0,
      0.49,
      0.1625,
      0.815,
      0.325,
      0.6525,
      0,
      0.49,
      0.1625,
      0.815,
      0.325,
      0.6525,
      0,
      0.49,
      0.1625,
      0.815,
      0.325,
      0.6525,
      0,
      0.49,
      0.1625,
      0.815,
      0.325,
      0.6525,
      0,
      0.49,
      0.1625,
      0.815,
      0.325,
      0.6525,
      0,
      0.49,
      0.1625,
      0.815,
      0.325,
      0.6525
    ],
    "SoftwareVersions": "syngo_MR_E11",
    "TaskName": "rest",
    "TotalReadoutTime": 0.03886,
    "dataset": "ds003085",
    "modality": "bold",
    "subject_id": "08",
    "task_id": "rest"
  },
  "dummy_trs": 1,
  "dvars_nstd": 23.821070724273753,
  "dvars_std": 1.125222743882682,
  "dvars_vstd": 1.0023695046368712,
  "efc": 0.5326185279702995,
  "fber": 881.0261840820312,
  "fd_mean": 0.08845347869655594,
  "fd_num": 0,
  "fd_perc": 0.0,
  "fwhm_avg": 2.752292222222222,
  "fwhm_x": 2.57015,
  "fwhm_y": 2.846156666666667,
  "fwhm_z": 2.84057,
  "gcor": 0.0098612,
  "gsr_x": -0.01299135573208332,
  "gsr_y": 0.05512145906686783,
  "provenance": {
    "md5sum": "cb25aac24a19f03f335c1be724712b14",
    "settings": {
      "fd_thres": 0.2,
      "testing": false
    },
    "software": "mriqc",
    "version": "22.0.1",
    "webapi_port": null,
    "webapi_url": "https://mriqc.nimh.nih.gov/api/v1"
  },
  "size_t": 359,
  "size_x": 68,
  "size_y": 68,
  "size_z": 48,
  "snr": 2.5546025710909213,
  "spacing_tr": 1.0,
  "spacing_x": 3.0,
  "spacing_y": 3.0,
  "spacing_z": 3.0,
  "summary_bg_k": 24.394868280534553,
  "summary_bg_mad": 99.31369410152243,
  "summary_bg_mean": 282.0881652832031,
  "summary_bg_median": 137.67410278320312,
  "summary_bg_n": 128386.0,
  "summary_bg_p05": 57.423397064208984,
  "summary_bg_p95": 1085.0306701660156,
  "summary_bg_stdv": 435.9939270019531,
  "summary_fg_k": 0.7260770561323553,
  "summary_fg_mad": 1562.509989736494,
  "summary_fg_mean": 4619.03955078125,
  "summary_fg_median": 4311.4150390625,
  "summary_fg_n": 46154.0,
  "summary_fg_p05": 2419.3277221679687,
  "summary_fg_p95": 7874.4061279296875,
  "summary_fg_stdv": 1687.6865234375,
  "tsnr": 61.87812347779982
}