{
  "aor": 0.0009689136490250698,
  "aqi": 0.00312047217270195,
  "bids_meta": {
    "AcquisitionNumber": 1,
    "AcquisitionTime": "11:03:22.277500",
    "BandwidthPerPixelPhaseEncode": 25.355,
    "BodyPartExamined": "BRAIN",
    "ConversionSoftware": "dcm2niix",
    "ConversionSoftwareVersion": "v1.0.20170724 (OpenJPEG build) GCC6.1.0",
    "DeviceSerialNumber": "67025",
    "EchoTime": 0.035,
    "EchoTrainLength": 68,
    "EffectiveEchoSpacing": 0.000579999,
    "FlipAngle": 52,
    "ImageType": [
      "ORIGINAL",
      "PRIMARY",
      "M",
      "MB",
      "ND",
      "MOSAIC"
    ],
    "InstitutionAddress": "McClintock_3520A_Los_Angeles_SVC0e0594213b1104_CA_US_90089",
    "InstitutionName": "USC",
    "MagneticFieldStrength": 3,
    "Manufacturer": "Siemens",
    "ManufacturersModelName": "Prisma_fit",
    "PhaseEncodingDirection": "j-",
    "PhaseEncodingLines": 68,
    "ProcedureStepDescription": "HAssal_Music",
    "ProtocolName": "Resting",
    "RepetitionTime": 1,
    "ScanningSequence": "EP",
    "SequenceName": "epfid2d1_68",
    "SequenceVariant": "SK_SS",
    "SeriesDescription": "Resting",
    "SliceTiming": [
      0,
      0.49,
      0.1625,
      0.8175,
      0.3275,
      0.6525,
      0,
      0.49,
      0.1625,
      0.8175,
      0.3275,
      0.6525,
      0,
      0.49,
      0.1625,
      0.8175,
      0.3275,
      0.6525,
      0,
      0.49,
      0.1625,
      0.8175,
      0.3275,
      0.6525,
      0,
      0.49,
      0.1625,
      0.8175,
      0.3275,
      0.6525,
      0,
      0.49,
      0.1625,
      0.8175,
      0.3275,
      0.6525,
      0,
      0.49,
      0.1625,
      0.8175,
      0.3275,
      0.6525,
      0,
      0.49,
      0.1625,
      0.8175,
      0.3275,
      0.6525
    ],
    "SoftwareVersions": "syngo_MR_E11",
    "TaskName": "rest",
    "TotalReadoutTime": 0.03886,
    "dataset": "ds003085",
    "modality": "bold",
    "subject_id": "10",
    "task_id": "rest"
  },
  "dummy_trs": 1,
  "dvars_nstd": 25.5552049082961,
  "dvars_std": 1.1471479134078217,
  "dvars_vstd": 0.9854974703351947,
  "efc": 0.4805359086582616,
  "fber": 1136.3944091796875,
  "fd_mean": 0.14979734785281276,
  "fd_num": 78,
  "fd_perc": 21.72701949860724,
  "fwhm_avg": 2.8286866666666666,
  "fwhm_x": 2.68637,
  "fwhm_y": 2.9382800000000002,
  "fwhm_z": 2.86141,
  "gcor": 0.0170831,
  "gsr_x": 0.0004584626585710794,
  "gsr_y": 0.03968452662229538,
  "provenance": {
    "md5sum": "3c83cee83168b61a29bd948971f6d00c",
    "settings": {
      "fd_thres": 0.2,
      "testing": false
    },
    "software": "mriqc",
    "version": "22.0.1",
    "webapi_port": null,
    "webapi_url": "https://mriqc.nimh.nih.gov/api/v1"
  },
  "size_t": 359,
  "size_x": 68,
  "size_y": 68,
  "size_z": 48,
  "snr": 2.4050292089664183,
  "spacing_tr": 1.0,
  "spacing_x": 3.0,
  "spacing_y": 3.0,
  "spacing_z": 3.0,
  "summary_bg_k": 38.83291903923755,
  "summary_bg_mad": 105.58894101290875,
  "summary_bg_mean": 290.29595947265625,
  "summary_bg_median": 139.27993774414062,
  "summary_bg_n": 142676.0,
  "summary_bg_p05": 55.984679222106934,
  "summary_bg_p95": 1054.1914672851562,
  "summary_bg_stdv": 478.9449462890625,
  "summary_fg_k": 0.9595786694074206,
  "summary_fg_mad": 1760.1749624186089,
  "summary_fg_mean": 5169.63134765625,
  "summary_fg_median": 4738.00830078125,
  "summary_fg_n": 36479.0,
  "summary_fg_p05": 2732.0124755859374,
  "summary_fg_p95": 9032.408789062498,
  "summary_fg_stdv": 1970.014892578125,
  "tsnr": 52.601611801888794
}