{
  "bids_meta": {
    "AccelFactPE": 2,
    "AcquisitionNumber": 1,
    "AcquisitionTime": "13:59:48.050000",
    "BodyPartExamined": "BRAIN",
    "ConversionSoftware": "dcm2niix",
    "ConversionSoftwareVersion": "v1.0.20170724 (OpenJPEG build) GCC6.1.0",
    "DeviceSerialNumber": "67025",
    "EchoTime": 0.00226,
    "FlipAngle": 9,
    "ImageType": [
      "ORIGINAL",
      "PRIMARY",
      "M",
      "ND",
      "NORM"
    ],
    "InstitutionAddress": "McClintock_3520A_Los_Angeles_SVC0e0594213b1104_CA_US_90089",
    "InstitutionName": "USC",
    "InversionTime": 1.06,
    "MagneticFieldStrength": 3,
    "Manufacturer": "Siemens",
    "ManufacturersModelName": "Prisma_fit",
    "PhaseEncodingDirection": "i-",
    "PhaseEncodingLines": 224,
    "ProcedureStepDescription": "HAssal_Music",
    "ProtocolName": "t1_mprage_short_32channel",
    "RepetitionTime": 2.3,
    "ScanningSequence": "GR_IR",
    "SequenceName": "_tfl3d1_16ns",
    "SequenceVariant": "SK_SP_MP",
    "SeriesDescription": "t1_mprage_short_32channel",
    "SoftwareVersions": "syngo_MR_E11",
    "dataset": "ds003085",
    "modality": "T1w",
    "subject_id": "06"
  },
  "cjv": 0.33561393503485015,
  "cnr": 4.101525555360464,
  "efc": 0.6321606261544302,
  "fber": 51949.805625,
  "fwhm_avg": 4.397274156362157,
  "fwhm_x": 4.4563624690864705,
  "fwhm_y": 4.40269,
  "fwhm_z": 4.33277,
  "icvs_csf": 0.1579907812487718,
  "icvs_gm": 0.46802733402412994,
  "icvs_wm": 0.37398188472709826,
  "inu_med": 0.3221469223499298,
  "inu_range": 0.09610609263181685,
  "provenance": {
    "md5sum": "26a44a7e29d49f9c05030f455143f27e",
    "settings": {
      "testing": false
    },
    "software": "mriqc",
    "version": "22.0.1",
    "warnings": {
      "large_rot_frame": true,
      "small_air_mask": false
    },
    "webapi_port": null,
    "webapi_url": "https://mriqc.nimh.nih.gov/api/v1"
  },
  "qi_1": 0.0,
  "qi_2": 0.00856282912722772,
  "rpve_csf": 22.965434516860736,
  "rpve_gm": 8.868464398577123,
  "rpve_wm": 12.293353091642482,
  "size_x": 176,
  "size_y": 224,
  "size_z": 256,
  "snr_csf": 2.97463295816878,
  "snr_gm": 17.807047498416477,
  "snr_total": 17.4436090507334,
  "snr_wm": 31.549146695614937,
  "snrd_csf": 49.38140202746836,
  "snrd_gm": 108.09197337069276,
  "snrd_total": 98.81459397940667,
  "snrd_wm": 138.97040654005892,
  "spacing_x": 1.0000039339065552,
  "spacing_y": 1.0,
  "spacing_z": 1.0,
  "summary_bg_k": 21.955540326235592,
  "summary_bg_mad": 0.0,
  "summary_bg_mean": 2.332220361374762,
  "summary_bg_median": 0.0,
  "summary_bg_n": 2055027.0,
  "summary_bg_p05": 0.0,
  "summary_bg_p95": 10.954223342239857,
  "summary_bg_stdv": 4.714333593696709,
  "summary_csf_k": 0.9945218069809245,
  "summary_csf_mad": 82.39576122526142,
  "summary_csf_mean": 357.25641667904245,
  "summary_csf_median": 355.34646293800324,
  "summary_csf_n": 30832.0,
  "summary_csf_p05": 120.32058620639145,
  "summary_csf_p95": 556.5524313187225,
  "summary_csf_stdv": 119.45699024519627,
  "summary_gm_k": -0.05465629451412379,
  "summary_gm_mad": 44.401332450502544,
  "summary_gm_mean": 777.5463326205291,
  "summary_gm_median": 777.8252303954214,
  "summary_gm_n": 66154.0,
  "summary_gm_p05": 706.2459131889045,
  "summary_gm_p95": 848.7349832623265,
  "summary_gm_stdv": 43.68042212188293,
  "summary_wm_k": 0.529564192278817,
  "summary_wm_mad": 30.172046379955585,
  "summary_wm_mean": 1001.4129689700071,
  "summary_wm_median": 1000.0251185577363,
  "summary_wm_n": 252376.0,
  "summary_wm_p05": 951.911958694458,
  "summary_wm_p95": 1055.4243444055319,
  "summary_wm_stdv": 31.697311720765274,
  "tpm_overlap_csf": 0.16875900652400297,
  "tpm_overlap_gm": 0.46987198749511644,
  "tpm_overlap_wm": 0.5007042519156782,
  "wm2max": 0.8468592141076928
}