{
  "bids_meta": {
    "AccelFactPE": 2,
    "AcquisitionNumber": 1,
    "AcquisitionTime": "14:20:51.667500",
    "BodyPartExamined": "BRAIN",
    "ConversionSoftware": "dcm2niix",
    "ConversionSoftwareVersion": "v1.0.20170724 (OpenJPEG build) GCC6.1.0",
    "DeviceSerialNumber": "67025",
    "EchoTime": 0.00226,
    "FlipAngle": 9,
    "ImageType": [
      "ORIGINAL",
      "PRIMARY",
      "M",
      "ND",
      "NORM"
    ],
    "InstitutionAddress": "McClintock_3520A_Los_Angeles_SVC0e0594213b1104_CA_US_90089",
    "InstitutionName": "USC",
    "InversionTime": 1.06,
    "MagneticFieldStrength": 3,
    "Manufacturer": "Siemens",
    "ManufacturersModelName": "Prisma_fit",
    "PhaseEncodingDirection": "i-",
    "PhaseEncodingLines": 224,
    "ProcedureStepDescription": "HAssal_Music",
    "ProtocolName": "t1_mprage_short_32channel",
    "RepetitionTime": 2.3,
    "ScanningSequence": "GR_IR",
    "SequenceName": "_tfl3d1_16ns",
    "SequenceVariant": "SK_SP_MP",
    "SeriesDescription": "t1_mprage_short_32channel",
    "SoftwareVersions": "syngo_MR_E11",
    "dataset": "ds003085",
    "modality": "T1w",
    "subject_id": "05"
  },
  "cjv": 0.352267567258642,
  "cnr": 3.85452857044734,
  "efc": 0.5968004547426421,
  "fber": -1.0,
  "fwhm_avg": 4.167714507779863,
  "fwhm_x": 4.222273523339589,
  "fwhm_y": 4.1174,
  "fwhm_z": 4.16347,
  "icvs_csf": 0.17145168681399975,
  "icvs_gm": 0.46367893236030666,
  "icvs_wm": 0.3648693808256936,
  "inu_med": 0.29576896131038666,
  "inu_range": 0.08463592827320099,
  "provenance": {
    "md5sum": "a4154e7836fe1a801d9016d6020649c6",
    "settings": {
      "testing": false
    },
    "software": "mriqc",
    "version": "22.0.1",
    "warnings": {
      "large_rot_frame": true,
      "small_air_mask": false
    },
    "webapi_port": null,
    "webapi_url": "https://mriqc.nimh.nih.gov/api/v1"
  },
  "qi_1": 0.025739270736004894,
  "qi_2": 0.01080726838606713,
  "rpve_csf": 26.594512073809,
  "rpve_gm": 11.06682699955393,
  "rpve_wm": 15.648644087659674,
  "size_x": 176,
  "size_y": 224,
  "size_z": 256,
  "snr_csf": 3.0783166925400742,
  "snr_gm": 17.84719698135401,
  "snr_total": 17.24668705090641,
  "snr_wm": 30.814547478825148,
  "snrd_csf": 72.27543976808086,
  "snrd_gm": 160.88610561888,
  "snrd_total": 145.74585123175396,
  "snrd_wm": 204.07600830830103,
  "spacing_x": 0.9999991655349731,
  "spacing_y": 1.0,
  "spacing_z": 1.0,
  "summary_bg_k": 41.33781398601349,
  "summary_bg_mad": 0.0,
  "summary_bg_mean": 1.4157219395722667,
  "summary_bg_median": 0.0,
  "summary_bg_n": 1953382.0,
  "summary_bg_p05": 0.0,
  "summary_bg_p95": 7.635913018137217,
  "summary_bg_stdv": 3.210326796036703,
  "summary_csf_k": 2.0167749993004414,
  "summary_csf_mad": 69.45817656608693,
  "summary_csf_mean": 361.3285680690761,
  "summary_csf_median": 354.167133718729,
  "summary_csf_n": 24884.0,
  "summary_csf_p05": 141.14691525064413,
  "summary_csf_p95": 566.8283990107475,
  "summary_csf_stdv": 115.04989663438433,
  "summary_gm_k": 0.0886343269280041,
  "summary_gm_mad": 43.52626388480814,
  "summary_gm_mean": 787.7796745693081,
  "summary_gm_median": 788.3808257002383,
  "summary_gm_n": 49612.0,
  "summary_gm_p05": 714.4908582754433,
  "summary_gm_p95": 859.5732056200504,
  "summary_gm_stdv": 44.17348455439766,
  "summary_wm_k": 0.6319871003485824,
  "summary_wm_mad": 31.027985073868418,
  "summary_wm_mean": 1001.587752062752,
  "summary_wm_median": 1000.021793782711,
  "summary_wm_n": 198880.0,
  "summary_wm_p05": 951.4217092171311,
  "summary_wm_p95": 1056.4535840079188,
  "summary_wm_stdv": 32.45283028521194,
  "tpm_overlap_csf": 0.15825612945088574,
  "tpm_overlap_gm": 0.47589687380889695,
  "tpm_overlap_wm": 0.515007387226411,
  "wm2max": 0.8953467988547165
}