{
  "aor": 0.001195608856088561,
  "aqi": 0.004232013025830258,
  "bids_meta": {
    "AcquisitionNumber": 1,
    "AcquisitionTime": "16:38:8.662500",
    "BandwidthPerPixelPhaseEncode": 25.355,
    "BodyPartExamined": "BRAIN",
    "ConversionSoftware": "dcm2niix",
    "ConversionSoftwareVersion": "v1.0.20170724 (OpenJPEG build) GCC6.1.0",
    "DeviceSerialNumber": "67025",
    "EchoTime": 0.035,
    "EchoTrainLength": 68,
    "EffectiveEchoSpacing": 0.000579999,
    "FlipAngle": 52,
    "ImageType": [
      "ORIGINAL",
      "PRIMARY",
      "M",
      "MB",
      "ND",
      "MOSAIC"
    ],
    "InstitutionAddress": "McClintock_3520A_Los_Angeles_SVC0e0594213b1104_CA_US_90089",
    "InstitutionName": "USC",
    "MagneticFieldStrength": 3,
    "Manufacturer": "Siemens",
    "ManufacturersModelName": "Prisma_fit",
    "PhaseEncodingDirection": "j-",
    "PhaseEncodingLines": 68,
    "ProcedureStepDescription": "HAssal_Music",
    "ProtocolName": "MUSIC_DYNAMICS_SNL",
    "RepetitionTime": 1,
    "ScanningSequence": "EP",
    "SequenceName": "epfid2d1_68",
    "SequenceVariant": "SK_SS",
    "SeriesDescription": "MUSIC_DYNAMICS_SNL",
    "SliceTiming": [
      0,
      0.49,
      0.1625,
      0.815,
      0.325,
      0.6525,
      0,
      0.49,
      0.1625,
      0.815,
      0.325,
      0.6525,
      0,
      0.49,
      0.1625,
      0.815,
      0.325,
      0.6525,
      0,
      0.49,
      0.1625,
      0.815,
      0.325,
      0.6525,
      0,
      0.49,
      0.1625,
      0.815,
      0.325,
      0.6525,
      0,
      0.49,
      0.1625,
      0.815,
      0.325,
      0.6525,
      0,
      0.49,
      0.1625,
      0.815,
      0.325,
      0.6525,
      0,
      0.49,
      0.1625,
      0.815,
      0.325,
      0.6525
    ],
    "SoftwareVersions": "syngo_MR_E11",
    "TaskName": "sadsh",
    "TotalReadoutTime": 0.03886,
    "dataset": "ds003085",
    "modality": "bold",
    "subject_id": "25",
    "task_id": "sadsh"
  },
  "dummy_trs": 0,
  "dvars_nstd": 24.141667464814823,
  "dvars_std": 1.0456957061481484,
  "dvars_vstd": 0.9827214725555555,
  "efc": 0.5501740688040359,
  "fber": 546.3303833007812,
  "fd_mean": 0.12954283974331238,
  "fd_num": 8,
  "fd_perc": 2.952029520295203,
  "fwhm_avg": 2.9746066666666664,
  "fwhm_x": 2.7423033333333335,
  "fwhm_y": 3.0856999999999997,
  "fwhm_z": 3.0958166666666664,
  "gcor": 0.00555179,
  "gsr_x": -0.012778999283909798,
  "gsr_y": 0.09177228808403015,
  "provenance": {
    "md5sum": "734f355664ef8978e63a3a962548acd4",
    "settings": {
      "fd_thres": 0.2,
      "testing": false
    },
    "software": "mriqc",
    "version": "22.0.1",
    "webapi_port": null,
    "webapi_url": "https://mriqc.nimh.nih.gov/api/v1"
  },
  "size_t": 271,
  "size_x": 68,
  "size_y": 68,
  "size_z": 48,
  "snr": 2.3023254618669102,
  "spacing_tr": 1.0,
  "spacing_x": 3.0,
  "spacing_y": 3.0,
  "spacing_z": 3.0,
  "summary_bg_k": 17.64249394357314,
  "summary_bg_mad": 134.27945214795696,
  "summary_bg_mean": 403.5199890136719,
  "summary_bg_median": 169.595947265625,
  "summary_bg_n": 128412.0,
  "summary_bg_p05": 62.212361907958986,
  "summary_bg_p95": 1655.613323974609,
  "summary_bg_stdv": 620.367431640625,
  "summary_fg_k": 0.9091901241199563,
  "summary_fg_mad": 1638.745822928902,
  "summary_fg_mean": 4570.13134765625,
  "summary_fg_median": 4197.7802734375,
  "summary_fg_n": 45094.0,
  "summary_fg_p05": 2271.2734619140624,
  "summary_fg_p95": 8152.817089843749,
  "summary_fg_stdv": 1823.2581787109375,
  "tsnr": 50.21981334825978
}