{
  "aor": 0.002575846994535519,
  "aqi": 0.0027998815300546444,
  "bids_meta": {
    "AcquisitionNumber": 1,
    "AcquisitionTime": "16:43:58.075000",
    "BandwidthPerPixelPhaseEncode": 25.355,
    "BodyPartExamined": "BRAIN",
    "ConversionSoftware": "dcm2niix",
    "ConversionSoftwareVersion": "v1.0.20170724 (OpenJPEG build) GCC6.1.0",
    "DeviceSerialNumber": "67025",
    "EchoTime": 0.035,
    "EchoTrainLength": 68,
    "EffectiveEchoSpacing": 0.000579999,
    "FlipAngle": 52,
    "ImageType": [
      "ORIGINAL",
      "PRIMARY",
      "M",
      "MB",
      "ND",
      "MOSAIC"
    ],
    "InstitutionAddress": "McClintock_3520A_Los_Angeles_SVC0e0594213b1104_CA_US_90089",
    "InstitutionName": "USC",
    "MagneticFieldStrength": 3,
    "Manufacturer": "Siemens",
    "ManufacturersModelName": "Prisma_fit",
    "PhaseEncodingDirection": "j-",
    "PhaseEncodingLines": 68,
    "ProcedureStepDescription": "HAssal_Music",
    "ProtocolName": "MUSIC_DYNAMICS_HNL",
    "RepetitionTime": 1,
    "ScanningSequence": "EP",
    "SequenceName": "epfid2d1_68",
    "SequenceVariant": "SK_SS",
    "SeriesDescription": "MUSIC_DYNAMICS_HNL",
    "SliceTiming": [
      0,
      0.49,
      0.165,
      0.8175,
      0.3275,
      0.655,
      0,
      0.49,
      0.165,
      0.8175,
      0.3275,
      0.655,
      0,
      0.49,
      0.165,
      0.8175,
      0.3275,
      0.655,
      0,
      0.49,
      0.165,
      0.8175,
      0.3275,
      0.655,
      0,
      0.49,
      0.165,
      0.8175,
      0.3275,
      0.655,
      0,
      0.49,
      0.165,
      0.8175,
      0.3275,
      0.655,
      0,
      0.49,
      0.165,
      0.8175,
      0.3275,
      0.655,
      0,
      0.49,
      0.165,
      0.8175,
      0.3275,
      0.655
    ],
    "SoftwareVersions": "syngo_MR_E11",
    "TaskName": "happy",
    "TotalReadoutTime": 0.03886,
    "dataset": "ds003085",
    "modality": "bold",
    "subject_id": "25",
    "task_id": "happy"
  },
  "dummy_trs": 0,
  "dvars_nstd": 26.138367233516494,
  "dvars_std": 1.1111109385164828,
  "dvars_vstd": 1.021358561208791,
  "efc": 0.5500981269202858,
  "fber": 551.3282470703125,
  "fd_mean": 0.1459247869267104,
  "fd_num": 26,
  "fd_perc": 14.207650273224044,
  "fwhm_avg": 2.942924444444445,
  "fwhm_x": 2.702366666666667,
  "fwhm_y": 3.0748866666666665,
  "fwhm_z": 3.05152,
  "gcor": 0.0162631,
  "gsr_x": -0.014101182110607624,
  "gsr_y": 0.08962393552064896,
  "provenance": {
    "md5sum": "a1acc515c3fdddce1e7ba40186b20e3a",
    "settings": {
      "fd_thres": 0.2,
      "testing": false
    },
    "software": "mriqc",
    "version": "22.0.1",
    "webapi_port": null,
    "webapi_url": "https://mriqc.nimh.nih.gov/api/v1"
  },
  "size_t": 183,
  "size_x": 68,
  "size_y": 68,
  "size_z": 48,
  "snr": 2.3252290565508957,
  "spacing_tr": 1.0,
  "spacing_x": 3.0,
  "spacing_y": 3.0,
  "spacing_z": 3.0,
  "summary_bg_k": 17.288013122902402,
  "summary_bg_mad": 134.76287693444448,
  "summary_bg_mean": 409.28839111328125,
  "summary_bg_median": 170.2185821533203,
  "summary_bg_n": 128803.0,
  "summary_bg_p05": 62.10928726196289,
  "summary_bg_p95": 1686.1594848632765,
  "summary_bg_stdv": 634.1034545898438,
  "summary_fg_k": 0.8652518162729179,
  "summary_fg_mad": 1637.0074935455102,
  "summary_fg_mean": 4582.099609375,
  "summary_fg_median": 4219.412109375,
  "summary_fg_n": 44908.0,
  "summary_fg_p05": 2285.8540161132814,
  "summary_fg_p95": 8138.705004882814,
  "summary_fg_stdv": 1814.6019287109375,
  "tsnr": 57.880524041480385
}