{
  "aor": 0.0015564083175803403,
  "aqi": 0.00433203686200378,
  "bids_meta": {
    "AcquisitionNumber": 1,
    "AcquisitionTime": "16:28:2.080000",
    "BandwidthPerPixelPhaseEncode": 25.355,
    "BodyPartExamined": "BRAIN",
    "ConversionSoftware": "dcm2niix",
    "ConversionSoftwareVersion": "v1.0.20170724 (OpenJPEG build) GCC6.1.0",
    "DeviceSerialNumber": "67025",
    "EchoTime": 0.035,
    "EchoTrainLength": 68,
    "EffectiveEchoSpacing": 0.000579999,
    "FlipAngle": 52,
    "ImageType": [
      "ORIGINAL",
      "PRIMARY",
      "M",
      "MB",
      "ND",
      "MOSAIC"
    ],
    "InstitutionAddress": "McClintock_3520A_Los_Angeles_SVC0e0594213b1104_CA_US_90089",
    "InstitutionName": "USC",
    "MagneticFieldStrength": 3,
    "Manufacturer": "Siemens",
    "ManufacturersModelName": "Prisma_fit",
    "PhaseEncodingDirection": "j-",
    "PhaseEncodingLines": 68,
    "ProcedureStepDescription": "HAssal_Music",
    "ProtocolName": "MUSIC_DYNAMICS_SNL_L",
    "RepetitionTime": 1,
    "ScanningSequence": "EP",
    "SequenceName": "epfid2d1_68",
    "SequenceVariant": "SK_SS",
    "SeriesDescription": "MUSIC_DYNAMICS_SNL_L",
    "SliceTiming": [
      0,
      0.49,
      0.165,
      0.8175,
      0.3275,
      0.655,
      0,
      0.49,
      0.165,
      0.8175,
      0.3275,
      0.655,
      0,
      0.49,
      0.165,
      0.8175,
      0.3275,
      0.655,
      0,
      0.49,
      0.165,
      0.8175,
      0.3275,
      0.655,
      0,
      0.49,
      0.165,
      0.8175,
      0.3275,
      0.655,
      0,
      0.49,
      0.165,
      0.8175,
      0.3275,
      0.655,
      0,
      0.49,
      0.165,
      0.8175,
      0.3275,
      0.655,
      0,
      0.49,
      0.165,
      0.8175,
      0.3275,
      0.655
    ],
    "SoftwareVersions": "syngo_MR_E11",
    "TaskName": "sadln",
    "TotalReadoutTime": 0.03886,
    "dataset": "ds003085",
    "modality": "bold",
    "subject_id": "25",
    "task_id": "sadln"
  },
  "dummy_trs": 1,
  "dvars_nstd": 23.861366036893948,
  "dvars_std": 1.0742191072537879,
  "dvars_vstd": 1.010838775965909,
  "efc": 0.550038265856709,
  "fber": 547.6957397460938,
  "fd_mean": 0.12593346732747585,
  "fd_num": 15,
  "fd_perc": 2.835538752362949,
  "fwhm_avg": 2.952574444444444,
  "fwhm_x": 2.71029,
  "fwhm_y": 3.07345,
  "fwhm_z": 3.073983333333333,
  "gcor": 0.00652249,
  "gsr_x": -0.012586732394993305,
  "gsr_y": 0.0916227325797081,
  "provenance": {
    "md5sum": "c7eb4e61253dd1e9a9e1d559b70830d9",
    "settings": {
      "fd_thres": 0.2,
      "testing": false
    },
    "software": "mriqc",
    "version": "22.0.1",
    "webapi_port": null,
    "webapi_url": "https://mriqc.nimh.nih.gov/api/v1"
  },
  "size_t": 529,
  "size_x": 68,
  "size_y": 68,
  "size_z": 48,
  "snr": 2.3005761862629073,
  "spacing_tr": 1.0,
  "spacing_x": 3.0,
  "spacing_y": 3.0,
  "spacing_z": 3.0,
  "summary_bg_k": 17.694990833402162,
  "summary_bg_mad": 135.2951554729288,
  "summary_bg_mean": 399.99310302734375,
  "summary_bg_median": 169.2476348876953,
  "summary_bg_n": 128302.0,
  "summary_bg_p05": 59.487901878356936,
  "summary_bg_p95": 1639.6930358886718,
  "summary_bg_stdv": 614.7369995117188,
  "summary_fg_k": 0.9265942475559839,
  "summary_fg_mad": 1636.0645788044928,
  "summary_fg_mean": 4563.55810546875,
  "summary_fg_median": 4191.11181640625,
  "summary_fg_n": 45147.0,
  "summary_fg_p05": 2269.423583984375,
  "summary_fg_p95": 8143.978808593746,
  "summary_fg_stdv": 1821.7459716796875,
  "tsnr": 49.183896008646116
}