{
  "aor": 0.0008850833333333332,
  "aqi": 0.004038981361111111,
  "bids_meta": {
    "AcquisitionNumber": 1,
    "AcquisitionTime": "16:12:20.667500",
    "BandwidthPerPixelPhaseEncode": 25.355,
    "BodyPartExamined": "BRAIN",
    "ConversionSoftware": "dcm2niix",
    "ConversionSoftwareVersion": "v1.0.20170724 (OpenJPEG build) GCC6.1.0",
    "DeviceSerialNumber": "67025",
    "EchoTime": 0.035,
    "EchoTrainLength": 68,
    "EffectiveEchoSpacing": 0.000579999,
    "FlipAngle": 52,
    "ImageType": [
      "ORIGINAL",
      "PRIMARY",
      "M",
      "MB",
      "ND",
      "MOSAIC"
    ],
    "InstitutionAddress": "McClintock_3520A_Los_Angeles_SVC0e0594213b1104_CA_US_90089",
    "InstitutionName": "USC",
    "MagneticFieldStrength": 3,
    "Manufacturer": "Siemens",
    "ManufacturersModelName": "Prisma_fit",
    "PhaseEncodingDirection": "j-",
    "PhaseEncodingLines": 68,
    "ProcedureStepDescription": "HAssal_Music",
    "ProtocolName": "Resting",
    "RepetitionTime": 1,
    "ScanningSequence": "EP",
    "SequenceName": "epfid2d1_68",
    "SequenceVariant": "SK_SS",
    "SeriesDescription": "Resting",
    "SliceTiming": [
      0,
      0.49,
      0.1625,
      0.8175,
      0.3275,
      0.6525,
      0,
      0.49,
      0.1625,
      0.8175,
      0.3275,
      0.6525,
      0,
      0.49,
      0.1625,
      0.8175,
      0.3275,
      0.6525,
      0,
      0.49,
      0.1625,
      0.8175,
      0.3275,
      0.6525,
      0,
      0.49,
      0.1625,
      0.8175,
      0.3275,
      0.6525,
      0,
      0.49,
      0.1625,
      0.8175,
      0.3275,
      0.6525,
      0,
      0.49,
      0.1625,
      0.8175,
      0.3275,
      0.6525,
      0,
      0.49,
      0.1625,
      0.8175,
      0.3275,
      0.6525
    ],
    "SoftwareVersions": "syngo_MR_E11",
    "TaskName": "rest",
    "TotalReadoutTime": 0.03886,
    "dataset": "ds003085",
    "modality": "bold",
    "subject_id": "25",
    "task_id": "rest"
  },
  "dummy_trs": 0,
  "dvars_nstd": 25.86752968066854,
  "dvars_std": 1.0835568068523678,
  "dvars_vstd": 0.9835387231476317,
  "efc": 0.5465472545055394,
  "fber": 557.7138061523438,
  "fd_mean": 0.12838513851461156,
  "fd_num": 15,
  "fd_perc": 4.166666666666667,
  "fwhm_avg": 2.9393044444444443,
  "fwhm_x": 2.70326,
  "fwhm_y": 3.06331,
  "fwhm_z": 3.0513433333333335,
  "gcor": 0.0129005,
  "gsr_x": -0.013658465817570686,
  "gsr_y": 0.07686325907707214,
  "provenance": {
    "md5sum": "1d9ed9f384fcc03cf03fb1df656fb6e6",
    "settings": {
      "fd_thres": 0.2,
      "testing": false
    },
    "software": "mriqc",
    "version": "22.0.1",
    "webapi_port": null,
    "webapi_url": "https://mriqc.nimh.nih.gov/api/v1"
  },
  "size_t": 360,
  "size_x": 68,
  "size_y": 68,
  "size_z": 48,
  "snr": 2.3296027889491477,
  "spacing_tr": 1.0,
  "spacing_x": 3.0,
  "spacing_y": 3.0,
  "spacing_z": 3.0,
  "summary_bg_k": 16.13953176345186,
  "summary_bg_mad": 134.59146462655846,
  "summary_bg_mean": 402.11431884765625,
  "summary_bg_median": 171.71389770507812,
  "summary_bg_n": 129425.0,
  "summary_bg_p05": 63.25278091430664,
  "summary_bg_p95": 1647.4361083984365,
  "summary_bg_stdv": 608.4095458984375,
  "summary_fg_k": 0.7582180440073607,
  "summary_fg_mad": 1687.07355156779,
  "summary_fg_mean": 4684.33544921875,
  "summary_fg_median": 4302.34716796875,
  "summary_fg_n": 44035.0,
  "summary_fg_p05": 2340.4650634765626,
  "summary_fg_p95": 8271.295605468746,
  "summary_fg_stdv": 1846.7947998046875,
  "tsnr": 51.00092352926731
}