{
  "aor": 0.009401992619926199,
  "aqi": 0.0031784455350553505,
  "bids_meta": {
    "AcquisitionNumber": 1,
    "AcquisitionTime": "13:57:35.595000",
    "BandwidthPerPixelPhaseEncode": 25.355,
    "BodyPartExamined": "BRAIN",
    "ConversionSoftware": "dcm2niix",
    "ConversionSoftwareVersion": "v1.0.20170724 (OpenJPEG build) GCC6.1.0",
    "DeviceSerialNumber": "67025",
    "EchoTime": 0.035,
    "EchoTrainLength": 68,
    "EffectiveEchoSpacing": 0.000579999,
    "FlipAngle": 52,
    "ImageType": [
      "ORIGINAL",
      "PRIMARY",
      "M",
      "MB",
      "ND",
      "MOSAIC"
    ],
    "InstitutionAddress": "McClintock_3520A_Los_Angeles_SVC0e0594213b1104_CA_US_90089",
    "InstitutionName": "USC",
    "MagneticFieldStrength": 3,
    "Manufacturer": "Siemens",
    "ManufacturersModelName": "Prisma_fit",
    "PhaseEncodingDirection": "j-",
    "PhaseEncodingLines": 68,
    "ProcedureStepDescription": "HAssal_Music",
    "ProtocolName": "MUSIC_DYNAMICS_SNL",
    "RepetitionTime": 1,
    "ScanningSequence": "EP",
    "SequenceName": "epfid2d1_68",
    "SequenceVariant": "SK_SS",
    "SeriesDescription": "MUSIC_DYNAMICS_SNL",
    "SliceTiming": [
      0,
      0.49,
      0.165,
      0.8175,
      0.3275,
      0.655,
      0,
      0.49,
      0.165,
      0.8175,
      0.3275,
      0.655,
      0,
      0.49,
      0.165,
      0.8175,
      0.3275,
      0.655,
      0,
      0.49,
      0.165,
      0.8175,
      0.3275,
      0.655,
      0,
      0.49,
      0.165,
      0.8175,
      0.3275,
      0.655,
      0,
      0.49,
      0.165,
      0.8175,
      0.3275,
      0.655,
      0,
      0.49,
      0.165,
      0.8175,
      0.3275,
      0.655,
      0,
      0.49,
      0.165,
      0.8175,
      0.3275,
      0.655
    ],
    "SoftwareVersions": "syngo_MR_E11",
    "TaskName": "sadsh",
    "TotalReadoutTime": 0.03886,
    "dataset": "ds003085",
    "modality": "bold",
    "subject_id": "23",
    "task_id": "sadsh"
  },
  "dummy_trs": 0,
  "dvars_nstd": 28.33015362055556,
  "dvars_std": 1.390147439333334,
  "dvars_vstd": 1.1141284431111105,
  "efc": 0.5236730876404732,
  "fber": 840.6749877929688,
  "fd_mean": 0.1379796070323041,
  "fd_num": 39,
  "fd_perc": 14.391143911439114,
  "fwhm_avg": 2.934167777777778,
  "fwhm_x": 2.7121666666666666,
  "fwhm_y": 3.081186666666667,
  "fwhm_z": 3.00915,
  "gcor": 0.0173762,
  "gsr_x": -0.0041444324888288975,
  "gsr_y": 0.056842755526304245,
  "provenance": {
    "md5sum": "3e7de40b81cf644b29dbf730dcbb1aca",
    "settings": {
      "fd_thres": 0.2,
      "testing": false
    },
    "software": "mriqc",
    "version": "22.0.1",
    "webapi_port": null,
    "webapi_url": "https://mriqc.nimh.nih.gov/api/v1"
  },
  "size_t": 271,
  "size_x": 68,
  "size_y": 68,
  "size_z": 48,
  "snr": 2.468899448491304,
  "spacing_tr": 1.0,
  "spacing_x": 3.0,
  "spacing_y": 3.0,
  "spacing_z": 3.0,
  "summary_bg_k": 27.9008743344897,
  "summary_bg_mad": 135.2942788427413,
  "summary_bg_mean": 370.8722839355469,
  "summary_bg_median": 169.595947265625,
  "summary_bg_n": 133264.0,
  "summary_bg_p05": 62.80812072753906,
  "summary_bg_p95": 1392.1017150878886,
  "summary_bg_stdv": 577.5230712890625,
  "summary_fg_k": 0.5483208944687035,
  "summary_fg_mad": 1915.7515511252857,
  "summary_fg_mean": 5415.20849609375,
  "summary_fg_median": 5010.568359375,
  "summary_fg_n": 43815.0,
  "summary_fg_p05": 2799.318798828125,
  "summary_fg_p95": 9294.239648437499,
  "summary_fg_stdv": 2029.4512939453125,
  "tsnr": 60.18930007563904
}