{
  "aor": 0.005256490250696378,
  "aqi": 0.0034867782729805013,
  "bids_meta": {
    "AcquisitionNumber": 1,
    "AcquisitionTime": "13:36:2.922500",
    "BandwidthPerPixelPhaseEncode": 25.355,
    "BodyPartExamined": "BRAIN",
    "ConversionSoftware": "dcm2niix",
    "ConversionSoftwareVersion": "v1.0.20170724 (OpenJPEG build) GCC6.1.0",
    "DeviceSerialNumber": "67025",
    "EchoTime": 0.035,
    "EchoTrainLength": 68,
    "EffectiveEchoSpacing": 0.000579999,
    "FlipAngle": 52,
    "ImageType": [
      "ORIGINAL",
      "PRIMARY",
      "M",
      "MB",
      "ND",
      "MOSAIC"
    ],
    "InstitutionAddress": "McClintock_3520A_Los_Angeles_SVC0e0594213b1104_CA_US_90089",
    "InstitutionName": "USC",
    "MagneticFieldStrength": 3,
    "Manufacturer": "Siemens",
    "ManufacturersModelName": "Prisma_fit",
    "PhaseEncodingDirection": "j-",
    "PhaseEncodingLines": 68,
    "ProcedureStepDescription": "HAssal_Music",
    "ProtocolName": "Resting",
    "RepetitionTime": 1,
    "ScanningSequence": "EP",
    "SequenceName": "epfid2d1_68",
    "SequenceVariant": "SK_SS",
    "SeriesDescription": "Resting",
    "SliceTiming": [
      0,
      0.49,
      0.1625,
      0.815,
      0.325,
      0.6525,
      0,
      0.49,
      0.1625,
      0.815,
      0.325,
      0.6525,
      0,
      0.49,
      0.1625,
      0.815,
      0.325,
      0.6525,
      0,
      0.49,
      0.1625,
      0.815,
      0.325,
      0.6525,
      0,
      0.49,
      0.1625,
      0.815,
      0.325,
      0.6525,
      0,
      0.49,
      0.1625,
      0.815,
      0.325,
      0.6525,
      0,
      0.49,
      0.1625,
      0.815,
      0.325,
      0.6525,
      0,
      0.49,
      0.1625,
      0.815,
      0.325,
      0.6525
    ],
    "SoftwareVersions": "syngo_MR_E11",
    "TaskName": "rest",
    "TotalReadoutTime": 0.03886,
    "dataset": "ds003085",
    "modality": "bold",
    "subject_id": "23",
    "task_id": "rest"
  },
  "dummy_trs": 1,
  "dvars_nstd": 29.247234344581035,
  "dvars_std": 1.3709404122905027,
  "dvars_vstd": 1.0531180657262569,
  "efc": 0.5242193724660966,
  "fber": 808.1604614257812,
  "fd_mean": 0.12945825910998482,
  "fd_num": 34,
  "fd_perc": 9.470752089136491,
  "fwhm_avg": 2.99386,
  "fwhm_x": 2.7387333333333337,
  "fwhm_y": 3.0947533333333332,
  "fwhm_z": 3.148093333333333,
  "gcor": 0.0142056,
  "gsr_x": -0.003512412076815963,
  "gsr_y": 0.060188330709934235,
  "provenance": {
    "md5sum": "6ee7f1a817986ad264071e3f27a4bf8b",
    "settings": {
      "fd_thres": 0.2,
      "testing": false
    },
    "software": "mriqc",
    "version": "22.0.1",
    "webapi_port": null,
    "webapi_url": "https://mriqc.nimh.nih.gov/api/v1"
  },
  "size_t": 359,
  "size_x": 68,
  "size_y": 68,
  "size_z": 48,
  "snr": 2.39367271488729,
  "spacing_tr": 1.0,
  "spacing_x": 3.0,
  "spacing_y": 3.0,
  "spacing_z": 3.0,
  "summary_bg_k": 25.493605157281205,
  "summary_bg_mad": 134.65248939896475,
  "summary_bg_mean": 375.4528503417969,
  "summary_bg_median": 171.25347900390625,
  "summary_bg_n": 132985.0,
  "summary_bg_p05": 63.34317398071289,
  "summary_bg_p95": 1448.8741210937496,
  "summary_bg_stdv": 589.565185546875,
  "summary_fg_k": 0.7924653427847783,
  "summary_fg_mad": 1926.5565215414504,
  "summary_fg_mean": 5443.6123046875,
  "summary_fg_median": 5001.3896484375,
  "summary_fg_n": 44229.0,
  "summary_fg_p05": 2778.057958984375,
  "summary_fg_p95": 9468.7736328125,
  "summary_fg_stdv": 2089.397216796875,
  "tsnr": 59.49837930628564
}