{
  "aor": 0.001361056603773585,
  "aqi": 0.0032035577169811317,
  "bids_meta": {
    "AcquisitionNumber": 1,
    "AcquisitionTime": "14:03:25.192500",
    "BandwidthPerPixelPhaseEncode": 25.355,
    "BodyPartExamined": "BRAIN",
    "ConversionSoftware": "dcm2niix",
    "ConversionSoftwareVersion": "v1.0.20170724 (OpenJPEG build) GCC6.1.0",
    "DeviceSerialNumber": "67025",
    "EchoTime": 0.035,
    "EchoTrainLength": 68,
    "EffectiveEchoSpacing": 0.000579999,
    "FlipAngle": 52,
    "ImageType": [
      "ORIGINAL",
      "PRIMARY",
      "M",
      "MB",
      "ND",
      "MOSAIC"
    ],
    "InstitutionAddress": "McClintock_3520A_Los_Angeles_SVC0e0594213b1104_CA_US_90089",
    "InstitutionName": "USC",
    "MagneticFieldStrength": 3,
    "Manufacturer": "Siemens",
    "ManufacturersModelName": "Prisma_fit",
    "PhaseEncodingDirection": "j-",
    "PhaseEncodingLines": 68,
    "ProcedureStepDescription": "HAssal_Music",
    "ProtocolName": "MUSIC_DYNAMICS_SNL_L",
    "RepetitionTime": 1,
    "ScanningSequence": "EP",
    "SequenceName": "epfid2d1_68",
    "SequenceVariant": "SK_SS",
    "SeriesDescription": "MUSIC_DYNAMICS_SNL_L",
    "SliceTiming": [
      0,
      0.49,
      0.165,
      0.8175,
      0.3275,
      0.655,
      0,
      0.49,
      0.165,
      0.8175,
      0.3275,
      0.655,
      0,
      0.49,
      0.165,
      0.8175,
      0.3275,
      0.655,
      0,
      0.49,
      0.165,
      0.8175,
      0.3275,
      0.655,
      0,
      0.49,
      0.165,
      0.8175,
      0.3275,
      0.655,
      0,
      0.49,
      0.165,
      0.8175,
      0.3275,
      0.655,
      0,
      0.49,
      0.165,
      0.8175,
      0.3275,
      0.655,
      0,
      0.49,
      0.165,
      0.8175,
      0.3275,
      0.655
    ],
    "SoftwareVersions": "syngo_MR_E11",
    "TaskName": "sadln",
    "TotalReadoutTime": 0.03886,
    "dataset": "ds003085",
    "modality": "bold",
    "subject_id": "23",
    "task_id": "sadln"
  },
  "dummy_trs": 0,
  "dvars_nstd": 27.34604711844992,
  "dvars_std": 1.3093497532325133,
  "dvars_vstd": 1.0168958457844992,
  "efc": 0.5234838643769163,
  "fber": 831.6985473632812,
  "fd_mean": 0.11700783287872796,
  "fd_num": 28,
  "fd_perc": 5.283018867924528,
  "fwhm_avg": 3.0010677777777777,
  "fwhm_x": 2.76561,
  "fwhm_y": 3.10939,
  "fwhm_z": 3.1282033333333334,
  "gcor": 0.0307986,
  "gsr_x": -0.003942817449569702,
  "gsr_y": 0.05568873509764671,
  "provenance": {
    "md5sum": "18154179e7818184791391c6c65cb777",
    "settings": {
      "fd_thres": 0.2,
      "testing": false
    },
    "software": "mriqc",
    "version": "22.0.1",
    "webapi_port": null,
    "webapi_url": "https://mriqc.nimh.nih.gov/api/v1"
  },
  "size_t": 530,
  "size_x": 68,
  "size_y": 68,
  "size_z": 48,
  "snr": 2.4687914247188836,
  "spacing_tr": 1.0,
  "spacing_x": 3.0,
  "spacing_y": 3.0,
  "spacing_z": 3.0,
  "summary_bg_k": 26.474728575337718,
  "summary_bg_mad": 133.83002930138662,
  "summary_bg_mean": 374.5839538574219,
  "summary_bg_median": 170.7896270751953,
  "summary_bg_n": 133596.0,
  "summary_bg_p05": 64.56415557861328,
  "summary_bg_p95": 1427.9524230957031,
  "summary_bg_stdv": 581.4118041992188,
  "summary_fg_k": 0.5200039330607562,
  "summary_fg_mad": 1943.3722567135976,
  "summary_fg_mean": 5451.14892578125,
  "summary_fg_median": 5047.12255859375,
  "summary_fg_n": 43577.0,
  "summary_fg_p05": 2813.82841796875,
  "summary_fg_p95": 9384.424609375,
  "summary_fg_stdv": 2044.3463134765625,
  "tsnr": 61.91915642446838
}