{
  "aor": 0.0007141208791208791,
  "aqi": 0.002307013021978022,
  "bids_meta": {
    "AcquisitionNumber": 1,
    "AcquisitionTime": "13:52:59.275000",
    "BandwidthPerPixelPhaseEncode": 25.355,
    "BodyPartExamined": "BRAIN",
    "ConversionSoftware": "dcm2niix",
    "ConversionSoftwareVersion": "v1.0.20170724 (OpenJPEG build) GCC6.1.0",
    "DeviceSerialNumber": "67025",
    "EchoTime": 0.035,
    "EchoTrainLength": 68,
    "EffectiveEchoSpacing": 0.000579999,
    "FlipAngle": 52,
    "ImageType": [
      "ORIGINAL",
      "PRIMARY",
      "M",
      "MB",
      "ND",
      "MOSAIC"
    ],
    "InstitutionAddress": "McClintock_3520A_Los_Angeles_SVC0e0594213b1104_CA_US_90089",
    "InstitutionName": "USC",
    "MagneticFieldStrength": 3,
    "Manufacturer": "Siemens",
    "ManufacturersModelName": "Prisma_fit",
    "PhaseEncodingDirection": "j-",
    "PhaseEncodingLines": 68,
    "ProcedureStepDescription": "HAssal_Music",
    "ProtocolName": "MUSIC_DYNAMICS_HNL",
    "RepetitionTime": 1,
    "ScanningSequence": "EP",
    "SequenceName": "epfid2d1_68",
    "SequenceVariant": "SK_SS",
    "SeriesDescription": "MUSIC_DYNAMICS_HNL",
    "SliceTiming": [
      0,
      0.49,
      0.165,
      0.8175,
      0.3275,
      0.655,
      0,
      0.49,
      0.165,
      0.8175,
      0.3275,
      0.655,
      0,
      0.49,
      0.165,
      0.8175,
      0.3275,
      0.655,
      0,
      0.49,
      0.165,
      0.8175,
      0.3275,
      0.655,
      0,
      0.49,
      0.165,
      0.8175,
      0.3275,
      0.655,
      0,
      0.49,
      0.165,
      0.8175,
      0.3275,
      0.655,
      0,
      0.49,
      0.165,
      0.8175,
      0.3275,
      0.655,
      0,
      0.49,
      0.165,
      0.8175,
      0.3275,
      0.655
    ],
    "SoftwareVersions": "syngo_MR_E11",
    "TaskName": "happy",
    "TotalReadoutTime": 0.03886,
    "dataset": "ds003085",
    "modality": "bold",
    "subject_id": "23",
    "task_id": "happy"
  },
  "dummy_trs": 1,
  "dvars_nstd": 28.046430618950268,
  "dvars_std": 1.3133014277900548,
  "dvars_vstd": 1.0020317250828734,
  "efc": 0.5239559332706931,
  "fber": 830.9237060546875,
  "fd_mean": 0.11638880412720734,
  "fd_num": 2,
  "fd_perc": 1.098901098901099,
  "fwhm_avg": 2.9581644444444444,
  "fwhm_x": 2.7275666666666667,
  "fwhm_y": 3.088146666666667,
  "fwhm_z": 3.05878,
  "gcor": 0.00750396,
  "gsr_x": -0.0015314872143790126,
  "gsr_y": 0.05532607063651085,
  "provenance": {
    "md5sum": "c63c237d1acd0e729357e3523ce93b4d",
    "settings": {
      "fd_thres": 0.2,
      "testing": false
    },
    "software": "mriqc",
    "version": "22.0.1",
    "webapi_port": null,
    "webapi_url": "https://mriqc.nimh.nih.gov/api/v1"
  },
  "size_t": 182,
  "size_x": 68,
  "size_y": 68,
  "size_z": 48,
  "snr": 2.458940491454816,
  "spacing_tr": 1.0,
  "spacing_x": 3.0,
  "spacing_y": 3.0,
  "spacing_z": 3.0,
  "summary_bg_k": 28.6047324818058,
  "summary_bg_mad": 131.6257624898279,
  "summary_bg_mean": 366.0443420410156,
  "summary_bg_median": 168.967041015625,
  "summary_bg_n": 132681.0,
  "summary_bg_p05": 63.77472686767578,
  "summary_bg_p95": 1368.554931640625,
  "summary_bg_stdv": 568.8690185546875,
  "summary_fg_k": 0.5097863443372543,
  "summary_fg_mad": 1932.2992523758498,
  "summary_fg_mean": 5422.1845703125,
  "summary_fg_median": 5017.755859375,
  "summary_fg_n": 44046.0,
  "summary_fg_p05": 2780.0069580078125,
  "summary_fg_p95": 9303.79833984375,
  "summary_fg_stdv": 2040.5938720703125,
  "tsnr": 71.0897969546495
}