{
  "aor": 0.001356351606805293,
  "aqi": 0.006957526427221172,
  "bids_meta": {
    "AcquisitionNumber": 1,
    "AcquisitionTime": "11:27:16.020000",
    "BandwidthPerPixelPhaseEncode": 25.355,
    "BodyPartExamined": "BRAIN",
    "ConversionSoftware": "dcm2niix",
    "ConversionSoftwareVersion": "v1.0.20170724 (OpenJPEG build) GCC6.1.0",
    "DeviceSerialNumber": "67025",
    "EchoTime": 0.035,
    "EchoTrainLength": 68,
    "EffectiveEchoSpacing": 0.000579999,
    "FlipAngle": 52,
    "ImageType": [
      "ORIGINAL",
      "PRIMARY",
      "M",
      "MB",
      "ND",
      "MOSAIC"
    ],
    "InstitutionAddress": "McClintock_3520A_Los_Angeles_SVC0e0594213b1104_CA_US_90089",
    "InstitutionName": "USC",
    "MagneticFieldStrength": 3,
    "Manufacturer": "Siemens",
    "ManufacturersModelName": "Prisma_fit",
    "PhaseEncodingDirection": "j-",
    "PhaseEncodingLines": 68,
    "ProcedureStepDescription": "HAssal_Music",
    "ProtocolName": "MUSIC_DYNAMICS_SNL_L",
    "RepetitionTime": 1,
    "ScanningSequence": "EP",
    "SequenceName": "epfid2d1_68",
    "SequenceVariant": "SK_SS",
    "SeriesDescription": "MUSIC_DYNAMICS_SNL_L",
    "SliceTiming": [
      0,
      0.49,
      0.165,
      0.8175,
      0.3275,
      0.655,
      0,
      0.49,
      0.165,
      0.8175,
      0.3275,
      0.655,
      0,
      0.49,
      0.165,
      0.8175,
      0.3275,
      0.655,
      0,
      0.49,
      0.165,
      0.8175,
      0.3275,
      0.655,
      0,
      0.49,
      0.165,
      0.8175,
      0.3275,
      0.655,
      0,
      0.49,
      0.165,
      0.8175,
      0.3275,
      0.655,
      0,
      0.49,
      0.165,
      0.8175,
      0.3275,
      0.655,
      0,
      0.49,
      0.165,
      0.8175,
      0.3275,
      0.655
    ],
    "SoftwareVersions": "syngo_MR_E11",
    "TaskName": "sadln",
    "TotalReadoutTime": 0.03886,
    "dataset": "ds003085",
    "modality": "bold",
    "subject_id": "10",
    "task_id": "sadln"
  },
  "dummy_trs": 1,
  "dvars_nstd": 25.219790372102295,
  "dvars_std": 1.0723991213068185,
  "dvars_vstd": 0.9562890649242424,
  "efc": 0.48503655977653853,
  "fber": 1086.87890625,
  "fd_mean": 0.14264266119403457,
  "fd_num": 103,
  "fd_perc": 19.47069943289225,
  "fwhm_avg": 2.8242288888888893,
  "fwhm_x": 2.667146666666667,
  "fwhm_y": 2.952113333333333,
  "fwhm_z": 2.853426666666667,
  "gcor": 0.0258014,
  "gsr_x": 0.00041403283830732107,
  "gsr_y": 0.04123293608427048,
  "provenance": {
    "md5sum": "626d85dcbdef093bac8208e8fc8bc634",
    "settings": {
      "fd_thres": 0.2,
      "testing": false
    },
    "software": "mriqc",
    "version": "22.0.1",
    "webapi_port": null,
    "webapi_url": "https://mriqc.nimh.nih.gov/api/v1"
  },
  "size_t": 529,
  "size_x": 68,
  "size_y": 68,
  "size_z": 48,
  "snr": 2.4091592603849485,
  "spacing_tr": 1.0,
  "spacing_x": 3.0,
  "spacing_y": 3.0,
  "spacing_z": 3.0,
  "summary_bg_k": 31.63381333063854,
  "summary_bg_mad": 107.64701984326655,
  "summary_bg_mean": 294.5840148925781,
  "summary_bg_median": 140.45558166503906,
  "summary_bg_n": 142175.0,
  "summary_bg_p05": 56.05293273925781,
  "summary_bg_p95": 1074.882434082031,
  "summary_bg_stdv": 477.7171936035156,
  "summary_fg_k": 1.0110266900669567,
  "summary_fg_mad": 1725.3088348069018,
  "summary_fg_mean": 5067.8330078125,
  "summary_fg_median": 4645.31005859375,
  "summary_fg_n": 36807.0,
  "summary_fg_p05": 2677.6829833984375,
  "summary_fg_p95": 8855.163671874998,
  "summary_fg_stdv": 1928.1610107421875,
  "tsnr": 37.068599752150476
}