{
  "aor": 0.0006524074074074074,
  "aqi": 0.0036274797037037037,
  "bids_meta": {
    "AcquisitionNumber": 1,
    "AcquisitionTime": "11:21:39.702500",
    "BandwidthPerPixelPhaseEncode": 25.355,
    "BodyPartExamined": "BRAIN",
    "ConversionSoftware": "dcm2niix",
    "ConversionSoftwareVersion": "v1.0.20170724 (OpenJPEG build) GCC6.1.0",
    "DeviceSerialNumber": "67025",
    "EchoTime": 0.035,
    "EchoTrainLength": 68,
    "EffectiveEchoSpacing": 0.000579999,
    "FlipAngle": 52,
    "ImageType": [
      "ORIGINAL",
      "PRIMARY",
      "M",
      "MB",
      "ND",
      "MOSAIC"
    ],
    "InstitutionAddress": "McClintock_3520A_Los_Angeles_SVC0e0594213b1104_CA_US_90089",
    "InstitutionName": "USC",
    "MagneticFieldStrength": 3,
    "Manufacturer": "Siemens",
    "ManufacturersModelName": "Prisma_fit",
    "PhaseEncodingDirection": "j-",
    "PhaseEncodingLines": 68,
    "ProcedureStepDescription": "HAssal_Music",
    "ProtocolName": "MUSIC_DYNAMICS_SNL",
    "RepetitionTime": 1,
    "ScanningSequence": "EP",
    "SequenceName": "epfid2d1_68",
    "SequenceVariant": "SK_SS",
    "SeriesDescription": "MUSIC_DYNAMICS_SNL",
    "SliceTiming": [
      0,
      0.49,
      0.1625,
      0.815,
      0.325,
      0.6525,
      0,
      0.49,
      0.1625,
      0.815,
      0.325,
      0.6525,
      0,
      0.49,
      0.1625,
      0.815,
      0.325,
      0.6525,
      0,
      0.49,
      0.1625,
      0.815,
      0.325,
      0.6525,
      0,
      0.49,
      0.1625,
      0.815,
      0.325,
      0.6525,
      0,
      0.49,
      0.1625,
      0.815,
      0.325,
      0.6525,
      0,
      0.49,
      0.1625,
      0.815,
      0.325,
      0.6525,
      0,
      0.49,
      0.1625,
      0.815,
      0.325,
      0.6525
    ],
    "SoftwareVersions": "syngo_MR_E11",
    "TaskName": "sadsh",
    "TotalReadoutTime": 0.03886,
    "dataset": "ds003085",
    "modality": "bold",
    "subject_id": "10",
    "task_id": "sadsh"
  },
  "dummy_trs": 1,
  "dvars_nstd": 25.809949208364294,
  "dvars_std": 1.1256319729368032,
  "dvars_vstd": 0.9750066689591078,
  "efc": 0.4845148592414417,
  "fber": 1074.7430419921875,
  "fd_mean": 0.13750796537364995,
  "fd_num": 54,
  "fd_perc": 20.0,
  "fwhm_avg": 2.794747777777778,
  "fwhm_x": 2.648703333333333,
  "fwhm_y": 2.9198500000000003,
  "fwhm_z": 2.81569,
  "gcor": 0.0274795,
  "gsr_x": -0.00033382908441126347,
  "gsr_y": 0.04077975079417229,
  "provenance": {
    "md5sum": "2324c328cb7c109c3acd23837090bd8e",
    "settings": {
      "fd_thres": 0.2,
      "testing": false
    },
    "software": "mriqc",
    "version": "22.0.1",
    "webapi_port": null,
    "webapi_url": "https://mriqc.nimh.nih.gov/api/v1"
  },
  "size_t": 270,
  "size_x": 68,
  "size_y": 68,
  "size_z": 48,
  "snr": 2.399860653389882,
  "spacing_tr": 1.0,
  "spacing_x": 3.0,
  "spacing_y": 3.0,
  "spacing_z": 3.0,
  "summary_bg_k": 33.09565313471265,
  "summary_bg_mad": 107.21958627520556,
  "summary_bg_mean": 297.8037109375,
  "summary_bg_median": 141.870361328125,
  "summary_bg_n": 142229.0,
  "summary_bg_p05": 57.48518371582031,
  "summary_bg_p95": 1089.9592529296879,
  "summary_bg_stdv": 488.3847351074219,
  "summary_fg_k": 1.0661414346617866,
  "summary_fg_mad": 1757.5590526937212,
  "summary_fg_mean": 5121.0673828125,
  "summary_fg_median": 4702.24072265625,
  "summary_fg_n": 36823.0,
  "summary_fg_p05": 2687.3697021484377,
  "summary_fg_p95": 8948.819433593753,
  "summary_fg_stdv": 1959.3541259765625,
  "tsnr": 49.107864724472165
}