{
  "aor": 0.0013634065934065933,
  "aqi": 0.003059831373626374,
  "bids_meta": {
    "AcquisitionNumber": 1,
    "AcquisitionTime": "11:17:27.142500",
    "BandwidthPerPixelPhaseEncode": 25.355,
    "BodyPartExamined": "BRAIN",
    "ConversionSoftware": "dcm2niix",
    "ConversionSoftwareVersion": "v1.0.20170724 (OpenJPEG build) GCC6.1.0",
    "DeviceSerialNumber": "67025",
    "EchoTime": 0.035,
    "EchoTrainLength": 68,
    "EffectiveEchoSpacing": 0.000579999,
    "FlipAngle": 52,
    "ImageType": [
      "ORIGINAL",
      "PRIMARY",
      "M",
      "MB",
      "ND",
      "MOSAIC"
    ],
    "InstitutionAddress": "McClintock_3520A_Los_Angeles_SVC0e0594213b1104_CA_US_90089",
    "InstitutionName": "USC",
    "MagneticFieldStrength": 3,
    "Manufacturer": "Siemens",
    "ManufacturersModelName": "Prisma_fit",
    "PhaseEncodingDirection": "j-",
    "PhaseEncodingLines": 68,
    "ProcedureStepDescription": "HAssal_Music",
    "ProtocolName": "MUSIC_DYNAMICS_HNL",
    "RepetitionTime": 1,
    "ScanningSequence": "EP",
    "SequenceName": "epfid2d1_68",
    "SequenceVariant": "SK_SS",
    "SeriesDescription": "MUSIC_DYNAMICS_HNL",
    "SliceTiming": [
      0,
      0.49,
      0.1625,
      0.8175,
      0.3275,
      0.6525,
      0,
      0.49,
      0.1625,
      0.8175,
      0.3275,
      0.6525,
      0,
      0.49,
      0.1625,
      0.8175,
      0.3275,
      0.6525,
      0,
      0.49,
      0.1625,
      0.8175,
      0.3275,
      0.6525,
      0,
      0.49,
      0.1625,
      0.8175,
      0.3275,
      0.6525,
      0,
      0.49,
      0.1625,
      0.8175,
      0.3275,
      0.6525,
      0,
      0.49,
      0.1625,
      0.8175,
      0.3275,
      0.6525,
      0,
      0.49,
      0.1625,
      0.8175,
      0.3275,
      0.6525
    ],
    "SoftwareVersions": "syngo_MR_E11",
    "TaskName": "happy",
    "TotalReadoutTime": 0.03886,
    "dataset": "ds003085",
    "modality": "bold",
    "subject_id": "10",
    "task_id": "happy"
  },
  "dummy_trs": 1,
  "dvars_nstd": 26.317945922430944,
  "dvars_std": 1.1662248280662983,
  "dvars_vstd": 0.9969561781215467,
  "efc": 0.4836472947834565,
  "fber": 1076.3223876953125,
  "fd_mean": 0.15824157155265067,
  "fd_num": 50,
  "fd_perc": 27.47252747252747,
  "fwhm_avg": 2.8397822222222224,
  "fwhm_x": 2.67553,
  "fwhm_y": 2.9679366666666667,
  "fwhm_z": 2.87588,
  "gcor": 0.0237702,
  "gsr_x": -0.0004039146297145635,
  "gsr_y": 0.04004557058215141,
  "provenance": {
    "md5sum": "cfd6891e880a185bb0daffa4475410b9",
    "settings": {
      "fd_thres": 0.2,
      "testing": false
    },
    "software": "mriqc",
    "version": "22.0.1",
    "webapi_port": null,
    "webapi_url": "https://mriqc.nimh.nih.gov/api/v1"
  },
  "size_t": 182,
  "size_x": 68,
  "size_y": 68,
  "size_z": 48,
  "snr": 2.409916332866436,
  "spacing_tr": 1.0,
  "spacing_x": 3.0,
  "spacing_y": 3.0,
  "spacing_z": 3.0,
  "summary_bg_k": 31.159363712532688,
  "summary_bg_mad": 109.55371877944205,
  "summary_bg_mean": 301.28997802734375,
  "summary_bg_median": 143.84341430664062,
  "summary_bg_n": 142460.0,
  "summary_bg_p05": 57.74725341796875,
  "summary_bg_p95": 1111.321197509765,
  "summary_bg_stdv": 490.350830078125,
  "summary_fg_k": 1.1093487306284224,
  "summary_fg_mad": 1785.0856477896475,
  "summary_fg_mean": 5189.4501953125,
  "summary_fg_median": 4766.61572265625,
  "summary_fg_n": 36613.0,
  "summary_fg_p05": 2736.096728515625,
  "summary_fg_p95": 9043.1048828125,
  "summary_fg_stdv": 1977.8905029296875,
  "tsnr": 53.47803843207657
}