{
  "aor": 0.002346611111111111,
  "aqi": 0.003580712583333333,
  "bids_meta": {
    "AcquisitionNumber": 1,
    "AcquisitionTime": "14:08:37.982500",
    "BandwidthPerPixelPhaseEncode": 25.355,
    "BodyPartExamined": "BRAIN",
    "ConversionSoftware": "dcm2niix",
    "ConversionSoftwareVersion": "v1.0.20170724 (OpenJPEG build) GCC6.1.0",
    "DeviceSerialNumber": "67025",
    "EchoTime": 0.035,
    "EchoTrainLength": 68,
    "EffectiveEchoSpacing": 0.000579999,
    "FlipAngle": 52,
    "ImageType": [
      "ORIGINAL",
      "PRIMARY",
      "M",
      "MB",
      "ND",
      "MOSAIC"
    ],
    "InstitutionAddress": "McClintock_3520A_Los_Angeles_SVC0e0594213b1104_CA_US_90089",
    "InstitutionName": "USC",
    "MagneticFieldStrength": 3,
    "Manufacturer": "Siemens",
    "ManufacturersModelName": "Prisma_fit",
    "PhaseEncodingDirection": "j-",
    "PhaseEncodingLines": 68,
    "ProcedureStepDescription": "HAssal_Music",
    "ProtocolName": "Resting",
    "RepetitionTime": 1,
    "ScanningSequence": "EP",
    "SequenceName": "epfid2d1_68",
    "SequenceVariant": "SK_SS",
    "SeriesDescription": "Resting",
    "SliceTiming": [
      0,
      0.49,
      0.1625,
      0.8175,
      0.3275,
      0.6525,
      0,
      0.49,
      0.1625,
      0.8175,
      0.3275,
      0.6525,
      0,
      0.49,
      0.1625,
      0.8175,
      0.3275,
      0.6525,
      0,
      0.49,
      0.1625,
      0.8175,
      0.3275,
      0.6525,
      0,
      0.49,
      0.1625,
      0.8175,
      0.3275,
      0.6525,
      0,
      0.49,
      0.1625,
      0.8175,
      0.3275,
      0.6525,
      0,
      0.49,
      0.1625,
      0.8175,
      0.3275,
      0.6525,
      0,
      0.49,
      0.1625,
      0.8175,
      0.3275,
      0.6525
    ],
    "SoftwareVersions": "syngo_MR_E11",
    "TaskName": "rest",
    "TotalReadoutTime": 0.03886,
    "dataset": "ds003085",
    "modality": "bold",
    "subject_id": "26",
    "task_id": "rest"
  },
  "dummy_trs": 0,
  "dvars_nstd": 19.62741585350974,
  "dvars_std": 1.0667527423119778,
  "dvars_vstd": 0.9869656161838439,
  "efc": 0.4866033031409566,
  "fber": 1316.811279296875,
  "fd_mean": 0.08512053361563354,
  "fd_num": 9,
  "fd_perc": 2.5,
  "fwhm_avg": 2.90029,
  "fwhm_x": 2.6252033333333333,
  "fwhm_y": 2.9952733333333335,
  "fwhm_z": 3.0803933333333333,
  "gcor": 0.026009,
  "gsr_x": 0.007736051455140114,
  "gsr_y": 0.04362441226840019,
  "provenance": {
    "md5sum": "d227773afad923e795c09f2236e918cc",
    "settings": {
      "fd_thres": 0.2,
      "testing": false
    },
    "software": "mriqc",
    "version": "22.0.1",
    "webapi_port": null,
    "webapi_url": "https://mriqc.nimh.nih.gov/api/v1"
  },
  "size_t": 360,
  "size_x": 68,
  "size_y": 68,
  "size_z": 48,
  "snr": 2.625362743310599,
  "spacing_tr": 1.0,
  "spacing_x": 3.0,
  "spacing_y": 3.0,
  "spacing_z": 3.0,
  "summary_bg_k": 28.76909435060911,
  "summary_bg_mad": 100.32069616492365,
  "summary_bg_mean": 279.4778137207031,
  "summary_bg_median": 127.38611602783203,
  "summary_bg_n": 141574.0,
  "summary_bg_p05": 47.579582977294926,
  "summary_bg_p95": 1054.0573486328144,
  "summary_bg_stdv": 472.0584716796875,
  "summary_fg_k": 0.7011411756786528,
  "summary_fg_mad": 1676.8021152507652,
  "summary_fg_mean": 5045.18798828125,
  "summary_fg_median": 4681.6640625,
  "summary_fg_n": 37047.0,
  "summary_fg_p05": 2783.8474853515627,
  "summary_fg_p95": 8494.605761718747,
  "summary_fg_stdv": 1783.2205810546875,
  "tsnr": 52.6938822909724
}