{
  "aor": 0.0028452459016393445,
  "aqi": 0.0020744337704918033,
  "bids_meta": {
    "AcquisitionNumber": 1,
    "AcquisitionTime": "14:26:17.735000",
    "BandwidthPerPixelPhaseEncode": 25.355,
    "BodyPartExamined": "BRAIN",
    "ConversionSoftware": "dcm2niix",
    "ConversionSoftwareVersion": "v1.0.20170724 (OpenJPEG build) GCC6.1.0",
    "DeviceSerialNumber": "67025",
    "EchoTime": 0.035,
    "EchoTrainLength": 68,
    "EffectiveEchoSpacing": 0.000579999,
    "FlipAngle": 52,
    "ImageType": [
      "ORIGINAL",
      "PRIMARY",
      "M",
      "MB",
      "ND",
      "MOSAIC"
    ],
    "InstitutionAddress": "McClintock_3520A_Los_Angeles_SVC0e0594213b1104_CA_US_90089",
    "InstitutionName": "USC",
    "MagneticFieldStrength": 3,
    "Manufacturer": "Siemens",
    "ManufacturersModelName": "Prisma_fit",
    "PhaseEncodingDirection": "j-",
    "PhaseEncodingLines": 68,
    "ProcedureStepDescription": "HAssal_Music",
    "ProtocolName": "MUSIC_DYNAMICS_HNL",
    "RepetitionTime": 1,
    "ScanningSequence": "EP",
    "SequenceName": "epfid2d1_68",
    "SequenceVariant": "SK_SS",
    "SeriesDescription": "MUSIC_DYNAMICS_HNL",
    "SliceTiming": [
      0,
      0.49,
      0.1625,
      0.815,
      0.325,
      0.6525,
      0,
      0.49,
      0.1625,
      0.815,
      0.325,
      0.6525,
      0,
      0.49,
      0.1625,
      0.815,
      0.325,
      0.6525,
      0,
      0.49,
      0.1625,
      0.815,
      0.325,
      0.6525,
      0,
      0.49,
      0.1625,
      0.815,
      0.325,
      0.6525,
      0,
      0.49,
      0.1625,
      0.815,
      0.325,
      0.6525,
      0,
      0.49,
      0.1625,
      0.815,
      0.325,
      0.6525,
      0,
      0.49,
      0.1625,
      0.815,
      0.325,
      0.6525
    ],
    "SoftwareVersions": "syngo_MR_E11",
    "TaskName": "happy",
    "TotalReadoutTime": 0.03886,
    "dataset": "ds003085",
    "modality": "bold",
    "subject_id": "26",
    "task_id": "happy"
  },
  "dummy_trs": 0,
  "dvars_nstd": 19.059288491318686,
  "dvars_std": 1.0969132690109893,
  "dvars_vstd": 1.0128808068681314,
  "efc": 0.48833426451452605,
  "fber": 1147.511474609375,
  "fd_mean": 0.061799362184256565,
  "fd_num": 3,
  "fd_perc": 1.639344262295082,
  "fwhm_avg": 2.967143251141625,
  "fwhm_x": 2.7245266666666663,
  "fwhm_y": 3.0742700000000003,
  "fwhm_z": 3.1026330867582095,
  "gcor": 0.0511531,
  "gsr_x": 0.0028766582254320383,
  "gsr_y": 0.03641136735677719,
  "provenance": {
    "md5sum": "36229cf7a59e8dd6633b0303c656866d",
    "settings": {
      "fd_thres": 0.2,
      "testing": false
    },
    "software": "mriqc",
    "version": "22.0.1",
    "webapi_port": null,
    "webapi_url": "https://mriqc.nimh.nih.gov/api/v1"
  },
  "size_t": 183,
  "size_x": 68,
  "size_y": 68,
  "size_z": 48,
  "snr": 2.536489927520981,
  "spacing_tr": 1.0,
  "spacing_x": 3.0,
  "spacing_y": 3.0,
  "spacing_z": 3.000000238418579,
  "summary_bg_k": 28.94617362971539,
  "summary_bg_mad": 108.35959010508431,
  "summary_bg_mean": 300.7181091308594,
  "summary_bg_median": 140.9453582763672,
  "summary_bg_n": 141399.0,
  "summary_bg_p05": 57.26229476928711,
  "summary_bg_p95": 1118.7376708984375,
  "summary_bg_stdv": 489.29461669921875,
  "summary_fg_k": 0.8660203351553037,
  "summary_fg_mad": 1839.2368251083271,
  "summary_fg_mean": 5296.36279296875,
  "summary_fg_median": 4911.0576171875,
  "summary_fg_n": 37368.0,
  "summary_fg_p05": 2849.711376953125,
  "summary_fg_p95": 8953.198339843751,
  "summary_fg_stdv": 1936.136962890625,
  "tsnr": 66.32801632001065
}