{
  "aor": 0.0021247358490566037,
  "aqi": 0.003515374943396226,
  "bids_meta": {
    "AcquisitionNumber": 1,
    "AcquisitionTime": "14:36:26.472500",
    "BandwidthPerPixelPhaseEncode": 25.355,
    "BodyPartExamined": "BRAIN",
    "ConversionSoftware": "dcm2niix",
    "ConversionSoftwareVersion": "v1.0.20170724 (OpenJPEG build) GCC6.1.0",
    "DeviceSerialNumber": "67025",
    "EchoTime": 0.035,
    "EchoTrainLength": 68,
    "EffectiveEchoSpacing": 0.000579999,
    "FlipAngle": 52,
    "ImageType": [
      "ORIGINAL",
      "PRIMARY",
      "M",
      "MB",
      "ND",
      "MOSAIC"
    ],
    "InstitutionAddress": "McClintock_3520A_Los_Angeles_SVC0e0594213b1104_CA_US_90089",
    "InstitutionName": "USC",
    "MagneticFieldStrength": 3,
    "Manufacturer": "Siemens",
    "ManufacturersModelName": "Prisma_fit",
    "PhaseEncodingDirection": "j-",
    "PhaseEncodingLines": 68,
    "ProcedureStepDescription": "HAssal_Music",
    "ProtocolName": "MUSIC_DYNAMICS_SNL_L",
    "RepetitionTime": 1,
    "ScanningSequence": "EP",
    "SequenceName": "epfid2d1_68",
    "SequenceVariant": "SK_SS",
    "SeriesDescription": "MUSIC_DYNAMICS_SNL_L",
    "SliceTiming": [
      0,
      0.49,
      0.1625,
      0.8175,
      0.3275,
      0.6525,
      0,
      0.49,
      0.1625,
      0.8175,
      0.3275,
      0.6525,
      0,
      0.49,
      0.1625,
      0.8175,
      0.3275,
      0.6525,
      0,
      0.49,
      0.1625,
      0.8175,
      0.3275,
      0.6525,
      0,
      0.49,
      0.1625,
      0.8175,
      0.3275,
      0.6525,
      0,
      0.49,
      0.1625,
      0.8175,
      0.3275,
      0.6525,
      0,
      0.49,
      0.1625,
      0.8175,
      0.3275,
      0.6525,
      0,
      0.49,
      0.1625,
      0.8175,
      0.3275,
      0.6525
    ],
    "SoftwareVersions": "syngo_MR_E11",
    "TaskName": "sadln",
    "TotalReadoutTime": 0.03886,
    "dataset": "ds003085",
    "modality": "bold",
    "subject_id": "26",
    "task_id": "sadln"
  },
  "dummy_trs": 0,
  "dvars_nstd": 20.52931996880909,
  "dvars_std": 1.1032650396030255,
  "dvars_vstd": 1.004823065387523,
  "efc": 0.4886927994501687,
  "fber": 1128.36083984375,
  "fd_mean": 0.08716687032482523,
  "fd_num": 34,
  "fd_perc": 6.415094339622642,
  "fwhm_avg": 3.0165532495493426,
  "fwhm_x": 2.7598800000000003,
  "fwhm_y": 3.1270399999999996,
  "fwhm_z": 3.1627397486480278,
  "gcor": 0.0341292,
  "gsr_x": 0.002025432186201215,
  "gsr_y": 0.038829296827316284,
  "provenance": {
    "md5sum": "7622420e807bc74419e84257a9ef33a7",
    "settings": {
      "fd_thres": 0.2,
      "testing": false
    },
    "software": "mriqc",
    "version": "22.0.1",
    "webapi_port": null,
    "webapi_url": "https://mriqc.nimh.nih.gov/api/v1"
  },
  "size_t": 530,
  "size_x": 68,
  "size_y": 68,
  "size_z": 48,
  "snr": 2.5272769635220276,
  "spacing_tr": 1.0,
  "spacing_x": 3.0,
  "spacing_y": 3.0,
  "spacing_z": 3.000000238418579,
  "summary_bg_k": 27.417729722886882,
  "summary_bg_mad": 112.91414769472242,
  "summary_bg_mean": 304.8440856933594,
  "summary_bg_median": 143.93019104003906,
  "summary_bg_n": 141496.0,
  "summary_bg_p05": 57.08113479614258,
  "summary_bg_p95": 1139.383544921875,
  "summary_bg_stdv": 490.0032043457031,
  "summary_fg_k": 0.8526496604639666,
  "summary_fg_mad": 1866.2827327662224,
  "summary_fg_mean": 5341.40234375,
  "summary_fg_median": 4946.5546875,
  "summary_fg_n": 37523.0,
  "summary_fg_p05": 2873.2581787109375,
  "summary_fg_p95": 9055.030859375,
  "summary_fg_stdv": 1957.240478515625,
  "tsnr": 54.96284633339383
}