{
  "aor": 0.0006688475836431227,
  "aqi": 0.0025165605576208177,
  "bids_meta": {
    "AcquisitionNumber": 1,
    "AcquisitionTime": "14:30:36.627500",
    "BandwidthPerPixelPhaseEncode": 25.355,
    "BodyPartExamined": "BRAIN",
    "ConversionSoftware": "dcm2niix",
    "ConversionSoftwareVersion": "v1.0.20170724 (OpenJPEG build) GCC6.1.0",
    "DeviceSerialNumber": "67025",
    "EchoTime": 0.035,
    "EchoTrainLength": 68,
    "EffectiveEchoSpacing": 0.000579999,
    "FlipAngle": 52,
    "ImageType": [
      "ORIGINAL",
      "PRIMARY",
      "M",
      "MB",
      "ND",
      "MOSAIC"
    ],
    "InstitutionAddress": "McClintock_3520A_Los_Angeles_SVC0e0594213b1104_CA_US_90089",
    "InstitutionName": "USC",
    "MagneticFieldStrength": 3,
    "Manufacturer": "Siemens",
    "ManufacturersModelName": "Prisma_fit",
    "PhaseEncodingDirection": "j-",
    "PhaseEncodingLines": 68,
    "ProcedureStepDescription": "HAssal_Music",
    "ProtocolName": "MUSIC_DYNAMICS_SNL",
    "RepetitionTime": 1,
    "ScanningSequence": "EP",
    "SequenceName": "epfid2d1_68",
    "SequenceVariant": "SK_SS",
    "SeriesDescription": "MUSIC_DYNAMICS_SNL",
    "SliceTiming": [
      0,
      0.49,
      0.165,
      0.8175,
      0.3275,
      0.655,
      0,
      0.49,
      0.165,
      0.8175,
      0.3275,
      0.655,
      0,
      0.49,
      0.165,
      0.8175,
      0.3275,
      0.655,
      0,
      0.49,
      0.165,
      0.8175,
      0.3275,
      0.655,
      0,
      0.49,
      0.165,
      0.8175,
      0.3275,
      0.655,
      0,
      0.49,
      0.165,
      0.8175,
      0.3275,
      0.655,
      0,
      0.49,
      0.165,
      0.8175,
      0.3275,
      0.655,
      0,
      0.49,
      0.165,
      0.8175,
      0.3275,
      0.655
    ],
    "SoftwareVersions": "syngo_MR_E11",
    "TaskName": "sadsh",
    "TotalReadoutTime": 0.03886,
    "dataset": "ds003085",
    "modality": "bold",
    "subject_id": "26",
    "task_id": "sadsh"
  },
  "dummy_trs": 2,
  "dvars_nstd": 19.31539254078359,
  "dvars_std": 1.0520390017537313,
  "dvars_vstd": 0.9766323095522385,
  "efc": 0.4885950516374926,
  "fber": 1139.5653076171875,
  "fd_mean": 0.06818051473639013,
  "fd_num": 4,
  "fd_perc": 1.486988847583643,
  "fwhm_avg": 2.9893265835661427,
  "fwhm_x": 2.7459900000000004,
  "fwhm_y": 3.0850500000000003,
  "fwhm_z": 3.136939750698427,
  "gcor": 0.0674947,
  "gsr_x": 0.004169811960309744,
  "gsr_y": 0.03760916367173195,
  "provenance": {
    "md5sum": "cb89e8e3318a9f3db64d167797958ac4",
    "settings": {
      "fd_thres": 0.2,
      "testing": false
    },
    "software": "mriqc",
    "version": "22.0.1",
    "webapi_port": null,
    "webapi_url": "https://mriqc.nimh.nih.gov/api/v1"
  },
  "size_t": 269,
  "size_x": 68,
  "size_y": 68,
  "size_z": 48,
  "snr": 2.532232128143722,
  "spacing_tr": 1.0,
  "spacing_x": 3.0,
  "spacing_y": 3.0,
  "spacing_z": 3.000000238418579,
  "summary_bg_k": 28.522005641605933,
  "summary_bg_mad": 110.7817928369307,
  "summary_bg_mean": 306.8553161621094,
  "summary_bg_median": 142.36431884765625,
  "summary_bg_n": 141658.0,
  "summary_bg_p05": 56.899627685546875,
  "summary_bg_p95": 1149.9221130371093,
  "summary_bg_stdv": 504.89068603515625,
  "summary_fg_k": 0.8499637099671173,
  "summary_fg_mad": 1853.7045034954533,
  "summary_fg_mean": 5306.91064453125,
  "summary_fg_median": 4922.84375,
  "summary_fg_n": 37411.0,
  "summary_fg_p05": 2844.646728515625,
  "summary_fg_p95": 8970.52783203125,
  "summary_fg_stdv": 1944.046875,
  "tsnr": 62.0823563109152
}