{
  "aor": 0.0016462395543175488,
  "aqi": 0.0037359935654596096,
  "bids_meta": {
    "AcquisitionNumber": 1,
    "AcquisitionTime": "16:15:12.067500",
    "BandwidthPerPixelPhaseEncode": 25.355,
    "BodyPartExamined": "BRAIN",
    "ConversionSoftware": "dcm2niix",
    "ConversionSoftwareVersion": "v1.0.20170724 (OpenJPEG build) GCC6.1.0",
    "DeviceSerialNumber": "67025",
    "EchoTime": 0.035,
    "EchoTrainLength": 68,
    "EffectiveEchoSpacing": 0.000579999,
    "FlipAngle": 52,
    "ImageType": [
      "ORIGINAL",
      "PRIMARY",
      "M",
      "MB",
      "ND",
      "MOSAIC"
    ],
    "InstitutionAddress": "McClintock_3520A_Los_Angeles_SVC0e0594213b1104_CA_US_90089",
    "InstitutionName": "USC",
    "MagneticFieldStrength": 3,
    "Manufacturer": "Siemens",
    "ManufacturersModelName": "Prisma_fit",
    "PhaseEncodingDirection": "j-",
    "PhaseEncodingLines": 68,
    "ProcedureStepDescription": "HAssal_Music",
    "ProtocolName": "Resting",
    "RepetitionTime": 1,
    "ScanningSequence": "EP",
    "SequenceName": "epfid2d1_68",
    "SequenceVariant": "SK_SS",
    "SeriesDescription": "Resting",
    "SliceTiming": [
      0,
      0.49,
      0.1625,
      0.8175,
      0.3275,
      0.6525,
      0,
      0.49,
      0.1625,
      0.8175,
      0.3275,
      0.6525,
      0,
      0.49,
      0.1625,
      0.8175,
      0.3275,
      0.6525,
      0,
      0.49,
      0.1625,
      0.8175,
      0.3275,
      0.6525,
      0,
      0.49,
      0.1625,
      0.8175,
      0.3275,
      0.6525,
      0,
      0.49,
      0.1625,
      0.8175,
      0.3275,
      0.6525,
      0,
      0.49,
      0.1625,
      0.8175,
      0.3275,
      0.6525,
      0,
      0.49,
      0.1625,
      0.8175,
      0.3275,
      0.6525
    ],
    "SoftwareVersions": "syngo_MR_E11",
    "TaskName": "rest",
    "TotalReadoutTime": 0.03886,
    "dataset": "ds003085",
    "modality": "bold",
    "subject_id": "40",
    "task_id": "rest"
  },
  "dummy_trs": 1,
  "dvars_nstd": 20.876339198659213,
  "dvars_std": 1.0350559010055855,
  "dvars_vstd": 0.9774407565363129,
  "efc": 0.4975999320670169,
  "fber": 1196.5594482421875,
  "fd_mean": 0.1486412086925022,
  "fd_num": 68,
  "fd_perc": 18.941504178272982,
  "fwhm_avg": 2.780675555555556,
  "fwhm_x": 2.529173333333333,
  "fwhm_y": 2.9318000000000004,
  "fwhm_z": 2.8810533333333335,
  "gcor": 0.0137376,
  "gsr_x": -0.010748244822025299,
  "gsr_y": 0.0852399542927742,
  "provenance": {
    "md5sum": "072bbe95c9c373e201868854e714af9c",
    "settings": {
      "fd_thres": 0.2,
      "testing": false
    },
    "software": "mriqc",
    "version": "22.0.1",
    "webapi_port": null,
    "webapi_url": "https://mriqc.nimh.nih.gov/api/v1"
  },
  "size_t": 359,
  "size_x": 68,
  "size_y": 68,
  "size_z": 48,
  "snr": 2.636400034699299,
  "spacing_tr": 1.0,
  "spacing_x": 3.0,
  "spacing_y": 3.0,
  "spacing_z": 3.0,
  "summary_bg_k": 23.776790341440464,
  "summary_bg_mad": 94.50247050434564,
  "summary_bg_mean": 311.98193359375,
  "summary_bg_median": 126.0584945678711,
  "summary_bg_n": 142181.0,
  "summary_bg_p05": 53.735374450683594,
  "summary_bg_p95": 1262.484619140625,
  "summary_bg_stdv": 522.3843383789062,
  "summary_fg_k": 0.373636143498294,
  "summary_fg_mad": 1654.138136903717,
  "summary_fg_mean": 4804.20166015625,
  "summary_fg_median": 4501.38720703125,
  "summary_fg_n": 36063.0,
  "summary_fg_p05": 2546.408544921875,
  "summary_fg_p95": 8037.379003906251,
  "summary_fg_stdv": 1707.37548828125,
  "tsnr": 53.27585587161593
}