{
  "aor": 0.00763189591078067,
  "aqi": 0.0055644863197026025,
  "bids_meta": {
    "AcquisitionNumber": 1,
    "AcquisitionTime": "16:46:7.425000",
    "BandwidthPerPixelPhaseEncode": 25.355,
    "BodyPartExamined": "BRAIN",
    "ConversionSoftware": "dcm2niix",
    "ConversionSoftwareVersion": "v1.0.20170724 (OpenJPEG build) GCC6.1.0",
    "DeviceSerialNumber": "67025",
    "EchoTime": 0.035,
    "EchoTrainLength": 68,
    "EffectiveEchoSpacing": 0.000579999,
    "FlipAngle": 52,
    "ImageType": [
      "ORIGINAL",
      "PRIMARY",
      "M",
      "MB",
      "ND",
      "MOSAIC"
    ],
    "InstitutionAddress": "McClintock_3520A_Los_Angeles_SVC0e0594213b1104_CA_US_90089",
    "InstitutionName": "USC",
    "MagneticFieldStrength": 3,
    "Manufacturer": "Siemens",
    "ManufacturersModelName": "Prisma_fit",
    "PhaseEncodingDirection": "j-",
    "PhaseEncodingLines": 68,
    "ProcedureStepDescription": "HAssal_Music",
    "ProtocolName": "MUSIC_DYNAMICS_SNL",
    "RepetitionTime": 1,
    "ScanningSequence": "EP",
    "SequenceName": "epfid2d1_68",
    "SequenceVariant": "SK_SS",
    "SeriesDescription": "MUSIC_DYNAMICS_SNL",
    "SliceTiming": [
      0,
      0.49,
      0.165,
      0.8175,
      0.3275,
      0.655,
      0,
      0.49,
      0.165,
      0.8175,
      0.3275,
      0.655,
      0,
      0.49,
      0.165,
      0.8175,
      0.3275,
      0.655,
      0,
      0.49,
      0.165,
      0.8175,
      0.3275,
      0.655,
      0,
      0.49,
      0.165,
      0.8175,
      0.3275,
      0.655,
      0,
      0.49,
      0.165,
      0.8175,
      0.3275,
      0.655,
      0,
      0.49,
      0.165,
      0.8175,
      0.3275,
      0.655,
      0,
      0.49,
      0.165,
      0.8175,
      0.3275,
      0.655
    ],
    "SoftwareVersions": "syngo_MR_E11",
    "TaskName": "sadsh",
    "TotalReadoutTime": 0.03886,
    "dataset": "ds003085",
    "modality": "bold",
    "subject_id": "40",
    "task_id": "sadsh"
  },
  "dummy_trs": 2,
  "dvars_nstd": 22.39646036238806,
  "dvars_std": 1.00783772738806,
  "dvars_vstd": 0.9877145899999994,
  "efc": 0.5009792196047315,
  "fber": 1155.6468505859375,
  "fd_mean": 0.12448877272496087,
  "fd_num": 18,
  "fd_perc": 6.691449814126394,
  "fwhm_avg": 2.7890944444444443,
  "fwhm_x": 2.5224466666666667,
  "fwhm_y": 3.0243300000000004,
  "fwhm_z": 2.8205066666666667,
  "gcor": 0.0182702,
  "gsr_x": -0.011944684199988842,
  "gsr_y": 0.09220603853464127,
  "provenance": {
    "md5sum": "862074c1359bda47cdc1ba1dbeb48742",
    "settings": {
      "fd_thres": 0.2,
      "testing": false
    },
    "software": "mriqc",
    "version": "22.0.1",
    "webapi_port": null,
    "webapi_url": "https://mriqc.nimh.nih.gov/api/v1"
  },
  "size_t": 269,
  "size_x": 68,
  "size_y": 68,
  "size_z": 48,
  "snr": 2.738934084393568,
  "spacing_tr": 1.0,
  "spacing_x": 3.0,
  "spacing_y": 3.0,
  "spacing_z": 3.0,
  "summary_bg_k": 24.33689985782247,
  "summary_bg_mad": 92.65437005444461,
  "summary_bg_mean": 310.7080993652344,
  "summary_bg_median": 125.34944152832031,
  "summary_bg_n": 142368.0,
  "summary_bg_p05": 54.55892143249512,
  "summary_bg_p95": 1241.0450012207002,
  "summary_bg_stdv": 513.1954956054688,
  "summary_fg_k": -0.019096790376791795,
  "summary_fg_mad": 1608.5350880011085,
  "summary_fg_mean": 4649.3037109375,
  "summary_fg_median": 4385.62060546875,
  "summary_fg_n": 36217.0,
  "summary_fg_p05": 2482.437890625,
  "summary_fg_p95": 7636.394531249998,
  "summary_fg_stdv": 1601.1922607421875,
  "tsnr": 44.60675508691929
}