{
  "aor": 0.0014685714285714285,
  "aqi": 0.004543259175824176,
  "bids_meta": {
    "AcquisitionNumber": 1,
    "AcquisitionTime": "16:31:42.552500",
    "BandwidthPerPixelPhaseEncode": 25.355,
    "BodyPartExamined": "BRAIN",
    "ConversionSoftware": "dcm2niix",
    "ConversionSoftwareVersion": "v1.0.20170724 (OpenJPEG build) GCC6.1.0",
    "DeviceSerialNumber": "67025",
    "EchoTime": 0.035,
    "EchoTrainLength": 68,
    "EffectiveEchoSpacing": 0.000579999,
    "FlipAngle": 52,
    "ImageType": [
      "ORIGINAL",
      "PRIMARY",
      "M",
      "MB",
      "ND",
      "MOSAIC"
    ],
    "InstitutionAddress": "McClintock_3520A_Los_Angeles_SVC0e0594213b1104_CA_US_90089",
    "InstitutionName": "USC",
    "MagneticFieldStrength": 3,
    "Manufacturer": "Siemens",
    "ManufacturersModelName": "Prisma_fit",
    "PhaseEncodingDirection": "j-",
    "PhaseEncodingLines": 68,
    "ProcedureStepDescription": "HAssal_Music",
    "ProtocolName": "MUSIC_DYNAMICS_HNL",
    "RepetitionTime": 1,
    "ScanningSequence": "EP",
    "SequenceName": "epfid2d1_68",
    "SequenceVariant": "SK_SS",
    "SeriesDescription": "MUSIC_DYNAMICS_HNL",
    "SliceTiming": [
      0,
      0.49,
      0.1625,
      0.8175,
      0.3275,
      0.6525,
      0,
      0.49,
      0.1625,
      0.8175,
      0.3275,
      0.6525,
      0,
      0.49,
      0.1625,
      0.8175,
      0.3275,
      0.6525,
      0,
      0.49,
      0.1625,
      0.8175,
      0.3275,
      0.6525,
      0,
      0.49,
      0.1625,
      0.8175,
      0.3275,
      0.6525,
      0,
      0.49,
      0.1625,
      0.8175,
      0.3275,
      0.6525,
      0,
      0.49,
      0.1625,
      0.8175,
      0.3275,
      0.6525,
      0,
      0.49,
      0.1625,
      0.8175,
      0.3275,
      0.6525
    ],
    "SoftwareVersions": "syngo_MR_E11",
    "TaskName": "happy",
    "TotalReadoutTime": 0.03886,
    "dataset": "ds003085",
    "modality": "bold",
    "subject_id": "40",
    "task_id": "happy"
  },
  "dummy_trs": 1,
  "dvars_nstd": 19.933627133812145,
  "dvars_std": 0.9966012403314916,
  "dvars_vstd": 0.9676312539226523,
  "efc": 0.5004836609265132,
  "fber": 1140.8990478515625,
  "fd_mean": 0.10325719488907524,
  "fd_num": 5,
  "fd_perc": 2.7472527472527473,
  "fwhm_avg": 2.7734611111111107,
  "fwhm_x": 2.5220566666666664,
  "fwhm_y": 3.0350699999999997,
  "fwhm_z": 2.763256666666667,
  "gcor": 0.0160641,
  "gsr_x": -0.013889969326555729,
  "gsr_y": 0.0921914130449295,
  "provenance": {
    "md5sum": "513e0d79f164f2a1432c03d3a6988f97",
    "settings": {
      "fd_thres": 0.2,
      "testing": false
    },
    "software": "mriqc",
    "version": "22.0.1",
    "webapi_port": null,
    "webapi_url": "https://mriqc.nimh.nih.gov/api/v1"
  },
  "size_t": 182,
  "size_x": 68,
  "size_y": 68,
  "size_z": 48,
  "snr": 2.716079210749114,
  "spacing_tr": 1.0,
  "spacing_x": 3.0,
  "spacing_y": 3.0,
  "spacing_z": 3.0,
  "summary_bg_k": 23.415061906182785,
  "summary_bg_mad": 95.04132659707544,
  "summary_bg_mean": 314.51025390625,
  "summary_bg_median": 127.16484069824219,
  "summary_bg_n": 142488.0,
  "summary_bg_p05": 55.142860412597656,
  "summary_bg_p95": 1262.2085876464844,
  "summary_bg_stdv": 518.0803833007812,
  "summary_fg_k": -0.012826966271691553,
  "summary_fg_mad": 1627.819775744649,
  "summary_fg_mean": 4687.3525390625,
  "summary_fg_median": 4419.9619140625,
  "summary_fg_n": 36102.0,
  "summary_fg_p05": 2495.255126953125,
  "summary_fg_p95": 7708.709521484374,
  "summary_fg_stdv": 1627.3092041015625,
  "tsnr": 49.91437565162778
}