{
  "aor": 0.0025420943396226416,
  "aqi": 0.0050169691886792454,
  "bids_meta": {
    "AcquisitionNumber": 1,
    "AcquisitionTime": "16:36:2.625000",
    "BandwidthPerPixelPhaseEncode": 25.355,
    "BodyPartExamined": "BRAIN",
    "ConversionSoftware": "dcm2niix",
    "ConversionSoftwareVersion": "v1.0.20170724 (OpenJPEG build) GCC6.1.0",
    "DeviceSerialNumber": "67025",
    "EchoTime": 0.035,
    "EchoTrainLength": 68,
    "EffectiveEchoSpacing": 0.000579999,
    "FlipAngle": 52,
    "ImageType": [
      "ORIGINAL",
      "PRIMARY",
      "M",
      "MB",
      "ND",
      "MOSAIC"
    ],
    "InstitutionAddress": "McClintock_3520A_Los_Angeles_SVC0e0594213b1104_CA_US_90089",
    "InstitutionName": "USC",
    "MagneticFieldStrength": 3,
    "Manufacturer": "Siemens",
    "ManufacturersModelName": "Prisma_fit",
    "PhaseEncodingDirection": "j-",
    "PhaseEncodingLines": 68,
    "ProcedureStepDescription": "HAssal_Music",
    "ProtocolName": "MUSIC_DYNAMICS_SNL_L",
    "RepetitionTime": 1,
    "ScanningSequence": "EP",
    "SequenceName": "epfid2d1_68",
    "SequenceVariant": "SK_SS",
    "SeriesDescription": "MUSIC_DYNAMICS_SNL_L",
    "SliceTiming": [
      0,
      0.49,
      0.1625,
      0.8175,
      0.3275,
      0.6525,
      0,
      0.49,
      0.1625,
      0.8175,
      0.3275,
      0.6525,
      0,
      0.49,
      0.1625,
      0.8175,
      0.3275,
      0.6525,
      0,
      0.49,
      0.1625,
      0.8175,
      0.3275,
      0.6525,
      0,
      0.49,
      0.1625,
      0.8175,
      0.3275,
      0.6525,
      0,
      0.49,
      0.1625,
      0.8175,
      0.3275,
      0.6525,
      0,
      0.49,
      0.1625,
      0.8175,
      0.3275,
      0.6525,
      0,
      0.49,
      0.1625,
      0.8175,
      0.3275,
      0.6525
    ],
    "SoftwareVersions": "syngo_MR_E11",
    "TaskName": "sadln",
    "TotalReadoutTime": 0.03886,
    "dataset": "ds003085",
    "modality": "bold",
    "subject_id": "40",
    "task_id": "sadln"
  },
  "dummy_trs": 0,
  "dvars_nstd": 20.75518419888468,
  "dvars_std": 1.0209790749149343,
  "dvars_vstd": 0.982492034499055,
  "efc": 0.5012304929440353,
  "fber": 1142.8345947265625,
  "fd_mean": 0.12038270346042984,
  "fd_num": 22,
  "fd_perc": 4.150943396226415,
  "fwhm_avg": 2.758566666666667,
  "fwhm_x": 2.5137033333333334,
  "fwhm_y": 3.0017600000000004,
  "fwhm_z": 2.7602366666666662,
  "gcor": 0.0206139,
  "gsr_x": -0.01440384890884161,
  "gsr_y": 0.09302741289138794,
  "provenance": {
    "md5sum": "937f62730a33abe330d7e42499c8b440",
    "settings": {
      "fd_thres": 0.2,
      "testing": false
    },
    "software": "mriqc",
    "version": "22.0.1",
    "webapi_port": null,
    "webapi_url": "https://mriqc.nimh.nih.gov/api/v1"
  },
  "size_t": 530,
  "size_x": 68,
  "size_y": 68,
  "size_z": 48,
  "snr": 2.743465098944504,
  "spacing_tr": 1.0,
  "spacing_x": 3.0,
  "spacing_y": 3.0,
  "spacing_z": 3.0,
  "summary_bg_k": 23.141319397797186,
  "summary_bg_mad": 96.0977960536047,
  "summary_bg_mean": 316.94915771484375,
  "summary_bg_median": 127.16038513183594,
  "summary_bg_n": 142714.0,
  "summary_bg_p05": 54.51886749267578,
  "summary_bg_p95": 1280.7371643066406,
  "summary_bg_stdv": 522.0557861328125,
  "summary_fg_k": 0.011555577636492398,
  "summary_fg_mad": 1603.8060357587317,
  "summary_fg_mean": 4674.8330078125,
  "summary_fg_median": 4409.23388671875,
  "summary_fg_n": 36047.0,
  "summary_fg_p05": 2496.2481201171877,
  "summary_fg_p95": 7668.485693359374,
  "summary_fg_stdv": 1607.1546630859375,
  "tsnr": 45.486946360906586
}