{
  "bids_meta": {
    "AccelFactPE": 2,
    "AcquisitionNumber": 1,
    "AcquisitionTime": "13:47:33.885000",
    "BodyPartExamined": "BRAIN",
    "ConversionSoftware": "dcm2niix",
    "ConversionSoftwareVersion": "v1.0.20170724 (OpenJPEG build) GCC6.1.0",
    "DeviceSerialNumber": "67025",
    "EchoTime": 0.00226,
    "FlipAngle": 9,
    "ImageType": [
      "ORIGINAL",
      "PRIMARY",
      "M",
      "ND",
      "NORM"
    ],
    "InstitutionAddress": "McClintock_3520A_Los_Angeles_SVC0e0594213b1104_CA_US_90089",
    "InstitutionName": "USC",
    "InversionTime": 1.06,
    "MagneticFieldStrength": 3,
    "Manufacturer": "Siemens",
    "ManufacturersModelName": "Prisma_fit",
    "PhaseEncodingDirection": "i-",
    "PhaseEncodingLines": 224,
    "ProcedureStepDescription": "HAssal_Music",
    "ProtocolName": "t1_mprage_short_32channel",
    "RepetitionTime": 2.3,
    "ScanningSequence": "GR_IR",
    "SequenceName": "_tfl3d1_16ns",
    "SequenceVariant": "SK_SP_MP",
    "SeriesDescription": "t1_mprage_short_32channel",
    "SoftwareVersions": "syngo_MR_E11",
    "dataset": "ds003085",
    "modality": "T1w",
    "subject_id": "21"
  },
  "cjv": 0.33059773242690665,
  "cnr": 4.094138818971701,
  "efc": 0.5420201669332522,
  "fber": -1.0,
  "fwhm_avg": 4.514381199892902,
  "fwhm_x": 4.387783599678706,
  "fwhm_y": 4.59608,
  "fwhm_z": 4.55928,
  "icvs_csf": 0.17706622953139506,
  "icvs_gm": 0.46919112151054604,
  "icvs_wm": 0.3537426489580589,
  "inu_med": 0.26094625890254974,
  "inu_range": 0.05746849253773689,
  "provenance": {
    "md5sum": "c9e6b4abbba50c0d44507afd6d7c8d05",
    "settings": {
      "testing": false
    },
    "software": "mriqc",
    "version": "22.0.1",
    "warnings": {
      "large_rot_frame": true,
      "small_air_mask": false
    },
    "webapi_port": null,
    "webapi_url": "https://mriqc.nimh.nih.gov/api/v1"
  },
  "qi_1": 0.010723964632907954,
  "qi_2": 0.0184540309266603,
  "rpve_csf": 31.439317781097426,
  "rpve_gm": 13.060464214709127,
  "rpve_wm": 19.036133711822732,
  "size_x": 176,
  "size_y": 224,
  "size_z": 256,
  "snr_csf": 2.222208404437073,
  "snr_gm": 16.35834664321846,
  "snr_total": 17.817018296217768,
  "snr_wm": 34.870499840997766,
  "snrd_csf": 55.71849615746784,
  "snrd_gm": 137.2061532880399,
  "snrd_total": 123.4621431692468,
  "snrd_wm": 177.46178006223263,
  "spacing_x": 0.9999969005584717,
  "spacing_y": 1.0,
  "spacing_z": 1.0,
  "summary_bg_k": 110.83761114233701,
  "summary_bg_mad": 0.0,
  "summary_bg_mean": 1.367362625260886,
  "summary_bg_median": 0.0,
  "summary_bg_n": 2118859.0,
  "summary_bg_p05": 0.0,
  "summary_bg_p95": 7.1945226565003395,
  "summary_bg_stdv": 3.6918468884008613,
  "summary_csf_k": -0.37333897880803635,
  "summary_csf_mad": 99.38303350027371,
  "summary_csf_mean": 281.54794722535087,
  "summary_csf_median": 313.9867616351694,
  "summary_csf_n": 25701.0,
  "summary_csf_p05": 33.148956540971994,
  "summary_csf_p95": 491.9158165808767,
  "summary_csf_stdv": 141.29217245990455,
  "summary_gm_k": -0.11689729741755572,
  "summary_gm_mad": 48.78829529737903,
  "summary_gm_mean": 773.3184742946212,
  "summary_gm_median": 773.1887742551044,
  "summary_gm_n": 56232.0,
  "summary_gm_p05": 696.0613639648072,
  "summary_gm_p95": 850.0173797737807,
  "summary_gm_stdv": 47.26528396168748,
  "summary_wm_k": 0.6758369066918433,
  "summary_wm_mad": 26.2077589784334,
  "summary_wm_mean": 1000.9710092533807,
  "summary_wm_median": 1000.0386492535472,
  "summary_wm_n": 152655.0,
  "summary_wm_p05": 955.3629843704402,
  "summary_wm_p95": 1050.0966680487616,
  "summary_wm_stdv": 28.67855001568878,
  "tpm_overlap_csf": 0.12378644906295644,
  "tpm_overlap_gm": 0.47309014478522654,
  "tpm_overlap_wm": 0.4960633525218578,
  "wm2max": 0.9239180931279706
}