{
  "bids_meta": {
    "AccelFactPE": 2,
    "AcquisitionNumber": 1,
    "AcquisitionTime": "11:31:27.065000",
    "BodyPartExamined": "BRAIN",
    "ConversionSoftware": "dcm2niix",
    "ConversionSoftwareVersion": "v1.0.20170724 (OpenJPEG build) GCC6.1.0",
    "DeviceSerialNumber": "67025",
    "EchoTime": 0.00226,
    "FlipAngle": 9,
    "ImageType": [
      "ORIGINAL",
      "PRIMARY",
      "M",
      "ND",
      "NORM"
    ],
    "InstitutionAddress": "McClintock_3520A_Los_Angeles_SVC0e0594213b1104_CA_US_90089",
    "InstitutionName": "USC",
    "InversionTime": 1.06,
    "MagneticFieldStrength": 3,
    "Manufacturer": "Siemens",
    "ManufacturersModelName": "Prisma_fit",
    "PhaseEncodingDirection": "i-",
    "PhaseEncodingLines": 224,
    "ProcedureStepDescription": "HAssal_Music",
    "ProtocolName": "t1_mprage_short_32channel",
    "RepetitionTime": 2.3,
    "ScanningSequence": "GR_IR",
    "SequenceName": "_tfl3d1_16ns",
    "SequenceVariant": "SK_SP_MP",
    "SeriesDescription": "t1_mprage_short_32channel",
    "SoftwareVersions": "syngo_MR_E11",
    "dataset": "ds003085",
    "modality": "T1w",
    "subject_id": "34"
  },
  "cjv": 0.35881775223604,
  "cnr": 3.791288417824812,
  "efc": 0.5917414877637343,
  "fber": -1.0,
  "fwhm_avg": 4.260468995859864,
  "fwhm_x": 4.130496987579593,
  "fwhm_y": 4.32013,
  "fwhm_z": 4.33078,
  "icvs_csf": 0.22591367386380587,
  "icvs_gm": 0.4391724371479338,
  "icvs_wm": 0.33491388898826036,
  "inu_med": 0.32056546211242676,
  "inu_range": 0.08824179470539095,
  "provenance": {
    "md5sum": "cbcd4b000b0414795313121fdc508c0a",
    "settings": {
      "testing": false
    },
    "software": "mriqc",
    "version": "22.0.1",
    "warnings": {
      "large_rot_frame": true,
      "small_air_mask": false
    },
    "webapi_port": null,
    "webapi_url": "https://mriqc.nimh.nih.gov/api/v1"
  },
  "qi_1": 0.03813675527239177,
  "qi_2": 0.035124231147544024,
  "rpve_csf": 19.42625813775238,
  "rpve_gm": 10.361452080892349,
  "rpve_wm": 15.263506435484288,
  "size_x": 176,
  "size_y": 224,
  "size_z": 256,
  "snr_csf": 3.8104903040197757,
  "snr_gm": 17.003239448092508,
  "snr_total": 17.564302874380584,
  "snr_wm": 31.879178871029474,
  "snrd_csf": 66.68741158069362,
  "snrd_gm": 155.86880866916619,
  "snrd_total": 140.15772788226795,
  "snrd_wm": 197.91696339694408,
  "spacing_x": 0.9999958872795105,
  "spacing_y": 1.0,
  "spacing_z": 1.0,
  "summary_bg_k": 27.571492790036388,
  "summary_bg_mad": 0.0,
  "summary_bg_mean": 1.4480407423388857,
  "summary_bg_median": 0.0,
  "summary_bg_n": 1694950.0,
  "summary_bg_p05": 0.0,
  "summary_bg_p95": 7.606651559472084,
  "summary_bg_stdv": 3.3102278274887325,
  "summary_csf_k": 2.9052543104521984,
  "summary_csf_mad": 51.783156675727476,
  "summary_csf_mean": 347.11474181349666,
  "summary_csf_median": 336.9535344969481,
  "summary_csf_n": 60653.0,
  "summary_csf_p05": 223.7581074569375,
  "summary_csf_p95": 510.1400868359952,
  "summary_csf_stdv": 88.4271392620321,
  "summary_gm_k": -0.06030181872421103,
  "summary_gm_mad": 46.94317016247891,
  "summary_gm_mean": 787.1562969920157,
  "summary_gm_median": 787.5631210450083,
  "summary_gm_n": 36948.0,
  "summary_gm_p05": 710.7993290573359,
  "summary_gm_p95": 861.9815288018435,
  "summary_gm_stdv": 46.31778936324656,
  "summary_wm_k": 1.0415998419283898,
  "summary_wm_mad": 29.290533267879727,
  "summary_wm_mean": 1001.1073129172195,
  "summary_wm_median": 1000.0211250185966,
  "summary_wm_n": 181050.0,
  "summary_wm_p05": 952.5006823595613,
  "summary_wm_p95": 1053.9438327401876,
  "summary_wm_stdv": 31.36901258762258,
  "tpm_overlap_csf": 0.15523658043175617,
  "tpm_overlap_gm": 0.45231730976601836,
  "tpm_overlap_wm": 0.465218551884039,
  "wm2max": 0.9091398056014446
}