{
  "bids_meta": {
    "AccelFactPE": 2,
    "AcquisitionNumber": 1,
    "AcquisitionTime": "10:56:31.442500",
    "BodyPartExamined": "BRAIN",
    "ConversionSoftware": "dcm2niix",
    "ConversionSoftwareVersion": "v1.0.20170724 (OpenJPEG build) GCC6.1.0",
    "DeviceSerialNumber": "67025",
    "EchoTime": 0.00226,
    "FlipAngle": 9,
    "ImageType": [
      "ORIGINAL",
      "PRIMARY",
      "M",
      "ND",
      "NORM"
    ],
    "InstitutionAddress": "McClintock_3520A_Los_Angeles_SVC0e0594213b1104_CA_US_90089",
    "InstitutionName": "USC",
    "InversionTime": 1.06,
    "MagneticFieldStrength": 3,
    "Manufacturer": "Siemens",
    "ManufacturersModelName": "Prisma_fit",
    "PhaseEncodingDirection": "i-",
    "PhaseEncodingLines": 224,
    "ProcedureStepDescription": "HAssal_Music",
    "ProtocolName": "t1_mprage_short_32channel",
    "RepetitionTime": 2.3,
    "ScanningSequence": "GR_IR",
    "SequenceName": "_tfl3d1_16ns",
    "SequenceVariant": "SK_SP_MP",
    "SeriesDescription": "t1_mprage_short_32channel",
    "SoftwareVersions": "syngo_MR_E11",
    "dataset": "ds003085",
    "modality": "T1w",
    "subject_id": "10"
  },
  "cjv": 0.3615597901434132,
  "cnr": 3.746816453786629,
  "efc": 0.5619869649652102,
  "fber": -1.0,
  "fwhm_avg": 4.349466491402806,
  "fwhm_x": 4.410659474208417,
  "fwhm_y": 4.18498,
  "fwhm_z": 4.45276,
  "icvs_csf": 0.20476275472561778,
  "icvs_gm": 0.4450964024571405,
  "icvs_wm": 0.3501408428172417,
  "inu_med": 0.32015441358089447,
  "inu_range": 0.09173756837844849,
  "provenance": {
    "md5sum": "378467070b2ad6b620166b0c34d45098",
    "settings": {
      "testing": false
    },
    "software": "mriqc",
    "version": "22.0.1",
    "warnings": {
      "large_rot_frame": true,
      "small_air_mask": false
    },
    "webapi_port": null,
    "webapi_url": "https://mriqc.nimh.nih.gov/api/v1"
  },
  "qi_1": 0.03452928307978646,
  "qi_2": 0.01631568230720694,
  "rpve_csf": 24.388098579388608,
  "rpve_gm": 11.833299054254073,
  "rpve_wm": 16.769070591149827,
  "size_x": 176,
  "size_y": 224,
  "size_z": 256,
  "snr_csf": 3.205123089733698,
  "snr_gm": 17.18014448524681,
  "snr_total": 16.55684215915311,
  "snr_wm": 29.285258902478823,
  "snrd_csf": 69.78480595274284,
  "snrd_gm": 162.17508787113744,
  "snrd_total": 146.113583952937,
  "snrd_wm": 206.38085803493075,
  "spacing_x": 1.0000001192092896,
  "spacing_y": 1.0,
  "spacing_z": 1.0,
  "summary_bg_k": 28.46026008813952,
  "summary_bg_mad": 0.0,
  "summary_bg_mean": 1.368829242317257,
  "summary_bg_median": 0.0,
  "summary_bg_n": 1954326.0,
  "summary_bg_p05": 0.0,
  "summary_bg_p95": 5.2894854582846165,
  "summary_bg_stdv": 3.174480727376205,
  "summary_csf_k": 10.678007186316682,
  "summary_csf_mad": 52.55340478814447,
  "summary_csf_mean": 350.85109191217686,
  "summary_csf_median": 338.144120156765,
  "summary_csf_n": 42903.0,
  "summary_csf_p05": 187.123326741904,
  "summary_csf_p95": 530.7196857556701,
  "summary_csf_stdv": 105.49990433091756,
  "summary_gm_k": 0.037782614494034306,
  "summary_gm_mad": 45.722526718112185,
  "summary_gm_mean": 785.629081832586,
  "summary_gm_median": 785.8236710820347,
  "summary_gm_n": 37838.0,
  "summary_gm_p05": 710.6579286307096,
  "summary_gm_p95": 861.2802155619488,
  "summary_gm_stdv": 45.73962038760633,
  "summary_wm_k": 0.7404347547528278,
  "summary_wm_mad": 31.72366230965642,
  "summary_wm_mean": 1002.9875277409558,
  "summary_wm_median": 1000.023897819221,
  "summary_wm_n": 172823.0,
  "summary_wm_p05": 952.4663973413408,
  "summary_wm_p95": 1063.7849351987243,
  "summary_wm_stdv": 34.14758967788443,
  "tpm_overlap_csf": 0.14855738652241363,
  "tpm_overlap_gm": 0.4731317474226496,
  "tpm_overlap_wm": 0.509877314203783,
  "wm2max": 0.8828737453777074
}