{
  "aor": 0.0003529520295202952,
  "aqi": 0.003658704612546126,
  "bids_meta": {
    "AcquisitionNumber": 1,
    "AcquisitionTime": "14:11:22.355000",
    "BandwidthPerPixelPhaseEncode": 25.355,
    "BodyPartExamined": "BRAIN",
    "ConversionSoftware": "dcm2niix",
    "ConversionSoftwareVersion": "v1.0.20170724 (OpenJPEG build) GCC6.1.0",
    "DeviceSerialNumber": "67025",
    "EchoTime": 0.035,
    "EchoTrainLength": 68,
    "EffectiveEchoSpacing": 0.000579999,
    "FlipAngle": 52,
    "ImageType": [
      "ORIGINAL",
      "PRIMARY",
      "M",
      "MB",
      "ND",
      "MOSAIC"
    ],
    "InstitutionAddress": "McClintock_3520A_Los_Angeles_SVC0e0594213b1104_CA_US_90089",
    "InstitutionName": "USC",
    "MagneticFieldStrength": 3,
    "Manufacturer": "Siemens",
    "ManufacturersModelName": "Prisma_fit",
    "PhaseEncodingDirection": "j-",
    "PhaseEncodingLines": 68,
    "ProcedureStepDescription": "HAssal_Music",
    "ProtocolName": "MUSIC_DYNAMICS_SNL",
    "RepetitionTime": 1,
    "ScanningSequence": "EP",
    "SequenceName": "epfid2d1_68",
    "SequenceVariant": "SK_SS",
    "SeriesDescription": "MUSIC_DYNAMICS_SNL",
    "SliceTiming": [
      0,
      0.49,
      0.165,
      0.8175,
      0.3275,
      0.655,
      0,
      0.49,
      0.165,
      0.8175,
      0.3275,
      0.655,
      0,
      0.49,
      0.165,
      0.8175,
      0.3275,
      0.655,
      0,
      0.49,
      0.165,
      0.8175,
      0.3275,
      0.655,
      0,
      0.49,
      0.165,
      0.8175,
      0.3275,
      0.655,
      0,
      0.49,
      0.165,
      0.8175,
      0.3275,
      0.655,
      0,
      0.49,
      0.165,
      0.8175,
      0.3275,
      0.655,
      0,
      0.49,
      0.165,
      0.8175,
      0.3275,
      0.655
    ],
    "SoftwareVersions": "syngo_MR_E11",
    "TaskName": "sadsh",
    "TotalReadoutTime": 0.03886,
    "dataset": "ds003085",
    "modality": "bold",
    "subject_id": "21",
    "task_id": "sadsh"
  },
  "dummy_trs": 0,
  "dvars_nstd": 24.77485457485187,
  "dvars_std": 1.0924679704444435,
  "dvars_vstd": 0.9994736206666672,
  "efc": 0.47627432292680105,
  "fber": 1451.436279296875,
  "fd_mean": 0.1446323049515513,
  "fd_num": 60,
  "fd_perc": 22.14022140221402,
  "fwhm_avg": 2.3201766666666668,
  "fwhm_x": 2.1772233333333335,
  "fwhm_y": 2.454683333333333,
  "fwhm_z": 2.3286233333333333,
  "gcor": 0.0159293,
  "gsr_x": -0.0026538933161646128,
  "gsr_y": 0.06502758711576462,
  "provenance": {
    "md5sum": "beb91667f364978507178f22fd64d3e9",
    "settings": {
      "fd_thres": 0.2,
      "testing": false
    },
    "software": "mriqc",
    "version": "22.0.1",
    "webapi_port": null,
    "webapi_url": "https://mriqc.nimh.nih.gov/api/v1"
  },
  "size_t": 271,
  "size_x": 68,
  "size_y": 68,
  "size_z": 48,
  "snr": 3.922407412031238,
  "spacing_tr": 1.0,
  "spacing_x": 3.0,
  "spacing_y": 3.0,
  "spacing_z": 3.0,
  "summary_bg_k": 43.83063671203489,
  "summary_bg_mad": 65.9785360719557,
  "summary_bg_mean": 231.77703857421875,
  "summary_bg_median": 99.0996322631836,
  "summary_bg_n": 152399.0,
  "summary_bg_p05": 47.881919860839844,
  "summary_bg_p95": 867.2638671875001,
  "summary_bg_stdv": 408.632080078125,
  "summary_fg_k": 0.25427891278653325,
  "summary_fg_mad": 952.426778053516,
  "summary_fg_mean": 3904.92333984375,
  "summary_fg_median": 3812.42431640625,
  "summary_fg_n": 29969.0,
  "summary_fg_p05": 2476.468701171875,
  "summary_fg_p95": 5647.321875,
  "summary_fg_stdv": 971.944091796875,
  "tsnr": 62.549510922748595
}