{
  "aor": 0.00042423398328690816,
  "aqi": 0.0023686802228412257,
  "bids_meta": {
    "AcquisitionNumber": 1,
    "AcquisitionTime": "10:33:40.067500",
    "BandwidthPerPixelPhaseEncode": 25.355,
    "BodyPartExamined": "BRAIN",
    "ConversionSoftware": "dcm2niix",
    "ConversionSoftwareVersion": "v1.0.20170724 (OpenJPEG build) GCC6.1.0",
    "DeviceSerialNumber": "67025",
    "EchoTime": 0.035,
    "EchoTrainLength": 68,
    "EffectiveEchoSpacing": 0.000579999,
    "FlipAngle": 52,
    "ImageType": [
      "ORIGINAL",
      "PRIMARY",
      "M",
      "MB",
      "ND",
      "MOSAIC"
    ],
    "InstitutionAddress": "McClintock_3520A_Los_Angeles_SVC0e0594213b1104_CA_US_90089",
    "InstitutionName": "USC",
    "MagneticFieldStrength": 3,
    "Manufacturer": "Siemens",
    "ManufacturersModelName": "Prisma_fit",
    "PhaseEncodingDirection": "j-",
    "PhaseEncodingLines": 68,
    "ProcedureStepDescription": "HAssal_Music",
    "ProtocolName": "Resting",
    "RepetitionTime": 1,
    "ScanningSequence": "EP",
    "SequenceName": "epfid2d1_68",
    "SequenceVariant": "SK_SS",
    "SeriesDescription": "Resting",
    "SliceTiming": [
      0,
      0.49,
      0.1625,
      0.8175,
      0.3275,
      0.6525,
      0,
      0.49,
      0.1625,
      0.8175,
      0.3275,
      0.6525,
      0,
      0.49,
      0.1625,
      0.8175,
      0.3275,
      0.6525,
      0,
      0.49,
      0.1625,
      0.8175,
      0.3275,
      0.6525,
      0,
      0.49,
      0.1625,
      0.8175,
      0.3275,
      0.6525,
      0,
      0.49,
      0.1625,
      0.8175,
      0.3275,
      0.6525,
      0,
      0.49,
      0.1625,
      0.8175,
      0.3275,
      0.6525,
      0,
      0.49,
      0.1625,
      0.8175,
      0.3275,
      0.6525
    ],
    "SoftwareVersions": "syngo_MR_E11",
    "TaskName": "rest",
    "TotalReadoutTime": 0.03886,
    "dataset": "ds003085",
    "modality": "bold",
    "subject_id": "27",
    "task_id": "rest"
  },
  "dummy_trs": 1,
  "dvars_nstd": 23.48426014874302,
  "dvars_std": 1.051918241340783,
  "dvars_vstd": 0.9896858373743016,
  "efc": 0.5155660389718256,
  "fber": 685.055908203125,
  "fd_mean": 0.13011857542829608,
  "fd_num": 62,
  "fd_perc": 17.270194986072422,
  "fwhm_avg": 2.8430877777777774,
  "fwhm_x": 2.6148266666666666,
  "fwhm_y": 2.89921,
  "fwhm_z": 3.015226666666667,
  "gcor": 0.0187948,
  "gsr_x": 0.005905039608478546,
  "gsr_y": 0.05618426203727722,
  "provenance": {
    "md5sum": "7fae5018e13f9f7b227bc548e3b4176a",
    "settings": {
      "fd_thres": 0.2,
      "testing": false
    },
    "software": "mriqc",
    "version": "22.0.1",
    "webapi_port": null,
    "webapi_url": "https://mriqc.nimh.nih.gov/api/v1"
  },
  "size_t": 359,
  "size_x": 68,
  "size_y": 68,
  "size_z": 48,
  "snr": 2.349045739291407,
  "spacing_tr": 1.0,
  "spacing_x": 3.0,
  "spacing_y": 3.0,
  "spacing_z": 3.0,
  "summary_bg_k": 28.160588084918572,
  "summary_bg_mad": 115.32084821144689,
  "summary_bg_mean": 306.2280578613281,
  "summary_bg_median": 148.05014038085938,
  "summary_bg_n": 136333.0,
  "summary_bg_p05": 57.19776916503906,
  "summary_bg_p95": 1095.5704589843742,
  "summary_bg_stdv": 475.3463439941406,
  "summary_fg_k": 2.8232265957123728,
  "summary_fg_mad": 1310.3744070067366,
  "summary_fg_mean": 4259.38037109375,
  "summary_fg_median": 3882.751953125,
  "summary_fg_n": 42448.0,
  "summary_fg_p05": 2346.215612792969,
  "summary_fg_p95": 7522.842553710938,
  "summary_fg_stdv": 1652.8865966796875,
  "tsnr": 57.94869653787464
}