{
  "aor": 0.001455037037037037,
  "aqi": 0.0030337305925925927,
  "bids_meta": {
    "AcquisitionNumber": 1,
    "AcquisitionTime": "11:05:40.865000",
    "BandwidthPerPixelPhaseEncode": 25.355,
    "BodyPartExamined": "BRAIN",
    "ConversionSoftware": "dcm2niix",
    "ConversionSoftwareVersion": "v1.0.20170724 (OpenJPEG build) GCC6.1.0",
    "DeviceSerialNumber": "67025",
    "EchoTime": 0.035,
    "EchoTrainLength": 68,
    "EffectiveEchoSpacing": 0.000579999,
    "FlipAngle": 52,
    "ImageType": [
      "ORIGINAL",
      "PRIMARY",
      "M",
      "MB",
      "ND",
      "MOSAIC"
    ],
    "InstitutionAddress": "McClintock_3520A_Los_Angeles_SVC0e0594213b1104_CA_US_90089",
    "InstitutionName": "USC",
    "MagneticFieldStrength": 3,
    "Manufacturer": "Siemens",
    "ManufacturersModelName": "Prisma_fit",
    "PhaseEncodingDirection": "j-",
    "PhaseEncodingLines": 68,
    "ProcedureStepDescription": "HAssal_Music",
    "ProtocolName": "MUSIC_DYNAMICS_SNL",
    "RepetitionTime": 1,
    "ScanningSequence": "EP",
    "SequenceName": "epfid2d1_68",
    "SequenceVariant": "SK_SS",
    "SeriesDescription": "MUSIC_DYNAMICS_SNL",
    "SliceTiming": [
      0,
      0.49,
      0.1625,
      0.8175,
      0.3275,
      0.6525,
      0,
      0.49,
      0.1625,
      0.8175,
      0.3275,
      0.6525,
      0,
      0.49,
      0.1625,
      0.8175,
      0.3275,
      0.6525,
      0,
      0.49,
      0.1625,
      0.8175,
      0.3275,
      0.6525,
      0,
      0.49,
      0.1625,
      0.8175,
      0.3275,
      0.6525,
      0,
      0.49,
      0.1625,
      0.8175,
      0.3275,
      0.6525,
      0,
      0.49,
      0.1625,
      0.8175,
      0.3275,
      0.6525,
      0,
      0.49,
      0.1625,
      0.8175,
      0.3275,
      0.6525
    ],
    "SoftwareVersions": "syngo_MR_E11",
    "TaskName": "sadsh",
    "TotalReadoutTime": 0.03886,
    "dataset": "ds003085",
    "modality": "bold",
    "subject_id": "27",
    "task_id": "sadsh"
  },
  "dummy_trs": 1,
  "dvars_nstd": 25.360538836988816,
  "dvars_std": 1.0869292520074352,
  "dvars_vstd": 1.0249131208550193,
  "efc": 0.5229733193846099,
  "fber": 649.427490234375,
  "fd_mean": 0.14485667488035803,
  "fd_num": 42,
  "fd_perc": 15.555555555555555,
  "fwhm_avg": 2.650271111111111,
  "fwhm_x": 2.4691633333333334,
  "fwhm_y": 2.75052,
  "fwhm_z": 2.7311300000000003,
  "gcor": 0.0340953,
  "gsr_x": 0.003234071657061577,
  "gsr_y": 0.05178559571504593,
  "provenance": {
    "md5sum": "fa00dd8e52f747c116cbfc4d8c4af5bd",
    "settings": {
      "fd_thres": 0.2,
      "testing": false
    },
    "software": "mriqc",
    "version": "22.0.1",
    "webapi_port": null,
    "webapi_url": "https://mriqc.nimh.nih.gov/api/v1"
  },
  "size_t": 270,
  "size_x": 68,
  "size_y": 68,
  "size_z": 48,
  "snr": 2.5781978456224133,
  "spacing_tr": 1.0,
  "spacing_x": 3.0,
  "spacing_y": 3.0,
  "spacing_z": 3.0,
  "summary_bg_k": 40.76756190669494,
  "summary_bg_mad": 112.941345853249,
  "summary_bg_mean": 299.932373046875,
  "summary_bg_median": 144.57037353515625,
  "summary_bg_n": 136484.0,
  "summary_bg_p05": 56.05925750732422,
  "summary_bg_p95": 1054.6401794433593,
  "summary_bg_stdv": 481.5162353515625,
  "summary_fg_k": 1.6301807680336955,
  "summary_fg_mad": 1198.6947525647468,
  "summary_fg_mean": 4007.888671875,
  "summary_fg_median": 3704.6591796875,
  "summary_fg_n": 42291.0,
  "summary_fg_p05": 2240.3406982421875,
  "summary_fg_p95": 6815.859130859375,
  "summary_fg_stdv": 1436.901123046875,
  "tsnr": 52.42918255063705
}