{
  "aor": 0.0007672527472527472,
  "aqi": 0.0019966113186813184,
  "bids_meta": {
    "AcquisitionNumber": 1,
    "AcquisitionTime": "10:50:43.680000",
    "BandwidthPerPixelPhaseEncode": 25.355,
    "BodyPartExamined": "BRAIN",
    "ConversionSoftware": "dcm2niix",
    "ConversionSoftwareVersion": "v1.0.20170724 (OpenJPEG build) GCC6.1.0",
    "DeviceSerialNumber": "67025",
    "EchoTime": 0.035,
    "EchoTrainLength": 68,
    "EffectiveEchoSpacing": 0.000579999,
    "FlipAngle": 52,
    "ImageType": [
      "ORIGINAL",
      "PRIMARY",
      "M",
      "MB",
      "ND",
      "MOSAIC"
    ],
    "InstitutionAddress": "McClintock_3520A_Los_Angeles_SVC0e0594213b1104_CA_US_90089",
    "InstitutionName": "USC",
    "MagneticFieldStrength": 3,
    "Manufacturer": "Siemens",
    "ManufacturersModelName": "Prisma_fit",
    "PhaseEncodingDirection": "j-",
    "PhaseEncodingLines": 68,
    "ProcedureStepDescription": "HAssal_Music",
    "ProtocolName": "MUSIC_DYNAMICS_HNL",
    "RepetitionTime": 1,
    "ScanningSequence": "EP",
    "SequenceName": "epfid2d1_68",
    "SequenceVariant": "SK_SS",
    "SeriesDescription": "MUSIC_DYNAMICS_HNL",
    "SliceTiming": [
      0,
      0.49,
      0.1625,
      0.815,
      0.325,
      0.6525,
      0,
      0.49,
      0.1625,
      0.815,
      0.325,
      0.6525,
      0,
      0.49,
      0.1625,
      0.815,
      0.325,
      0.6525,
      0,
      0.49,
      0.1625,
      0.815,
      0.325,
      0.6525,
      0,
      0.49,
      0.1625,
      0.815,
      0.325,
      0.6525,
      0,
      0.49,
      0.1625,
      0.815,
      0.325,
      0.6525,
      0,
      0.49,
      0.1625,
      0.815,
      0.325,
      0.6525,
      0,
      0.49,
      0.1625,
      0.815,
      0.325,
      0.6525
    ],
    "SoftwareVersions": "syngo_MR_E11",
    "TaskName": "happy",
    "TotalReadoutTime": 0.03886,
    "dataset": "ds003085",
    "modality": "bold",
    "subject_id": "27",
    "task_id": "happy"
  },
  "dummy_trs": 1,
  "dvars_nstd": 25.300392319558014,
  "dvars_std": 1.0801751294475137,
  "dvars_vstd": 1.0123418224309395,
  "efc": 0.5211562708978094,
  "fber": 662.453369140625,
  "fd_mean": 0.134801322095187,
  "fd_num": 35,
  "fd_perc": 19.23076923076923,
  "fwhm_avg": 2.6480977777777777,
  "fwhm_x": 2.443443333333333,
  "fwhm_y": 2.7549433333333333,
  "fwhm_z": 2.7459066666666665,
  "gcor": 0.0103885,
  "gsr_x": 0.00017211167141795158,
  "gsr_y": 0.0523093119263649,
  "provenance": {
    "md5sum": "581147b1f34dbcad2a33321baab85ed8",
    "settings": {
      "fd_thres": 0.2,
      "testing": false
    },
    "software": "mriqc",
    "version": "22.0.1",
    "webapi_port": null,
    "webapi_url": "https://mriqc.nimh.nih.gov/api/v1"
  },
  "size_t": 182,
  "size_x": 68,
  "size_y": 68,
  "size_z": 48,
  "snr": 2.5536291468570482,
  "spacing_tr": 1.0,
  "spacing_x": 3.0,
  "spacing_y": 3.0,
  "spacing_z": 3.0,
  "summary_bg_k": 46.76624436883493,
  "summary_bg_mad": 109.87548164799988,
  "summary_bg_mean": 287.7353820800781,
  "summary_bg_median": 142.56593322753906,
  "summary_bg_n": 136123.0,
  "summary_bg_p05": 56.13187026977539,
  "summary_bg_p95": 1000.1648559570309,
  "summary_bg_stdv": 456.8852844238281,
  "summary_fg_k": 1.6372860356771302,
  "summary_fg_mad": 1208.66304450726,
  "summary_fg_mean": 3996.87451171875,
  "summary_fg_median": 3692.791259765625,
  "summary_fg_n": 42556.0,
  "summary_fg_p05": 2213.3778686523438,
  "summary_fg_p95": 6823.70361328125,
  "summary_fg_stdv": 1446.078369140625,
  "tsnr": 59.90153477923013
}