{
  "aor": 0.00030318181818181816,
  "aqi": 0.002535035416666667,
  "bids_meta": {
    "AcquisitionNumber": 1,
    "AcquisitionTime": "10:55:4.737500",
    "BandwidthPerPixelPhaseEncode": 25.355,
    "BodyPartExamined": "BRAIN",
    "ConversionSoftware": "dcm2niix",
    "ConversionSoftwareVersion": "v1.0.20170724 (OpenJPEG build) GCC6.1.0",
    "DeviceSerialNumber": "67025",
    "EchoTime": 0.035,
    "EchoTrainLength": 68,
    "EffectiveEchoSpacing": 0.000579999,
    "FlipAngle": 52,
    "ImageType": [
      "ORIGINAL",
      "PRIMARY",
      "M",
      "MB",
      "ND",
      "MOSAIC"
    ],
    "InstitutionAddress": "McClintock_3520A_Los_Angeles_SVC0e0594213b1104_CA_US_90089",
    "InstitutionName": "USC",
    "MagneticFieldStrength": 3,
    "Manufacturer": "Siemens",
    "ManufacturersModelName": "Prisma_fit",
    "PhaseEncodingDirection": "j-",
    "PhaseEncodingLines": 68,
    "ProcedureStepDescription": "HAssal_Music",
    "ProtocolName": "MUSIC_DYNAMICS_SNL_L",
    "RepetitionTime": 1,
    "ScanningSequence": "EP",
    "SequenceName": "epfid2d1_68",
    "SequenceVariant": "SK_SS",
    "SeriesDescription": "MUSIC_DYNAMICS_SNL_L",
    "SliceTiming": [
      0,
      0.49,
      0.165,
      0.8175,
      0.3275,
      0.655,
      0,
      0.49,
      0.165,
      0.8175,
      0.3275,
      0.655,
      0,
      0.49,
      0.165,
      0.8175,
      0.3275,
      0.655,
      0,
      0.49,
      0.165,
      0.8175,
      0.3275,
      0.655,
      0,
      0.49,
      0.165,
      0.8175,
      0.3275,
      0.655,
      0,
      0.49,
      0.165,
      0.8175,
      0.3275,
      0.655,
      0,
      0.49,
      0.165,
      0.8175,
      0.3275,
      0.655,
      0,
      0.49,
      0.165,
      0.8175,
      0.3275,
      0.655
    ],
    "SoftwareVersions": "syngo_MR_E11",
    "TaskName": "sadln",
    "TotalReadoutTime": 0.03886,
    "dataset": "ds003085",
    "modality": "bold",
    "subject_id": "27",
    "task_id": "sadln"
  },
  "dummy_trs": 2,
  "dvars_nstd": 24.285246673700208,
  "dvars_std": 1.0575880581783677,
  "dvars_vstd": 0.9970866002656531,
  "efc": 0.522635201197093,
  "fber": 647.9633178710938,
  "fd_mean": 0.12118821235847048,
  "fd_num": 48,
  "fd_perc": 9.090909090909092,
  "fwhm_avg": 2.680206666666667,
  "fwhm_x": 2.48337,
  "fwhm_y": 2.78261,
  "fwhm_z": 2.7746399999999998,
  "gcor": 0.0206622,
  "gsr_x": 0.0029314819257706404,
  "gsr_y": 0.05191902443766594,
  "provenance": {
    "md5sum": "43ae138be32556d812c0b5a034c0cf3d",
    "settings": {
      "fd_thres": 0.2,
      "testing": false
    },
    "software": "mriqc",
    "version": "22.0.1",
    "webapi_port": null,
    "webapi_url": "https://mriqc.nimh.nih.gov/api/v1"
  },
  "size_t": 528,
  "size_x": 68,
  "size_y": 68,
  "size_z": 48,
  "snr": 2.557397467890908,
  "spacing_tr": 1.0,
  "spacing_x": 3.0,
  "spacing_y": 3.0,
  "spacing_z": 3.0,
  "summary_bg_k": 41.07537680128209,
  "summary_bg_mad": 112.59632683416898,
  "summary_bg_mean": 298.700927734375,
  "summary_bg_median": 144.75758361816406,
  "summary_bg_n": 136471.0,
  "summary_bg_p05": 56.241477966308594,
  "summary_bg_p95": 1048.5502319335938,
  "summary_bg_stdv": 479.455078125,
  "summary_fg_k": 1.5744096695653793,
  "summary_fg_mad": 1211.7493257123597,
  "summary_fg_mean": 4005.315673828125,
  "summary_fg_median": 3701.4736328125,
  "summary_fg_n": 42533.0,
  "summary_fg_p05": 2219.126611328125,
  "summary_fg_p95": 6837.2490234375,
  "summary_fg_stdv": 1447.342529296875,
  "tsnr": 56.347475921269506
}