{
  "bids_meta": {
    "AccelFactPE": 2,
    "AcquisitionNumber": 1,
    "AcquisitionTime": "11:46:39.375000",
    "BodyPartExamined": "BRAIN",
    "ConversionSoftware": "dcm2niix",
    "ConversionSoftwareVersion": "v1.0.20170724 (OpenJPEG build) GCC6.1.0",
    "DeviceSerialNumber": "67025",
    "EchoTime": 0.00226,
    "FlipAngle": 9,
    "ImageType": [
      "ORIGINAL",
      "PRIMARY",
      "M",
      "ND",
      "NORM"
    ],
    "InstitutionAddress": "McClintock_3520A_Los_Angeles_SVC0e0594213b1104_CA_US_90089",
    "InstitutionName": "USC",
    "InversionTime": 1.06,
    "MagneticFieldStrength": 3,
    "Manufacturer": "Siemens",
    "ManufacturersModelName": "Prisma_fit",
    "PhaseEncodingDirection": "i-",
    "PhaseEncodingLines": 224,
    "ProcedureStepDescription": "HAssal_Music",
    "ProtocolName": "t1_mprage_short_32channel",
    "RepetitionTime": 2.3,
    "ScanningSequence": "GR_IR",
    "SequenceName": "_tfl3d1_16ns",
    "SequenceVariant": "SK_SP_MP",
    "SeriesDescription": "t1_mprage_short_32channel",
    "SoftwareVersions": "syngo_MR_E11",
    "dataset": "ds003085",
    "modality": "T1w",
    "subject_id": "03"
  },
  "cjv": 0.37272466135695237,
  "cnr": 3.5202643200101273,
  "efc": 0.5706017014112539,
  "fber": -1.0,
  "fwhm_avg": 4.199280385673682,
  "fwhm_x": 4.159641157021049,
  "fwhm_y": 4.1237,
  "fwhm_z": 4.3145,
  "icvs_csf": 0.21313724782030746,
  "icvs_gm": 0.45113652044195535,
  "icvs_wm": 0.3357262317377372,
  "inu_med": 0.32510434091091156,
  "inu_range": 0.09353133440017697,
  "provenance": {
    "md5sum": "abbb99d78d4dba91763128368a897ec6",
    "settings": {
      "testing": false
    },
    "software": "mriqc",
    "version": "22.0.1",
    "warnings": {
      "large_rot_frame": true,
      "small_air_mask": false
    },
    "webapi_port": null,
    "webapi_url": "https://mriqc.nimh.nih.gov/api/v1"
  },
  "qi_1": 0.01655471194088426,
  "qi_2": 0.030892470225432796,
  "rpve_csf": 22.82309982482876,
  "rpve_gm": 11.513255072779074,
  "rpve_wm": 17.393631165837554,
  "size_x": 176,
  "size_y": 224,
  "size_z": 256,
  "snr_csf": 3.568423830743267,
  "snr_gm": 16.506698179892794,
  "snr_total": 17.49885751897934,
  "snr_wm": 32.421450546301955,
  "snrd_csf": 88.42475133984559,
  "snrd_gm": 203.4345824715549,
  "snrd_total": 182.26972711382882,
  "snrd_wm": 254.94984753008603,
  "spacing_x": 1.000004529953003,
  "spacing_y": 1.0,
  "spacing_z": 1.0,
  "summary_bg_k": 35.73623237788415,
  "summary_bg_mad": 0.0,
  "summary_bg_mean": 1.1022719474585774,
  "summary_bg_median": 0.0,
  "summary_bg_n": 2023748.0,
  "summary_bg_p05": 0.0,
  "summary_bg_p95": 4.460172431543469,
  "summary_bg_stdv": 2.5697752977038655,
  "summary_csf_k": 2.3138332244885396,
  "summary_csf_mad": 62.02862798480703,
  "summary_csf_mean": 357.3990245640243,
  "summary_csf_median": 346.84646082669497,
  "summary_csf_n": 35843.0,
  "summary_csf_p05": 205.11348843164743,
  "summary_csf_p95": 538.8830587254837,
  "summary_csf_stdv": 97.19742912598242,
  "summary_gm_k": 0.13247406178377696,
  "summary_gm_mad": 46.87849262115046,
  "summary_gm_mean": 795.3759978382361,
  "summary_gm_median": 797.9730094894767,
  "summary_gm_n": 41369.0,
  "summary_gm_p05": 710.8719144366681,
  "summary_gm_p95": 871.5888883642853,
  "summary_gm_stdv": 48.34179168710062,
  "summary_wm_k": 0.8848044454577497,
  "summary_wm_mad": 28.437549166207827,
  "summary_wm_mean": 1001.574282738732,
  "summary_wm_median": 1000.0418543927372,
  "summary_wm_n": 164057.0,
  "summary_wm_p05": 953.8487070500851,
  "summary_wm_p95": 1054.5480930749327,
  "summary_wm_stdv": 30.844974228131182,
  "tpm_overlap_csf": 0.1539734730062852,
  "tpm_overlap_gm": 0.4672595809673118,
  "tpm_overlap_wm": 0.49412541779740093,
  "wm2max": 0.9027636006200144
}