{
  "aor": 0.003022296296296297,
  "aqi": 0.005659002148148148,
  "bids_meta": {
    "AcquisitionNumber": 1,
    "AcquisitionTime": "12:25:5.750000",
    "BandwidthPerPixelPhaseEncode": 25.355,
    "BodyPartExamined": "BRAIN",
    "ConversionSoftware": "dcm2niix",
    "ConversionSoftwareVersion": "v1.0.20170724 (OpenJPEG build) GCC6.1.0",
    "DeviceSerialNumber": "67025",
    "EchoTime": 0.035,
    "EchoTrainLength": 68,
    "EffectiveEchoSpacing": 0.000579999,
    "FlipAngle": 52,
    "ImageType": [
      "ORIGINAL",
      "PRIMARY",
      "M",
      "MB",
      "ND",
      "MOSAIC"
    ],
    "InstitutionAddress": "McClintock_3520A_Los_Angeles_SVC0e0594213b1104_CA_US_90089",
    "InstitutionName": "USC",
    "MagneticFieldStrength": 3,
    "Manufacturer": "Siemens",
    "ManufacturersModelName": "Prisma_fit",
    "PhaseEncodingDirection": "j-",
    "PhaseEncodingLines": 68,
    "ProcedureStepDescription": "HAssal_Music",
    "ProtocolName": "MUSIC_DYNAMICS_SNL",
    "RepetitionTime": 1,
    "ScanningSequence": "EP",
    "SequenceName": "epfid2d1_68",
    "SequenceVariant": "SK_SS",
    "SeriesDescription": "MUSIC_DYNAMICS_SNL",
    "SliceTiming": [
      0,
      0.49,
      0.165,
      0.8175,
      0.3275,
      0.655,
      0,
      0.49,
      0.165,
      0.8175,
      0.3275,
      0.655,
      0,
      0.49,
      0.165,
      0.8175,
      0.3275,
      0.655,
      0,
      0.49,
      0.165,
      0.8175,
      0.3275,
      0.655,
      0,
      0.49,
      0.165,
      0.8175,
      0.3275,
      0.655,
      0,
      0.49,
      0.165,
      0.8175,
      0.3275,
      0.655,
      0,
      0.49,
      0.165,
      0.8175,
      0.3275,
      0.655,
      0,
      0.49,
      0.165,
      0.8175,
      0.3275,
      0.655
    ],
    "SoftwareVersions": "syngo_MR_E11",
    "TaskName": "sadsh",
    "TotalReadoutTime": 0.03886,
    "dataset": "ds003085",
    "modality": "bold",
    "subject_id": "38",
    "task_id": "sadsh"
  },
  "dummy_trs": 1,
  "dvars_nstd": 25.82692212241635,
  "dvars_std": 1.0639842360594793,
  "dvars_vstd": 0.9866947293680295,
  "efc": 0.49624055550933543,
  "fber": 954.354736328125,
  "fd_mean": 0.1536716210688423,
  "fd_num": 37,
  "fd_perc": 13.703703703703704,
  "fwhm_avg": 2.7324755555555558,
  "fwhm_x": 2.5682300000000002,
  "fwhm_y": 2.8375233333333334,
  "fwhm_z": 2.7916733333333332,
  "gcor": 0.00786481,
  "gsr_x": -0.008523416705429554,
  "gsr_y": 0.05198134481906891,
  "provenance": {
    "md5sum": "f3292669519f71d7602e776f46018110",
    "settings": {
      "fd_thres": 0.2,
      "testing": false
    },
    "software": "mriqc",
    "version": "22.0.1",
    "webapi_port": null,
    "webapi_url": "https://mriqc.nimh.nih.gov/api/v1"
  },
  "size_t": 270,
  "size_x": 68,
  "size_y": 68,
  "size_z": 48,
  "snr": 2.4206170581408872,
  "spacing_tr": 1.0,
  "spacing_x": 3.0,
  "spacing_y": 3.0,
  "spacing_z": 3.0,
  "summary_bg_k": 20.455328440157317,
  "summary_bg_mad": 103.54329336417737,
  "summary_bg_mean": 299.70147705078125,
  "summary_bg_median": 135.58889770507812,
  "summary_bg_n": 140928.0,
  "summary_bg_p05": 55.53333282470703,
  "summary_bg_p95": 1164.5164489746091,
  "summary_bg_stdv": 459.19189453125,
  "summary_fg_k": 1.0692785560838187,
  "summary_fg_mad": 1553.662879525382,
  "summary_fg_mean": 4688.34228515625,
  "summary_fg_median": 4301.5849609375,
  "summary_fg_n": 37445.0,
  "summary_fg_p05": 2495.062939453125,
  "summary_fg_p95": 8227.392382812493,
  "summary_fg_stdv": 1777.03759765625,
  "tsnr": 43.37367077032104
}