{
  "aor": 0.0004889603024574669,
  "aqi": 0.0025362193761814746,
  "bids_meta": {
    "AcquisitionNumber": 1,
    "AcquisitionTime": "12:14:37.425000",
    "BandwidthPerPixelPhaseEncode": 25.355,
    "BodyPartExamined": "BRAIN",
    "ConversionSoftware": "dcm2niix",
    "ConversionSoftwareVersion": "v1.0.20170724 (OpenJPEG build) GCC6.1.0",
    "DeviceSerialNumber": "67025",
    "EchoTime": 0.035,
    "EchoTrainLength": 68,
    "EffectiveEchoSpacing": 0.000579999,
    "FlipAngle": 52,
    "ImageType": [
      "ORIGINAL",
      "PRIMARY",
      "M",
      "MB",
      "ND",
      "MOSAIC"
    ],
    "InstitutionAddress": "McClintock_3520A_Los_Angeles_SVC0e0594213b1104_CA_US_90089",
    "InstitutionName": "USC",
    "MagneticFieldStrength": 3,
    "Manufacturer": "Siemens",
    "ManufacturersModelName": "Prisma_fit",
    "PhaseEncodingDirection": "j-",
    "PhaseEncodingLines": 68,
    "ProcedureStepDescription": "HAssal_Music",
    "ProtocolName": "MUSIC_DYNAMICS_SNL_L",
    "RepetitionTime": 1,
    "ScanningSequence": "EP",
    "SequenceName": "epfid2d1_68",
    "SequenceVariant": "SK_SS",
    "SeriesDescription": "MUSIC_DYNAMICS_SNL_L",
    "SliceTiming": [
      0,
      0.49,
      0.165,
      0.8175,
      0.3275,
      0.655,
      0,
      0.49,
      0.165,
      0.8175,
      0.3275,
      0.655,
      0,
      0.49,
      0.165,
      0.8175,
      0.3275,
      0.655,
      0,
      0.49,
      0.165,
      0.8175,
      0.3275,
      0.655,
      0,
      0.49,
      0.165,
      0.8175,
      0.3275,
      0.655,
      0,
      0.49,
      0.165,
      0.8175,
      0.3275,
      0.655,
      0,
      0.49,
      0.165,
      0.8175,
      0.3275,
      0.655,
      0,
      0.49,
      0.165,
      0.8175,
      0.3275,
      0.655
    ],
    "SoftwareVersions": "syngo_MR_E11",
    "TaskName": "sadln",
    "TotalReadoutTime": 0.03886,
    "dataset": "ds003085",
    "modality": "bold",
    "subject_id": "38",
    "task_id": "sadln"
  },
  "dummy_trs": 1,
  "dvars_nstd": 22.89539304636362,
  "dvars_std": 1.0764882837878793,
  "dvars_vstd": 0.9856012464015154,
  "efc": 0.4951253380014048,
  "fber": 989.9814453125,
  "fd_mean": 0.1031877431416849,
  "fd_num": 8,
  "fd_perc": 1.5122873345935728,
  "fwhm_avg": 2.731082222222222,
  "fwhm_x": 2.570246666666667,
  "fwhm_y": 2.8195433333333333,
  "fwhm_z": 2.803456666666667,
  "gcor": 0.0184242,
  "gsr_x": -0.008971458300948143,
  "gsr_y": 0.052372731268405914,
  "provenance": {
    "md5sum": "02f0b42239ba7655c72b9378cf014d1f",
    "settings": {
      "fd_thres": 0.2,
      "testing": false
    },
    "software": "mriqc",
    "version": "22.0.1",
    "webapi_port": null,
    "webapi_url": "https://mriqc.nimh.nih.gov/api/v1"
  },
  "size_t": 529,
  "size_x": 68,
  "size_y": 68,
  "size_z": 48,
  "snr": 2.436786372211469,
  "spacing_tr": 1.0,
  "spacing_x": 3.0,
  "spacing_y": 3.0,
  "spacing_z": 3.0,
  "summary_bg_k": 20.949551410840243,
  "summary_bg_mad": 99.19000440990744,
  "summary_bg_mean": 295.83026123046875,
  "summary_bg_median": 132.9801483154297,
  "summary_bg_n": 141076.0,
  "summary_bg_p05": 56.100189208984375,
  "summary_bg_p95": 1153.0969543457031,
  "summary_bg_stdv": 456.6534118652344,
  "summary_fg_k": 1.0545054023786617,
  "summary_fg_mad": 1540.0847262730163,
  "summary_fg_mean": 4674.4453125,
  "summary_fg_median": 4288.5703125,
  "summary_fg_n": 37342.0,
  "summary_fg_p05": 2500.038464355469,
  "summary_fg_p95": 8163.109936523435,
  "summary_fg_stdv": 1759.9051513671875,
  "tsnr": 58.13401076383889
}