{
  "aor": 0.0007888764044943821,
  "aqi": 0.0017719663483146066,
  "bids_meta": {
    "AcquisitionNumber": 1,
    "AcquisitionTime": "12:10:16.382500",
    "BandwidthPerPixelPhaseEncode": 25.355,
    "BodyPartExamined": "BRAIN",
    "ConversionSoftware": "dcm2niix",
    "ConversionSoftwareVersion": "v1.0.20170724 (OpenJPEG build) GCC6.1.0",
    "DeviceSerialNumber": "67025",
    "EchoTime": 0.035,
    "EchoTrainLength": 68,
    "EffectiveEchoSpacing": 0.000579999,
    "FlipAngle": 52,
    "ImageType": [
      "ORIGINAL",
      "PRIMARY",
      "M",
      "MB",
      "ND",
      "MOSAIC"
    ],
    "InstitutionAddress": "McClintock_3520A_Los_Angeles_SVC0e0594213b1104_CA_US_90089",
    "InstitutionName": "USC",
    "MagneticFieldStrength": 3,
    "Manufacturer": "Siemens",
    "ManufacturersModelName": "Prisma_fit",
    "PhaseEncodingDirection": "j-",
    "PhaseEncodingLines": 68,
    "ProcedureStepDescription": "HAssal_Music",
    "ProtocolName": "MUSIC_DYNAMICS_HNL",
    "RepetitionTime": 1,
    "ScanningSequence": "EP",
    "SequenceName": "epfid2d1_68",
    "SequenceVariant": "SK_SS",
    "SeriesDescription": "MUSIC_DYNAMICS_HNL",
    "SliceTiming": [
      0,
      0.49,
      0.1625,
      0.815,
      0.325,
      0.6525,
      0,
      0.49,
      0.1625,
      0.815,
      0.325,
      0.6525,
      0,
      0.49,
      0.1625,
      0.815,
      0.325,
      0.6525,
      0,
      0.49,
      0.1625,
      0.815,
      0.325,
      0.6525,
      0,
      0.49,
      0.1625,
      0.815,
      0.325,
      0.6525,
      0,
      0.49,
      0.1625,
      0.815,
      0.325,
      0.6525,
      0,
      0.49,
      0.1625,
      0.815,
      0.325,
      0.6525,
      0,
      0.49,
      0.1625,
      0.815,
      0.325,
      0.6525
    ],
    "SoftwareVersions": "syngo_MR_E11",
    "TaskName": "happy",
    "TotalReadoutTime": 0.03886,
    "dataset": "ds003085",
    "modality": "bold",
    "subject_id": "38",
    "task_id": "happy"
  },
  "dummy_trs": 5,
  "dvars_nstd": 21.504940744011293,
  "dvars_std": 1.0814878628248585,
  "dvars_vstd": 1.0087599532768363,
  "efc": 0.49412399122271133,
  "fber": 1002.2870483398438,
  "fd_mean": 0.09192064491515117,
  "fd_num": 0,
  "fd_perc": 0.0,
  "fwhm_avg": 2.732376666666667,
  "fwhm_x": 2.5744866666666666,
  "fwhm_y": 2.83516,
  "fwhm_z": 2.7874833333333338,
  "gcor": 0.0166132,
  "gsr_x": -0.009299702011048794,
  "gsr_y": 0.05175391957163811,
  "provenance": {
    "md5sum": "7d08fea8383efdd0a19506e8441290c3",
    "settings": {
      "fd_thres": 0.2,
      "testing": false
    },
    "software": "mriqc",
    "version": "22.0.1",
    "webapi_port": null,
    "webapi_url": "https://mriqc.nimh.nih.gov/api/v1"
  },
  "size_t": 178,
  "size_x": 68,
  "size_y": 68,
  "size_z": 48,
  "snr": 2.433348636159621,
  "spacing_tr": 1.0,
  "spacing_x": 3.0,
  "spacing_y": 3.0,
  "spacing_z": 3.0,
  "summary_bg_k": 21.21904830126157,
  "summary_bg_mad": 98.83459025350743,
  "summary_bg_mean": 292.4006042480469,
  "summary_bg_median": 131.97190856933594,
  "summary_bg_n": 141024.0,
  "summary_bg_p05": 55.70786666870117,
  "summary_bg_p95": 1137.5496948242194,
  "summary_bg_stdv": 451.3555603027344,
  "summary_fg_k": 1.069382707306353,
  "summary_fg_mad": 1541.831742778782,
  "summary_fg_mean": 4670.7275390625,
  "summary_fg_median": 4286.505859375,
  "summary_fg_n": 37351.0,
  "summary_fg_p05": 2496.084228515625,
  "summary_fg_p95": 8154.449462890625,
  "summary_fg_stdv": 1761.5430908203125,
  "tsnr": 68.01912469044328
}