{
  "aor": 0.000560607476635514,
  "aqi": 0.0018038439252336448,
  "bids_meta": {
    "AcquisitionNumber": 1,
    "AcquisitionTime": "11:51:49.962500",
    "BandwidthPerPixelPhaseEncode": 25.355,
    "BodyPartExamined": "BRAIN",
    "ConversionSoftware": "dcm2niix",
    "ConversionSoftwareVersion": "v1.0.20170724 (OpenJPEG build) GCC6.1.0",
    "DeviceSerialNumber": "67025",
    "EchoTime": 0.035,
    "EchoTrainLength": 68,
    "EffectiveEchoSpacing": 0.000579999,
    "FlipAngle": 52,
    "ImageType": [
      "ORIGINAL",
      "PRIMARY",
      "M",
      "MB",
      "ND",
      "MOSAIC"
    ],
    "InstitutionAddress": "McClintock_3520A_Los_Angeles_SVC0e0594213b1104_CA_US_90089",
    "InstitutionName": "USC",
    "MagneticFieldStrength": 3,
    "Manufacturer": "Siemens",
    "ManufacturersModelName": "Prisma_fit",
    "PhaseEncodingDirection": "j-",
    "PhaseEncodingLines": 68,
    "ProcedureStepDescription": "HAssal_Music",
    "ProtocolName": "Resting",
    "RepetitionTime": 1,
    "ScanningSequence": "EP",
    "SequenceName": "epfid2d1_68",
    "SequenceVariant": "SK_SS",
    "SeriesDescription": "Resting",
    "SliceTiming": [
      0,
      0.49,
      0.1625,
      0.815,
      0.325,
      0.6525,
      0,
      0.49,
      0.1625,
      0.815,
      0.325,
      0.6525,
      0,
      0.49,
      0.1625,
      0.815,
      0.325,
      0.6525,
      0,
      0.49,
      0.1625,
      0.815,
      0.325,
      0.6525,
      0,
      0.49,
      0.1625,
      0.815,
      0.325,
      0.6525,
      0,
      0.49,
      0.1625,
      0.815,
      0.325,
      0.6525,
      0,
      0.49,
      0.1625,
      0.815,
      0.325,
      0.6525,
      0,
      0.49,
      0.1625,
      0.815,
      0.325,
      0.6525
    ],
    "SoftwareVersions": "syngo_MR_E11",
    "TaskName": "rest",
    "TotalReadoutTime": 0.03886,
    "dataset": "ds003085",
    "modality": "bold",
    "subject_id": "38",
    "task_id": "rest"
  },
  "dummy_trs": 2,
  "dvars_nstd": 22.361965734553994,
  "dvars_std": 1.1009725530985917,
  "dvars_vstd": 1.0070422251643196,
  "efc": 0.49052925437178563,
  "fber": 1001.2710571289062,
  "fd_mean": 0.10031215924138513,
  "fd_num": 0,
  "fd_perc": 0.0,
  "fwhm_avg": 2.770508888888889,
  "fwhm_x": 2.59937,
  "fwhm_y": 2.845666666666667,
  "fwhm_z": 2.86649,
  "gcor": 0.0143853,
  "gsr_x": -0.008268963545560837,
  "gsr_y": 0.05068093538284302,
  "provenance": {
    "md5sum": "c05e5493599b7c80a2a29243bdb898b7",
    "settings": {
      "fd_thres": 0.2,
      "testing": false
    },
    "software": "mriqc",
    "version": "22.0.1",
    "webapi_port": null,
    "webapi_url": "https://mriqc.nimh.nih.gov/api/v1"
  },
  "size_t": 214,
  "size_x": 68,
  "size_y": 68,
  "size_z": 48,
  "snr": 2.3386665417333306,
  "spacing_tr": 1.0,
  "spacing_x": 3.0,
  "spacing_y": 3.0,
  "spacing_z": 3.0,
  "summary_bg_k": 22.388568043391015,
  "summary_bg_mad": 99.32050353859168,
  "summary_bg_mean": 300.40008544921875,
  "summary_bg_median": 133.41587829589844,
  "summary_bg_n": 142020.0,
  "summary_bg_p05": 56.0,
  "summary_bg_p95": 1187.118920898437,
  "summary_bg_stdv": 478.28997802734375,
  "summary_fg_k": 1.2521137397970543,
  "summary_fg_mad": 1554.404542598067,
  "summary_fg_mean": 4722.44873046875,
  "summary_fg_median": 4299.953125,
  "summary_fg_n": 36862.0,
  "summary_fg_p05": 2494.811181640625,
  "summary_fg_p95": 8436.346679687498,
  "summary_fg_stdv": 1838.609619140625,
  "tsnr": 67.7737765526399
}