{
  "bids_meta": {
    "AccelFactPE": 2,
    "AcquisitionNumber": 1,
    "AcquisitionTime": "14:35:30.382500",
    "BodyPartExamined": "BRAIN",
    "ConversionSoftware": "dcm2niix",
    "ConversionSoftwareVersion": "v1.0.20170724 (OpenJPEG build) GCC6.1.0",
    "DeviceSerialNumber": "67025",
    "EchoTime": 0.00226,
    "FlipAngle": 9,
    "ImageType": [
      "ORIGINAL",
      "PRIMARY",
      "M",
      "ND",
      "NORM"
    ],
    "InstitutionAddress": "McClintock_3520A_Los_Angeles_SVC0e0594213b1104_CA_US_90089",
    "InstitutionName": "USC",
    "InversionTime": 1.06,
    "MagneticFieldStrength": 3,
    "Manufacturer": "Siemens",
    "ManufacturersModelName": "Prisma_fit",
    "PhaseEncodingDirection": "i-",
    "PhaseEncodingLines": 224,
    "ProcedureStepDescription": "HAssal_Music",
    "ProtocolName": "t1_mprage_short_32channel",
    "RepetitionTime": 2.3,
    "ScanningSequence": "GR_IR",
    "SequenceName": "_tfl3d1_16ns",
    "SequenceVariant": "SK_SP_MP",
    "SeriesDescription": "t1_mprage_short_32channel",
    "SoftwareVersions": "syngo_MR_E11",
    "dataset": "ds003085",
    "modality": "T1w",
    "subject_id": "18"
  },
  "cjv": 0.361300041210931,
  "cnr": 3.773621141105299,
  "efc": 0.6454657902376607,
  "fber": 51765.729600694445,
  "fwhm_avg": 4.4208277338881645,
  "fwhm_x": 4.386813201664493,
  "fwhm_y": 4.3543,
  "fwhm_z": 4.52137,
  "icvs_csf": 0.2182542150760329,
  "icvs_gm": 0.4366614963983851,
  "icvs_wm": 0.345084288525582,
  "inu_med": 0.33943411707878113,
  "inu_range": 0.10108305215835572,
  "provenance": {
    "md5sum": "4cb3442425ff46e203a17b7a05f3be3f",
    "settings": {
      "testing": false
    },
    "software": "mriqc",
    "version": "22.0.1",
    "warnings": {
      "large_rot_frame": true,
      "small_air_mask": false
    },
    "webapi_port": null,
    "webapi_url": "https://mriqc.nimh.nih.gov/api/v1"
  },
  "qi_1": 0.013258878821648336,
  "qi_2": 0.015486730371615723,
  "rpve_csf": 20.457247156926233,
  "rpve_gm": 10.684881038793451,
  "rpve_wm": 15.27268914291815,
  "size_x": 176,
  "size_y": 224,
  "size_z": 256,
  "snr_csf": 3.734845957852898,
  "snr_gm": 16.772429829268027,
  "snr_total": 16.534510425862653,
  "snr_wm": 29.09625549046703,
  "snrd_csf": 54.499554683826844,
  "snrd_gm": 117.58341204621725,
  "snrd_total": 107.54657610576196,
  "snrd_wm": 150.5567615872418,
  "spacing_x": 1.0000015497207642,
  "spacing_y": 1.0,
  "spacing_z": 1.0,
  "summary_bg_k": 29.934317005317894,
  "summary_bg_mad": 0.0,
  "summary_bg_mean": 1.9612023801145073,
  "summary_bg_median": 0.0,
  "summary_bg_n": 1745381.0,
  "summary_bg_p05": 0.0,
  "summary_bg_p95": 9.56387616880238,
  "summary_bg_stdv": 4.351546729838895,
  "summary_csf_k": 3.203535191869629,
  "summary_csf_mad": 68.31904303137283,
  "summary_csf_mean": 370.9884220102488,
  "summary_csf_median": 361.99691997282207,
  "summary_csf_n": 50554.0,
  "summary_csf_p05": 223.1285966050811,
  "summary_csf_p95": 541.0854093812404,
  "summary_csf_stdv": 96.92323157117279,
  "summary_gm_k": 0.09198904060942281,
  "summary_gm_mad": 45.90640505577334,
  "summary_gm_mean": 780.0154154942427,
  "summary_gm_median": 781.0124917086214,
  "summary_gm_n": 43023.0,
  "summary_gm_p05": 702.7625957820565,
  "summary_gm_p95": 855.5602420214564,
  "summary_gm_stdv": 46.56471500673029,
  "summary_wm_k": 0.44722101037940565,
  "summary_wm_mad": 33.22392902134321,
  "summary_wm_mean": 1002.447657355419,
  "summary_wm_median": 1000.0280606299639,
  "summary_wm_n": 199505.0,
  "summary_wm_p05": 950.5819794405252,
  "summary_wm_p95": 1062.5157911404967,
  "summary_wm_stdv": 34.36956190741759,
  "tpm_overlap_csf": 0.1704888253596029,
  "tpm_overlap_gm": 0.4796408216179711,
  "tpm_overlap_wm": 0.4983983748470075,
  "wm2max": 0.7192123471025444
}