{
  "aor": 0.0015598360655737704,
  "aqi": 0.0024960120218579236,
  "bids_meta": {
    "AcquisitionNumber": 1,
    "AcquisitionTime": "12:16:39.952500",
    "BandwidthPerPixelPhaseEncode": 25.355,
    "BodyPartExamined": "BRAIN",
    "ConversionSoftware": "dcm2niix",
    "ConversionSoftwareVersion": "v1.0.20170724 (OpenJPEG build) GCC6.1.0",
    "DeviceSerialNumber": "67025",
    "EchoTime": 0.035,
    "EchoTrainLength": 68,
    "EffectiveEchoSpacing": 0.000579999,
    "FlipAngle": 52,
    "ImageType": [
      "ORIGINAL",
      "PRIMARY",
      "M",
      "MB",
      "ND",
      "MOSAIC"
    ],
    "InstitutionAddress": "McClintock_3520A_Los_Angeles_SVC0e0594213b1104_CA_US_90089",
    "InstitutionName": "USC",
    "MagneticFieldStrength": 3,
    "Manufacturer": "Siemens",
    "ManufacturersModelName": "Prisma_fit",
    "PhaseEncodingDirection": "j-",
    "PhaseEncodingLines": 68,
    "ProcedureStepDescription": "HAssal_Music",
    "ProtocolName": "MUSIC_DYNAMICS_HNL",
    "RepetitionTime": 1,
    "ScanningSequence": "EP",
    "SequenceName": "epfid2d1_68",
    "SequenceVariant": "SK_SS",
    "SeriesDescription": "MUSIC_DYNAMICS_HNL",
    "SliceTiming": [
      0,
      0.49,
      0.165,
      0.8175,
      0.3275,
      0.655,
      0,
      0.49,
      0.165,
      0.8175,
      0.3275,
      0.655,
      0,
      0.49,
      0.165,
      0.8175,
      0.3275,
      0.655,
      0,
      0.49,
      0.165,
      0.8175,
      0.3275,
      0.655,
      0,
      0.49,
      0.165,
      0.8175,
      0.3275,
      0.655,
      0,
      0.49,
      0.165,
      0.8175,
      0.3275,
      0.655,
      0,
      0.49,
      0.165,
      0.8175,
      0.3275,
      0.655,
      0,
      0.49,
      0.165,
      0.8175,
      0.3275,
      0.655
    ],
    "SoftwareVersions": "syngo_MR_E11",
    "TaskName": "happy",
    "TotalReadoutTime": 0.03886,
    "dataset": "ds003085",
    "modality": "bold",
    "subject_id": "39",
    "task_id": "happy"
  },
  "dummy_trs": 0,
  "dvars_nstd": 29.569691438131855,
  "dvars_std": 1.2036419309890105,
  "dvars_vstd": 1.0133188011538463,
  "efc": 0.5571103748291285,
  "fber": 526.5250854492188,
  "fd_mean": 0.09833716266645741,
  "fd_num": 1,
  "fd_perc": 0.546448087431694,
  "fwhm_avg": 2.9181411111111113,
  "fwhm_x": 2.67639,
  "fwhm_y": 3.0418133333333333,
  "fwhm_z": 3.03622,
  "gcor": 0.0140037,
  "gsr_x": -0.016125325113534927,
  "gsr_y": 0.08178285509347916,
  "provenance": {
    "md5sum": "1643d49a41649e85fa60e6222d2690a4",
    "settings": {
      "fd_thres": 0.2,
      "testing": false
    },
    "software": "mriqc",
    "version": "22.0.1",
    "webapi_port": null,
    "webapi_url": "https://mriqc.nimh.nih.gov/api/v1"
  },
  "size_t": 183,
  "size_x": 68,
  "size_y": 68,
  "size_z": 48,
  "snr": 2.213304391271642,
  "spacing_tr": 1.0,
  "spacing_x": 3.0,
  "spacing_y": 3.0,
  "spacing_z": 3.0,
  "summary_bg_k": 22.311525444248293,
  "summary_bg_mad": 123.2463769013297,
  "summary_bg_mean": 360.7142639160156,
  "summary_bg_median": 167.59835815429688,
  "summary_bg_n": 123282.0,
  "summary_bg_p05": 67.79781341552734,
  "summary_bg_p95": 1416.8770263671872,
  "summary_bg_stdv": 534.5040283203125,
  "summary_fg_k": 1.2068331112406137,
  "summary_fg_mad": 1666.9510994603015,
  "summary_fg_mean": 4561.39990234375,
  "summary_fg_median": 4162.7841796875,
  "summary_fg_n": 49276.0,
  "summary_fg_p05": 2253.2813720703125,
  "summary_fg_p95": 8250.473876953125,
  "summary_fg_stdv": 1880.781494140625,
  "tsnr": 60.172399228904396
}