{
  "aor": 0.0015661254612546127,
  "aqi": 0.002888157343173432,
  "bids_meta": {
    "AcquisitionNumber": 1,
    "AcquisitionTime": "12:20:58.840000",
    "BandwidthPerPixelPhaseEncode": 25.355,
    "BodyPartExamined": "BRAIN",
    "ConversionSoftware": "dcm2niix",
    "ConversionSoftwareVersion": "v1.0.20170724 (OpenJPEG build) GCC6.1.0",
    "DeviceSerialNumber": "67025",
    "EchoTime": 0.035,
    "EchoTrainLength": 68,
    "EffectiveEchoSpacing": 0.000579999,
    "FlipAngle": 52,
    "ImageType": [
      "ORIGINAL",
      "PRIMARY",
      "M",
      "MB",
      "ND",
      "MOSAIC"
    ],
    "InstitutionAddress": "McClintock_3520A_Los_Angeles_SVC0e0594213b1104_CA_US_90089",
    "InstitutionName": "USC",
    "MagneticFieldStrength": 3,
    "Manufacturer": "Siemens",
    "ManufacturersModelName": "Prisma_fit",
    "PhaseEncodingDirection": "j-",
    "PhaseEncodingLines": 68,
    "ProcedureStepDescription": "HAssal_Music",
    "ProtocolName": "MUSIC_DYNAMICS_SNL",
    "RepetitionTime": 1,
    "ScanningSequence": "EP",
    "SequenceName": "epfid2d1_68",
    "SequenceVariant": "SK_SS",
    "SeriesDescription": "MUSIC_DYNAMICS_SNL",
    "SliceTiming": [
      0,
      0.49,
      0.1625,
      0.815,
      0.325,
      0.6525,
      0,
      0.49,
      0.1625,
      0.815,
      0.325,
      0.6525,
      0,
      0.49,
      0.1625,
      0.815,
      0.325,
      0.6525,
      0,
      0.49,
      0.1625,
      0.815,
      0.325,
      0.6525,
      0,
      0.49,
      0.1625,
      0.815,
      0.325,
      0.6525,
      0,
      0.49,
      0.1625,
      0.815,
      0.325,
      0.6525,
      0,
      0.49,
      0.1625,
      0.815,
      0.325,
      0.6525,
      0,
      0.49,
      0.1625,
      0.815,
      0.325,
      0.6525
    ],
    "SoftwareVersions": "syngo_MR_E11",
    "TaskName": "sadsh",
    "TotalReadoutTime": 0.03886,
    "dataset": "ds003085",
    "modality": "bold",
    "subject_id": "39",
    "task_id": "sadsh"
  },
  "dummy_trs": 0,
  "dvars_nstd": 29.763651537000012,
  "dvars_std": 1.1859805534814822,
  "dvars_vstd": 1.0112874453333327,
  "efc": 0.5571618587115156,
  "fber": 514.3397827148438,
  "fd_mean": 0.10989651226928614,
  "fd_num": 19,
  "fd_perc": 7.011070110701107,
  "fwhm_avg": 2.912654444444444,
  "fwhm_x": 2.6702366666666664,
  "fwhm_y": 3.0409100000000002,
  "fwhm_z": 3.026816666666667,
  "gcor": 0.0152251,
  "gsr_x": -0.016401631757616997,
  "gsr_y": 0.08197695016860962,
  "provenance": {
    "md5sum": "acdf0cea0fe39088432f262573e27c65",
    "settings": {
      "fd_thres": 0.2,
      "testing": false
    },
    "software": "mriqc",
    "version": "22.0.1",
    "webapi_port": null,
    "webapi_url": "https://mriqc.nimh.nih.gov/api/v1"
  },
  "size_t": 271,
  "size_x": 68,
  "size_y": 68,
  "size_z": 48,
  "snr": 2.203089749432337,
  "spacing_tr": 1.0,
  "spacing_x": 3.0,
  "spacing_y": 3.0,
  "spacing_z": 3.0,
  "summary_bg_k": 22.48503266093445,
  "summary_bg_mad": 125.12397171528066,
  "summary_bg_mean": 361.8718566894531,
  "summary_bg_median": 169.31365966796875,
  "summary_bg_n": 123349.0,
  "summary_bg_p05": 67.89815673828126,
  "summary_bg_p95": 1422.2775146484369,
  "summary_bg_stdv": 535.0382080078125,
  "summary_fg_k": 1.2440877508673438,
  "summary_fg_mad": 1669.2267635588719,
  "summary_fg_mean": 4560.26123046875,
  "summary_fg_median": 4159.80078125,
  "summary_fg_n": 49292.0,
  "summary_fg_p05": 2241.8558227539065,
  "summary_fg_p95": 8253.846337890624,
  "summary_fg_stdv": 1888.1475830078125,
  "tsnr": 55.897097980370745
}