{
  "aor": 0.0019156983240223462,
  "aqi": 0.0032612826256983238,
  "bids_meta": {
    "AcquisitionNumber": 1,
    "AcquisitionTime": "11:58:30.080000",
    "BandwidthPerPixelPhaseEncode": 25.355,
    "BodyPartExamined": "BRAIN",
    "ConversionSoftware": "dcm2niix",
    "ConversionSoftwareVersion": "v1.0.20170724 (OpenJPEG build) GCC6.1.0",
    "DeviceSerialNumber": "67025",
    "EchoTime": 0.035,
    "EchoTrainLength": 68,
    "EffectiveEchoSpacing": 0.000579999,
    "FlipAngle": 52,
    "ImageType": [
      "ORIGINAL",
      "PRIMARY",
      "M",
      "MB",
      "ND",
      "MOSAIC"
    ],
    "InstitutionAddress": "McClintock_3520A_Los_Angeles_SVC0e0594213b1104_CA_US_90089",
    "InstitutionName": "USC",
    "MagneticFieldStrength": 3,
    "Manufacturer": "Siemens",
    "ManufacturersModelName": "Prisma_fit",
    "PhaseEncodingDirection": "j-",
    "PhaseEncodingLines": 68,
    "ProcedureStepDescription": "HAssal_Music",
    "ProtocolName": "Resting",
    "RepetitionTime": 1,
    "ScanningSequence": "EP",
    "SequenceName": "epfid2d1_68",
    "SequenceVariant": "SK_SS",
    "SeriesDescription": "Resting",
    "SliceTiming": [
      0,
      0.49,
      0.165,
      0.8175,
      0.3275,
      0.655,
      0,
      0.49,
      0.165,
      0.8175,
      0.3275,
      0.655,
      0,
      0.49,
      0.165,
      0.8175,
      0.3275,
      0.655,
      0,
      0.49,
      0.165,
      0.8175,
      0.3275,
      0.655,
      0,
      0.49,
      0.165,
      0.8175,
      0.3275,
      0.655,
      0,
      0.49,
      0.165,
      0.8175,
      0.3275,
      0.655,
      0,
      0.49,
      0.165,
      0.8175,
      0.3275,
      0.655,
      0,
      0.49,
      0.165,
      0.8175,
      0.3275,
      0.655
    ],
    "SoftwareVersions": "syngo_MR_E11",
    "TaskName": "rest",
    "TotalReadoutTime": 0.03886,
    "dataset": "ds003085",
    "modality": "bold",
    "subject_id": "39",
    "task_id": "rest"
  },
  "dummy_trs": 2,
  "dvars_nstd": 26.61301261319328,
  "dvars_std": 1.127716855518208,
  "dvars_vstd": 1.0178620152100843,
  "efc": 0.5506109451175383,
  "fber": 620.54345703125,
  "fd_mean": 0.10545555936597154,
  "fd_num": 6,
  "fd_perc": 1.675977653631285,
  "fwhm_avg": 2.8816833333333336,
  "fwhm_x": 2.6409866666666666,
  "fwhm_y": 2.9849566666666667,
  "fwhm_z": 3.019106666666667,
  "gcor": 0.0119287,
  "gsr_x": -0.012552793137729168,
  "gsr_y": 0.0811040997505188,
  "provenance": {
    "md5sum": "529805e6e0f23f5f01db4889984c4b5f",
    "settings": {
      "fd_thres": 0.2,
      "testing": false
    },
    "software": "mriqc",
    "version": "22.0.1",
    "webapi_port": null,
    "webapi_url": "https://mriqc.nimh.nih.gov/api/v1"
  },
  "size_t": 358,
  "size_x": 68,
  "size_y": 68,
  "size_z": 48,
  "snr": 2.244380090867563,
  "spacing_tr": 1.0,
  "spacing_x": 3.0,
  "spacing_y": 3.0,
  "spacing_z": 3.0,
  "summary_bg_k": 28.97988456001982,
  "summary_bg_mad": 111.7749526268876,
  "summary_bg_mean": 334.6485900878906,
  "summary_bg_median": 152.14524841308594,
  "summary_bg_n": 123935.0,
  "summary_bg_p05": 60.94692611694336,
  "summary_bg_p95": 1314.381542968746,
  "summary_bg_stdv": 531.3021850585938,
  "summary_fg_k": 1.3753871262533446,
  "summary_fg_mad": 1568.7317791734795,
  "summary_fg_mean": 4383.80126953125,
  "summary_fg_median": 4010.80859375,
  "summary_fg_n": 49124.0,
  "summary_fg_p05": 2195.576525878906,
  "summary_fg_p95": 7906.0887451171875,
  "summary_fg_stdv": 1787.0269775390625,
  "tsnr": 52.97866139560938
}