{
  "bids_meta": {
    "AccelFactPE": 2,
    "AcquisitionNumber": 1,
    "AcquisitionTime": "11:24:50.155000",
    "BodyPartExamined": "BRAIN",
    "ConversionSoftware": "dcm2niix",
    "ConversionSoftwareVersion": "v1.0.20170724 (OpenJPEG build) GCC6.1.0",
    "DeviceSerialNumber": "67025",
    "EchoTime": 0.00226,
    "FlipAngle": 9,
    "ImageType": [
      "ORIGINAL",
      "PRIMARY",
      "M",
      "ND",
      "NORM"
    ],
    "InstitutionAddress": "McClintock_3520A_Los_Angeles_SVC0e0594213b1104_CA_US_90089",
    "InstitutionName": "USC",
    "InversionTime": 1.06,
    "MagneticFieldStrength": 3,
    "Manufacturer": "Siemens",
    "ManufacturersModelName": "Prisma_fit",
    "PhaseEncodingDirection": "i-",
    "PhaseEncodingLines": 224,
    "ProcedureStepDescription": "HAssal_Music",
    "ProtocolName": "t1_mprage_short_32channel",
    "RepetitionTime": 2.3,
    "ScanningSequence": "GR_IR",
    "SequenceName": "_tfl3d1_16ns",
    "SequenceVariant": "SK_SP_MP",
    "SeriesDescription": "t1_mprage_short_32channel",
    "SoftwareVersions": "syngo_MR_E11",
    "dataset": "ds003085",
    "modality": "T1w",
    "subject_id": "04"
  },
  "cjv": 0.34172215717737,
  "cnr": 4.001742943539563,
  "efc": 0.5812116783728211,
  "fber": -1.0,
  "fwhm_avg": 4.532795529107521,
  "fwhm_x": 4.567436587322562,
  "fwhm_y": 4.45567,
  "fwhm_z": 4.57528,
  "icvs_csf": 0.1905625944120448,
  "icvs_gm": 0.4555339810798156,
  "icvs_wm": 0.35390342450813966,
  "inu_med": 0.30405911803245544,
  "inu_range": 0.0797720164060593,
  "provenance": {
    "md5sum": "2fe13df3f6b3106e2ce4fa8bdaa3a6bc",
    "settings": {
      "testing": false
    },
    "software": "mriqc",
    "version": "22.0.1",
    "warnings": {
      "large_rot_frame": true,
      "small_air_mask": false
    },
    "webapi_port": null,
    "webapi_url": "https://mriqc.nimh.nih.gov/api/v1"
  },
  "qi_1": 0.018645732632341237,
  "qi_2": 0.0069900076958865015,
  "rpve_csf": 25.118760300357163,
  "rpve_gm": 11.25735156862501,
  "rpve_wm": 16.004562860394053,
  "size_x": 176,
  "size_y": 224,
  "size_z": 256,
  "snr_csf": 2.468853908908524,
  "snr_gm": 16.51507140647727,
  "snr_total": 17.27045784136245,
  "snr_wm": 32.82744820870156,
  "snrd_csf": 60.42974275788066,
  "snrd_gm": 141.24048735985394,
  "snrd_total": 127.92946179981993,
  "snrd_wm": 182.1181552817252,
  "spacing_x": 1.0000051259994507,
  "spacing_y": 1.0,
  "spacing_z": 1.0,
  "summary_bg_k": 48.92664599494608,
  "summary_bg_mad": 0.0,
  "summary_bg_mean": 1.545416200326032,
  "summary_bg_median": 0.0,
  "summary_bg_n": 2166625.0,
  "summary_bg_p05": 0.0,
  "summary_bg_p95": 5.769027009606361,
  "summary_bg_stdv": 3.597410230842881,
  "summary_csf_k": 1.6267811027585823,
  "summary_csf_mad": 91.53463689477806,
  "summary_csf_mean": 320.80568006025726,
  "summary_csf_median": 331.82490675896406,
  "summary_csf_n": 36127.0,
  "summary_csf_p05": 58.809673043340446,
  "summary_csf_p95": 530.0809601895511,
  "summary_csf_stdv": 134.402571594794,
  "summary_gm_k": -0.10001704890937368,
  "summary_gm_mad": 48.29795885875345,
  "summary_gm_mean": 775.9816106845984,
  "summary_gm_median": 775.5636448189616,
  "summary_gm_n": 53748.0,
  "summary_gm_p05": 700.2579947736115,
  "summary_gm_p95": 853.3396557420492,
  "summary_gm_stdv": 46.960525382120686,
  "summary_wm_k": 0.7258536080141789,
  "summary_wm_mad": 28.40594818337733,
  "summary_wm_mean": 1001.432385218314,
  "summary_wm_median": 1000.0264296606183,
  "summary_wm_n": 187438.0,
  "summary_wm_p05": 953.9271404370666,
  "summary_wm_p95": 1053.5619417726994,
  "summary_wm_stdv": 30.463036775814512,
  "tpm_overlap_csf": 0.13997737789393908,
  "tpm_overlap_gm": 0.4600752007751873,
  "tpm_overlap_wm": 0.49013828208589333,
  "wm2max": 0.8434582058746932
}