{
  "bids_meta": {
    "AccelFactPE": 2,
    "AcquisitionNumber": 1,
    "AcquisitionTime": "15:23:0.075000",
    "BodyPartExamined": "BRAIN",
    "ConversionSoftware": "dcm2niix",
    "ConversionSoftwareVersion": "v1.0.20170724 (OpenJPEG build) GCC6.1.0",
    "DeviceSerialNumber": "67025",
    "EchoTime": 0.00226,
    "FlipAngle": 9,
    "ImageType": [
      "ORIGINAL",
      "PRIMARY",
      "M",
      "ND",
      "NORM"
    ],
    "InstitutionAddress": "McClintock_3520A_Los_Angeles_SVC0e0594213b1104_CA_US_90089",
    "InstitutionName": "USC",
    "InversionTime": 1.06,
    "MagneticFieldStrength": 3,
    "Manufacturer": "Siemens",
    "ManufacturersModelName": "Prisma_fit",
    "PhaseEncodingDirection": "i-",
    "PhaseEncodingLines": 224,
    "ProcedureStepDescription": "HAssal_Music",
    "ProtocolName": "t1_mprage_short_32channel",
    "RepetitionTime": 2.3,
    "ScanningSequence": "GR_IR",
    "SequenceName": "_tfl3d1_16ns",
    "SequenceVariant": "SK_SP_MP",
    "SeriesDescription": "t1_mprage_short_32channel",
    "SoftwareVersions": "syngo_MR_E11",
    "dataset": "ds003085",
    "modality": "T1w",
    "subject_id": "35"
  },
  "cjv": 0.3820742442045628,
  "cnr": 3.5496457418723986,
  "efc": 0.6170318463921495,
  "fber": 78786.68252080856,
  "fwhm_avg": 4.422390424661366,
  "fwhm_x": 4.274781273984097,
  "fwhm_y": 4.51707,
  "fwhm_z": 4.47532,
  "icvs_csf": 0.20189124928182728,
  "icvs_gm": 0.43025245917660465,
  "icvs_wm": 0.36785629154156807,
  "inu_med": 0.2914433628320694,
  "inu_range": 0.08065907210111617,
  "provenance": {
    "md5sum": "ab31680d9997566659aa34608a34e181",
    "settings": {
      "testing": false
    },
    "software": "mriqc",
    "version": "22.0.1",
    "warnings": {
      "large_rot_frame": true,
      "small_air_mask": false
    },
    "webapi_port": null,
    "webapi_url": "https://mriqc.nimh.nih.gov/api/v1"
  },
  "qi_1": 0.02397741402289647,
  "qi_2": 0.01269414596469568,
  "rpve_csf": 19.710464055725296,
  "rpve_gm": 9.865706151032597,
  "rpve_wm": 13.381657014410855,
  "size_x": 176,
  "size_y": 224,
  "size_z": 256,
  "snr_csf": 3.0260427658065194,
  "snr_gm": 16.25044108082374,
  "snr_total": 16.852255781564608,
  "snr_wm": 31.28028349806356,
  "snrd_csf": 76.87509558179686,
  "snrd_gm": 171.06549937394294,
  "snrd_total": 154.58079437163732,
  "snrd_wm": 215.80178815917216,
  "spacing_x": 0.9999997019767761,
  "spacing_y": 1.0,
  "spacing_z": 1.0,
  "summary_bg_k": 22.206809392131127,
  "summary_bg_mad": 0.0,
  "summary_bg_mean": 1.4049174025586073,
  "summary_bg_median": 0.0,
  "summary_bg_n": 1669349.0,
  "summary_bg_p05": 0.0,
  "summary_bg_p95": 5.337439000606537,
  "summary_bg_stdv": 3.0359804774093115,
  "summary_csf_k": 0.9028377124499185,
  "summary_csf_mad": 85.71472321848488,
  "summary_csf_mean": 357.59603828234106,
  "summary_csf_median": 356.24839252606034,
  "summary_csf_n": 40297.0,
  "summary_csf_p05": 125.72748138159514,
  "summary_csf_p95": 557.1516493700444,
  "summary_csf_stdv": 117.72602034571472,
  "summary_gm_k": -0.04958030050822915,
  "summary_gm_mad": 49.001581671286516,
  "summary_gm_mean": 791.273946510524,
  "summary_gm_median": 792.7379954122007,
  "summary_gm_n": 45067.0,
  "summary_gm_p05": 709.6817991945893,
  "summary_gm_p95": 869.7972709834576,
  "summary_gm_stdv": 48.78201128914912,
  "summary_wm_k": 0.5232108253565535,
  "summary_wm_mad": 30.20749677562228,
  "summary_wm_mean": 1002.3012124950559,
  "summary_wm_median": 1000.0513112097979,
  "summary_wm_n": 250459.0,
  "summary_wm_p05": 953.9902390651405,
  "summary_wm_p95": 1058.7888009808958,
  "summary_wm_stdv": 31.970596264977917,
  "tpm_overlap_csf": 0.16022765398248962,
  "tpm_overlap_gm": 0.4792122356302569,
  "tpm_overlap_wm": 0.5237242294320261,
  "wm2max": 0.8704353069930538
}