{
  "bids_meta": {
    "AccelFactPE": 2,
    "AcquisitionNumber": 1,
    "AcquisitionTime": "15:22:3.137500",
    "BodyPartExamined": "BRAIN",
    "ConversionSoftware": "dcm2niix",
    "ConversionSoftwareVersion": "v1.0.20170724 (OpenJPEG build) GCC6.1.0",
    "DeviceSerialNumber": "67025",
    "EchoTime": 0.00226,
    "FlipAngle": 9,
    "ImageType": [
      "ORIGINAL",
      "PRIMARY",
      "M",
      "ND",
      "NORM"
    ],
    "InstitutionAddress": "McClintock_3520A_Los_Angeles_SVC0e0594213b1104_CA_US_90089",
    "InstitutionName": "USC",
    "InversionTime": 1.06,
    "MagneticFieldStrength": 3,
    "Manufacturer": "Siemens",
    "ManufacturersModelName": "Prisma_fit",
    "PhaseEncodingDirection": "i-",
    "PhaseEncodingLines": 224,
    "ProcedureStepDescription": "HAssal_Music",
    "ProtocolName": "t1_mprage_short_32channel",
    "RepetitionTime": 2.3,
    "ScanningSequence": "GR_IR",
    "SequenceName": "_tfl3d1_16ns",
    "SequenceVariant": "SK_SP_MP",
    "SeriesDescription": "t1_mprage_short_32channel",
    "SoftwareVersions": "syngo_MR_E11",
    "dataset": "ds003085",
    "modality": "T1w",
    "subject_id": "22"
  },
  "cjv": 0.3640026497157992,
  "cnr": 3.725717747661119,
  "efc": 0.6052991396512294,
  "fber": -1.0,
  "fwhm_avg": 4.296305449205882,
  "fwhm_x": 4.437306347617646,
  "fwhm_y": 4.0813,
  "fwhm_z": 4.37031,
  "icvs_csf": 0.18273162738040089,
  "icvs_gm": 0.44266092533382073,
  "icvs_wm": 0.3746074472857784,
  "inu_med": 0.27510949969291687,
  "inu_range": 0.07303768396377563,
  "provenance": {
    "md5sum": "595d1e3e5ca2dcd4acaed8902e099a78",
    "settings": {
      "testing": false
    },
    "software": "mriqc",
    "version": "22.0.1",
    "warnings": {
      "large_rot_frame": true,
      "small_air_mask": false
    },
    "webapi_port": null,
    "webapi_url": "https://mriqc.nimh.nih.gov/api/v1"
  },
  "qi_1": 0.012011422475878556,
  "qi_2": 0.03677457002386904,
  "rpve_csf": 22.2404002079233,
  "rpve_gm": 10.027304205884077,
  "rpve_wm": 13.667729220784542,
  "size_x": 176,
  "size_y": 224,
  "size_z": 256,
  "snr_csf": 2.811457312110145,
  "snr_gm": 15.583533413725043,
  "snr_total": 17.698293923039696,
  "snr_wm": 34.699891043283905,
  "snrd_csf": 94.0342706922621,
  "snrd_gm": 210.25066537166575,
  "snrd_total": 190.8397500241306,
  "snrd_wm": 268.23431400846397,
  "spacing_x": 0.9999985694885254,
  "spacing_y": 1.0,
  "spacing_z": 1.0,
  "summary_bg_k": 36.31192948812594,
  "summary_bg_mad": 0.0,
  "summary_bg_mean": 1.057036413185092,
  "summary_bg_median": 0.0,
  "summary_bg_n": 1940043.0,
  "summary_bg_p05": 0.0,
  "summary_bg_p95": 4.527408359572291,
  "summary_bg_stdv": 2.4425168792450793,
  "summary_csf_k": 1.0947863885628628,
  "summary_csf_mad": 75.76345044738407,
  "summary_csf_mean": 351.2946860197881,
  "summary_csf_median": 350.5839293822646,
  "summary_csf_n": 30204.0,
  "summary_csf_p05": 81.63613796671852,
  "summary_csf_p95": 560.8866911801507,
  "summary_csf_stdv": 124.69622932673911,
  "summary_gm_k": -0.15941834335260774,
  "summary_gm_mad": 51.358050007949586,
  "summary_gm_mean": 782.6702644571842,
  "summary_gm_median": 783.8685181327164,
  "summary_gm_n": 43716.0,
  "summary_gm_p05": 699.6355051659048,
  "summary_gm_p95": 864.7814316358417,
  "summary_gm_stdv": 50.300501934065295,
  "summary_wm_k": 0.5741757198794617,
  "summary_wm_mad": 27.33129470932438,
  "summary_wm_mean": 1001.6890554858606,
  "summary_wm_median": 1000.0464629326016,
  "summary_wm_n": 236155.0,
  "summary_wm_p05": 957.4191719163209,
  "summary_wm_p95": 1051.364056251384,
  "summary_wm_stdv": 28.819812267740367,
  "tpm_overlap_csf": 0.16057036928057986,
  "tpm_overlap_gm": 0.462670595834986,
  "tpm_overlap_wm": 0.5064085915563784,
  "wm2max": 0.8963457776667916
}