{
  "bids_meta": {
    "AccelFactPE": 2,
    "AcquisitionNumber": 1,
    "AcquisitionTime": "16:07:6.465000",
    "BodyPartExamined": "BRAIN",
    "ConversionSoftware": "dcm2niix",
    "ConversionSoftwareVersion": "v1.0.20170724 (OpenJPEG build) GCC6.1.0",
    "DeviceSerialNumber": "67025",
    "EchoTime": 0.00226,
    "FlipAngle": 9,
    "ImageType": [
      "ORIGINAL",
      "PRIMARY",
      "M",
      "ND",
      "NORM"
    ],
    "InstitutionAddress": "McClintock_3520A_Los_Angeles_SVC0e0594213b1104_CA_US_90089",
    "InstitutionName": "USC",
    "InversionTime": 1.06,
    "MagneticFieldStrength": 3,
    "Manufacturer": "Siemens",
    "ManufacturersModelName": "Prisma_fit",
    "PhaseEncodingDirection": "i-",
    "PhaseEncodingLines": 224,
    "ProcedureStepDescription": "HAssal_Music",
    "ProtocolName": "t1_mprage_short_32channel",
    "RepetitionTime": 2.3,
    "ScanningSequence": "GR_IR",
    "SequenceName": "_tfl3d1_16ns",
    "SequenceVariant": "SK_SP_MP",
    "SeriesDescription": "t1_mprage_short_32channel",
    "SoftwareVersions": "syngo_MR_E11",
    "dataset": "ds003085",
    "modality": "T1w",
    "subject_id": "32"
  },
  "cjv": 0.4758592008623057,
  "cnr": 2.8511464633357826,
  "efc": 0.6531317791467344,
  "fber": 49562.37459357278,
  "fwhm_avg": 4.283446231492049,
  "fwhm_x": 4.167688694476146,
  "fwhm_y": 4.30332,
  "fwhm_z": 4.37933,
  "icvs_csf": 0.20707672100523147,
  "icvs_gm": 0.3847939796956426,
  "icvs_wm": 0.40812929929912595,
  "inu_med": 0.22284379601478577,
  "inu_range": 0.051304057240486145,
  "provenance": {
    "md5sum": "6809e8db7da38dd70b502603d1215013",
    "settings": {
      "testing": false
    },
    "software": "mriqc",
    "version": "22.0.1",
    "warnings": {
      "large_rot_frame": true,
      "small_air_mask": false
    },
    "webapi_port": null,
    "webapi_url": "https://mriqc.nimh.nih.gov/api/v1"
  },
  "qi_1": 0.01119177221200768,
  "qi_2": 0.030271223146969742,
  "rpve_csf": 17.908945148888755,
  "rpve_gm": 9.73860918816866,
  "rpve_wm": 11.272662600480276,
  "size_x": 176,
  "size_y": 224,
  "size_z": 256,
  "snr_csf": 3.873075936734288,
  "snr_gm": 14.610240146227444,
  "snr_total": 16.43402017712653,
  "snr_wm": 30.818744448417867,
  "snrd_csf": 86.6790187127524,
  "snrd_gm": 209.65152389198013,
  "snrd_total": 184.44613614252742,
  "snrd_wm": 257.00786582284974,
  "spacing_x": 0.9999979138374329,
  "spacing_y": 1.0,
  "spacing_z": 1.0,
  "summary_bg_k": 45.7382069928631,
  "summary_bg_mad": 0.0,
  "summary_bg_mean": 1.0692563687033634,
  "summary_bg_median": 0.0,
  "summary_bg_n": 1564288.0,
  "summary_bg_p05": 0.0,
  "summary_bg_p95": 4.54288718290627,
  "summary_bg_stdv": 2.549215972671778,
  "summary_csf_k": 2.6551864990495933,
  "summary_csf_mad": 51.87997204060237,
  "summary_csf_mean": 353.43445764068935,
  "summary_csf_median": 337.27867814712226,
  "summary_csf_n": 59973.0,
  "summary_csf_p05": 250.51198856830598,
  "summary_csf_p95": 531.1494581960142,
  "summary_csf_stdv": 87.08217234149303,
  "summary_gm_k": -0.20136859648008842,
  "summary_gm_mad": 56.70389926543031,
  "summary_gm_mean": 814.380534420654,
  "summary_gm_median": 815.779757315293,
  "summary_gm_n": 28440.0,
  "summary_gm_p05": 720.0844527110457,
  "summary_gm_p95": 905.7792636380531,
  "summary_gm_stdv": 55.835181824876145,
  "summary_wm_k": 0.5795782692271154,
  "summary_wm_mad": 30.9823552326685,
  "summary_wm_mean": 1002.2665215351328,
  "summary_wm_median": 1000.0490839127451,
  "summary_wm_n": 303836.0,
  "summary_wm_p05": 953.2450678553432,
  "summary_wm_p95": 1058.8364996742457,
  "summary_wm_stdv": 32.44932446484994,
  "tpm_overlap_csf": 0.18841240527271266,
  "tpm_overlap_gm": 0.4450131981379116,
  "tpm_overlap_wm": 0.5092131245941611,
  "wm2max": 0.8690410140412275
}