{
  "bids_meta": {
    "AccelFactPE": 2,
    "AcquisitionNumber": 1,
    "AcquisitionTime": "16:07:54.860000",
    "BodyPartExamined": "BRAIN",
    "ConversionSoftware": "dcm2niix",
    "ConversionSoftwareVersion": "v1.0.20170724 (OpenJPEG build) GCC6.1.0",
    "DeviceSerialNumber": "67025",
    "EchoTime": 0.00226,
    "FlipAngle": 9,
    "ImageType": [
      "ORIGINAL",
      "PRIMARY",
      "M",
      "ND",
      "NORM"
    ],
    "InstitutionAddress": "McClintock_3520A_Los_Angeles_SVC0e0594213b1104_CA_US_90089",
    "InstitutionName": "USC",
    "InversionTime": 1.06,
    "MagneticFieldStrength": 3,
    "Manufacturer": "Siemens",
    "ManufacturersModelName": "Prisma_fit",
    "PhaseEncodingDirection": "i-",
    "PhaseEncodingLines": 224,
    "ProcedureStepDescription": "HAssal_Music",
    "ProtocolName": "t1_mprage_short_32channel",
    "RepetitionTime": 2.3,
    "ScanningSequence": "GR_IR",
    "SequenceName": "_tfl3d1_16ns",
    "SequenceVariant": "SK_SP_MP",
    "SeriesDescription": "t1_mprage_short_32channel",
    "SoftwareVersions": "syngo_MR_E11",
    "dataset": "ds003085",
    "modality": "T1w",
    "subject_id": "40"
  },
  "cjv": 0.37022402924708353,
  "cnr": 3.681825642119853,
  "efc": 0.5833134414080833,
  "fber": -1.0,
  "fwhm_avg": 4.157192163060213,
  "fwhm_x": 4.0322364891806375,
  "fwhm_y": 4.32947,
  "fwhm_z": 4.10987,
  "icvs_csf": 0.17019970548166347,
  "icvs_gm": 0.45208035293201493,
  "icvs_wm": 0.3777199415863216,
  "inu_med": 0.2664622813463211,
  "inu_range": 0.06250458508729934,
  "provenance": {
    "md5sum": "98a0c10b6008d0d66a9ac97069fb6bc1",
    "settings": {
      "testing": false
    },
    "software": "mriqc",
    "version": "22.0.1",
    "warnings": {
      "large_rot_frame": true,
      "small_air_mask": false
    },
    "webapi_port": null,
    "webapi_url": "https://mriqc.nimh.nih.gov/api/v1"
  },
  "qi_1": 0.02064303257654586,
  "qi_2": 0.013031133257713604,
  "rpve_csf": 26.854208983380584,
  "rpve_gm": 11.330241967654064,
  "rpve_wm": 15.448137050386354,
  "size_x": 176,
  "size_y": 224,
  "size_z": 256,
  "snr_csf": 2.6455423901569426,
  "snr_gm": 15.678688219485007,
  "snr_total": 16.13571985412131,
  "snr_wm": 30.082928952721982,
  "snrd_csf": 55.150668307838444,
  "snrd_gm": 124.08984609912987,
  "snrd_total": 112.8229400524928,
  "snrd_wm": 159.22830575051006,
  "spacing_x": 0.9999983906745911,
  "spacing_y": 1.0,
  "spacing_z": 1.0,
  "summary_bg_k": 89.27315804549161,
  "summary_bg_mad": 0.0,
  "summary_bg_mean": 1.225262152715157,
  "summary_bg_median": 0.0,
  "summary_bg_n": 1981027.0,
  "summary_bg_p05": 0.0,
  "summary_bg_p95": 7.068334303796291,
  "summary_bg_stdv": 4.114533926828804,
  "summary_csf_k": 0.24909411702693118,
  "summary_csf_mad": 113.53345060488175,
  "summary_csf_mean": 340.1680609381179,
  "summary_csf_median": 346.36954356357455,
  "summary_csf_n": 17642.0,
  "summary_csf_p05": 99.4254335610196,
  "summary_csf_p95": 550.0581987749786,
  "summary_csf_stdv": 130.92200982879862,
  "summary_gm_k": -0.184470607055097,
  "summary_gm_mad": 51.58186894968235,
  "summary_gm_mean": 779.6377305981221,
  "summary_gm_median": 779.3367636874318,
  "summary_gm_n": 41261.0,
  "summary_gm_p05": 699.7650960758328,
  "summary_gm_p95": 861.3844645731151,
  "summary_gm_stdv": 49.706155816904094,
  "summary_wm_k": 1.054587885739231,
  "summary_wm_mad": 30.120799386675824,
  "summary_wm_mean": 1003.0420577982682,
  "summary_wm_median": 1000.0211652442813,
  "summary_wm_n": 192588.0,
  "summary_wm_p05": 954.203968334943,
  "summary_wm_p95": 1062.2817626148462,
  "summary_wm_stdv": 33.24206132128372,
  "tpm_overlap_csf": 0.15005035146777312,
  "tpm_overlap_gm": 0.477347817699021,
  "tpm_overlap_wm": 0.5069688905277278,
  "wm2max": 0.8825759698175231
}