{
  "aor": 0.0018732967032967032,
  "aqi": 0.0025097465384615386,
  "bids_meta": {
    "AcquisitionNumber": 1,
    "AcquisitionTime": "14:48:57.365000",
    "BandwidthPerPixelPhaseEncode": 25.355,
    "BodyPartExamined": "BRAIN",
    "ConversionSoftware": "dcm2niix",
    "ConversionSoftwareVersion": "v1.0.20170724 (OpenJPEG build) GCC6.1.0",
    "DeviceSerialNumber": "67025",
    "EchoTime": 0.035,
    "EchoTrainLength": 68,
    "EffectiveEchoSpacing": 0.000579999,
    "FlipAngle": 52,
    "ImageType": [
      "ORIGINAL",
      "PRIMARY",
      "M",
      "MB",
      "ND",
      "MOSAIC"
    ],
    "InstitutionAddress": "McClintock_3520A_Los_Angeles_SVC0e0594213b1104_CA_US_90089",
    "InstitutionName": "USC",
    "MagneticFieldStrength": 3,
    "Manufacturer": "Siemens",
    "ManufacturersModelName": "Prisma_fit",
    "PhaseEncodingDirection": "j-",
    "PhaseEncodingLines": 68,
    "ProcedureStepDescription": "HAssal_Music",
    "ProtocolName": "MUSIC_DYNAMICS_HNL",
    "RepetitionTime": 1,
    "ScanningSequence": "EP",
    "SequenceName": "epfid2d1_68",
    "SequenceVariant": "SK_SS",
    "SeriesDescription": "MUSIC_DYNAMICS_HNL",
    "SliceTiming": [
      0,
      0.49,
      0.165,
      0.8175,
      0.3275,
      0.655,
      0,
      0.49,
      0.165,
      0.8175,
      0.3275,
      0.655,
      0,
      0.49,
      0.165,
      0.8175,
      0.3275,
      0.655,
      0,
      0.49,
      0.165,
      0.8175,
      0.3275,
      0.655,
      0,
      0.49,
      0.165,
      0.8175,
      0.3275,
      0.655,
      0,
      0.49,
      0.165,
      0.8175,
      0.3275,
      0.655,
      0,
      0.49,
      0.165,
      0.8175,
      0.3275,
      0.655,
      0,
      0.49,
      0.165,
      0.8175,
      0.3275,
      0.655
    ],
    "SoftwareVersions": "syngo_MR_E11",
    "TaskName": "happy",
    "TotalReadoutTime": 0.03886,
    "dataset": "ds003085",
    "modality": "bold",
    "subject_id": "11",
    "task_id": "happy"
  },
  "dummy_trs": 1,
  "dvars_nstd": 26.890505816961316,
  "dvars_std": 1.1175859881215469,
  "dvars_vstd": 1.0213846785082874,
  "efc": 0.5078675357476317,
  "fber": 712.4105224609375,
  "fd_mean": 0.16692054808097662,
  "fd_num": 66,
  "fd_perc": 36.26373626373626,
  "fwhm_avg": 2.8407233333333335,
  "fwhm_x": 2.61217,
  "fwhm_y": 2.8890266666666666,
  "fwhm_z": 3.0209733333333335,
  "gcor": 0.00864117,
  "gsr_x": -0.013157118111848831,
  "gsr_y": 0.07974939048290253,
  "provenance": {
    "md5sum": "8f34789346abdc13dd52524355c6a718",
    "settings": {
      "fd_thres": 0.2,
      "testing": false
    },
    "software": "mriqc",
    "version": "22.0.1",
    "webapi_port": null,
    "webapi_url": "https://mriqc.nimh.nih.gov/api/v1"
  },
  "size_t": 182,
  "size_x": 68,
  "size_y": 68,
  "size_z": 48,
  "snr": 2.5013761517073423,
  "spacing_tr": 1.0,
  "spacing_x": 3.0,
  "spacing_y": 3.0,
  "spacing_z": 3.0,
  "summary_bg_k": 39.37099812935764,
  "summary_bg_mad": 119.31281848082814,
  "summary_bg_mean": 307.9210510253906,
  "summary_bg_median": 150.11264038085938,
  "summary_bg_n": 141400.0,
  "summary_bg_p05": 58.26923370361328,
  "summary_bg_p95": 1067.897827148437,
  "summary_bg_stdv": 479.18408203125,
  "summary_fg_k": 1.0625024370855956,
  "summary_fg_mad": 1495.3509325529617,
  "summary_fg_mean": 4388.505859375,
  "summary_fg_median": 4067.115478515625,
  "summary_fg_n": 39413.0,
  "summary_fg_p05": 2311.41650390625,
  "summary_fg_p95": 7472.0638671875,
  "summary_fg_stdv": 1625.9305419921875,
  "tsnr": 57.581585206557065
}