{
  "aor": 0.000400037037037037,
  "aqi": 0.0024118593333333333,
  "bids_meta": {
    "AcquisitionNumber": 1,
    "AcquisitionTime": "14:43:4.930000",
    "BandwidthPerPixelPhaseEncode": 25.355,
    "BodyPartExamined": "BRAIN",
    "ConversionSoftware": "dcm2niix",
    "ConversionSoftwareVersion": "v1.0.20170724 (OpenJPEG build) GCC6.1.0",
    "DeviceSerialNumber": "67025",
    "EchoTime": 0.035,
    "EchoTrainLength": 68,
    "EffectiveEchoSpacing": 0.000579999,
    "FlipAngle": 52,
    "ImageType": [
      "ORIGINAL",
      "PRIMARY",
      "M",
      "MB",
      "ND",
      "MOSAIC"
    ],
    "InstitutionAddress": "McClintock_3520A_Los_Angeles_SVC0e0594213b1104_CA_US_90089",
    "InstitutionName": "USC",
    "MagneticFieldStrength": 3,
    "Manufacturer": "Siemens",
    "ManufacturersModelName": "Prisma_fit",
    "PhaseEncodingDirection": "j-",
    "PhaseEncodingLines": 68,
    "ProcedureStepDescription": "HAssal_Music",
    "ProtocolName": "MUSIC_DYNAMICS_SNL",
    "RepetitionTime": 1,
    "ScanningSequence": "EP",
    "SequenceName": "epfid2d1_68",
    "SequenceVariant": "SK_SS",
    "SeriesDescription": "MUSIC_DYNAMICS_SNL",
    "SliceTiming": [
      0,
      0.49,
      0.1625,
      0.815,
      0.325,
      0.6525,
      0,
      0.49,
      0.1625,
      0.815,
      0.325,
      0.6525,
      0,
      0.49,
      0.1625,
      0.815,
      0.325,
      0.6525,
      0,
      0.49,
      0.1625,
      0.815,
      0.325,
      0.6525,
      0,
      0.49,
      0.1625,
      0.815,
      0.325,
      0.6525,
      0,
      0.49,
      0.1625,
      0.815,
      0.325,
      0.6525,
      0,
      0.49,
      0.1625,
      0.815,
      0.325,
      0.6525,
      0,
      0.49,
      0.1625,
      0.815,
      0.325,
      0.6525
    ],
    "SoftwareVersions": "syngo_MR_E11",
    "TaskName": "sadsh",
    "TotalReadoutTime": 0.03886,
    "dataset": "ds003085",
    "modality": "bold",
    "subject_id": "11",
    "task_id": "sadsh"
  },
  "dummy_trs": 1,
  "dvars_nstd": 26.609418188215606,
  "dvars_std": 1.0871054857249076,
  "dvars_vstd": 0.9959352757249063,
  "efc": 0.5071050017774272,
  "fber": 723.1403198242188,
  "fd_mean": 0.16860512863768282,
  "fd_num": 117,
  "fd_perc": 43.333333333333336,
  "fwhm_avg": 2.8552988888888886,
  "fwhm_x": 2.629233333333333,
  "fwhm_y": 2.9040199999999996,
  "fwhm_z": 3.032643333333333,
  "gcor": 0.00839425,
  "gsr_x": -0.012171093374490738,
  "gsr_y": 0.08107135444879532,
  "provenance": {
    "md5sum": "6d97027f24e18752b6939fab5505dce6",
    "settings": {
      "fd_thres": 0.2,
      "testing": false
    },
    "software": "mriqc",
    "version": "22.0.1",
    "webapi_port": null,
    "webapi_url": "https://mriqc.nimh.nih.gov/api/v1"
  },
  "size_t": 270,
  "size_x": 68,
  "size_y": 68,
  "size_z": 48,
  "snr": 2.4939916844725922,
  "spacing_tr": 1.0,
  "spacing_x": 3.0,
  "spacing_y": 3.0,
  "spacing_z": 3.0,
  "summary_bg_k": 42.07684961916311,
  "summary_bg_mad": 117.32600120119503,
  "summary_bg_mean": 304.79364013671875,
  "summary_bg_median": 149.14630126953125,
  "summary_bg_n": 141190.0,
  "summary_bg_p05": 58.07777786254883,
  "summary_bg_p95": 1052.5205505371084,
  "summary_bg_stdv": 474.8830871582031,
  "summary_fg_k": 1.0687092711990038,
  "summary_fg_mad": 1502.9137965064424,
  "summary_fg_mean": 4396.4384765625,
  "summary_fg_median": 4073.4833984375,
  "summary_fg_n": 39526.0,
  "summary_fg_p05": 2318.4555053710938,
  "summary_fg_p95": 7508.8165283203125,
  "summary_fg_stdv": 1633.298095703125,
  "tsnr": 59.250657157972455
}