{
  "aor": 0.0009234782608695651,
  "aqi": 0.00576672652173913,
  "bids_meta": {
    "AcquisitionNumber": 1,
    "AcquisitionTime": "14:53:15.880000",
    "BandwidthPerPixelPhaseEncode": 25.355,
    "BodyPartExamined": "BRAIN",
    "ConversionSoftware": "dcm2niix",
    "ConversionSoftwareVersion": "v1.0.20170724 (OpenJPEG build) GCC6.1.0",
    "DeviceSerialNumber": "67025",
    "EchoTime": 0.035,
    "EchoTrainLength": 68,
    "EffectiveEchoSpacing": 0.000579999,
    "FlipAngle": 52,
    "ImageType": [
      "ORIGINAL",
      "PRIMARY",
      "M",
      "MB",
      "ND",
      "MOSAIC"
    ],
    "InstitutionAddress": "McClintock_3520A_Los_Angeles_SVC0e0594213b1104_CA_US_90089",
    "InstitutionName": "USC",
    "MagneticFieldStrength": 3,
    "Manufacturer": "Siemens",
    "ManufacturersModelName": "Prisma_fit",
    "PhaseEncodingDirection": "j-",
    "PhaseEncodingLines": 68,
    "ProcedureStepDescription": "HAssal_Music",
    "ProtocolName": "MUSIC_DYNAMICS_SNL_L",
    "RepetitionTime": 1,
    "ScanningSequence": "EP",
    "SequenceName": "epfid2d1_68",
    "SequenceVariant": "SK_SS",
    "SeriesDescription": "MUSIC_DYNAMICS_SNL_L",
    "SliceTiming": [
      0,
      0.49,
      0.1625,
      0.815,
      0.325,
      0.6525,
      0,
      0.49,
      0.1625,
      0.815,
      0.325,
      0.6525,
      0,
      0.49,
      0.1625,
      0.815,
      0.325,
      0.6525,
      0,
      0.49,
      0.1625,
      0.815,
      0.325,
      0.6525,
      0,
      0.49,
      0.1625,
      0.815,
      0.325,
      0.6525,
      0,
      0.49,
      0.1625,
      0.815,
      0.325,
      0.6525,
      0,
      0.49,
      0.1625,
      0.815,
      0.325,
      0.6525,
      0,
      0.49,
      0.1625,
      0.815,
      0.325,
      0.6525
    ],
    "SoftwareVersions": "syngo_MR_E11",
    "TaskName": "sadln",
    "TotalReadoutTime": 0.03886,
    "dataset": "ds003085",
    "modality": "bold",
    "subject_id": "11",
    "task_id": "sadln"
  },
  "dummy_trs": 1,
  "dvars_nstd": 27.455724893200752,
  "dvars_std": 1.0567112058901516,
  "dvars_vstd": 0.9818039331439391,
  "efc": 0.5078793648326282,
  "fber": 699.861328125,
  "fd_mean": 0.20624554911567575,
  "fd_num": 291,
  "fd_perc": 55.00945179584121,
  "fwhm_avg": 2.8216933333333336,
  "fwhm_x": 2.6159866666666667,
  "fwhm_y": 2.8971133333333334,
  "fwhm_z": 2.9519800000000003,
  "gcor": 0.0159929,
  "gsr_x": -0.013402818702161312,
  "gsr_y": 0.07992922514677048,
  "provenance": {
    "md5sum": "2c51888dc28873278b6e1dc325eb7ce9",
    "settings": {
      "fd_thres": 0.2,
      "testing": false
    },
    "software": "mriqc",
    "version": "22.0.1",
    "webapi_port": null,
    "webapi_url": "https://mriqc.nimh.nih.gov/api/v1"
  },
  "size_t": 529,
  "size_x": 68,
  "size_y": 68,
  "size_z": 48,
  "snr": 2.5068403887719977,
  "spacing_tr": 1.0,
  "spacing_x": 3.0,
  "spacing_y": 3.0,
  "spacing_z": 3.0,
  "summary_bg_k": 37.25108045085551,
  "summary_bg_mad": 120.5686392976704,
  "summary_bg_mean": 304.91729736328125,
  "summary_bg_median": 150.67202758789062,
  "summary_bg_n": 141294.0,
  "summary_bg_p05": 57.939510345458984,
  "summary_bg_p95": 1047.339080810547,
  "summary_bg_stdv": 467.9779052734375,
  "summary_fg_k": 1.0522761133744982,
  "summary_fg_mad": 1478.6586269112127,
  "summary_fg_mean": 4361.501953125,
  "summary_fg_median": 4038.875244140625,
  "summary_fg_n": 39440.0,
  "summary_fg_p05": 2307.759631347656,
  "summary_fg_p95": 7441.553833007803,
  "summary_fg_stdv": 1611.121337890625,
  "tsnr": 42.56227150966879
}