{
  "aor": 0.003105070422535211,
  "aqi": 0.005107746366197183,
  "bids_meta": {
    "AcquisitionNumber": 1,
    "AcquisitionTime": "14:26:55.485000",
    "BandwidthPerPixelPhaseEncode": 25.355,
    "BodyPartExamined": "BRAIN",
    "ConversionSoftware": "dcm2niix",
    "ConversionSoftwareVersion": "v1.0.20170724 (OpenJPEG build) GCC6.1.0",
    "DeviceSerialNumber": "67025",
    "EchoTime": 0.035,
    "EchoTrainLength": 68,
    "EffectiveEchoSpacing": 0.000579999,
    "FlipAngle": 52,
    "ImageType": [
      "ORIGINAL",
      "PRIMARY",
      "M",
      "MB",
      "ND",
      "MOSAIC"
    ],
    "InstitutionAddress": "McClintock_3520A_Los_Angeles_SVC0e0594213b1104_CA_US_90089",
    "InstitutionName": "USC",
    "MagneticFieldStrength": 3,
    "Manufacturer": "Siemens",
    "ManufacturersModelName": "Prisma_fit",
    "PhaseEncodingDirection": "j-",
    "PhaseEncodingLines": 68,
    "ProcedureStepDescription": "HAssal_Music",
    "ProtocolName": "Resting",
    "RepetitionTime": 1,
    "ScanningSequence": "EP",
    "SequenceName": "epfid2d1_68",
    "SequenceVariant": "SK_SS",
    "SeriesDescription": "Resting",
    "SliceTiming": [
      0,
      0.49,
      0.1625,
      0.815,
      0.325,
      0.6525,
      0,
      0.49,
      0.1625,
      0.815,
      0.325,
      0.6525,
      0,
      0.49,
      0.1625,
      0.815,
      0.325,
      0.6525,
      0,
      0.49,
      0.1625,
      0.815,
      0.325,
      0.6525,
      0,
      0.49,
      0.1625,
      0.815,
      0.325,
      0.6525,
      0,
      0.49,
      0.1625,
      0.815,
      0.325,
      0.6525,
      0,
      0.49,
      0.1625,
      0.815,
      0.325,
      0.6525,
      0,
      0.49,
      0.1625,
      0.815,
      0.325,
      0.6525
    ],
    "SoftwareVersions": "syngo_MR_E11",
    "TaskName": "rest",
    "TotalReadoutTime": 0.03886,
    "dataset": "ds003085",
    "modality": "bold",
    "subject_id": "11",
    "task_id": "rest"
  },
  "dummy_trs": 5,
  "dvars_nstd": 30.472449971073463,
  "dvars_std": 1.1214296514406787,
  "dvars_vstd": 1.027951742570622,
  "efc": 0.509108495166184,
  "fber": 953.32177734375,
  "fd_mean": 0.24134970781284384,
  "fd_num": 210,
  "fd_perc": 59.15492957746479,
  "fwhm_avg": 2.6709955555555553,
  "fwhm_x": 2.4578233333333332,
  "fwhm_y": 2.726266666666667,
  "fwhm_z": 2.8288966666666666,
  "gcor": 0.0104973,
  "gsr_x": -0.014490170404314995,
  "gsr_y": 0.08073502033948898,
  "provenance": {
    "md5sum": "fbf01660b11d98eada689a4a173d5967",
    "settings": {
      "fd_thres": 0.2,
      "testing": false
    },
    "software": "mriqc",
    "version": "22.0.1",
    "webapi_port": null,
    "webapi_url": "https://mriqc.nimh.nih.gov/api/v1"
  },
  "size_t": 355,
  "size_x": 68,
  "size_y": 68,
  "size_z": 48,
  "snr": 2.7257351946074113,
  "spacing_tr": 1.0,
  "spacing_x": 3.0,
  "spacing_y": 3.0,
  "spacing_z": 3.0,
  "summary_bg_k": 57.195743558147825,
  "summary_bg_mad": 87.22921688641745,
  "summary_bg_mean": 263.8397521972656,
  "summary_bg_median": 119.4394302368164,
  "summary_bg_n": 138742.0,
  "summary_bg_p05": 52.214080810546875,
  "summary_bg_p95": 913.0089599609347,
  "summary_bg_stdv": 456.0657653808594,
  "summary_fg_k": 1.5387819541691874,
  "summary_fg_mad": 1232.1720264869016,
  "summary_fg_mean": 4020.98486328125,
  "summary_fg_median": 3764.7548828125,
  "summary_fg_n": 39973.0,
  "summary_fg_p05": 2251.419677734375,
  "summary_fg_p95": 6672.826171875,
  "summary_fg_stdv": 1381.1715087890625,
  "tsnr": 48.32441487815231
}