{
  "bids_meta": {
    "AccelFactPE": 2,
    "AcquisitionNumber": 1,
    "AcquisitionTime": "13:02:23.597500",
    "BodyPartExamined": "BRAIN",
    "ConversionSoftware": "dcm2niix",
    "ConversionSoftwareVersion": "v1.0.20170724 (OpenJPEG build) GCC6.1.0",
    "DeviceSerialNumber": "67025",
    "EchoTime": 0.00226,
    "FlipAngle": 9,
    "ImageType": [
      "ORIGINAL",
      "PRIMARY",
      "M",
      "ND",
      "NORM"
    ],
    "InstitutionAddress": "McClintock_3520A_Los_Angeles_SVC0e0594213b1104_CA_US_90089",
    "InstitutionName": "USC",
    "InversionTime": 1.06,
    "MagneticFieldStrength": 3,
    "Manufacturer": "Siemens",
    "ManufacturersModelName": "Prisma_fit",
    "PhaseEncodingDirection": "i-",
    "PhaseEncodingLines": 224,
    "ProcedureStepDescription": "HAssal_Music",
    "ProtocolName": "t1_mprage_short_32channel",
    "RepetitionTime": 2.3,
    "ScanningSequence": "GR_IR",
    "SequenceName": "_tfl3d1_16ns",
    "SequenceVariant": "SK_SP_MP",
    "SeriesDescription": "t1_mprage_short_32channel",
    "SoftwareVersions": "syngo_MR_E11",
    "dataset": "ds003085",
    "modality": "T1w",
    "subject_id": "01"
  },
  "cjv": 0.34237677643682796,
  "cnr": 4.0183334929243575,
  "efc": 0.6052011861940061,
  "fber": -1.0,
  "fwhm_avg": 4.3983719640967385,
  "fwhm_x": 4.307245892290218,
  "fwhm_y": 4.49161,
  "fwhm_z": 4.39626,
  "icvs_csf": 0.16572322264427736,
  "icvs_gm": 0.45614743013815956,
  "icvs_wm": 0.37812934721756314,
  "inu_med": 0.23377783596515656,
  "inu_range": 0.05276350677013397,
  "provenance": {
    "md5sum": "c7820d58ab7ad97d85b4fba8c29b8ed1",
    "settings": {
      "testing": false
    },
    "software": "mriqc",
    "version": "22.0.1",
    "warnings": {
      "large_rot_frame": true,
      "small_air_mask": false
    },
    "webapi_port": null,
    "webapi_url": "https://mriqc.nimh.nih.gov/api/v1"
  },
  "qi_1": 0.011024638447132416,
  "qi_2": 0.03701664544981288,
  "rpve_csf": 25.42933534336828,
  "rpve_gm": 10.506187233169953,
  "rpve_wm": 14.351391060915983,
  "size_x": 176,
  "size_y": 224,
  "size_z": 256,
  "snr_csf": 2.639267929403929,
  "snr_gm": 16.24153106437571,
  "snr_total": 17.45480978347076,
  "snr_wm": 33.483630356632645,
  "snrd_csf": 69.02579096935553,
  "snrd_gm": 159.87058104393475,
  "snrd_total": 145.17495094467077,
  "snrd_wm": 206.62848082072207,
  "spacing_x": 1.0000009536743164,
  "spacing_y": 1.0,
  "spacing_z": 1.0,
  "summary_bg_k": 28.77828026529405,
  "summary_bg_mad": 0.0,
  "summary_bg_mean": 1.230939321505179,
  "summary_bg_median": 0.0,
  "summary_bg_n": 2073444.0,
  "summary_bg_p05": 0.0,
  "summary_bg_p95": 7.156479246914387,
  "summary_bg_stdv": 3.1706630416763333,
  "summary_csf_k": 0.11093194168900355,
  "summary_csf_mad": 100.44722686850304,
  "summary_csf_mean": 323.3673654636368,
  "summary_csf_median": 334.06405803281814,
  "summary_csf_n": 22378.0,
  "summary_csf_p05": 86.80966611765326,
  "summary_csf_p95": 528.7124292859805,
  "summary_csf_stdv": 126.57168683402124,
  "summary_gm_k": -0.0743310680818916,
  "summary_gm_mad": 48.62042205939149,
  "summary_gm_mean": 773.1201716256401,
  "summary_gm_median": 773.725506272167,
  "summary_gm_n": 54362.0,
  "summary_gm_p05": 695.0052175889723,
  "summary_gm_p95": 850.6763358009047,
  "summary_gm_stdv": 47.63826678371619,
  "summary_wm_k": 0.4466114749664931,
  "summary_wm_mad": 28.85744474748056,
  "summary_wm_mean": 1001.6166634110662,
  "summary_wm_median": 1000.0196714699268,
  "summary_wm_n": 228696.0,
  "summary_wm_p05": 955.5472647212446,
  "summary_wm_p95": 1052.8920940379612,
  "summary_wm_stdv": 29.86586204855703,
  "tpm_overlap_csf": 0.16043001367695292,
  "tpm_overlap_gm": 0.486069142535944,
  "tpm_overlap_wm": 0.5321853163277195,
  "wm2max": 0.9113452304163979
}