{
  "bids_meta": {
    "AccelFactPE": 2,
    "AcquisitionNumber": 1,
    "AcquisitionTime": "11:34:14.802500",
    "BodyPartExamined": "BRAIN",
    "ConversionSoftware": "dcm2niix",
    "ConversionSoftwareVersion": "v1.0.20170724 (OpenJPEG build) GCC6.1.0",
    "DeviceSerialNumber": "67025",
    "EchoTime": 0.00226,
    "FlipAngle": 9,
    "ImageType": [
      "ORIGINAL",
      "PRIMARY",
      "M",
      "ND",
      "NORM"
    ],
    "InstitutionAddress": "McClintock_3520A_Los_Angeles_SVC0e0594213b1104_CA_US_90089",
    "InstitutionName": "USC",
    "InversionTime": 1.06,
    "MagneticFieldStrength": 3,
    "Manufacturer": "Siemens",
    "ManufacturersModelName": "Prisma_fit",
    "PhaseEncodingDirection": "i-",
    "PhaseEncodingLines": 224,
    "ProcedureStepDescription": "HAssal_Music",
    "ProtocolName": "t1_mprage_short_32channel",
    "RepetitionTime": 2.3,
    "ScanningSequence": "GR_IR",
    "SequenceName": "_tfl3d1_16ns",
    "SequenceVariant": "SK_SP_MP",
    "SeriesDescription": "t1_mprage_short_32channel",
    "SoftwareVersions": "syngo_MR_E11",
    "dataset": "ds003085",
    "modality": "T1w",
    "subject_id": "14"
  },
  "cjv": 0.3700154312085345,
  "cnr": 3.6543581084870924,
  "efc": 0.6147432972714556,
  "fber": 106640.05861495844,
  "fwhm_avg": 4.241963188768818,
  "fwhm_x": 4.276209566306454,
  "fwhm_y": 4.21205,
  "fwhm_z": 4.23763,
  "icvs_csf": 0.191229275933798,
  "icvs_gm": 0.44268491763259127,
  "icvs_wm": 0.36608580643361077,
  "inu_med": 0.3026171773672104,
  "inu_range": 0.08086812198162074,
  "provenance": {
    "md5sum": "031c129189f557fd71349d5212e4a4aa",
    "settings": {
      "testing": false
    },
    "software": "mriqc",
    "version": "22.0.1",
    "warnings": {
      "large_rot_frame": true,
      "small_air_mask": false
    },
    "webapi_port": null,
    "webapi_url": "https://mriqc.nimh.nih.gov/api/v1"
  },
  "qi_1": 0.04036689632652168,
  "qi_2": 0.006702992355150568,
  "rpve_csf": 21.81999969490735,
  "rpve_gm": 10.226758929840573,
  "rpve_wm": 14.077595059574888,
  "size_x": 176,
  "size_y": 224,
  "size_z": 256,
  "snr_csf": 3.4096355574401835,
  "snr_gm": 16.979797381007476,
  "snr_total": 17.085560306343563,
  "snr_wm": 30.867247980583024,
  "snrd_csf": 58.221722999834604,
  "snrd_gm": 130.9070279783756,
  "snrd_total": 118.14062643953817,
  "snrd_wm": 165.29312834040434,
  "spacing_x": 0.999993085861206,
  "spacing_y": 1.0,
  "spacing_z": 1.0,
  "summary_bg_k": 24.73000647000704,
  "summary_bg_mad": 0.0,
  "summary_bg_mean": 1.6975935229581196,
  "summary_bg_median": 0.0,
  "summary_bg_n": 1686002.0,
  "summary_bg_p05": 0.0,
  "summary_bg_p95": 8.324945785105228,
  "summary_bg_stdv": 3.9636487409733094,
  "summary_csf_k": 2.1496483116216503,
  "summary_csf_mad": 68.30391699896501,
  "summary_csf_mean": 362.88134382750013,
  "summary_csf_median": 352.24795792996883,
  "summary_csf_n": 34787.0,
  "summary_csf_p05": 187.62163078859456,
  "summary_csf_p95": 549.7840329684316,
  "summary_csf_stdv": 103.30807766236221,
  "summary_gm_k": 0.13199978370469534,
  "summary_gm_mad": 45.67066639575767,
  "summary_gm_mean": 791.0457175371149,
  "summary_gm_median": 792.0022099688649,
  "summary_gm_n": 40562.0,
  "summary_gm_p05": 713.4929385025055,
  "summary_gm_p95": 866.717025667429,
  "summary_gm_stdv": 46.64322131046835,
  "summary_wm_k": 0.5500002007398219,
  "summary_wm_mad": 31.30725735910686,
  "summary_wm_mean": 1000.9985372346854,
  "summary_wm_median": 1000.0419760495424,
  "summary_wm_n": 215816.0,
  "summary_wm_p05": 950.0713317021728,
  "summary_wm_p95": 1055.863149046898,
  "summary_wm_stdv": 32.39808290620228,
  "tpm_overlap_csf": 0.1602373817237912,
  "tpm_overlap_gm": 0.46623319915997297,
  "tpm_overlap_wm": 0.5001992155822911,
  "wm2max": 0.9010183453305372
}