{
  "bids_meta": {
    "AccelFactPE": 2,
    "AcquisitionNumber": 1,
    "AcquisitionTime": "14:38:0.805000",
    "BodyPartExamined": "BRAIN",
    "ConversionSoftware": "dcm2niix",
    "ConversionSoftwareVersion": "v1.0.20170724 (OpenJPEG build) GCC6.1.0",
    "DeviceSerialNumber": "67025",
    "EchoTime": 0.00226,
    "FlipAngle": 9,
    "ImageType": [
      "ORIGINAL",
      "PRIMARY",
      "M",
      "ND",
      "NORM"
    ],
    "InstitutionAddress": "McClintock_3520A_Los_Angeles_SVC0e0594213b1104_CA_US_90089",
    "InstitutionName": "USC",
    "InversionTime": 1.06,
    "MagneticFieldStrength": 3,
    "Manufacturer": "Siemens",
    "ManufacturersModelName": "Prisma_fit",
    "PhaseEncodingDirection": "i-",
    "PhaseEncodingLines": 224,
    "ProcedureStepDescription": "HAssal_Music",
    "ProtocolName": "t1_mprage_short_32channel",
    "RepetitionTime": 2.3,
    "ScanningSequence": "GR_IR",
    "SequenceName": "_tfl3d1_16ns",
    "SequenceVariant": "SK_SP_MP",
    "SeriesDescription": "t1_mprage_short_32channel",
    "SoftwareVersions": "syngo_MR_E11",
    "dataset": "ds003085",
    "modality": "T1w",
    "subject_id": "08"
  },
  "cjv": 0.3622239810181794,
  "cnr": 3.707886091654051,
  "efc": 0.5913911169792864,
  "fber": -1.0,
  "fwhm_avg": 4.138628719473289,
  "fwhm_x": 4.170666158419865,
  "fwhm_y": 4.1117,
  "fwhm_z": 4.13352,
  "icvs_csf": 0.19267659892291364,
  "icvs_gm": 0.45303964246566353,
  "icvs_wm": 0.3542837586114228,
  "inu_med": 0.333675742149353,
  "inu_range": 0.09817080497741698,
  "provenance": {
    "md5sum": "d114255bc044580d13fb56dee70205f1",
    "settings": {
      "testing": false
    },
    "software": "mriqc",
    "version": "22.0.1",
    "warnings": {
      "large_rot_frame": true,
      "small_air_mask": false
    },
    "webapi_port": null,
    "webapi_url": "https://mriqc.nimh.nih.gov/api/v1"
  },
  "qi_1": 0.020218890441062943,
  "qi_2": 0.09729268351077097,
  "rpve_csf": 20.11179008919882,
  "rpve_gm": 9.435468506286181,
  "rpve_wm": 13.76583287811845,
  "size_x": 176,
  "size_y": 224,
  "size_z": 256,
  "snr_csf": 3.559567083027885,
  "snr_gm": 18.597831380572075,
  "snr_total": 17.890632203552745,
  "snr_wm": 31.514498147058273,
  "snrd_csf": 104.43567020666522,
  "snrd_gm": 233.3293572570259,
  "snrd_total": 209.638674948001,
  "snrd_wm": 291.15099738031194,
  "spacing_x": 0.9999961256980896,
  "spacing_y": 1.0,
  "spacing_z": 1.0,
  "summary_bg_k": 10.32476636353947,
  "summary_bg_mad": 0.0,
  "summary_bg_mean": 1.0924146405121613,
  "summary_bg_median": 0.0,
  "summary_bg_n": 1752910.0,
  "summary_bg_p05": 0.0,
  "summary_bg_p95": 6.529020376503468,
  "summary_bg_stdv": 2.2502556976104864,
  "summary_csf_k": 3.0225606484439558,
  "summary_csf_mad": 67.60243877944923,
  "summary_csf_mean": 375.42234745500184,
  "summary_csf_median": 358.71455458179116,
  "summary_csf_n": 32785.0,
  "summary_csf_p05": 247.5092270001769,
  "summary_csf_p95": 569.4662447869778,
  "summary_csf_stdv": 100.77323322234481,
  "summary_gm_k": 0.20429978453712172,
  "summary_gm_mad": 41.579742680247016,
  "summary_gm_mean": 800.5093572875107,
  "summary_gm_median": 801.4372512158006,
  "summary_gm_n": 34773.0,
  "summary_gm_p05": 727.1802434921265,
  "summary_gm_p95": 870.4625633910299,
  "summary_gm_stdv": 43.09242894449496,
  "summary_wm_k": 0.6387855636659299,
  "summary_wm_mad": 30.359812115735917,
  "summary_wm_mean": 1001.5108992359761,
  "summary_wm_median": 1000.0424197465181,
  "summary_wm_n": 216114.0,
  "summary_wm_p05": 952.749418253079,
  "summary_wm_p95": 1055.878262836486,
  "summary_wm_stdv": 31.732699704922858,
  "tpm_overlap_csf": 0.15729588694896246,
  "tpm_overlap_gm": 0.461492601263193,
  "tpm_overlap_wm": 0.4805818354131146,
  "wm2max": 0.8776113849874431
}