{
  "aor": 0.0013407575757575759,
  "aqi": 0.0031936259848484847,
  "bids_meta": {
    "AcquisitionNumber": 1,
    "AcquisitionTime": "12:27:15.395000",
    "BandwidthPerPixelPhaseEncode": 25.355,
    "BodyPartExamined": "BRAIN",
    "ConversionSoftware": "dcm2niix",
    "ConversionSoftwareVersion": "v1.0.20170724 (OpenJPEG build) GCC6.1.0",
    "DeviceSerialNumber": "67025",
    "EchoTime": 0.035,
    "EchoTrainLength": 68,
    "EffectiveEchoSpacing": 0.000579999,
    "FlipAngle": 52,
    "ImageType": [
      "ORIGINAL",
      "PRIMARY",
      "M",
      "MB",
      "ND",
      "MOSAIC"
    ],
    "InstitutionAddress": "McClintock_3520A_Los_Angeles_SVC0e0594213b1104_CA_US_90089",
    "InstitutionName": "USC",
    "MagneticFieldStrength": 3,
    "Manufacturer": "Siemens",
    "ManufacturersModelName": "Prisma_fit",
    "PhaseEncodingDirection": "j-",
    "PhaseEncodingLines": 68,
    "ProcedureStepDescription": "HAssal_Music",
    "ProtocolName": "MUSIC_DYNAMICS_SNL_L",
    "RepetitionTime": 1,
    "ScanningSequence": "EP",
    "SequenceName": "epfid2d1_68",
    "SequenceVariant": "SK_SS",
    "SeriesDescription": "MUSIC_DYNAMICS_SNL_L",
    "SliceTiming": [
      0,
      0.49,
      0.1625,
      0.8175,
      0.3275,
      0.6525,
      0,
      0.49,
      0.1625,
      0.8175,
      0.3275,
      0.6525,
      0,
      0.49,
      0.1625,
      0.8175,
      0.3275,
      0.6525,
      0,
      0.49,
      0.1625,
      0.8175,
      0.3275,
      0.6525,
      0,
      0.49,
      0.1625,
      0.8175,
      0.3275,
      0.6525,
      0,
      0.49,
      0.1625,
      0.8175,
      0.3275,
      0.6525,
      0,
      0.49,
      0.1625,
      0.8175,
      0.3275,
      0.6525,
      0,
      0.49,
      0.1625,
      0.8175,
      0.3275,
      0.6525
    ],
    "SoftwareVersions": "syngo_MR_E11",
    "TaskName": "sadln",
    "TotalReadoutTime": 0.03886,
    "dataset": "ds003085",
    "modality": "bold",
    "subject_id": "39",
    "task_id": "sadln"
  },
  "dummy_trs": 2,
  "dvars_nstd": 28.45347999115753,
  "dvars_std": 1.173718156375711,
  "dvars_vstd": 1.005893812808348,
  "efc": 0.5580136370240427,
  "fber": 502.2159729003906,
  "fd_mean": 0.0991457444487251,
  "fd_num": 16,
  "fd_perc": 3.0303030303030303,
  "fwhm_avg": 2.9350022222222223,
  "fwhm_x": 2.6899433333333334,
  "fwhm_y": 3.0574933333333334,
  "fwhm_z": 3.05757,
  "gcor": 0.0129507,
  "gsr_x": -0.015689294785261154,
  "gsr_y": 0.0824856236577034,
  "provenance": {
    "md5sum": "3a34ba2bca2fab8f08a054048d10de12",
    "settings": {
      "fd_thres": 0.2,
      "testing": false
    },
    "software": "mriqc",
    "version": "22.0.1",
    "webapi_port": null,
    "webapi_url": "https://mriqc.nimh.nih.gov/api/v1"
  },
  "size_t": 528,
  "size_x": 68,
  "size_y": 68,
  "size_z": 48,
  "snr": 2.202565704351696,
  "spacing_tr": 1.0,
  "spacing_x": 3.0,
  "spacing_y": 3.0,
  "spacing_z": 3.0,
  "summary_bg_k": 22.480642531348636,
  "summary_bg_mad": 127.67228476919523,
  "summary_bg_mean": 367.05224609375,
  "summary_bg_median": 171.70645141601562,
  "summary_bg_n": 123442.0,
  "summary_bg_p05": 68.23106384277344,
  "summary_bg_p95": 1432.6832885742178,
  "summary_bg_stdv": 543.641845703125,
  "summary_fg_k": 1.2769279228961503,
  "summary_fg_mad": 1672.905940866001,
  "summary_fg_mean": 4574.546875,
  "summary_fg_median": 4172.73876953125,
  "summary_fg_n": 49321.0,
  "summary_fg_p05": 2248.509521484375,
  "summary_fg_p95": 8281.4697265625,
  "summary_fg_stdv": 1894.4708251953125,
  "tsnr": 52.99082368053496
}