{
  "bids_meta": {
    "AccelFactPE": 2,
    "AcquisitionNumber": 1,
    "AcquisitionTime": "16:56:37.645000",
    "BodyPartExamined": "BRAIN",
    "ConversionSoftware": "dcm2niix",
    "ConversionSoftwareVersion": "v1.0.20170724 (OpenJPEG build) GCC6.1.0",
    "DeviceSerialNumber": "67025",
    "EchoTime": 0.00226,
    "FlipAngle": 9,
    "ImageType": [
      "ORIGINAL",
      "PRIMARY",
      "M",
      "ND",
      "NORM"
    ],
    "InstitutionAddress": "McClintock_3520A_Los_Angeles_SVC0e0594213b1104_CA_US_90089",
    "InstitutionName": "USC",
    "InversionTime": 1.06,
    "MagneticFieldStrength": 3,
    "Manufacturer": "Siemens",
    "ManufacturersModelName": "Prisma_fit",
    "PhaseEncodingDirection": "i-",
    "PhaseEncodingLines": 224,
    "ProcedureStepDescription": "HAssal_Music",
    "ProtocolName": "t1_mprage_short_32channel",
    "RepetitionTime": 2.3,
    "ScanningSequence": "GR_IR",
    "SequenceName": "_tfl3d1_16ns",
    "SequenceVariant": "SK_SP_MP",
    "SeriesDescription": "t1_mprage_short_32channel",
    "SoftwareVersions": "syngo_MR_E11",
    "dataset": "ds003085",
    "modality": "T1w",
    "subject_id": "20"
  },
  "cjv": 0.30215264519186474,
  "cnr": 4.481973677807517,
  "efc": 0.56753071409507,
  "fber": -1.0,
  "fwhm_avg": 4.7651490728383825,
  "fwhm_x": 4.6665572185151465,
  "fwhm_y": 4.8231,
  "fwhm_z": 4.80579,
  "icvs_csf": 0.15171342373315322,
  "icvs_gm": 0.49583663745596246,
  "icvs_wm": 0.3524499388108843,
  "inu_med": 0.32474882900714874,
  "inu_range": 0.09000463038682938,
  "provenance": {
    "md5sum": "36d354acead38ffabb42d737a6515c94",
    "settings": {
      "testing": false
    },
    "software": "mriqc",
    "version": "22.0.1",
    "warnings": {
      "large_rot_frame": true,
      "small_air_mask": false
    },
    "webapi_port": null,
    "webapi_url": "https://mriqc.nimh.nih.gov/api/v1"
  },
  "qi_1": 0.009969565703684829,
  "qi_2": 0.025572489138256074,
  "rpve_csf": 27.771594647584656,
  "rpve_gm": 9.859898682515743,
  "rpve_wm": 14.906178182960959,
  "size_x": 176,
  "size_y": 224,
  "size_z": 256,
  "snr_csf": 1.7791695473176443,
  "snr_gm": 17.16917032735216,
  "snr_total": 17.639474252509487,
  "snr_wm": 33.970082882858655,
  "snrd_csf": 66.29871724392825,
  "snrd_gm": 188.7665772282862,
  "snrd_total": 167.6850342970065,
  "snrd_wm": 247.98980841880504,
  "spacing_x": 1.0000005960464478,
  "spacing_y": 1.0,
  "spacing_z": 1.0,
  "summary_bg_k": 46.47118803601561,
  "summary_bg_mad": 0.0,
  "summary_bg_mean": 1.0141341613628028,
  "summary_bg_median": 0.0,
  "summary_bg_n": 2072092.0,
  "summary_bg_p05": 0.0,
  "summary_bg_p95": 4.316956663504243,
  "summary_bg_stdv": 2.6417876018725117,
  "summary_csf_k": -0.9812158222754634,
  "summary_csf_mad": 187.6888511401686,
  "summary_csf_mean": 244.76301624593108,
  "summary_csf_median": 267.34452433884144,
  "summary_csf_n": 27746.0,
  "summary_csf_p05": 31.19932512519881,
  "summary_csf_p95": 481.19823032431304,
  "summary_csf_stdv": 150.2609501076405,
  "summary_gm_k": 0.1937279650732182,
  "summary_gm_mad": 43.79514823211827,
  "summary_gm_mean": 759.5330674777476,
  "summary_gm_median": 761.1868358552456,
  "summary_gm_n": 106861.0,
  "summary_gm_p05": 685.2566082458943,
  "summary_gm_p95": 829.6007379032671,
  "summary_gm_stdv": 44.33430735204047,
  "summary_wm_k": 0.3244101232798018,
  "summary_wm_mad": 28.36288160729915,
  "summary_wm_mean": 1000.9926565655313,
  "summary_wm_median": 1000.0000019408762,
  "summary_wm_n": 208433.0,
  "summary_wm_p05": 954.9677890297025,
  "summary_wm_p95": 1052.0664437301457,
  "summary_wm_stdv": 29.437596797569356,
  "tpm_overlap_csf": 0.10862986514962296,
  "tpm_overlap_gm": 0.48585793349798173,
  "tpm_overlap_wm": 0.5078207232749318,
  "wm2max": 0.9189472200406774
}