{
  "aor": 0.00024036211699164346,
  "aqi": 0.002571016880222841,
  "bids_meta": {
    "AcquisitionNumber": 1,
    "AcquisitionTime": "15:32:24.510000",
    "BandwidthPerPixelPhaseEncode": 25.355,
    "BodyPartExamined": "BRAIN",
    "ConversionSoftware": "dcm2niix",
    "ConversionSoftwareVersion": "v1.0.20170724 (OpenJPEG build) GCC6.1.0",
    "DeviceSerialNumber": "67025",
    "EchoTime": 0.035,
    "EchoTrainLength": 68,
    "EffectiveEchoSpacing": 0.000579999,
    "FlipAngle": 52,
    "ImageType": [
      "ORIGINAL",
      "PRIMARY",
      "M",
      "MB",
      "ND",
      "MOSAIC"
    ],
    "InstitutionAddress": "McClintock_3520A_Los_Angeles_SVC0e0594213b1104_CA_US_90089",
    "InstitutionName": "USC",
    "MagneticFieldStrength": 3,
    "Manufacturer": "Siemens",
    "ManufacturersModelName": "Prisma_fit",
    "PhaseEncodingDirection": "j-",
    "PhaseEncodingLines": 68,
    "ProcedureStepDescription": "HAssal_Music",
    "ProtocolName": "Resting",
    "RepetitionTime": 1,
    "ScanningSequence": "EP",
    "SequenceName": "epfid2d1_68",
    "SequenceVariant": "SK_SS",
    "SeriesDescription": "Resting",
    "SliceTiming": [
      0,
      0.49,
      0.1625,
      0.8175,
      0.3275,
      0.6525,
      0,
      0.49,
      0.1625,
      0.8175,
      0.3275,
      0.6525,
      0,
      0.49,
      0.1625,
      0.8175,
      0.3275,
      0.6525,
      0,
      0.49,
      0.1625,
      0.8175,
      0.3275,
      0.6525,
      0,
      0.49,
      0.1625,
      0.8175,
      0.3275,
      0.6525,
      0,
      0.49,
      0.1625,
      0.8175,
      0.3275,
      0.6525,
      0,
      0.49,
      0.1625,
      0.8175,
      0.3275,
      0.6525,
      0,
      0.49,
      0.1625,
      0.8175,
      0.3275,
      0.6525
    ],
    "SoftwareVersions": "syngo_MR_E11",
    "TaskName": "rest",
    "TotalReadoutTime": 0.03886,
    "dataset": "ds003085",
    "modality": "bold",
    "subject_id": "22",
    "task_id": "rest"
  },
  "dummy_trs": 1,
  "dvars_nstd": 20.746824914553077,
  "dvars_std": 1.0109814656145246,
  "dvars_vstd": 0.9563104360055861,
  "efc": 0.5294961967842537,
  "fber": 589.4089965820312,
  "fd_mean": 0.08592615133140505,
  "fd_num": 1,
  "fd_perc": 0.2785515320334262,
  "fwhm_avg": 2.9594066666666663,
  "fwhm_x": 2.746003333333333,
  "fwhm_y": 3.0470066666666664,
  "fwhm_z": 3.08521,
  "gcor": 0.0196162,
  "gsr_x": 0.009532826021313667,
  "gsr_y": 0.04423112794756889,
  "provenance": {
    "md5sum": "e940a1e4b82fbd718b8d95ae7b6ef2d9",
    "settings": {
      "fd_thres": 0.2,
      "testing": false
    },
    "software": "mriqc",
    "version": "22.0.1",
    "webapi_port": null,
    "webapi_url": "https://mriqc.nimh.nih.gov/api/v1"
  },
  "size_t": 359,
  "size_x": 68,
  "size_y": 68,
  "size_z": 48,
  "snr": 2.309524886444112,
  "spacing_tr": 1.0,
  "spacing_x": 3.0,
  "spacing_y": 3.0,
  "spacing_z": 3.0,
  "summary_bg_k": 25.91029712335642,
  "summary_bg_mad": 140.27318199990899,
  "summary_bg_mean": 334.4899597167969,
  "summary_bg_median": 176.51531982421875,
  "summary_bg_n": 130553.0,
  "summary_bg_p05": 62.445682525634766,
  "summary_bg_p95": 1212.8294921874983,
  "summary_bg_stdv": 483.1882019042969,
  "summary_fg_k": 1.1166025991796067,
  "summary_fg_mad": 1727.9207629340347,
  "summary_fg_mean": 4904.3837890625,
  "summary_fg_median": 4480.38720703125,
  "summary_fg_n": 44651.0,
  "summary_fg_p05": 2527.2227783203125,
  "summary_fg_p95": 8733.86865234375,
  "summary_fg_stdv": 1939.9388427734375,
  "tsnr": 55.01740835420787
}