{
  "bids_meta": {
    "AccelFactPE": 2,
    "AcquisitionNumber": 1,
    "AcquisitionTime": "13:28:7.540000",
    "BodyPartExamined": "BRAIN",
    "ConversionSoftware": "dcm2niix",
    "ConversionSoftwareVersion": "v1.0.20170724 (OpenJPEG build) GCC6.1.0",
    "DeviceSerialNumber": "67025",
    "EchoTime": 0.00226,
    "FlipAngle": 9,
    "ImageType": [
      "ORIGINAL",
      "PRIMARY",
      "M",
      "ND",
      "NORM"
    ],
    "InstitutionAddress": "McClintock_3520A_Los_Angeles_SVC0e0594213b1104_CA_US_90089",
    "InstitutionName": "USC",
    "InversionTime": 1.06,
    "MagneticFieldStrength": 3,
    "Manufacturer": "Siemens",
    "ManufacturersModelName": "Prisma_fit",
    "PhaseEncodingDirection": "i-",
    "PhaseEncodingLines": 224,
    "ProcedureStepDescription": "HAssal_Music",
    "ProtocolName": "t1_mprage_short_32channel",
    "RepetitionTime": 2.3,
    "ScanningSequence": "GR_IR",
    "SequenceName": "_tfl3d1_16ns",
    "SequenceVariant": "SK_SP_MP",
    "SeriesDescription": "t1_mprage_short_32channel",
    "SoftwareVersions": "syngo_MR_E11",
    "dataset": "ds003085",
    "modality": "T1w",
    "subject_id": "02"
  },
  "cjv": 0.3573492224571617,
  "cnr": 3.7897461691120293,
  "efc": 0.6061123089765388,
  "fber": -1.0,
  "fwhm_avg": 4.335345997160132,
  "fwhm_x": 4.293507991480394,
  "fwhm_y": 4.33271,
  "fwhm_z": 4.37982,
  "icvs_csf": 0.20071861185981132,
  "icvs_gm": 0.4457953385592123,
  "icvs_wm": 0.3534860495809764,
  "inu_med": 0.3304745852947235,
  "inu_range": 0.09910520911216736,
  "provenance": {
    "md5sum": "09d71f68a8d2fd21e9f4985bc4c3a87e",
    "settings": {
      "testing": false
    },
    "software": "mriqc",
    "version": "22.0.1",
    "warnings": {
      "large_rot_frame": true,
      "small_air_mask": false
    },
    "webapi_port": null,
    "webapi_url": "https://mriqc.nimh.nih.gov/api/v1"
  },
  "qi_1": 0.012364309438200865,
  "qi_2": 0.05297465578666291,
  "rpve_csf": 19.093239750632772,
  "rpve_gm": 9.26207901645164,
  "rpve_wm": 13.307562953660145,
  "size_x": 176,
  "size_y": 224,
  "size_z": 256,
  "snr_csf": 3.513247531637883,
  "snr_gm": 17.694170964978692,
  "snr_total": 17.565669896791064,
  "snr_wm": 31.489591193756617,
  "snrd_csf": 105.32343227869362,
  "snrd_gm": 236.41359693119895,
  "snrd_total": 213.42921902193214,
  "snrd_wm": 298.5506278559038,
  "spacing_x": 1.0000051259994507,
  "spacing_y": 1.0,
  "spacing_z": 1.0,
  "summary_bg_k": 35.16515626340948,
  "summary_bg_mad": 0.0,
  "summary_bg_mean": 0.9869634585369218,
  "summary_bg_median": 0.0,
  "summary_bg_n": 1920844.0,
  "summary_bg_p05": 0.0,
  "summary_bg_p95": 4.213858857750893,
  "summary_bg_stdv": 2.1943895948135057,
  "summary_csf_k": 1.8055608713333902,
  "summary_csf_mad": 68.09418820846649,
  "summary_csf_mean": 364.8253620098966,
  "summary_csf_median": 352.7824799269438,
  "summary_csf_n": 45679.0,
  "summary_csf_p05": 206.7109577447176,
  "summary_csf_p95": 549.168368692696,
  "summary_csf_stdv": 100.41382373144195,
  "summary_gm_k": 0.12407514434953804,
  "summary_gm_mad": 43.43483655627426,
  "summary_gm_mean": 791.4332881466464,
  "summary_gm_median": 791.8710320144892,
  "summary_gm_n": 44615.0,
  "summary_gm_p05": 717.0694634020329,
  "summary_gm_p95": 865.2233899086714,
  "summary_gm_stdv": 44.752713141453,
  "summary_wm_k": 0.6018486203045117,
  "summary_wm_mad": 30.93988357433235,
  "summary_wm_mean": 1002.1416572200916,
  "summary_wm_median": 999.9999867081642,
  "summary_wm_n": 232927.0,
  "summary_wm_p05": 954.4278835058212,
  "summary_wm_p95": 1056.7421602159739,
  "summary_wm_stdv": 31.756456727481154,
  "tpm_overlap_csf": 0.16210666585455774,
  "tpm_overlap_gm": 0.46938882934773984,
  "tpm_overlap_wm": 0.49982004194459734,
  "wm2max": 0.8922397501442241
}