{
  "bids_meta": {
    "AccelFactPE": 2,
    "AcquisitionNumber": 1,
    "AcquisitionTime": "11:20:31.162500",
    "BodyPartExamined": "BRAIN",
    "ConversionSoftware": "dcm2niix",
    "ConversionSoftwareVersion": "v1.0.20170724 (OpenJPEG build) GCC6.1.0",
    "DeviceSerialNumber": "67025",
    "EchoTime": 0.00226,
    "FlipAngle": 9,
    "ImageType": [
      "ORIGINAL",
      "PRIMARY",
      "M",
      "ND",
      "NORM"
    ],
    "InstitutionAddress": "McClintock_3520A_Los_Angeles_SVC0e0594213b1104_CA_US_90089",
    "InstitutionName": "USC",
    "InversionTime": 1.06,
    "MagneticFieldStrength": 3,
    "Manufacturer": "Siemens",
    "ManufacturersModelName": "Prisma_fit",
    "PhaseEncodingDirection": "i-",
    "PhaseEncodingLines": 224,
    "ProcedureStepDescription": "HAssal_Music",
    "ProtocolName": "t1_mprage_short_32channel",
    "RepetitionTime": 2.3,
    "ScanningSequence": "GR_IR",
    "SequenceName": "_tfl3d1_16ns",
    "SequenceVariant": "SK_SP_MP",
    "SeriesDescription": "t1_mprage_short_32channel",
    "SoftwareVersions": "syngo_MR_E11",
    "dataset": "ds003085",
    "modality": "T1w",
    "subject_id": "31"
  },
  "cjv": 0.3634305827811046,
  "cnr": 3.7456877439687095,
  "efc": 0.5730729238047347,
  "fber": -1.0,
  "fwhm_avg": 4.221195004114732,
  "fwhm_x": 4.196375012344196,
  "fwhm_y": 4.17454,
  "fwhm_z": 4.29267,
  "icvs_csf": 0.1938685755558257,
  "icvs_gm": 0.4377085745016288,
  "icvs_wm": 0.3684228499425455,
  "inu_med": 0.28235459327697754,
  "inu_range": 0.07620579898357388,
  "provenance": {
    "md5sum": "fdd494a0433cc06eeeb16835a7a77847",
    "settings": {
      "testing": false
    },
    "software": "mriqc",
    "version": "22.0.1",
    "warnings": {
      "large_rot_frame": true,
      "small_air_mask": false
    },
    "webapi_port": null,
    "webapi_url": "https://mriqc.nimh.nih.gov/api/v1"
  },
  "qi_1": 0.008554606290220314,
  "qi_2": 0.043145904752288314,
  "rpve_csf": 22.572985034258924,
  "rpve_gm": 10.724729773780663,
  "rpve_wm": 14.7221919991531,
  "size_x": 176,
  "size_y": 224,
  "size_z": 256,
  "snr_csf": 2.934179001531566,
  "snr_gm": 16.31307914797862,
  "snr_total": 17.733178415956612,
  "snr_wm": 33.952277098359644,
  "snrd_csf": 122.07650387308382,
  "snrd_gm": 282.30386207598633,
  "snrd_total": 254.21442921873873,
  "snrd_wm": 358.26292170714606,
  "spacing_x": 0.9999940395355225,
  "spacing_y": 1.0,
  "spacing_z": 1.0,
  "summary_bg_k": 25.839094242395234,
  "summary_bg_mad": 0.0,
  "summary_bg_mean": 0.7502945236260005,
  "summary_bg_median": 0.0,
  "summary_bg_n": 1923774.0,
  "summary_bg_p05": 0.0,
  "summary_bg_p95": 3.9996522068977356,
  "summary_bg_stdv": 1.8286867035655174,
  "summary_csf_k": 1.1043905351009364,
  "summary_csf_mad": 77.44311654445313,
  "summary_csf_mean": 351.40662187164907,
  "summary_csf_median": 340.75297823548317,
  "summary_csf_n": 32099.0,
  "summary_csf_p05": 124.943483261019,
  "summary_csf_p95": 555.1734635576605,
  "summary_csf_stdv": 116.13049857290208,
  "summary_gm_k": -0.03816167385280167,
  "summary_gm_mad": 48.405976300361466,
  "summary_gm_mean": 787.1533381655355,
  "summary_gm_median": 787.9966964796185,
  "summary_gm_n": 39363.0,
  "summary_gm_p05": 707.0037392899394,
  "summary_gm_p95": 866.1159905076028,
  "summary_gm_stdv": 48.303982338978585,
  "summary_wm_k": 0.4311866796876265,
  "summary_wm_mad": 28.65040807657879,
  "summary_wm_mean": 1001.7344205666499,
  "summary_wm_median": 1000.0217379257083,
  "summary_wm_n": 204989.0,
  "summary_wm_p05": 956.5472574159503,
  "summary_wm_p95": 1052.343275219202,
  "summary_wm_stdv": 29.453673926416975,
  "tpm_overlap_csf": 0.1570956990623138,
  "tpm_overlap_gm": 0.46965697184123284,
  "tpm_overlap_wm": 0.5049726636866793,
  "wm2max": 0.9035115283396834
}