{
  "aor": 0.0003559280303030303,
  "aqi": 0.0023450575000000004,
  "bids_meta": {
    "AcquisitionNumber": 1,
    "AcquisitionTime": "17:30:39.072500",
    "BandwidthPerPixelPhaseEncode": 25.355,
    "BodyPartExamined": "BRAIN",
    "ConversionSoftware": "dcm2niix",
    "ConversionSoftwareVersion": "v1.0.20170724 (OpenJPEG build) GCC6.1.0",
    "DeviceSerialNumber": "67025",
    "EchoTime": 0.035,
    "EchoTrainLength": 68,
    "EffectiveEchoSpacing": 0.000579999,
    "FlipAngle": 52,
    "ImageType": [
      "ORIGINAL",
      "PRIMARY",
      "M",
      "MB",
      "ND",
      "MOSAIC"
    ],
    "InstitutionAddress": "McClintock_3520A_Los_Angeles_SVC0e0594213b1104_CA_US_90089",
    "InstitutionName": "USC",
    "MagneticFieldStrength": 3,
    "Manufacturer": "Siemens",
    "ManufacturersModelName": "Prisma_fit",
    "PhaseEncodingDirection": "j-",
    "PhaseEncodingLines": 68,
    "ProcedureStepDescription": "HAssal_Music",
    "ProtocolName": "MUSIC_DYNAMICS_SNL_L",
    "RepetitionTime": 1,
    "ScanningSequence": "EP",
    "SequenceName": "epfid2d1_68",
    "SequenceVariant": "SK_SS",
    "SeriesDescription": "MUSIC_DYNAMICS_SNL_L",
    "SliceTiming": [
      0,
      0.49,
      0.1625,
      0.815,
      0.325,
      0.6525,
      0,
      0.49,
      0.1625,
      0.815,
      0.325,
      0.6525,
      0,
      0.49,
      0.1625,
      0.815,
      0.325,
      0.6525,
      0,
      0.49,
      0.1625,
      0.815,
      0.325,
      0.6525,
      0,
      0.49,
      0.1625,
      0.815,
      0.325,
      0.6525,
      0,
      0.49,
      0.1625,
      0.815,
      0.325,
      0.6525,
      0,
      0.49,
      0.1625,
      0.815,
      0.325,
      0.6525,
      0,
      0.49,
      0.1625,
      0.815,
      0.325,
      0.6525
    ],
    "SoftwareVersions": "syngo_MR_E11",
    "TaskName": "sadln",
    "TotalReadoutTime": 0.03886,
    "dataset": "ds003085",
    "modality": "bold",
    "subject_id": "03",
    "task_id": "sadln"
  },
  "dummy_trs": 2,
  "dvars_nstd": 24.271700936831127,
  "dvars_std": 1.1348133893738144,
  "dvars_vstd": 0.9877792594307396,
  "efc": 0.4855788454453126,
  "fber": 1125.169189453125,
  "fd_mean": 0.1444891365337645,
  "fd_num": 123,
  "fd_perc": 23.295454545454547,
  "fwhm_avg": 2.8111522222222223,
  "fwhm_x": 2.6314066666666664,
  "fwhm_y": 2.9123666666666668,
  "fwhm_z": 2.8896833333333336,
  "gcor": 0.0134012,
  "gsr_x": 0.003274626098573208,
  "gsr_y": 0.03481242060661316,
  "provenance": {
    "md5sum": "28e090227184c902b0a4a63afc2ec70e",
    "settings": {
      "fd_thres": 0.2,
      "testing": false
    },
    "software": "mriqc",
    "version": "22.0.1",
    "webapi_port": null,
    "webapi_url": "https://mriqc.nimh.nih.gov/api/v1"
  },
  "size_t": 528,
  "size_x": 68,
  "size_y": 68,
  "size_z": 48,
  "snr": 2.562809030444724,
  "spacing_tr": 1.0,
  "spacing_x": 3.0,
  "spacing_y": 3.0,
  "spacing_z": 3.0,
  "summary_bg_k": 25.917086323414573,
  "summary_bg_mad": 109.49916410338727,
  "summary_bg_mean": 304.9992980957031,
  "summary_bg_median": 144.57386779785156,
  "summary_bg_n": 143321.0,
  "summary_bg_p05": 58.57575988769531,
  "summary_bg_p95": 1115.429931640625,
  "summary_bg_stdv": 487.59228515625,
  "summary_fg_k": 1.04661668519074,
  "summary_fg_mad": 1806.7194782085057,
  "summary_fg_mean": 5266.6513671875,
  "summary_fg_median": 4900.77392578125,
  "summary_fg_n": 36878.0,
  "summary_fg_p05": 2831.1656127929687,
  "summary_fg_p95": 8873.363134765625,
  "summary_fg_stdv": 1912.2406005859375,
  "tsnr": 63.965772149618715
}