{
  "bids_meta": {
    "AccelFactPE": 2,
    "AcquisitionNumber": 1,
    "AcquisitionTime": "14:27:39.690000",
    "BodyPartExamined": "BRAIN",
    "ConversionSoftware": "dcm2niix",
    "ConversionSoftwareVersion": "v1.0.20170724 (OpenJPEG build) GCC6.1.0",
    "DeviceSerialNumber": "67025",
    "EchoTime": 0.00226,
    "FlipAngle": 9,
    "ImageType": [
      "ORIGINAL",
      "PRIMARY",
      "M",
      "ND",
      "NORM"
    ],
    "InstitutionAddress": "McClintock_3520A_Los_Angeles_SVC0e0594213b1104_CA_US_90089",
    "InstitutionName": "USC",
    "InversionTime": 1.06,
    "MagneticFieldStrength": 3,
    "Manufacturer": "Siemens",
    "ManufacturersModelName": "Prisma_fit",
    "PhaseEncodingDirection": "i-",
    "PhaseEncodingLines": 224,
    "ProcedureStepDescription": "HAssal_Music",
    "ProtocolName": "t1_mprage_short_32channel",
    "RepetitionTime": 2.3,
    "ScanningSequence": "GR_IR",
    "SequenceName": "_tfl3d1_16ns",
    "SequenceVariant": "SK_SP_MP",
    "SeriesDescription": "t1_mprage_short_32channel",
    "SoftwareVersions": "syngo_MR_E11",
    "dataset": "ds003085",
    "modality": "T1w",
    "subject_id": "09"
  },
  "cjv": 0.35771347371354645,
  "cnr": 3.8306151079360395,
  "efc": 0.5835655690309689,
  "fber": -1.0,
  "fwhm_avg": 4.517133871438298,
  "fwhm_x": 4.5139516143148954,
  "fwhm_y": 4.57834,
  "fwhm_z": 4.45911,
  "icvs_csf": 0.18673274806745674,
  "icvs_gm": 0.43076330674207425,
  "icvs_wm": 0.38250394519046904,
  "inu_med": 0.2477547526359558,
  "inu_range": 0.059434921294450715,
  "provenance": {
    "md5sum": "5aa04248f8e9d9fe4a24d03ef1cea3bb",
    "settings": {
      "testing": false
    },
    "software": "mriqc",
    "version": "22.0.1",
    "warnings": {
      "large_rot_frame": true,
      "small_air_mask": false
    },
    "webapi_port": null,
    "webapi_url": "https://mriqc.nimh.nih.gov/api/v1"
  },
  "qi_1": 0.011246194303931681,
  "qi_2": 0.04602102788411344,
  "rpve_csf": 23.820544945783578,
  "rpve_gm": 11.1109527896612,
  "rpve_wm": 14.550846866637029,
  "size_x": 176,
  "size_y": 224,
  "size_z": 256,
  "snr_csf": 2.8782878352852297,
  "snr_gm": 15.869073953753185,
  "snr_total": 17.89775466683075,
  "snr_wm": 34.945902211453834,
  "snrd_csf": 92.22484783586889,
  "snrd_gm": 217.4811736861367,
  "snrd_total": 195.98433167613328,
  "snrd_wm": 278.2469735063943,
  "spacing_x": 0.9999996423721313,
  "spacing_y": 1.0,
  "spacing_z": 1.0,
  "summary_bg_k": 22.868297973420344,
  "summary_bg_mad": 0.0,
  "summary_bg_mean": 1.0192825496028932,
  "summary_bg_median": 0.0,
  "summary_bg_n": 2019427.0,
  "summary_bg_p05": 0.0,
  "summary_bg_p95": 6.402553599327803,
  "summary_bg_stdv": 2.3546466757114524,
  "summary_csf_k": 0.7037397164562296,
  "summary_csf_mad": 82.31420992393933,
  "summary_csf_mean": 323.8173967434932,
  "summary_csf_median": 331.4682734385133,
  "summary_csf_n": 34759.0,
  "summary_csf_p05": 91.34247215650976,
  "summary_csf_p95": 505.76606029458344,
  "summary_csf_stdv": 115.15995768317526,
  "summary_gm_k": -0.06632262950401113,
  "summary_gm_mad": 50.62170806448552,
  "summary_gm_mean": 780.7635799064434,
  "summary_gm_median": 781.6560378111899,
  "summary_gm_n": 45160.0,
  "summary_gm_p05": 700.3191985376179,
  "summary_gm_p95": 860.3464256776496,
  "summary_gm_stdv": 49.25601744279209,
  "summary_wm_k": 0.6521825933854397,
  "summary_wm_mad": 27.50302313319312,
  "summary_wm_mean": 1000.9968389402585,
  "summary_wm_median": 1000.0563412345946,
  "summary_wm_n": 229839.0,
  "summary_wm_p05": 956.3837908767164,
  "summary_wm_p95": 1049.1738785244524,
  "summary_wm_stdv": 28.617208381760886,
  "tpm_overlap_csf": 0.15907124912995474,
  "tpm_overlap_gm": 0.4741605021646152,
  "tpm_overlap_wm": 0.518461081225692,
  "wm2max": 0.9231502504462971
}