{
  "aor": 0.0007323626373626374,
  "aqi": 0.0021496435714285713,
  "bids_meta": {
    "AcquisitionNumber": 1,
    "AcquisitionTime": "14:04:16.030000",
    "BandwidthPerPixelPhaseEncode": 25.355,
    "BodyPartExamined": "BRAIN",
    "ConversionSoftware": "dcm2niix",
    "ConversionSoftwareVersion": "v1.0.20170724 (OpenJPEG build) GCC6.1.0",
    "DeviceSerialNumber": "67025",
    "EchoTime": 0.035,
    "EchoTrainLength": 68,
    "EffectiveEchoSpacing": 0.000579999,
    "FlipAngle": 52,
    "ImageType": [
      "ORIGINAL",
      "PRIMARY",
      "M",
      "MB",
      "ND",
      "MOSAIC"
    ],
    "InstitutionAddress": "McClintock_3520A_Los_Angeles_SVC0e0594213b1104_CA_US_90089",
    "InstitutionName": "USC",
    "MagneticFieldStrength": 3,
    "Manufacturer": "Siemens",
    "ManufacturersModelName": "Prisma_fit",
    "PhaseEncodingDirection": "j-",
    "PhaseEncodingLines": 68,
    "ProcedureStepDescription": "HAssal_Music",
    "ProtocolName": "MUSIC_DYNAMICS_HNL",
    "RepetitionTime": 1,
    "ScanningSequence": "EP",
    "SequenceName": "epfid2d1_68",
    "SequenceVariant": "SK_SS",
    "SeriesDescription": "MUSIC_DYNAMICS_HNL",
    "SliceTiming": [
      0,
      0.49,
      0.1625,
      0.815,
      0.325,
      0.6525,
      0,
      0.49,
      0.1625,
      0.815,
      0.325,
      0.6525,
      0,
      0.49,
      0.1625,
      0.815,
      0.325,
      0.6525,
      0,
      0.49,
      0.1625,
      0.815,
      0.325,
      0.6525,
      0,
      0.49,
      0.1625,
      0.815,
      0.325,
      0.6525,
      0,
      0.49,
      0.1625,
      0.815,
      0.325,
      0.6525,
      0,
      0.49,
      0.1625,
      0.815,
      0.325,
      0.6525,
      0,
      0.49,
      0.1625,
      0.815,
      0.325,
      0.6525
    ],
    "SoftwareVersions": "syngo_MR_E11",
    "TaskName": "happy",
    "TotalReadoutTime": 0.03886,
    "dataset": "ds003085",
    "modality": "bold",
    "subject_id": "12",
    "task_id": "happy"
  },
  "dummy_trs": 1,
  "dvars_nstd": 21.790697656187845,
  "dvars_std": 1.0915531486740335,
  "dvars_vstd": 1.005669418950276,
  "efc": 0.49288488404522607,
  "fber": 1093.3765869140625,
  "fd_mean": 0.10561072859873562,
  "fd_num": 3,
  "fd_perc": 1.6483516483516483,
  "fwhm_avg": 2.7804333333333333,
  "fwhm_x": 2.6229766666666667,
  "fwhm_y": 2.8395233333333336,
  "fwhm_z": 2.8788,
  "gcor": 0.0104271,
  "gsr_x": -0.0014483974082395434,
  "gsr_y": 0.046922940760850906,
  "provenance": {
    "md5sum": "649d667772e9a9ee6292e6343fb49008",
    "settings": {
      "fd_thres": 0.2,
      "testing": false
    },
    "software": "mriqc",
    "version": "22.0.1",
    "webapi_port": null,
    "webapi_url": "https://mriqc.nimh.nih.gov/api/v1"
  },
  "size_t": 182,
  "size_x": 68,
  "size_y": 68,
  "size_z": 48,
  "snr": 2.428737404774129,
  "spacing_tr": 1.0,
  "spacing_x": 3.0,
  "spacing_y": 3.0,
  "spacing_z": 3.0,
  "summary_bg_k": 30.471475314074922,
  "summary_bg_mad": 96.76831068913766,
  "summary_bg_mean": 275.1669616699219,
  "summary_bg_median": 134.03846740722656,
  "summary_bg_n": 139067.0,
  "summary_bg_p05": 57.21428680419922,
  "summary_bg_p95": 1000.348370361326,
  "summary_bg_stdv": 424.6826477050781,
  "summary_fg_k": 1.296979715008269,
  "summary_fg_mad": 1674.28140190856,
  "summary_fg_mean": 4944.78564453125,
  "summary_fg_median": 4546.19775390625,
  "summary_fg_n": 39255.0,
  "summary_fg_p05": 2656.3951171875,
  "summary_fg_p95": 8636.419238281245,
  "summary_fg_stdv": 1871.81201171875,
  "tsnr": 65.22564647730906
}