{
  "aor": 0.001124280442804428,
  "aqi": 0.003772829446494465,
  "bids_meta": {
    "AcquisitionNumber": 1,
    "AcquisitionTime": "13:58:31.835000",
    "BandwidthPerPixelPhaseEncode": 25.355,
    "BodyPartExamined": "BRAIN",
    "ConversionSoftware": "dcm2niix",
    "ConversionSoftwareVersion": "v1.0.20170724 (OpenJPEG build) GCC6.1.0",
    "DeviceSerialNumber": "67025",
    "EchoTime": 0.035,
    "EchoTrainLength": 68,
    "EffectiveEchoSpacing": 0.000579999,
    "FlipAngle": 52,
    "ImageType": [
      "ORIGINAL",
      "PRIMARY",
      "M",
      "MB",
      "ND",
      "MOSAIC"
    ],
    "InstitutionAddress": "McClintock_3520A_Los_Angeles_SVC0e0594213b1104_CA_US_90089",
    "InstitutionName": "USC",
    "MagneticFieldStrength": 3,
    "Manufacturer": "Siemens",
    "ManufacturersModelName": "Prisma_fit",
    "PhaseEncodingDirection": "j-",
    "PhaseEncodingLines": 68,
    "ProcedureStepDescription": "HAssal_Music",
    "ProtocolName": "MUSIC_DYNAMICS_SNL",
    "RepetitionTime": 1,
    "ScanningSequence": "EP",
    "SequenceName": "epfid2d1_68",
    "SequenceVariant": "SK_SS",
    "SeriesDescription": "MUSIC_DYNAMICS_SNL",
    "SliceTiming": [
      0,
      0.49,
      0.165,
      0.8175,
      0.3275,
      0.6525,
      0,
      0.49,
      0.165,
      0.8175,
      0.3275,
      0.6525,
      0,
      0.49,
      0.165,
      0.8175,
      0.3275,
      0.6525,
      0,
      0.49,
      0.165,
      0.8175,
      0.3275,
      0.6525,
      0,
      0.49,
      0.165,
      0.8175,
      0.3275,
      0.6525,
      0,
      0.49,
      0.165,
      0.8175,
      0.3275,
      0.6525,
      0,
      0.49,
      0.165,
      0.8175,
      0.3275,
      0.6525,
      0,
      0.49,
      0.165,
      0.8175,
      0.3275,
      0.6525
    ],
    "SoftwareVersions": "syngo_MR_E11",
    "TaskName": "sadsh",
    "TotalReadoutTime": 0.03886,
    "dataset": "ds003085",
    "modality": "bold",
    "subject_id": "12",
    "task_id": "sadsh"
  },
  "dummy_trs": 0,
  "dvars_nstd": 21.627338988518517,
  "dvars_std": 1.0508582935185191,
  "dvars_vstd": 0.9734558005925927,
  "efc": 0.4928911564070214,
  "fber": 1116.2730712890625,
  "fd_mean": 0.10988723384293363,
  "fd_num": 8,
  "fd_perc": 2.952029520295203,
  "fwhm_avg": 2.789997777777778,
  "fwhm_x": 2.62437,
  "fwhm_y": 2.844053333333333,
  "fwhm_z": 2.90157,
  "gcor": 0.0114021,
  "gsr_x": -0.0015142082702368498,
  "gsr_y": 0.048465292900800705,
  "provenance": {
    "md5sum": "ca12db602cbbb998cbcd0ff9c1dbe42e",
    "settings": {
      "fd_thres": 0.2,
      "testing": false
    },
    "software": "mriqc",
    "version": "22.0.1",
    "webapi_port": null,
    "webapi_url": "https://mriqc.nimh.nih.gov/api/v1"
  },
  "size_t": 271,
  "size_x": 68,
  "size_y": 68,
  "size_z": 48,
  "snr": 2.4286126210605556,
  "spacing_tr": 1.0,
  "spacing_x": 3.0,
  "spacing_y": 3.0,
  "spacing_z": 3.0,
  "summary_bg_k": 31.095536883638687,
  "summary_bg_mad": 97.02838141521097,
  "summary_bg_mean": 278.01715087890625,
  "summary_bg_median": 133.6549835205078,
  "summary_bg_n": 139352.0,
  "summary_bg_p05": 56.8175271987915,
  "summary_bg_p95": 1011.3363555908186,
  "summary_bg_stdv": 435.404296875,
  "summary_fg_k": 1.39539893532349,
  "summary_fg_mad": 1662.1994245034089,
  "summary_fg_mean": 4964.31884765625,
  "summary_fg_median": 4557.97412109375,
  "summary_fg_n": 39165.0,
  "summary_fg_p05": 2677.3025390625,
  "summary_fg_p95": 8680.496874999999,
  "summary_fg_stdv": 1876.757080078125,
  "tsnr": 52.85178702324629
}