{
  "aor": 0.013706694677871147,
  "aqi": 0.008390694845938377,
  "bids_meta": {
    "AcquisitionNumber": 1,
    "AcquisitionTime": "13:31:46.105000",
    "BandwidthPerPixelPhaseEncode": 25.355,
    "BodyPartExamined": "BRAIN",
    "ConversionSoftware": "dcm2niix",
    "ConversionSoftwareVersion": "v1.0.20170724 (OpenJPEG build) GCC6.1.0",
    "DeviceSerialNumber": "67025",
    "EchoTime": 0.035,
    "EchoTrainLength": 68,
    "EffectiveEchoSpacing": 0.000579999,
    "FlipAngle": 52,
    "ImageType": [
      "ORIGINAL",
      "PRIMARY",
      "M",
      "MB",
      "ND",
      "MOSAIC"
    ],
    "InstitutionAddress": "McClintock_3520A_Los_Angeles_SVC0e0594213b1104_CA_US_90089",
    "InstitutionName": "USC",
    "MagneticFieldStrength": 3,
    "Manufacturer": "Siemens",
    "ManufacturersModelName": "Prisma_fit",
    "PhaseEncodingDirection": "j-",
    "PhaseEncodingLines": 68,
    "ProcedureStepDescription": "HAssal_Music",
    "ProtocolName": "Resting",
    "RepetitionTime": 1,
    "ScanningSequence": "EP",
    "SequenceName": "epfid2d1_68",
    "SequenceVariant": "SK_SS",
    "SeriesDescription": "Resting",
    "SliceTiming": [
      0,
      0.49,
      0.1625,
      0.815,
      0.325,
      0.6525,
      0,
      0.49,
      0.1625,
      0.815,
      0.325,
      0.6525,
      0,
      0.49,
      0.1625,
      0.815,
      0.325,
      0.6525,
      0,
      0.49,
      0.1625,
      0.815,
      0.325,
      0.6525,
      0,
      0.49,
      0.1625,
      0.815,
      0.325,
      0.6525,
      0,
      0.49,
      0.1625,
      0.815,
      0.325,
      0.6525,
      0,
      0.49,
      0.1625,
      0.815,
      0.325,
      0.6525,
      0,
      0.49,
      0.1625,
      0.815,
      0.325,
      0.6525
    ],
    "SoftwareVersions": "syngo_MR_E11",
    "TaskName": "rest",
    "TotalReadoutTime": 0.03886,
    "dataset": "ds003085",
    "modality": "bold",
    "subject_id": "12",
    "task_id": "rest"
  },
  "dummy_trs": 3,
  "dvars_nstd": 26.25901613898875,
  "dvars_std": 1.100884130955056,
  "dvars_vstd": 1.041814800758427,
  "efc": 0.49103925211104954,
  "fber": 1042.7432861328125,
  "fd_mean": 0.2067251355358185,
  "fd_num": 102,
  "fd_perc": 28.571428571428573,
  "fwhm_avg": 2.86255,
  "fwhm_x": 2.6866833333333333,
  "fwhm_y": 2.9215466666666665,
  "fwhm_z": 2.9794199999999997,
  "gcor": 0.0135201,
  "gsr_x": -0.0010348018258810043,
  "gsr_y": 0.047121867537498474,
  "provenance": {
    "md5sum": "f9f63f9185c06bb86db4853b34c7d75a",
    "settings": {
      "fd_thres": 0.2,
      "testing": false
    },
    "software": "mriqc",
    "version": "22.0.1",
    "webapi_port": null,
    "webapi_url": "https://mriqc.nimh.nih.gov/api/v1"
  },
  "size_t": 357,
  "size_x": 68,
  "size_y": 68,
  "size_z": 48,
  "snr": 2.3797172729296032,
  "spacing_tr": 1.0,
  "spacing_x": 3.0,
  "spacing_y": 3.0,
  "spacing_z": 3.0,
  "summary_bg_k": 30.711414262407658,
  "summary_bg_mad": 104.65012098321874,
  "summary_bg_mean": 278.0231018066406,
  "summary_bg_median": 141.15126037597656,
  "summary_bg_n": 139023.0,
  "summary_bg_p05": 58.24677848815918,
  "summary_bg_p95": 981.3367248535145,
  "summary_bg_stdv": 412.1221618652344,
  "summary_fg_k": 1.3780247429735581,
  "summary_fg_mad": 1754.321289792224,
  "summary_fg_mean": 5081.61474609375,
  "summary_fg_median": 4655.75634765625,
  "summary_fg_n": 39186.0,
  "summary_fg_p05": 2703.6519775390625,
  "summary_fg_p95": 8919.326171875,
  "summary_fg_stdv": 1956.4075927734375,
  "tsnr": 36.02249346859753
}