{
  "aor": 0.0009783175803402648,
  "aqi": 0.005601563572778828,
  "bids_meta": {
    "AcquisitionNumber": 1,
    "AcquisitionTime": "13:47:10.037500",
    "BandwidthPerPixelPhaseEncode": 25.355,
    "BodyPartExamined": "BRAIN",
    "ConversionSoftware": "dcm2niix",
    "ConversionSoftwareVersion": "v1.0.20170724 (OpenJPEG build) GCC6.1.0",
    "DeviceSerialNumber": "67025",
    "EchoTime": 0.035,
    "EchoTrainLength": 68,
    "EffectiveEchoSpacing": 0.000579999,
    "FlipAngle": 52,
    "ImageType": [
      "ORIGINAL",
      "PRIMARY",
      "M",
      "MB",
      "ND",
      "MOSAIC"
    ],
    "InstitutionAddress": "McClintock_3520A_Los_Angeles_SVC0e0594213b1104_CA_US_90089",
    "InstitutionName": "USC",
    "MagneticFieldStrength": 3,
    "Manufacturer": "Siemens",
    "ManufacturersModelName": "Prisma_fit",
    "PhaseEncodingDirection": "j-",
    "PhaseEncodingLines": 68,
    "ProcedureStepDescription": "HAssal_Music",
    "ProtocolName": "MUSIC_DYNAMICS_SNL_L",
    "RepetitionTime": 1,
    "ScanningSequence": "EP",
    "SequenceName": "epfid2d1_68",
    "SequenceVariant": "SK_SS",
    "SeriesDescription": "MUSIC_DYNAMICS_SNL_L",
    "SliceTiming": [
      0,
      0.49,
      0.1625,
      0.8175,
      0.3275,
      0.6525,
      0,
      0.49,
      0.1625,
      0.8175,
      0.3275,
      0.6525,
      0,
      0.49,
      0.1625,
      0.8175,
      0.3275,
      0.6525,
      0,
      0.49,
      0.1625,
      0.8175,
      0.3275,
      0.6525,
      0,
      0.49,
      0.1625,
      0.8175,
      0.3275,
      0.6525,
      0,
      0.49,
      0.1625,
      0.8175,
      0.3275,
      0.6525,
      0,
      0.49,
      0.1625,
      0.8175,
      0.3275,
      0.6525,
      0,
      0.49,
      0.1625,
      0.8175,
      0.3275,
      0.6525
    ],
    "SoftwareVersions": "syngo_MR_E11",
    "TaskName": "sadln",
    "TotalReadoutTime": 0.03886,
    "dataset": "ds003085",
    "modality": "bold",
    "subject_id": "12",
    "task_id": "sadln"
  },
  "dummy_trs": 1,
  "dvars_nstd": 21.513066165340927,
  "dvars_std": 1.0014598266666666,
  "dvars_vstd": 0.9383501470833329,
  "efc": 0.4925034907709602,
  "fber": 1097.5567626953125,
  "fd_mean": 0.11392255781589093,
  "fd_num": 24,
  "fd_perc": 4.536862003780718,
  "fwhm_avg": 2.8268888888888895,
  "fwhm_x": 2.6466833333333333,
  "fwhm_y": 2.89344,
  "fwhm_z": 2.9405433333333337,
  "gcor": 0.0132756,
  "gsr_x": -0.0013941075885668397,
  "gsr_y": 0.04777412489056587,
  "provenance": {
    "md5sum": "eb83ec774ef775417cd5a5c5777b7acd",
    "settings": {
      "fd_thres": 0.2,
      "testing": false
    },
    "software": "mriqc",
    "version": "22.0.1",
    "webapi_port": null,
    "webapi_url": "https://mriqc.nimh.nih.gov/api/v1"
  },
  "size_t": 529,
  "size_x": 68,
  "size_y": 68,
  "size_z": 48,
  "snr": 2.422336512909494,
  "spacing_tr": 1.0,
  "spacing_x": 3.0,
  "spacing_y": 3.0,
  "spacing_z": 3.0,
  "summary_bg_k": 29.5387431687261,
  "summary_bg_mad": 98.98542720254133,
  "summary_bg_mean": 278.9765319824219,
  "summary_bg_median": 134.9915008544922,
  "summary_bg_n": 139384.0,
  "summary_bg_p05": 56.958412170410156,
  "summary_bg_p95": 1011.6893585205088,
  "summary_bg_stdv": 429.6806335449219,
  "summary_fg_k": 1.3431043563367435,
  "summary_fg_mad": 1690.3923942781116,
  "summary_fg_mean": 4971.89208984375,
  "summary_fg_median": 4567.5341796875,
  "summary_fg_n": 39094.0,
  "summary_fg_p05": 2660.9584350585938,
  "summary_fg_p95": 8667.7765625,
  "summary_fg_stdv": 1885.566162109375,
  "tsnr": 44.376806596294045
}