{
  "bids_meta": {
    "AccelFactPE": 2,
    "AcquisitionNumber": 1,
    "AcquisitionTime": "16:05:11.505000",
    "BodyPartExamined": "BRAIN",
    "ConversionSoftware": "dcm2niix",
    "ConversionSoftwareVersion": "v1.0.20170724 (OpenJPEG build) GCC6.1.0",
    "DeviceSerialNumber": "67025",
    "EchoTime": 0.00226,
    "FlipAngle": 9,
    "ImageType": [
      "ORIGINAL",
      "PRIMARY",
      "M",
      "ND",
      "NORM"
    ],
    "InstitutionAddress": "McClintock_3520A_Los_Angeles_SVC0e0594213b1104_CA_US_90089",
    "InstitutionName": "USC",
    "InversionTime": 1.06,
    "MagneticFieldStrength": 3,
    "Manufacturer": "Siemens",
    "ManufacturersModelName": "Prisma_fit",
    "PhaseEncodingDirection": "i-",
    "PhaseEncodingLines": 224,
    "ProcedureStepDescription": "HAssal_Music",
    "ProtocolName": "t1_mprage_short_32channel",
    "RepetitionTime": 2.3,
    "ScanningSequence": "GR_IR",
    "SequenceName": "_tfl3d1_16ns",
    "SequenceVariant": "SK_SP_MP",
    "SeriesDescription": "t1_mprage_short_32channel",
    "SoftwareVersions": "syngo_MR_E11",
    "dataset": "ds003085",
    "modality": "T1w",
    "subject_id": "25"
  },
  "cjv": 0.34138677659867117,
  "cnr": 3.9735723773284675,
  "efc": 0.6352497750245434,
  "fber": -1.0,
  "fwhm_avg": 4.408808804660369,
  "fwhm_x": 4.383376413981108,
  "fwhm_y": 4.4191,
  "fwhm_z": 4.42395,
  "icvs_csf": 0.17464097864877107,
  "icvs_gm": 0.45742679093001076,
  "icvs_wm": 0.3679322304212182,
  "inu_med": 0.3052959144115448,
  "inu_range": 0.09192976504564287,
  "provenance": {
    "md5sum": "0c5b3347988944da7fa8cb6eb6ecbc9c",
    "settings": {
      "testing": false
    },
    "software": "mriqc",
    "version": "22.0.1",
    "warnings": {
      "large_rot_frame": true,
      "small_air_mask": false
    },
    "webapi_port": null,
    "webapi_url": "https://mriqc.nimh.nih.gov/api/v1"
  },
  "qi_1": 0.01868661140184319,
  "qi_2": 0.021916447935401522,
  "rpve_csf": 22.83076347919649,
  "rpve_gm": 9.730659615505237,
  "rpve_wm": 13.544273004905836,
  "size_x": 176,
  "size_y": 224,
  "size_z": 256,
  "snr_csf": 3.158386599068941,
  "snr_gm": 17.538834909911895,
  "snr_total": 17.181219965660606,
  "snr_wm": 30.846438388000987,
  "snrd_csf": 75.86111075304825,
  "snrd_gm": 166.06344823645404,
  "snrd_total": 151.5338384311391,
  "snrd_wm": 212.676956303915,
  "spacing_x": 1.0000030994415283,
  "spacing_y": 1.0,
  "spacing_z": 1.0,
  "summary_bg_k": 23.855642246965154,
  "summary_bg_mad": 0.0,
  "summary_bg_mean": 1.349236797524508,
  "summary_bg_median": 0.0,
  "summary_bg_n": 1783501.0,
  "summary_bg_p05": 0.0,
  "summary_bg_p95": 7.8870726097375154,
  "summary_bg_stdv": 3.0804951974712163,
  "summary_csf_k": 1.1583953902570467,
  "summary_csf_mad": 78.51277048420651,
  "summary_csf_mean": 361.4816586413715,
  "summary_csf_median": 356.70401972718537,
  "summary_csf_n": 32666.0,
  "summary_csf_p05": 146.90469946479425,
  "summary_csf_p95": 557.5320606329478,
  "summary_csf_stdv": 112.93695329245647,
  "summary_gm_k": 0.07333256847610725,
  "summary_gm_mad": 43.90537506403038,
  "summary_gm_mean": 780.6800871561886,
  "summary_gm_median": 780.8414473198354,
  "summary_gm_n": 57897.0,
  "summary_gm_p05": 707.4087621215731,
  "summary_gm_p95": 853.7851765342056,
  "summary_gm_stdv": 44.520329197144065,
  "summary_wm_k": 0.6183692590370056,
  "summary_wm_mad": 30.91972213769835,
  "summary_wm_mean": 1001.2271831834246,
  "summary_wm_median": 1000.021281838417,
  "summary_wm_n": 232428.0,
  "summary_wm_p05": 950.7217632886022,
  "summary_wm_p95": 1056.272478941828,
  "summary_wm_stdv": 32.419273758863106,
  "tpm_overlap_csf": 0.15554885002601437,
  "tpm_overlap_gm": 0.478240623685849,
  "tpm_overlap_wm": 0.5014417125964172,
  "wm2max": 0.8976071442201274
}