{
  "aor": 0.0011653846153846154,
  "aqi": 0.0022871535164835166,
  "bids_meta": {
    "AcquisitionNumber": 1,
    "AcquisitionTime": "17:01:13.940000",
    "BandwidthPerPixelPhaseEncode": 25.355,
    "BodyPartExamined": "BRAIN",
    "ConversionSoftware": "dcm2niix",
    "ConversionSoftwareVersion": "v1.0.20170724 (OpenJPEG build) GCC6.1.0",
    "DeviceSerialNumber": "67025",
    "EchoTime": 0.035,
    "EchoTrainLength": 68,
    "EffectiveEchoSpacing": 0.000579999,
    "FlipAngle": 52,
    "ImageType": [
      "ORIGINAL",
      "PRIMARY",
      "M",
      "MB",
      "ND",
      "MOSAIC"
    ],
    "InstitutionAddress": "McClintock_3520A_Los_Angeles_SVC0e0594213b1104_CA_US_90089",
    "InstitutionName": "USC",
    "MagneticFieldStrength": 3,
    "Manufacturer": "Siemens",
    "ManufacturersModelName": "Prisma_fit",
    "PhaseEncodingDirection": "j-",
    "PhaseEncodingLines": 68,
    "ProcedureStepDescription": "HAssal_Music",
    "ProtocolName": "MUSIC_DYNAMICS_HNL",
    "RepetitionTime": 1,
    "ScanningSequence": "EP",
    "SequenceName": "epfid2d1_68",
    "SequenceVariant": "SK_SS",
    "SeriesDescription": "MUSIC_DYNAMICS_HNL",
    "SliceTiming": [
      0,
      0.49,
      0.1625,
      0.815,
      0.325,
      0.6525,
      0,
      0.49,
      0.1625,
      0.815,
      0.325,
      0.6525,
      0,
      0.49,
      0.1625,
      0.815,
      0.325,
      0.6525,
      0,
      0.49,
      0.1625,
      0.815,
      0.325,
      0.6525,
      0,
      0.49,
      0.1625,
      0.815,
      0.325,
      0.6525,
      0,
      0.49,
      0.1625,
      0.815,
      0.325,
      0.6525,
      0,
      0.49,
      0.1625,
      0.815,
      0.325,
      0.6525,
      0,
      0.49,
      0.1625,
      0.815,
      0.325,
      0.6525
    ],
    "SoftwareVersions": "syngo_MR_E11",
    "TaskName": "happy",
    "TotalReadoutTime": 0.03886,
    "dataset": "ds003085",
    "modality": "bold",
    "subject_id": "30",
    "task_id": "happy"
  },
  "dummy_trs": 1,
  "dvars_nstd": 23.47238499546963,
  "dvars_std": 1.1569690408839777,
  "dvars_vstd": 1.0165330155248622,
  "efc": 0.49488639890375213,
  "fber": 983.4691162109375,
  "fd_mean": 0.09600809497722892,
  "fd_num": 3,
  "fd_perc": 1.6483516483516483,
  "fwhm_avg": 2.854578888888889,
  "fwhm_x": 2.6489366666666667,
  "fwhm_y": 2.920916666666667,
  "fwhm_z": 2.9938833333333332,
  "gcor": 0.027989,
  "gsr_x": -0.0006412987131625414,
  "gsr_y": 0.05387049913406372,
  "provenance": {
    "md5sum": "df1d54749fff17dccb5b4c1998609af6",
    "settings": {
      "fd_thres": 0.2,
      "testing": false
    },
    "software": "mriqc",
    "version": "22.0.1",
    "webapi_port": null,
    "webapi_url": "https://mriqc.nimh.nih.gov/api/v1"
  },
  "size_t": 182,
  "size_x": 68,
  "size_y": 68,
  "size_z": 48,
  "snr": 2.7352831255842407,
  "spacing_tr": 1.0,
  "spacing_x": 3.0,
  "spacing_y": 3.0,
  "spacing_z": 3.0,
  "summary_bg_k": 34.293276765820565,
  "summary_bg_mad": 116.18062447661877,
  "summary_bg_mean": 333.25732421875,
  "summary_bg_median": 146.4725341796875,
  "summary_bg_n": 145456.0,
  "summary_bg_p05": 57.56593704223633,
  "summary_bg_p95": 1274.3434448242188,
  "summary_bg_stdv": 557.19140625,
  "summary_fg_k": 0.4772343252169895,
  "summary_fg_mad": 1617.5273455485535,
  "summary_fg_mean": 4959.392578125,
  "summary_fg_median": 4648.08251953125,
  "summary_fg_n": 36589.0,
  "summary_fg_p05": 2760.1736328125,
  "summary_fg_p95": 8193.992187499998,
  "summary_fg_stdv": 1699.2825927734375,
  "tsnr": 68.33706060424447
}