{
  "aor": 0.00037659217877094973,
  "aqi": 0.001783508156424581,
  "bids_meta": {
    "AcquisitionNumber": 1,
    "AcquisitionTime": "16:40:28.810000",
    "BandwidthPerPixelPhaseEncode": 25.355,
    "BodyPartExamined": "BRAIN",
    "ConversionSoftware": "dcm2niix",
    "ConversionSoftwareVersion": "v1.0.20170724 (OpenJPEG build) GCC6.1.0",
    "DeviceSerialNumber": "67025",
    "EchoTime": 0.035,
    "EchoTrainLength": 68,
    "EffectiveEchoSpacing": 0.000579999,
    "FlipAngle": 52,
    "ImageType": [
      "ORIGINAL",
      "PRIMARY",
      "M",
      "MB",
      "ND",
      "MOSAIC"
    ],
    "InstitutionAddress": "McClintock_3520A_Los_Angeles_SVC0e0594213b1104_CA_US_90089",
    "InstitutionName": "USC",
    "MagneticFieldStrength": 3,
    "Manufacturer": "Siemens",
    "ManufacturersModelName": "Prisma_fit",
    "PhaseEncodingDirection": "j-",
    "PhaseEncodingLines": 68,
    "ProcedureStepDescription": "HAssal_Music",
    "ProtocolName": "Resting",
    "RepetitionTime": 1,
    "ScanningSequence": "EP",
    "SequenceName": "epfid2d1_68",
    "SequenceVariant": "SK_SS",
    "SeriesDescription": "Resting",
    "SliceTiming": [
      0,
      0.49,
      0.1625,
      0.815,
      0.325,
      0.6525,
      0,
      0.49,
      0.1625,
      0.815,
      0.325,
      0.6525,
      0,
      0.49,
      0.1625,
      0.815,
      0.325,
      0.6525,
      0,
      0.49,
      0.1625,
      0.815,
      0.325,
      0.6525,
      0,
      0.49,
      0.1625,
      0.815,
      0.325,
      0.6525,
      0,
      0.49,
      0.1625,
      0.815,
      0.325,
      0.6525,
      0,
      0.49,
      0.1625,
      0.815,
      0.325,
      0.6525,
      0,
      0.49,
      0.1625,
      0.815,
      0.325,
      0.6525
    ],
    "SoftwareVersions": "syngo_MR_E11",
    "TaskName": "rest",
    "TotalReadoutTime": 0.03886,
    "dataset": "ds003085",
    "modality": "bold",
    "subject_id": "30",
    "task_id": "rest"
  },
  "dummy_trs": 2,
  "dvars_nstd": 22.72563284669468,
  "dvars_std": 1.1447108399439767,
  "dvars_vstd": 1.0037505952941173,
  "efc": 0.49349208234412356,
  "fber": 1016.9984130859375,
  "fd_mean": 0.09078110234083435,
  "fd_num": 0,
  "fd_perc": 0.0,
  "fwhm_avg": 2.7888534104335814,
  "fwhm_x": 2.61757,
  "fwhm_y": 2.91043689796741,
  "fwhm_z": 2.8385533333333335,
  "gcor": 0.0293596,
  "gsr_x": -0.003452293574810028,
  "gsr_y": 0.054117199033498764,
  "provenance": {
    "md5sum": "6f752c4ba698147ce6bbe04f841c679c",
    "settings": {
      "fd_thres": 0.2,
      "testing": false
    },
    "software": "mriqc",
    "version": "22.0.1",
    "webapi_port": null,
    "webapi_url": "https://mriqc.nimh.nih.gov/api/v1"
  },
  "size_t": 358,
  "size_x": 68,
  "size_y": 68,
  "size_z": 48,
  "snr": 2.615926703551206,
  "spacing_tr": 1.0,
  "spacing_x": 3.0,
  "spacing_y": 2.999999761581421,
  "spacing_z": 3.0,
  "summary_bg_k": 53.45953081872875,
  "summary_bg_mad": 113.10017993186423,
  "summary_bg_mean": 308.43121337890625,
  "summary_bg_median": 144.15780639648438,
  "summary_bg_n": 141042.0,
  "summary_bg_p05": 57.15642166137695,
  "summary_bg_p95": 1083.6060791015625,
  "summary_bg_stdv": 535.316162109375,
  "summary_fg_k": 0.7837701825022543,
  "summary_fg_mad": 1725.1314727250983,
  "summary_fg_mean": 5063.20849609375,
  "summary_fg_median": 4717.1279296875,
  "summary_fg_n": 37918.0,
  "summary_fg_p05": 2768.8377197265627,
  "summary_fg_p95": 8470.092675781254,
  "summary_fg_stdv": 1803.210205078125,
  "tsnr": 69.85744984215125
}