{
  "aor": 0.0020260984848484848,
  "aqi": 0.003976615265151515,
  "bids_meta": {
    "AcquisitionNumber": 1,
    "AcquisitionTime": "17:07:22.360000",
    "BandwidthPerPixelPhaseEncode": 25.355,
    "BodyPartExamined": "BRAIN",
    "ConversionSoftware": "dcm2niix",
    "ConversionSoftwareVersion": "v1.0.20170724 (OpenJPEG build) GCC6.1.0",
    "DeviceSerialNumber": "67025",
    "EchoTime": 0.035,
    "EchoTrainLength": 68,
    "EffectiveEchoSpacing": 0.000579999,
    "FlipAngle": 52,
    "ImageType": [
      "ORIGINAL",
      "PRIMARY",
      "M",
      "MB",
      "ND",
      "MOSAIC"
    ],
    "InstitutionAddress": "McClintock_3520A_Los_Angeles_SVC0e0594213b1104_CA_US_90089",
    "InstitutionName": "USC",
    "MagneticFieldStrength": 3,
    "Manufacturer": "Siemens",
    "ManufacturersModelName": "Prisma_fit",
    "PhaseEncodingDirection": "j-",
    "PhaseEncodingLines": 68,
    "ProcedureStepDescription": "HAssal_Music",
    "ProtocolName": "MUSIC_DYNAMICS_SNL_L",
    "RepetitionTime": 1,
    "ScanningSequence": "EP",
    "SequenceName": "epfid2d1_68",
    "SequenceVariant": "SK_SS",
    "SeriesDescription": "MUSIC_DYNAMICS_SNL_L",
    "SliceTiming": [
      0,
      0.49,
      0.1625,
      0.815,
      0.3275,
      0.6525,
      0,
      0.49,
      0.1625,
      0.815,
      0.3275,
      0.6525,
      0,
      0.49,
      0.1625,
      0.815,
      0.3275,
      0.6525,
      0,
      0.49,
      0.1625,
      0.815,
      0.3275,
      0.6525,
      0,
      0.49,
      0.1625,
      0.815,
      0.3275,
      0.6525,
      0,
      0.49,
      0.1625,
      0.815,
      0.3275,
      0.6525,
      0,
      0.49,
      0.1625,
      0.815,
      0.3275,
      0.6525,
      0,
      0.49,
      0.1625,
      0.815,
      0.3275,
      0.6525
    ],
    "SoftwareVersions": "syngo_MR_E11",
    "TaskName": "sadln",
    "TotalReadoutTime": 0.03886,
    "dataset": "ds003085",
    "modality": "bold",
    "subject_id": "30",
    "task_id": "sadln"
  },
  "dummy_trs": 2,
  "dvars_nstd": 23.424481426356728,
  "dvars_std": 1.1499870960531318,
  "dvars_vstd": 1.020826567115749,
  "efc": 0.49735846718609095,
  "fber": 999.88330078125,
  "fd_mean": 0.10906232140471406,
  "fd_num": 21,
  "fd_perc": 3.977272727272727,
  "fwhm_avg": 2.8356034116354754,
  "fwhm_x": 2.66897,
  "fwhm_y": 2.9558069015730934,
  "fwhm_z": 2.8820333333333337,
  "gcor": 0.0246326,
  "gsr_x": -0.0010983210522681475,
  "gsr_y": 0.05491778254508972,
  "provenance": {
    "md5sum": "9263f1fa0a1cce58757fb3baf68e7fc3",
    "settings": {
      "fd_thres": 0.2,
      "testing": false
    },
    "software": "mriqc",
    "version": "22.0.1",
    "webapi_port": null,
    "webapi_url": "https://mriqc.nimh.nih.gov/api/v1"
  },
  "size_t": 528,
  "size_x": 68,
  "size_y": 68,
  "size_z": 48,
  "snr": 2.6487812108867033,
  "spacing_tr": 1.0,
  "spacing_x": 3.0,
  "spacing_y": 2.999999761581421,
  "spacing_z": 3.0,
  "summary_bg_k": 47.52220504612817,
  "summary_bg_mad": 114.13229603621728,
  "summary_bg_mean": 311.7718811035156,
  "summary_bg_median": 146.0587158203125,
  "summary_bg_n": 140489.0,
  "summary_bg_p05": 57.74129028320313,
  "summary_bg_p95": 1086.7765625000006,
  "summary_bg_stdv": 533.0750122070312,
  "summary_fg_k": 0.6004845402412964,
  "summary_fg_mad": 1711.1926229124927,
  "summary_fg_mean": 5051.2734375,
  "summary_fg_median": 4725.6416015625,
  "summary_fg_n": 38504.0,
  "summary_fg_p05": 2745.602734375,
  "summary_fg_p95": 8401.455029296874,
  "summary_fg_stdv": 1784.058349609375,
  "tsnr": 50.64854085771367
}