{
  "aor": 0.009525645756457564,
  "aqi": 0.00479807926199262,
  "bids_meta": {
    "AcquisitionNumber": 1,
    "AcquisitionTime": "17:17:29.862500",
    "BandwidthPerPixelPhaseEncode": 25.355,
    "BodyPartExamined": "BRAIN",
    "ConversionSoftware": "dcm2niix",
    "ConversionSoftwareVersion": "v1.0.20170724 (OpenJPEG build) GCC6.1.0",
    "DeviceSerialNumber": "67025",
    "EchoTime": 0.035,
    "EchoTrainLength": 68,
    "EffectiveEchoSpacing": 0.000579999,
    "FlipAngle": 52,
    "ImageType": [
      "ORIGINAL",
      "PRIMARY",
      "M",
      "MB",
      "ND",
      "MOSAIC"
    ],
    "InstitutionAddress": "McClintock_3520A_Los_Angeles_SVC0e0594213b1104_CA_US_90089",
    "InstitutionName": "USC",
    "MagneticFieldStrength": 3,
    "Manufacturer": "Siemens",
    "ManufacturersModelName": "Prisma_fit",
    "PhaseEncodingDirection": "j-",
    "PhaseEncodingLines": 68,
    "ProcedureStepDescription": "HAssal_Music",
    "ProtocolName": "MUSIC_DYNAMICS_SNL",
    "RepetitionTime": 1,
    "ScanningSequence": "EP",
    "SequenceName": "epfid2d1_68",
    "SequenceVariant": "SK_SS",
    "SeriesDescription": "MUSIC_DYNAMICS_SNL",
    "SliceTiming": [
      0,
      0.49,
      0.1625,
      0.8175,
      0.3275,
      0.6525,
      0,
      0.49,
      0.1625,
      0.8175,
      0.3275,
      0.6525,
      0,
      0.49,
      0.1625,
      0.8175,
      0.3275,
      0.6525,
      0,
      0.49,
      0.1625,
      0.8175,
      0.3275,
      0.6525,
      0,
      0.49,
      0.1625,
      0.8175,
      0.3275,
      0.6525,
      0,
      0.49,
      0.1625,
      0.8175,
      0.3275,
      0.6525,
      0,
      0.49,
      0.1625,
      0.8175,
      0.3275,
      0.6525,
      0,
      0.49,
      0.1625,
      0.8175,
      0.3275,
      0.6525
    ],
    "SoftwareVersions": "syngo_MR_E11",
    "TaskName": "sadsh",
    "TotalReadoutTime": 0.03886,
    "dataset": "ds003085",
    "modality": "bold",
    "subject_id": "30",
    "task_id": "sadsh"
  },
  "dummy_trs": 0,
  "dvars_nstd": 23.75050236751851,
  "dvars_std": 1.1724263436666669,
  "dvars_vstd": 1.0768500658148141,
  "efc": 0.4977859560050943,
  "fber": 993.7662963867188,
  "fd_mean": 0.11576783747302723,
  "fd_num": 18,
  "fd_perc": 6.642066420664206,
  "fwhm_avg": 2.803298966206274,
  "fwhm_x": 2.643753333333333,
  "fwhm_y": 2.9186335652854893,
  "fwhm_z": 2.8475099999999998,
  "gcor": 0.0254794,
  "gsr_x": -0.0018693264573812485,
  "gsr_y": 0.05587885528802872,
  "provenance": {
    "md5sum": "5b3b8a6bd378359ad5451af0f3bfe17a",
    "settings": {
      "fd_thres": 0.2,
      "testing": false
    },
    "software": "mriqc",
    "version": "22.0.1",
    "webapi_port": null,
    "webapi_url": "https://mriqc.nimh.nih.gov/api/v1"
  },
  "size_t": 271,
  "size_x": 68,
  "size_y": 68,
  "size_z": 48,
  "snr": 2.6620592516979165,
  "spacing_tr": 1.0,
  "spacing_x": 3.0,
  "spacing_y": 2.999999761581421,
  "spacing_z": 3.0,
  "summary_bg_k": 48.83572649924375,
  "summary_bg_mad": 116.52924050730681,
  "summary_bg_mean": 314.9993591308594,
  "summary_bg_median": 147.2103271484375,
  "summary_bg_n": 140677.0,
  "summary_bg_p05": 57.140220642089844,
  "summary_bg_p95": 1108.4457275390607,
  "summary_bg_stdv": 543.025146484375,
  "summary_fg_k": 0.589675441922664,
  "summary_fg_mad": 1696.469036378764,
  "summary_fg_mean": 5048.24951171875,
  "summary_fg_median": 4723.06640625,
  "summary_fg_n": 38409.0,
  "summary_fg_p05": 2761.096044921875,
  "summary_fg_p95": 8395.2955078125,
  "summary_fg_stdv": 1774.1922607421875,
  "tsnr": 47.15671630681027
}