{
  "aor": 0.002374083333333333,
  "aqi": 0.006938268833333332,
  "bids_meta": {
    "AcquisitionNumber": 1,
    "AcquisitionTime": "11:14:41.282500",
    "BandwidthPerPixelPhaseEncode": 25.355,
    "BodyPartExamined": "BRAIN",
    "ConversionSoftware": "dcm2niix",
    "ConversionSoftwareVersion": "v1.0.20170724 (OpenJPEG build) GCC6.1.0",
    "DeviceSerialNumber": "67025",
    "EchoTime": 0.035,
    "EchoTrainLength": 68,
    "EffectiveEchoSpacing": 0.000579999,
    "FlipAngle": 52,
    "ImageType": [
      "ORIGINAL",
      "PRIMARY",
      "M",
      "MB",
      "ND",
      "MOSAIC"
    ],
    "InstitutionAddress": "McClintock_3520A_Los_Angeles_SVC0e0594213b1104_CA_US_90089",
    "InstitutionName": "USC",
    "MagneticFieldStrength": 3,
    "Manufacturer": "Siemens",
    "ManufacturersModelName": "Prisma_fit",
    "PhaseEncodingDirection": "j-",
    "PhaseEncodingLines": 68,
    "ProcedureStepDescription": "HAssal_Music",
    "ProtocolName": "Resting",
    "RepetitionTime": 1,
    "ScanningSequence": "EP",
    "SequenceName": "epfid2d1_68",
    "SequenceVariant": "SK_SS",
    "SeriesDescription": "Resting",
    "SliceTiming": [
      0,
      0.49,
      0.1625,
      0.8175,
      0.3275,
      0.6525,
      0,
      0.49,
      0.1625,
      0.8175,
      0.3275,
      0.6525,
      0,
      0.49,
      0.1625,
      0.8175,
      0.3275,
      0.6525,
      0,
      0.49,
      0.1625,
      0.8175,
      0.3275,
      0.6525,
      0,
      0.49,
      0.1625,
      0.8175,
      0.3275,
      0.6525,
      0,
      0.49,
      0.1625,
      0.8175,
      0.3275,
      0.6525,
      0,
      0.49,
      0.1625,
      0.8175,
      0.3275,
      0.6525,
      0,
      0.49,
      0.1625,
      0.8175,
      0.3275,
      0.6525
    ],
    "SoftwareVersions": "syngo_MR_E11",
    "TaskName": "rest",
    "TotalReadoutTime": 0.03886,
    "dataset": "ds003085",
    "modality": "bold",
    "subject_id": "29",
    "task_id": "rest"
  },
  "dummy_trs": 0,
  "dvars_nstd": 21.40478874013929,
  "dvars_std": 1.0531130536768805,
  "dvars_vstd": 0.9895221664345404,
  "efc": 0.5033174634699742,
  "fber": 884.5748291015625,
  "fd_mean": 0.13742957091680819,
  "fd_num": 79,
  "fd_perc": 21.944444444444443,
  "fwhm_avg": 2.925891111111111,
  "fwhm_x": 2.7416033333333334,
  "fwhm_y": 2.96714,
  "fwhm_z": 3.06893,
  "gcor": 0.0429478,
  "gsr_x": 0.002206889446824789,
  "gsr_y": 0.052528295665979385,
  "provenance": {
    "md5sum": "b1c237a4bf372ed2fe0514939573cc8a",
    "settings": {
      "fd_thres": 0.2,
      "testing": false
    },
    "software": "mriqc",
    "version": "22.0.1",
    "webapi_port": null,
    "webapi_url": "https://mriqc.nimh.nih.gov/api/v1"
  },
  "size_t": 360,
  "size_x": 68,
  "size_y": 68,
  "size_z": 48,
  "snr": 2.3945647231249803,
  "spacing_tr": 1.0,
  "spacing_x": 3.0,
  "spacing_y": 3.0,
  "spacing_z": 3.0,
  "summary_bg_k": 30.962394358604143,
  "summary_bg_mad": 116.82494200874247,
  "summary_bg_mean": 324.6589050292969,
  "summary_bg_median": 150.96945190429688,
  "summary_bg_n": 139053.0,
  "summary_bg_p05": 58.67222213745117,
  "summary_bg_p95": 1210.7645019531249,
  "summary_bg_stdv": 529.07568359375,
  "summary_fg_k": 1.4838893362565209,
  "summary_fg_mad": 1585.113701172072,
  "summary_fg_mean": 4960.62841796875,
  "summary_fg_median": 4534.2763671875,
  "summary_fg_n": 39580.0,
  "summary_fg_p05": 2676.297216796875,
  "summary_fg_p95": 8829.812402343749,
  "summary_fg_stdv": 1893.5462646484375,
  "tsnr": 41.02642423240468
}