{
  "aor": 0.0005656792452830189,
  "aqi": 0.009670961188679245,
  "bids_meta": {
    "AcquisitionNumber": 1,
    "AcquisitionTime": "11:44:46.015000",
    "BandwidthPerPixelPhaseEncode": 25.355,
    "BodyPartExamined": "BRAIN",
    "ConversionSoftware": "dcm2niix",
    "ConversionSoftwareVersion": "v1.0.20170724 (OpenJPEG build) GCC6.1.0",
    "DeviceSerialNumber": "67025",
    "EchoTime": 0.035,
    "EchoTrainLength": 68,
    "EffectiveEchoSpacing": 0.000579999,
    "FlipAngle": 52,
    "ImageType": [
      "ORIGINAL",
      "PRIMARY",
      "M",
      "MB",
      "ND",
      "MOSAIC"
    ],
    "InstitutionAddress": "McClintock_3520A_Los_Angeles_SVC0e0594213b1104_CA_US_90089",
    "InstitutionName": "USC",
    "MagneticFieldStrength": 3,
    "Manufacturer": "Siemens",
    "ManufacturersModelName": "Prisma_fit",
    "PhaseEncodingDirection": "j-",
    "PhaseEncodingLines": 68,
    "ProcedureStepDescription": "HAssal_Music",
    "ProtocolName": "MUSIC_DYNAMICS_SNL_L",
    "RepetitionTime": 1,
    "ScanningSequence": "EP",
    "SequenceName": "epfid2d1_68",
    "SequenceVariant": "SK_SS",
    "SeriesDescription": "MUSIC_DYNAMICS_SNL_L",
    "SliceTiming": [
      0,
      0.49,
      0.1625,
      0.8175,
      0.3275,
      0.6525,
      0,
      0.49,
      0.1625,
      0.8175,
      0.3275,
      0.6525,
      0,
      0.49,
      0.1625,
      0.8175,
      0.3275,
      0.6525,
      0,
      0.49,
      0.1625,
      0.8175,
      0.3275,
      0.6525,
      0,
      0.49,
      0.1625,
      0.8175,
      0.3275,
      0.6525,
      0,
      0.49,
      0.1625,
      0.8175,
      0.3275,
      0.6525,
      0,
      0.49,
      0.1625,
      0.8175,
      0.3275,
      0.6525,
      0,
      0.49,
      0.1625,
      0.8175,
      0.3275,
      0.6525
    ],
    "SoftwareVersions": "syngo_MR_E11",
    "TaskName": "sadln",
    "TotalReadoutTime": 0.03886,
    "dataset": "ds003085",
    "modality": "bold",
    "subject_id": "29",
    "task_id": "sadln"
  },
  "dummy_trs": 0,
  "dvars_nstd": 23.047410611493394,
  "dvars_std": 0.9908566342533071,
  "dvars_vstd": 0.9224387661058604,
  "efc": 0.5079016759182089,
  "fber": 812.7534790039062,
  "fd_mean": 0.16375723045762483,
  "fd_num": 178,
  "fd_perc": 33.58490566037736,
  "fwhm_avg": 2.881192294074788,
  "fwhm_x": 2.7123435488910315,
  "fwhm_y": 2.93717,
  "fwhm_z": 2.994063333333333,
  "gcor": 0.0270428,
  "gsr_x": -0.001139866653829813,
  "gsr_y": 0.05481916666030884,
  "provenance": {
    "md5sum": "331e497eab032131373741b613bc74b9",
    "settings": {
      "fd_thres": 0.2,
      "testing": false
    },
    "software": "mriqc",
    "version": "22.0.1",
    "webapi_port": null,
    "webapi_url": "https://mriqc.nimh.nih.gov/api/v1"
  },
  "size_t": 530,
  "size_x": 68,
  "size_y": 68,
  "size_z": 48,
  "snr": 2.4961173293373013,
  "spacing_tr": 1.0,
  "spacing_x": 2.999999761581421,
  "spacing_y": 3.0,
  "spacing_z": 3.0,
  "summary_bg_k": 38.32605054190984,
  "summary_bg_mad": 120.41248601072529,
  "summary_bg_mean": 319.81939697265625,
  "summary_bg_median": 154.0396270751953,
  "summary_bg_n": 138417.0,
  "summary_bg_p05": 58.216983795166016,
  "summary_bg_p95": 1164.1204345703115,
  "summary_bg_stdv": 522.6356201171875,
  "summary_fg_k": 1.1724164624941347,
  "summary_fg_mad": 1541.7050555774938,
  "summary_fg_mean": 4821.3193359375,
  "summary_fg_median": 4451.2529296875,
  "summary_fg_n": 39551.0,
  "summary_fg_p05": 2599.07275390625,
  "summary_fg_p95": 8425.14453125,
  "summary_fg_stdv": 1783.2481689453125,
  "tsnr": 33.939610759261996
}