{
  "aor": 0.0007447252747252747,
  "aqi": 0.0030012901098901094,
  "bids_meta": {
    "AcquisitionNumber": 1,
    "AcquisitionTime": "11:32:23.460000",
    "BandwidthPerPixelPhaseEncode": 25.355,
    "BodyPartExamined": "BRAIN",
    "ConversionSoftware": "dcm2niix",
    "ConversionSoftwareVersion": "v1.0.20170724 (OpenJPEG build) GCC6.1.0",
    "DeviceSerialNumber": "67025",
    "EchoTime": 0.035,
    "EchoTrainLength": 68,
    "EffectiveEchoSpacing": 0.000579999,
    "FlipAngle": 52,
    "ImageType": [
      "ORIGINAL",
      "PRIMARY",
      "M",
      "MB",
      "ND",
      "MOSAIC"
    ],
    "InstitutionAddress": "McClintock_3520A_Los_Angeles_SVC0e0594213b1104_CA_US_90089",
    "InstitutionName": "USC",
    "MagneticFieldStrength": 3,
    "Manufacturer": "Siemens",
    "ManufacturersModelName": "Prisma_fit",
    "PhaseEncodingDirection": "j-",
    "PhaseEncodingLines": 68,
    "ProcedureStepDescription": "HAssal_Music",
    "ProtocolName": "MUSIC_DYNAMICS_HNL",
    "RepetitionTime": 1,
    "ScanningSequence": "EP",
    "SequenceName": "epfid2d1_68",
    "SequenceVariant": "SK_SS",
    "SeriesDescription": "MUSIC_DYNAMICS_HNL",
    "SliceTiming": [
      0,
      0.49,
      0.165,
      0.8175,
      0.3275,
      0.655,
      0,
      0.49,
      0.165,
      0.8175,
      0.3275,
      0.655,
      0,
      0.49,
      0.165,
      0.8175,
      0.3275,
      0.655,
      0,
      0.49,
      0.165,
      0.8175,
      0.3275,
      0.655,
      0,
      0.49,
      0.165,
      0.8175,
      0.3275,
      0.655,
      0,
      0.49,
      0.165,
      0.8175,
      0.3275,
      0.655,
      0,
      0.49,
      0.165,
      0.8175,
      0.3275,
      0.655,
      0,
      0.49,
      0.165,
      0.8175,
      0.3275,
      0.655
    ],
    "SoftwareVersions": "syngo_MR_E11",
    "TaskName": "happy",
    "TotalReadoutTime": 0.03886,
    "dataset": "ds003085",
    "modality": "bold",
    "subject_id": "29",
    "task_id": "happy"
  },
  "dummy_trs": 1,
  "dvars_nstd": 22.87423269292817,
  "dvars_std": 1.1240339449171273,
  "dvars_vstd": 1.0050592372375688,
  "efc": 0.5060994874563328,
  "fber": 876.9072265625,
  "fd_mean": 0.13298466899539962,
  "fd_num": 53,
  "fd_perc": 29.12087912087912,
  "fwhm_avg": 2.88031340528109,
  "fwhm_x": 2.7159368825099373,
  "fwhm_y": 2.90695,
  "fwhm_z": 3.018053333333333,
  "gcor": 0.0168472,
  "gsr_x": -0.0033291371073573828,
  "gsr_y": 0.05338243022561073,
  "provenance": {
    "md5sum": "76470e552133dd9f17e6cf0013b267fd",
    "settings": {
      "fd_thres": 0.2,
      "testing": false
    },
    "software": "mriqc",
    "version": "22.0.1",
    "webapi_port": null,
    "webapi_url": "https://mriqc.nimh.nih.gov/api/v1"
  },
  "size_t": 182,
  "size_x": 68,
  "size_y": 68,
  "size_z": 48,
  "snr": 2.493866555900668,
  "spacing_tr": 1.0,
  "spacing_x": 2.999999761581421,
  "spacing_y": 3.0,
  "spacing_z": 3.0,
  "summary_bg_k": 38.56226121178576,
  "summary_bg_mad": 111.81427090471601,
  "summary_bg_mean": 306.745361328125,
  "summary_bg_median": 147.12637329101562,
  "summary_bg_n": 137697.0,
  "summary_bg_p05": 58.4494514465332,
  "summary_bg_p95": 1128.0164794921875,
  "summary_bg_stdv": 495.0815124511719,
  "summary_fg_k": 1.1460110463772626,
  "summary_fg_mad": 1559.0295303536714,
  "summary_fg_mean": 4837.744140625,
  "summary_fg_median": 4471.81591796875,
  "summary_fg_n": 39538.0,
  "summary_fg_p05": 2594.469030761719,
  "summary_fg_p95": 8438.345214843752,
  "summary_fg_stdv": 1793.1029052734375,
  "tsnr": 63.710000439197756
}