{
  "bids_meta": {
    "AccelFactPE": 2,
    "AcquisitionNumber": 1,
    "AcquisitionTime": "14:00:47.867500",
    "BodyPartExamined": "BRAIN",
    "ConversionSoftware": "dcm2niix",
    "ConversionSoftwareVersion": "v1.0.20170724 (OpenJPEG build) GCC6.1.0",
    "DeviceSerialNumber": "67025",
    "EchoTime": 0.00226,
    "FlipAngle": 9,
    "ImageType": [
      "ORIGINAL",
      "PRIMARY",
      "M",
      "ND",
      "NORM"
    ],
    "InstitutionAddress": "McClintock_3520A_Los_Angeles_SVC0e0594213b1104_CA_US_90089",
    "InstitutionName": "USC",
    "InversionTime": 1.06,
    "MagneticFieldStrength": 3,
    "Manufacturer": "Siemens",
    "ManufacturersModelName": "Prisma_fit",
    "PhaseEncodingDirection": "i-",
    "PhaseEncodingLines": 224,
    "ProcedureStepDescription": "HAssal_Music",
    "ProtocolName": "t1_mprage_short_32channel",
    "RepetitionTime": 2.3,
    "ScanningSequence": "GR_IR",
    "SequenceName": "_tfl3d1_16ns",
    "SequenceVariant": "SK_SP_MP",
    "SeriesDescription": "t1_mprage_short_32channel",
    "SoftwareVersions": "syngo_MR_E11",
    "dataset": "ds003085",
    "modality": "T1w",
    "subject_id": "26"
  },
  "cjv": 0.35255657587167794,
  "cnr": 3.7962248836077066,
  "efc": 0.5564859076994264,
  "fber": -1.0,
  "fwhm_avg": 4.32810376047624,
  "fwhm_x": 4.299761281428719,
  "fwhm_y": 4.28815,
  "fwhm_z": 4.3964,
  "icvs_csf": 0.1988793547420536,
  "icvs_gm": 0.4474408885334662,
  "icvs_wm": 0.3536797567244802,
  "inu_med": 0.31324663758277893,
  "inu_range": 0.08251530677080154,
  "provenance": {
    "md5sum": "238868f92d65fac566068c4d5fb5e85a",
    "settings": {
      "testing": false
    },
    "software": "mriqc",
    "version": "22.0.1",
    "warnings": {
      "large_rot_frame": true,
      "small_air_mask": false
    },
    "webapi_port": null,
    "webapi_url": "https://mriqc.nimh.nih.gov/api/v1"
  },
  "qi_1": 0.007180411753364841,
  "qi_2": 0.04464084406444965,
  "rpve_csf": 23.674599067582545,
  "rpve_gm": 11.356882460700694,
  "rpve_wm": 16.342133554766328,
  "size_x": 176,
  "size_y": 224,
  "size_z": 256,
  "snr_csf": 2.6029759217740684,
  "snr_gm": 17.810425354020488,
  "snr_total": 17.70399117001002,
  "snr_wm": 32.698572234235506,
  "snrd_csf": 98.46588674702436,
  "snrd_gm": 233.83938335623168,
  "snrd_total": 208.8751200823715,
  "snrd_wm": 294.32009014385847,
  "spacing_x": 0.9999997019767761,
  "spacing_y": 1.0,
  "spacing_z": 1.0,
  "summary_bg_k": 31.87881556396095,
  "summary_bg_mad": 0.0,
  "summary_bg_mean": 0.8871445682510317,
  "summary_bg_median": 0.0,
  "summary_bg_n": 2195802.0,
  "summary_bg_p05": 0.0,
  "summary_bg_p95": 4.738154739141464,
  "summary_bg_stdv": 2.2259821590495354,
  "summary_csf_k": 1.0458767392350783,
  "summary_csf_mad": 88.07887591575947,
  "summary_csf_mean": 330.9123745025961,
  "summary_csf_median": 334.56133283674717,
  "summary_csf_n": 28840.0,
  "summary_csf_p05": 78.11834258437158,
  "summary_csf_p95": 545.3412069380283,
  "summary_csf_stdv": 128.52809343620387,
  "summary_gm_k": 0.19612655997164197,
  "summary_gm_mad": 43.40922276100109,
  "summary_gm_mean": 792.7619400953122,
  "summary_gm_median": 794.5250720828772,
  "summary_gm_n": 38322.0,
  "summary_gm_p05": 716.8227349504829,
  "summary_gm_p95": 863.2271822705865,
  "summary_gm_stdv": 44.6095300806801,
  "summary_wm_k": 0.6587650424533251,
  "summary_wm_mad": 29.040316272167978,
  "summary_wm_mean": 1001.7966607546348,
  "summary_wm_median": 1000.0226971209049,
  "summary_wm_n": 185546.0,
  "summary_wm_p05": 955.384291946888,
  "summary_wm_p95": 1054.6361649036407,
  "summary_wm_stdv": 30.582986778228104,
  "tpm_overlap_csf": 0.16370756792377888,
  "tpm_overlap_gm": 0.4935358132845341,
  "tpm_overlap_wm": 0.532733376660427,
  "wm2max": 0.9069619212106259
}