{
  "aor": 0.0004789010989010989,
  "aqi": 0.00274972565934066,
  "bids_meta": {
    "AcquisitionNumber": 1,
    "AcquisitionTime": "16:46:36.862500",
    "BandwidthPerPixelPhaseEncode": 25.355,
    "BodyPartExamined": "BRAIN",
    "ConversionSoftware": "dcm2niix",
    "ConversionSoftwareVersion": "v1.0.20170724 (OpenJPEG build) GCC6.1.0",
    "DeviceSerialNumber": "67025",
    "EchoTime": 0.035,
    "EchoTrainLength": 68,
    "EffectiveEchoSpacing": 0.000579999,
    "FlipAngle": 52,
    "ImageType": [
      "ORIGINAL",
      "PRIMARY",
      "M",
      "MB",
      "ND",
      "MOSAIC"
    ],
    "InstitutionAddress": "McClintock_3520A_Los_Angeles_SVC0e0594213b1104_CA_US_90089",
    "InstitutionName": "USC",
    "MagneticFieldStrength": 3,
    "Manufacturer": "Siemens",
    "ManufacturersModelName": "Prisma_fit",
    "PhaseEncodingDirection": "j-",
    "PhaseEncodingLines": 68,
    "ProcedureStepDescription": "HAssal_Music",
    "ProtocolName": "MUSIC_DYNAMICS_HNL",
    "RepetitionTime": 1,
    "ScanningSequence": "EP",
    "SequenceName": "epfid2d1_68",
    "SequenceVariant": "SK_SS",
    "SeriesDescription": "MUSIC_DYNAMICS_HNL",
    "SliceTiming": [
      0,
      0.49,
      0.1625,
      0.815,
      0.325,
      0.6525,
      0,
      0.49,
      0.1625,
      0.815,
      0.325,
      0.6525,
      0,
      0.49,
      0.1625,
      0.815,
      0.325,
      0.6525,
      0,
      0.49,
      0.1625,
      0.815,
      0.325,
      0.6525,
      0,
      0.49,
      0.1625,
      0.815,
      0.325,
      0.6525,
      0,
      0.49,
      0.1625,
      0.815,
      0.325,
      0.6525,
      0,
      0.49,
      0.1625,
      0.815,
      0.325,
      0.6525,
      0,
      0.49,
      0.1625,
      0.815,
      0.325,
      0.6525
    ],
    "SoftwareVersions": "syngo_MR_E11",
    "TaskName": "happy",
    "TotalReadoutTime": 0.03886,
    "dataset": "ds003085",
    "modality": "bold",
    "subject_id": "32",
    "task_id": "happy"
  },
  "dummy_trs": 1,
  "dvars_nstd": 28.129668061767937,
  "dvars_std": 1.1009435701104973,
  "dvars_vstd": 0.9981417682872928,
  "efc": 0.5780915513236441,
  "fber": 413.41650390625,
  "fd_mean": 0.23844839157477724,
  "fd_num": 111,
  "fd_perc": 60.989010989010985,
  "fwhm_avg": 2.7867177777777776,
  "fwhm_x": 2.60298,
  "fwhm_y": 2.8666666666666667,
  "fwhm_z": 2.8905066666666666,
  "gcor": 0.0124791,
  "gsr_x": 0.009208282455801964,
  "gsr_y": 0.08274132013320923,
  "provenance": {
    "md5sum": "84652501a75ff74f24e7520ca7141a71",
    "settings": {
      "fd_thres": 0.2,
      "testing": false
    },
    "software": "mriqc",
    "version": "22.0.1",
    "webapi_port": null,
    "webapi_url": "https://mriqc.nimh.nih.gov/api/v1"
  },
  "size_t": 182,
  "size_x": 68,
  "size_y": 68,
  "size_z": 48,
  "snr": 2.383241638354145,
  "spacing_tr": 1.0,
  "spacing_x": 3.0,
  "spacing_y": 3.0,
  "spacing_z": 3.0,
  "summary_bg_k": 17.502770121701655,
  "summary_bg_mad": 150.85884782155784,
  "summary_bg_mean": 446.65899658203125,
  "summary_bg_median": 189.6813201904297,
  "summary_bg_n": 122913.0,
  "summary_bg_p05": 69.3846206665039,
  "summary_bg_p95": 1765.5847167968748,
  "summary_bg_stdv": 705.3211669921875,
  "summary_fg_k": 0.9940195723704206,
  "summary_fg_mad": 1557.9952198460105,
  "summary_fg_mean": 4429.09228515625,
  "summary_fg_median": 4109.8408203125,
  "summary_fg_n": 50499.0,
  "summary_fg_p05": 2203.57470703125,
  "summary_fg_p95": 7773.760205078125,
  "summary_fg_stdv": 1724.4580078125,
  "tsnr": 59.07947883848101
}