{
  "aor": 0.0003691304347826087,
  "aqi": 0.0028990128355387526,
  "bids_meta": {
    "AcquisitionNumber": 1,
    "AcquisitionTime": "16:32:51.437500",
    "BandwidthPerPixelPhaseEncode": 25.355,
    "BodyPartExamined": "BRAIN",
    "ConversionSoftware": "dcm2niix",
    "ConversionSoftwareVersion": "v1.0.20170724 (OpenJPEG build) GCC6.1.0",
    "DeviceSerialNumber": "67025",
    "EchoTime": 0.035,
    "EchoTrainLength": 68,
    "EffectiveEchoSpacing": 0.000579999,
    "FlipAngle": 52,
    "ImageType": [
      "ORIGINAL",
      "PRIMARY",
      "M",
      "MB",
      "ND",
      "MOSAIC"
    ],
    "InstitutionAddress": "McClintock_3520A_Los_Angeles_SVC0e0594213b1104_CA_US_90089",
    "InstitutionName": "USC",
    "MagneticFieldStrength": 3,
    "Manufacturer": "Siemens",
    "ManufacturersModelName": "Prisma_fit",
    "PhaseEncodingDirection": "j-",
    "PhaseEncodingLines": 68,
    "ProcedureStepDescription": "HAssal_Music",
    "ProtocolName": "MUSIC_DYNAMICS_SNL_L",
    "RepetitionTime": 1,
    "ScanningSequence": "EP",
    "SequenceName": "epfid2d1_68",
    "SequenceVariant": "SK_SS",
    "SeriesDescription": "MUSIC_DYNAMICS_SNL_L",
    "SliceTiming": [
      0,
      0.49,
      0.1625,
      0.815,
      0.325,
      0.6525,
      0,
      0.49,
      0.1625,
      0.815,
      0.325,
      0.6525,
      0,
      0.49,
      0.1625,
      0.815,
      0.325,
      0.6525,
      0,
      0.49,
      0.1625,
      0.815,
      0.325,
      0.6525,
      0,
      0.49,
      0.1625,
      0.815,
      0.325,
      0.6525,
      0,
      0.49,
      0.1625,
      0.815,
      0.325,
      0.6525,
      0,
      0.49,
      0.1625,
      0.815,
      0.325,
      0.6525,
      0,
      0.49,
      0.1625,
      0.815,
      0.325,
      0.6525
    ],
    "SoftwareVersions": "syngo_MR_E11",
    "TaskName": "sadln",
    "TotalReadoutTime": 0.03886,
    "dataset": "ds003085",
    "modality": "bold",
    "subject_id": "32",
    "task_id": "sadln"
  },
  "dummy_trs": 1,
  "dvars_nstd": 27.41495278015149,
  "dvars_std": 1.096339902272728,
  "dvars_vstd": 0.9925621735606056,
  "efc": 0.5776040751519004,
  "fber": 417.2809143066406,
  "fd_mean": 0.2226669913195832,
  "fd_num": 301,
  "fd_perc": 56.89981096408317,
  "fwhm_avg": 2.7887711111111106,
  "fwhm_x": 2.6300033333333332,
  "fwhm_y": 2.8636,
  "fwhm_z": 2.87271,
  "gcor": 0.0113227,
  "gsr_x": 0.011009136214852333,
  "gsr_y": 0.08339709788560867,
  "provenance": {
    "md5sum": "072053c8fbc7753bbc1e4e62681158d2",
    "settings": {
      "fd_thres": 0.2,
      "testing": false
    },
    "software": "mriqc",
    "version": "22.0.1",
    "webapi_port": null,
    "webapi_url": "https://mriqc.nimh.nih.gov/api/v1"
  },
  "size_t": 529,
  "size_x": 68,
  "size_y": 68,
  "size_z": 48,
  "snr": 2.3829191549421607,
  "spacing_tr": 1.0,
  "spacing_x": 3.0,
  "spacing_y": 3.0,
  "spacing_z": 3.0,
  "summary_bg_k": 17.011201228412627,
  "summary_bg_mad": 151.88686921458353,
  "summary_bg_mean": 452.5644226074219,
  "summary_bg_median": 189.51229858398438,
  "summary_bg_n": 123517.0,
  "summary_bg_p05": 68.68771667480469,
  "summary_bg_p95": 1814.7452392578114,
  "summary_bg_stdv": 716.10302734375,
  "summary_fg_k": 0.9893947986046077,
  "summary_fg_mad": 1547.607955230665,
  "summary_fg_mean": 4425.06298828125,
  "summary_fg_median": 4101.990234375,
  "summary_fg_n": 50386.0,
  "summary_fg_p05": 2193.756103515625,
  "summary_fg_p95": 7765.0845947265625,
  "summary_fg_stdv": 1721.3968505859375,
  "tsnr": 56.26770241186023
}