{
  "aor": 0.000824874651810585,
  "aqi": 0.0030417669080779943,
  "bids_meta": {
    "AcquisitionNumber": 1,
    "AcquisitionTime": "16:15:42.630000",
    "BandwidthPerPixelPhaseEncode": 25.355,
    "BodyPartExamined": "BRAIN",
    "ConversionSoftware": "dcm2niix",
    "ConversionSoftwareVersion": "v1.0.20170724 (OpenJPEG build) GCC6.1.0",
    "DeviceSerialNumber": "67025",
    "EchoTime": 0.035,
    "EchoTrainLength": 68,
    "EffectiveEchoSpacing": 0.000579999,
    "FlipAngle": 52,
    "ImageType": [
      "ORIGINAL",
      "PRIMARY",
      "M",
      "MB",
      "ND",
      "MOSAIC"
    ],
    "InstitutionAddress": "McClintock_3520A_Los_Angeles_SVC0e0594213b1104_CA_US_90089",
    "InstitutionName": "USC",
    "MagneticFieldStrength": 3,
    "Manufacturer": "Siemens",
    "ManufacturersModelName": "Prisma_fit",
    "PhaseEncodingDirection": "j-",
    "PhaseEncodingLines": 68,
    "ProcedureStepDescription": "HAssal_Music",
    "ProtocolName": "Resting",
    "RepetitionTime": 1,
    "ScanningSequence": "EP",
    "SequenceName": "epfid2d1_68",
    "SequenceVariant": "SK_SS",
    "SeriesDescription": "Resting",
    "SliceTiming": [
      0,
      0.49,
      0.1625,
      0.8175,
      0.3275,
      0.6525,
      0,
      0.49,
      0.1625,
      0.8175,
      0.3275,
      0.6525,
      0,
      0.49,
      0.1625,
      0.8175,
      0.3275,
      0.6525,
      0,
      0.49,
      0.1625,
      0.8175,
      0.3275,
      0.6525,
      0,
      0.49,
      0.1625,
      0.8175,
      0.3275,
      0.6525,
      0,
      0.49,
      0.1625,
      0.8175,
      0.3275,
      0.6525,
      0,
      0.49,
      0.1625,
      0.8175,
      0.3275,
      0.6525,
      0,
      0.49,
      0.1625,
      0.8175,
      0.3275,
      0.6525
    ],
    "SoftwareVersions": "syngo_MR_E11",
    "TaskName": "rest",
    "TotalReadoutTime": 0.03886,
    "dataset": "ds003085",
    "modality": "bold",
    "subject_id": "32",
    "task_id": "rest"
  },
  "dummy_trs": 1,
  "dvars_nstd": 26.593856060167564,
  "dvars_std": 1.0952866032681559,
  "dvars_vstd": 1.0031776172625708,
  "efc": 0.5773870261759495,
  "fber": 437.6133117675781,
  "fd_mean": 0.19722787631846664,
  "fd_num": 172,
  "fd_perc": 47.910863509749305,
  "fwhm_avg": 2.783698888888889,
  "fwhm_x": 2.6002733333333334,
  "fwhm_y": 2.8562133333333333,
  "fwhm_z": 2.89461,
  "gcor": 0.0175386,
  "gsr_x": 0.006227307021617889,
  "gsr_y": 0.09484279900789261,
  "provenance": {
    "md5sum": "f51dce3d37731cf43d837a5bd700a024",
    "settings": {
      "fd_thres": 0.2,
      "testing": false
    },
    "software": "mriqc",
    "version": "22.0.1",
    "webapi_port": null,
    "webapi_url": "https://mriqc.nimh.nih.gov/api/v1"
  },
  "size_t": 359,
  "size_x": 68,
  "size_y": 68,
  "size_z": 48,
  "snr": 2.3726073868724313,
  "spacing_tr": 1.0,
  "spacing_x": 3.0,
  "spacing_y": 3.0,
  "spacing_z": 3.0,
  "summary_bg_k": 17.497914670306635,
  "summary_bg_mad": 141.64013124613135,
  "summary_bg_mean": 426.92437744140625,
  "summary_bg_median": 178.74929809570312,
  "summary_bg_n": 122770.0,
  "summary_bg_p05": 65.8006950378418,
  "summary_bg_p95": 1724.4378417968724,
  "summary_bg_stdv": 676.9111328125,
  "summary_fg_k": 1.0604751808719612,
  "summary_fg_mad": 1491.307801014703,
  "summary_fg_mean": 4286.400390625,
  "summary_fg_median": 3969.674072265625,
  "summary_fg_n": 50979.0,
  "summary_fg_p05": 2130.29697265625,
  "summary_fg_p95": 7570.163769531249,
  "summary_fg_stdv": 1673.11083984375,
  "tsnr": 56.05202043429017
}