{
  "aor": 0.00036785185185185185,
  "aqi": 0.002519141740740741,
  "bids_meta": {
    "AcquisitionNumber": 1,
    "AcquisitionTime": "16:50:43.812500",
    "BandwidthPerPixelPhaseEncode": 25.355,
    "BodyPartExamined": "BRAIN",
    "ConversionSoftware": "dcm2niix",
    "ConversionSoftwareVersion": "v1.0.20170724 (OpenJPEG build) GCC6.1.0",
    "DeviceSerialNumber": "67025",
    "EchoTime": 0.035,
    "EchoTrainLength": 68,
    "EffectiveEchoSpacing": 0.000579999,
    "FlipAngle": 52,
    "ImageType": [
      "ORIGINAL",
      "PRIMARY",
      "M",
      "MB",
      "ND",
      "MOSAIC"
    ],
    "InstitutionAddress": "McClintock_3520A_Los_Angeles_SVC0e0594213b1104_CA_US_90089",
    "InstitutionName": "USC",
    "MagneticFieldStrength": 3,
    "Manufacturer": "Siemens",
    "ManufacturersModelName": "Prisma_fit",
    "PhaseEncodingDirection": "j-",
    "PhaseEncodingLines": 68,
    "ProcedureStepDescription": "HAssal_Music",
    "ProtocolName": "MUSIC_DYNAMICS_SNL",
    "RepetitionTime": 1,
    "ScanningSequence": "EP",
    "SequenceName": "epfid2d1_68",
    "SequenceVariant": "SK_SS",
    "SeriesDescription": "MUSIC_DYNAMICS_SNL",
    "SliceTiming": [
      0,
      0.49,
      0.165,
      0.8175,
      0.3275,
      0.655,
      0,
      0.49,
      0.165,
      0.8175,
      0.3275,
      0.655,
      0,
      0.49,
      0.165,
      0.8175,
      0.3275,
      0.655,
      0,
      0.49,
      0.165,
      0.8175,
      0.3275,
      0.655,
      0,
      0.49,
      0.165,
      0.8175,
      0.3275,
      0.655,
      0,
      0.49,
      0.165,
      0.8175,
      0.3275,
      0.655,
      0,
      0.49,
      0.165,
      0.8175,
      0.3275,
      0.655,
      0,
      0.49,
      0.165,
      0.8175,
      0.3275,
      0.655
    ],
    "SoftwareVersions": "syngo_MR_E11",
    "TaskName": "sadsh",
    "TotalReadoutTime": 0.03886,
    "dataset": "ds003085",
    "modality": "bold",
    "subject_id": "32",
    "task_id": "sadsh"
  },
  "dummy_trs": 1,
  "dvars_nstd": 27.21323099802977,
  "dvars_std": 1.0922270215241638,
  "dvars_vstd": 0.9958302667658001,
  "efc": 0.5787368468535803,
  "fber": 411.57763671875,
  "fd_mean": 0.22550892414302925,
  "fd_num": 151,
  "fd_perc": 55.925925925925924,
  "fwhm_avg": 2.7823322222222227,
  "fwhm_x": 2.6058866666666667,
  "fwhm_y": 2.86045,
  "fwhm_z": 2.88066,
  "gcor": 0.00563946,
  "gsr_x": 0.008820679970085621,
  "gsr_y": 0.08276347070932388,
  "provenance": {
    "md5sum": "b1ecf0fe9f9ff828679928a74185906d",
    "settings": {
      "fd_thres": 0.2,
      "testing": false
    },
    "software": "mriqc",
    "version": "22.0.1",
    "webapi_port": null,
    "webapi_url": "https://mriqc.nimh.nih.gov/api/v1"
  },
  "size_t": 270,
  "size_x": 68,
  "size_y": 68,
  "size_z": 48,
  "snr": 2.3937379572314934,
  "spacing_tr": 1.0,
  "spacing_x": 3.0,
  "spacing_y": 3.0,
  "spacing_z": 3.0,
  "summary_bg_k": 17.064649758372994,
  "summary_bg_mad": 152.99904710560787,
  "summary_bg_mean": 453.51629638671875,
  "summary_bg_median": 191.37777709960938,
  "summary_bg_n": 123350.0,
  "summary_bg_p05": 69.71277809143066,
  "summary_bg_p95": 1806.5246276855423,
  "summary_bg_stdv": 713.8333740234375,
  "summary_fg_k": 0.9557090880838555,
  "summary_fg_mad": 1542.065571156017,
  "summary_fg_mean": 4428.98193359375,
  "summary_fg_median": 4108.11865234375,
  "summary_fg_n": 50205.0,
  "summary_fg_p05": 2217.5103515625,
  "summary_fg_p95": 7774.192382812498,
  "summary_fg_stdv": 1716.1768798828125,
  "tsnr": 60.139842725824565
}