{
  "bids_meta": {
    "AccelFactPE": 2,
    "AcquisitionNumber": 1,
    "AcquisitionTime": "17:12:4.720000",
    "BodyPartExamined": "BRAIN",
    "ConversionSoftware": "dcm2niix",
    "ConversionSoftwareVersion": "v1.0.20170724 (OpenJPEG build) GCC6.1.0",
    "DeviceSerialNumber": "67025",
    "EchoTime": 0.00226,
    "FlipAngle": 9,
    "ImageType": [
      "ORIGINAL",
      "PRIMARY",
      "M",
      "ND",
      "NORM"
    ],
    "InstitutionAddress": "McClintock_3520A_Los_Angeles_SVC0e0594213b1104_CA_US_90089",
    "InstitutionName": "USC",
    "InversionTime": 1.06,
    "MagneticFieldStrength": 3,
    "Manufacturer": "Siemens",
    "ManufacturersModelName": "Prisma_fit",
    "PhaseEncodingDirection": "i-",
    "PhaseEncodingLines": 224,
    "ProcedureStepDescription": "HAssal_Music",
    "ProtocolName": "t1_mprage_short_32channel",
    "RepetitionTime": 2.3,
    "ScanningSequence": "GR_IR",
    "SequenceName": "_tfl3d1_16ns",
    "SequenceVariant": "SK_SP_MP",
    "SeriesDescription": "t1_mprage_short_32channel",
    "SoftwareVersions": "syngo_MR_E11",
    "dataset": "ds003085",
    "modality": "T1w",
    "subject_id": "33"
  },
  "cjv": 0.3502209964973863,
  "cnr": 3.793624602413945,
  "efc": 0.6291113448728607,
  "fber": -1.0,
  "fwhm_avg": 4.638401445695348,
  "fwhm_x": 4.547764337086045,
  "fwhm_y": 4.65985,
  "fwhm_z": 4.70759,
  "icvs_csf": 0.27644142658170895,
  "icvs_gm": 0.4029274928748472,
  "icvs_wm": 0.3206310805434438,
  "inu_med": 0.37570562958717346,
  "inu_range": 0.11869719624519348,
  "provenance": {
    "md5sum": "bf3b082b65b341f2f10a42de498eeced",
    "settings": {
      "testing": false
    },
    "software": "mriqc",
    "version": "22.0.1",
    "warnings": {
      "large_rot_frame": true,
      "small_air_mask": false
    },
    "webapi_port": null,
    "webapi_url": "https://mriqc.nimh.nih.gov/api/v1"
  },
  "qi_1": 0.0048840077089122155,
  "qi_2": 0.004117884222104128,
  "rpve_csf": 15.264973541098273,
  "rpve_gm": 10.091820738834324,
  "rpve_wm": 14.497213534385725,
  "size_x": 176,
  "size_y": 224,
  "size_z": 256,
  "snr_csf": 4.220322185618897,
  "snr_gm": 18.006064933741914,
  "snr_total": 17.129360113652666,
  "snr_wm": 29.161693221597194,
  "snrd_csf": 51.249859532023024,
  "snrd_gm": 122.79060081424814,
  "snrd_total": 109.92809448008641,
  "snrd_wm": 155.74382309398808,
  "spacing_x": 0.9999990463256836,
  "spacing_y": 1.0,
  "spacing_z": 1.0,
  "summary_bg_k": 33.50321502970755,
  "summary_bg_mad": 0.0,
  "summary_bg_mean": 1.636954126330793,
  "summary_bg_median": 0.0,
  "summary_bg_n": 1897028.0,
  "summary_bg_p05": 0.0,
  "summary_bg_p95": 9.330001071095467,
  "summary_bg_stdv": 4.206600117735547,
  "summary_csf_k": 4.068655279316046,
  "summary_csf_mad": 41.74505300797352,
  "summary_csf_mean": 338.0983733726281,
  "summary_csf_median": 329.0729459412396,
  "summary_csf_n": 112630.0,
  "summary_csf_p05": 246.67380382865667,
  "summary_csf_p95": 480.69855390926796,
  "summary_csf_stdv": 77.97307186664854,
  "summary_gm_k": 0.4058570164826407,
  "summary_gm_mad": 41.392178510864696,
  "summary_gm_mean": 786.9367473716937,
  "summary_gm_median": 788.432692553848,
  "summary_gm_n": 30197.0,
  "summary_gm_p05": 712.7930410131812,
  "summary_gm_p95": 856.979639198631,
  "summary_gm_stdv": 43.78633757729568,
  "summary_wm_k": 0.6344760205604332,
  "summary_wm_mad": 32.7114658819877,
  "summary_wm_mean": 1001.3876656537634,
  "summary_wm_median": 1000.0237882733345,
  "summary_wm_n": 200703.0,
  "summary_wm_p05": 947.7567414566875,
  "summary_wm_p95": 1059.3597389627248,
  "summary_wm_stdv": 34.292291924498805,
  "tpm_overlap_csf": 0.1636605632311174,
  "tpm_overlap_gm": 0.44275349725436297,
  "tpm_overlap_wm": 0.4869651970965149,
  "wm2max": 0.801377409383287
}