{
  "aor": 0.0034711439114391146,
  "aqi": 0.00919784442804428,
  "bids_meta": {
    "AcquisitionNumber": 1,
    "AcquisitionTime": "12:01:40.547500",
    "BandwidthPerPixelPhaseEncode": 25.355,
    "BodyPartExamined": "BRAIN",
    "ConversionSoftware": "dcm2niix",
    "ConversionSoftwareVersion": "v1.0.20170724 (OpenJPEG build) GCC6.1.0",
    "DeviceSerialNumber": "67025",
    "EchoTime": 0.035,
    "EchoTrainLength": 68,
    "EffectiveEchoSpacing": 0.000579999,
    "FlipAngle": 52,
    "ImageType": [
      "ORIGINAL",
      "PRIMARY",
      "M",
      "MB",
      "ND",
      "MOSAIC"
    ],
    "InstitutionAddress": "McClintock_3520A_Los_Angeles_SVC0e0594213b1104_CA_US_90089",
    "InstitutionName": "USC",
    "MagneticFieldStrength": 3,
    "Manufacturer": "Siemens",
    "ManufacturersModelName": "Prisma_fit",
    "PhaseEncodingDirection": "j-",
    "PhaseEncodingLines": 68,
    "ProcedureStepDescription": "HAssal_Music",
    "ProtocolName": "MUSIC_DYNAMICS_SNL",
    "RepetitionTime": 1,
    "ScanningSequence": "EP",
    "SequenceName": "epfid2d1_68",
    "SequenceVariant": "SK_SS",
    "SeriesDescription": "MUSIC_DYNAMICS_SNL",
    "SliceTiming": [
      0,
      0.49,
      0.165,
      0.8175,
      0.3275,
      0.655,
      0,
      0.49,
      0.165,
      0.8175,
      0.3275,
      0.655,
      0,
      0.49,
      0.165,
      0.8175,
      0.3275,
      0.655,
      0,
      0.49,
      0.165,
      0.8175,
      0.3275,
      0.655,
      0,
      0.49,
      0.165,
      0.8175,
      0.3275,
      0.655,
      0,
      0.49,
      0.165,
      0.8175,
      0.3275,
      0.655,
      0,
      0.49,
      0.165,
      0.8175,
      0.3275,
      0.655,
      0,
      0.49,
      0.165,
      0.8175,
      0.3275,
      0.655
    ],
    "SoftwareVersions": "syngo_MR_E11",
    "TaskName": "sadsh",
    "TotalReadoutTime": 0.03886,
    "dataset": "ds003085",
    "modality": "bold",
    "subject_id": "34",
    "task_id": "sadsh"
  },
  "dummy_trs": 0,
  "dvars_nstd": 24.122273960962964,
  "dvars_std": 0.9551867798518523,
  "dvars_vstd": 0.9027149467037042,
  "efc": 0.5216271610927252,
  "fber": 839.9937744140625,
  "fd_mean": 0.09277829243416916,
  "fd_num": 19,
  "fd_perc": 7.011070110701107,
  "fwhm_avg": 2.9178145244533993,
  "fwhm_x": 2.7001566666666665,
  "fwhm_y": 3.03305,
  "fwhm_z": 3.0202369066935306,
  "gcor": 0.0439939,
  "gsr_x": -0.01831906847655773,
  "gsr_y": 0.08634485304355621,
  "provenance": {
    "md5sum": "fcf88a7764a8c9594740c4a26a04fb7d",
    "settings": {
      "fd_thres": 0.2,
      "testing": false
    },
    "software": "mriqc",
    "version": "22.0.1",
    "webapi_port": null,
    "webapi_url": "https://mriqc.nimh.nih.gov/api/v1"
  },
  "size_t": 271,
  "size_x": 68,
  "size_y": 68,
  "size_z": 48,
  "snr": 2.2922866009010785,
  "spacing_tr": 1.0,
  "spacing_x": 3.0,
  "spacing_y": 3.0,
  "spacing_z": 2.999999761581421,
  "summary_bg_k": 24.981161358969082,
  "summary_bg_mad": 114.43390206614154,
  "summary_bg_mean": 369.59600830078125,
  "summary_bg_median": 150.7970428466797,
  "summary_bg_n": 134094.0,
  "summary_bg_p05": 62.17952175140381,
  "summary_bg_p95": 1550.7164245605459,
  "summary_bg_stdv": 622.18798828125,
  "summary_fg_k": 1.3212678054409546,
  "summary_fg_mad": 1791.3885170354574,
  "summary_fg_mean": 4982.40673828125,
  "summary_fg_median": 4571.771484375,
  "summary_fg_n": 43179.0,
  "summary_fg_p05": 2481.17158203125,
  "summary_fg_p95": 8836.5384765625,
  "summary_fg_stdv": 1994.3922119140625,
  "tsnr": 35.50414886325598
}