{
  "aor": 0.003055255198487712,
  "aqi": 0.004359778563327032,
  "bids_meta": {
    "AcquisitionNumber": 1,
    "AcquisitionTime": "12:08:47.882500",
    "BandwidthPerPixelPhaseEncode": 25.355,
    "BodyPartExamined": "BRAIN",
    "ConversionSoftware": "dcm2niix",
    "ConversionSoftwareVersion": "v1.0.20170724 (OpenJPEG build) GCC6.1.0",
    "DeviceSerialNumber": "67025",
    "EchoTime": 0.035,
    "EchoTrainLength": 68,
    "EffectiveEchoSpacing": 0.000579999,
    "FlipAngle": 52,
    "ImageType": [
      "ORIGINAL",
      "PRIMARY",
      "M",
      "MB",
      "ND",
      "MOSAIC"
    ],
    "InstitutionAddress": "McClintock_3520A_Los_Angeles_SVC0e0594213b1104_CA_US_90089",
    "InstitutionName": "USC",
    "MagneticFieldStrength": 3,
    "Manufacturer": "Siemens",
    "ManufacturersModelName": "Prisma_fit",
    "PhaseEncodingDirection": "j-",
    "PhaseEncodingLines": 68,
    "ProcedureStepDescription": "HAssal_Music",
    "ProtocolName": "MUSIC_DYNAMICS_SNL_L",
    "RepetitionTime": 1,
    "ScanningSequence": "EP",
    "SequenceName": "epfid2d1_68",
    "SequenceVariant": "SK_SS",
    "SeriesDescription": "MUSIC_DYNAMICS_SNL_L",
    "SliceTiming": [
      0,
      0.49,
      0.1625,
      0.8175,
      0.3275,
      0.6525,
      0,
      0.49,
      0.1625,
      0.8175,
      0.3275,
      0.6525,
      0,
      0.49,
      0.1625,
      0.8175,
      0.3275,
      0.6525,
      0,
      0.49,
      0.1625,
      0.8175,
      0.3275,
      0.6525,
      0,
      0.49,
      0.1625,
      0.8175,
      0.3275,
      0.6525,
      0,
      0.49,
      0.1625,
      0.8175,
      0.3275,
      0.6525,
      0,
      0.49,
      0.1625,
      0.8175,
      0.3275,
      0.6525,
      0,
      0.49,
      0.1625,
      0.8175,
      0.3275,
      0.6525
    ],
    "SoftwareVersions": "syngo_MR_E11",
    "TaskName": "sadln",
    "TotalReadoutTime": 0.03886,
    "dataset": "ds003085",
    "modality": "bold",
    "subject_id": "34",
    "task_id": "sadln"
  },
  "dummy_trs": 1,
  "dvars_nstd": 23.650928338428017,
  "dvars_std": 1.0986812550189378,
  "dvars_vstd": 1.0067699981060598,
  "efc": 0.521206828659663,
  "fber": 855.88330078125,
  "fd_mean": 0.08025090418239864,
  "fd_num": 20,
  "fd_perc": 3.780718336483932,
  "fwhm_avg": 2.922818969773811,
  "fwhm_x": 2.700556666666667,
  "fwhm_y": 3.0145966666666664,
  "fwhm_z": 3.0533035759881,
  "gcor": 0.00909805,
  "gsr_x": -0.017158852890133858,
  "gsr_y": 0.08399972319602966,
  "provenance": {
    "md5sum": "03bc82caa2b7e4ba5d5210c5f8d6e4d2",
    "settings": {
      "fd_thres": 0.2,
      "testing": false
    },
    "software": "mriqc",
    "version": "22.0.1",
    "webapi_port": null,
    "webapi_url": "https://mriqc.nimh.nih.gov/api/v1"
  },
  "size_t": 529,
  "size_x": 68,
  "size_y": 68,
  "size_z": 48,
  "snr": 2.2904702828503796,
  "spacing_tr": 1.0,
  "spacing_x": 3.0,
  "spacing_y": 3.0,
  "spacing_z": 2.999999761581421,
  "summary_bg_k": 23.049059590787625,
  "summary_bg_mad": 113.12058562035746,
  "summary_bg_mean": 370.89776611328125,
  "summary_bg_median": 149.86767578125,
  "summary_bg_n": 134185.0,
  "summary_bg_p05": 62.130435943603516,
  "summary_bg_p95": 1574.821240234375,
  "summary_bg_stdv": 628.9058837890625,
  "summary_fg_k": 1.3731426334956893,
  "summary_fg_mad": 1798.8894852420228,
  "summary_fg_mean": 5009.669921875,
  "summary_fg_median": 4592.0908203125,
  "summary_fg_n": 42875.0,
  "summary_fg_p05": 2495.8835693359374,
  "summary_fg_p95": 8875.976953124997,
  "summary_fg_stdv": 2004.8447265625,
  "tsnr": 48.459108993411064
}