{
  "aor": 0.002451388888888889,
  "aqi": 0.0038028459722222216,
  "bids_meta": {
    "AcquisitionNumber": 1,
    "AcquisitionTime": "11:40:3.070000",
    "BandwidthPerPixelPhaseEncode": 25.355,
    "BodyPartExamined": "BRAIN",
    "ConversionSoftware": "dcm2niix",
    "ConversionSoftwareVersion": "v1.0.20170724 (OpenJPEG build) GCC6.1.0",
    "DeviceSerialNumber": "67025",
    "EchoTime": 0.035,
    "EchoTrainLength": 68,
    "EffectiveEchoSpacing": 0.000579999,
    "FlipAngle": 52,
    "ImageType": [
      "ORIGINAL",
      "PRIMARY",
      "M",
      "MB",
      "ND",
      "MOSAIC"
    ],
    "InstitutionAddress": "McClintock_3520A_Los_Angeles_SVC0e0594213b1104_CA_US_90089",
    "InstitutionName": "USC",
    "MagneticFieldStrength": 3,
    "Manufacturer": "Siemens",
    "ManufacturersModelName": "Prisma_fit",
    "PhaseEncodingDirection": "j-",
    "PhaseEncodingLines": 68,
    "ProcedureStepDescription": "HAssal_Music",
    "ProtocolName": "Resting",
    "RepetitionTime": 1,
    "ScanningSequence": "EP",
    "SequenceName": "epfid2d1_68",
    "SequenceVariant": "SK_SS",
    "SeriesDescription": "Resting",
    "SliceTiming": [
      0,
      0.49,
      0.1625,
      0.8175,
      0.3275,
      0.6525,
      0,
      0.49,
      0.1625,
      0.8175,
      0.3275,
      0.6525,
      0,
      0.49,
      0.1625,
      0.8175,
      0.3275,
      0.6525,
      0,
      0.49,
      0.1625,
      0.8175,
      0.3275,
      0.6525,
      0,
      0.49,
      0.1625,
      0.8175,
      0.3275,
      0.6525,
      0,
      0.49,
      0.1625,
      0.8175,
      0.3275,
      0.6525,
      0,
      0.49,
      0.1625,
      0.8175,
      0.3275,
      0.6525,
      0,
      0.49,
      0.1625,
      0.8175,
      0.3275,
      0.6525
    ],
    "SoftwareVersions": "syngo_MR_E11",
    "TaskName": "rest",
    "TotalReadoutTime": 0.03886,
    "dataset": "ds003085",
    "modality": "bold",
    "subject_id": "34",
    "task_id": "rest"
  },
  "dummy_trs": 0,
  "dvars_nstd": 24.48160709710306,
  "dvars_std": 1.104072999832869,
  "dvars_vstd": 0.9893007458774377,
  "efc": 0.5219404003150003,
  "fber": 883.5292358398438,
  "fd_mean": 0.07657996134389777,
  "fd_num": 16,
  "fd_perc": 4.444444444444445,
  "fwhm_avg": 2.8955945239388563,
  "fwhm_x": 2.68192,
  "fwhm_y": 3.00405,
  "fwhm_z": 3.000813571816569,
  "gcor": 0.0449665,
  "gsr_x": -0.02130388282239437,
  "gsr_y": 0.08370818197727203,
  "provenance": {
    "md5sum": "e22bf72dca833dd48584762143c5ff10",
    "settings": {
      "fd_thres": 0.2,
      "testing": false
    },
    "software": "mriqc",
    "version": "22.0.1",
    "webapi_port": null,
    "webapi_url": "https://mriqc.nimh.nih.gov/api/v1"
  },
  "size_t": 360,
  "size_x": 68,
  "size_y": 68,
  "size_z": 48,
  "snr": 2.279588626186904,
  "spacing_tr": 1.0,
  "spacing_x": 3.0,
  "spacing_y": 3.0,
  "spacing_z": 2.999999761581421,
  "summary_bg_k": 22.112046476710756,
  "summary_bg_mad": 106.58263243665675,
  "summary_bg_mean": 355.6900329589844,
  "summary_bg_median": 144.7166748046875,
  "summary_bg_n": 132809.0,
  "summary_bg_p05": 61.29166793823242,
  "summary_bg_p95": 1523.1633544921874,
  "summary_bg_stdv": 602.4265747070312,
  "summary_fg_k": 1.6171151016097536,
  "summary_fg_mad": 1704.541725826572,
  "summary_fg_mean": 4907.81005859375,
  "summary_fg_median": 4488.43603515625,
  "summary_fg_n": 43318.0,
  "summary_fg_p05": 2489.5793212890626,
  "summary_fg_p95": 8764.158203125,
  "summary_fg_stdv": 1968.94482421875,
  "tsnr": 51.50765985157341
}