{
  "aor": 0.0018466298342541434,
  "aqi": 0.003351200828729282,
  "bids_meta": {
    "AcquisitionNumber": 1,
    "AcquisitionTime": "12:18:59.845000",
    "BandwidthPerPixelPhaseEncode": 25.355,
    "BodyPartExamined": "BRAIN",
    "ConversionSoftware": "dcm2niix",
    "ConversionSoftwareVersion": "v1.0.20170724 (OpenJPEG build) GCC6.1.0",
    "DeviceSerialNumber": "67025",
    "EchoTime": 0.035,
    "EchoTrainLength": 68,
    "EffectiveEchoSpacing": 0.000579999,
    "FlipAngle": 52,
    "ImageType": [
      "ORIGINAL",
      "PRIMARY",
      "M",
      "MB",
      "ND",
      "MOSAIC"
    ],
    "InstitutionAddress": "McClintock_3520A_Los_Angeles_SVC0e0594213b1104_CA_US_90089",
    "InstitutionName": "USC",
    "MagneticFieldStrength": 3,
    "Manufacturer": "Siemens",
    "ManufacturersModelName": "Prisma_fit",
    "PhaseEncodingDirection": "j-",
    "PhaseEncodingLines": 68,
    "ProcedureStepDescription": "HAssal_Music",
    "ProtocolName": "MUSIC_DYNAMICS_HNL",
    "RepetitionTime": 1,
    "ScanningSequence": "EP",
    "SequenceName": "epfid2d1_68",
    "SequenceVariant": "SK_SS",
    "SeriesDescription": "MUSIC_DYNAMICS_HNL",
    "SliceTiming": [
      0,
      0.49,
      0.1625,
      0.8175,
      0.3275,
      0.6525,
      0,
      0.49,
      0.1625,
      0.8175,
      0.3275,
      0.6525,
      0,
      0.49,
      0.1625,
      0.8175,
      0.3275,
      0.6525,
      0,
      0.49,
      0.1625,
      0.8175,
      0.3275,
      0.6525,
      0,
      0.49,
      0.1625,
      0.8175,
      0.3275,
      0.6525,
      0,
      0.49,
      0.1625,
      0.8175,
      0.3275,
      0.6525,
      0,
      0.49,
      0.1625,
      0.8175,
      0.3275,
      0.6525,
      0,
      0.49,
      0.1625,
      0.8175,
      0.3275,
      0.6525
    ],
    "SoftwareVersions": "syngo_MR_E11",
    "TaskName": "happy",
    "TotalReadoutTime": 0.03886,
    "dataset": "ds003085",
    "modality": "bold",
    "subject_id": "34",
    "task_id": "happy"
  },
  "dummy_trs": 2,
  "dvars_nstd": 22.631741036333338,
  "dvars_std": 1.0879665447222213,
  "dvars_vstd": 0.9858216367777779,
  "efc": 0.5206734674251211,
  "fber": 875.1399536132812,
  "fd_mean": 0.06202971510661297,
  "fd_num": 1,
  "fd_perc": 0.5524861878453039,
  "fwhm_avg": 2.9093289694780835,
  "fwhm_x": 2.6752266666666666,
  "fwhm_y": 3.01062,
  "fwhm_z": 3.0421402417675845,
  "gcor": 0.00755811,
  "gsr_x": -0.016837159171700478,
  "gsr_y": 0.08368075639009476,
  "provenance": {
    "md5sum": "bf23294a1ca18f35077edbeb44a2dfd2",
    "settings": {
      "fd_thres": 0.2,
      "testing": false
    },
    "software": "mriqc",
    "version": "22.0.1",
    "webapi_port": null,
    "webapi_url": "https://mriqc.nimh.nih.gov/api/v1"
  },
  "size_t": 181,
  "size_x": 68,
  "size_y": 68,
  "size_z": 48,
  "snr": 2.304822426260388,
  "spacing_tr": 1.0,
  "spacing_x": 3.0,
  "spacing_y": 3.0,
  "spacing_z": 2.999999761581421,
  "summary_bg_k": 21.59569504475833,
  "summary_bg_mad": 109.64704878817687,
  "summary_bg_mean": 369.4523010253906,
  "summary_bg_median": 148.24310302734375,
  "summary_bg_n": 134309.0,
  "summary_bg_p05": 62.524864196777344,
  "summary_bg_p95": 1578.1138427734327,
  "summary_bg_stdv": 623.0018920898438,
  "summary_fg_k": 1.233730165144749,
  "summary_fg_mad": 1804.8962684002504,
  "summary_fg_mean": 5008.20068359375,
  "summary_fg_median": 4603.20458984375,
  "summary_fg_n": 42952.0,
  "summary_fg_p05": 2502.6478515625,
  "summary_fg_p95": 8879.245214843748,
  "summary_fg_stdv": 1997.1824951171875,
  "tsnr": 58.99060573428869
}