{
  "aor": 0.0017079433962264151,
  "aqi": 0.00592733241509434,
  "bids_meta": {
    "AcquisitionNumber": 1,
    "AcquisitionTime": "11:37:30.375000",
    "BandwidthPerPixelPhaseEncode": 25.355,
    "BodyPartExamined": "BRAIN",
    "ConversionSoftware": "dcm2niix",
    "ConversionSoftwareVersion": "v1.0.20170724 (OpenJPEG build) GCC6.1.0",
    "DeviceSerialNumber": "67025",
    "EchoTime": 0.035,
    "EchoTrainLength": 68,
    "EffectiveEchoSpacing": 0.000579999,
    "FlipAngle": 52,
    "ImageType": [
      "ORIGINAL",
      "PRIMARY",
      "M",
      "MB",
      "ND",
      "MOSAIC"
    ],
    "InstitutionAddress": "McClintock_3520A_Los_Angeles_SVC0e0594213b1104_CA_US_90089",
    "InstitutionName": "USC",
    "MagneticFieldStrength": 3,
    "Manufacturer": "Siemens",
    "ManufacturersModelName": "Prisma_fit",
    "PhaseEncodingDirection": "j-",
    "PhaseEncodingLines": 68,
    "ProcedureStepDescription": "HAssal_Music",
    "ProtocolName": "MUSIC_DYNAMICS_SNL_L",
    "RepetitionTime": 1,
    "ScanningSequence": "EP",
    "SequenceName": "epfid2d1_68",
    "SequenceVariant": "SK_SS",
    "SeriesDescription": "MUSIC_DYNAMICS_SNL_L",
    "SliceTiming": [
      0,
      0.49,
      0.1625,
      0.815,
      0.3275,
      0.6525,
      0,
      0.49,
      0.1625,
      0.815,
      0.3275,
      0.6525,
      0,
      0.49,
      0.1625,
      0.815,
      0.3275,
      0.6525,
      0,
      0.49,
      0.1625,
      0.815,
      0.3275,
      0.6525,
      0,
      0.49,
      0.1625,
      0.815,
      0.3275,
      0.6525,
      0,
      0.49,
      0.1625,
      0.815,
      0.3275,
      0.6525,
      0,
      0.49,
      0.1625,
      0.815,
      0.3275,
      0.6525,
      0,
      0.49,
      0.1625,
      0.815,
      0.3275,
      0.6525
    ],
    "SoftwareVersions": "syngo_MR_E11",
    "TaskName": "sadln",
    "TotalReadoutTime": 0.03886,
    "dataset": "ds003085",
    "modality": "bold",
    "subject_id": "37",
    "task_id": "sadln"
  },
  "dummy_trs": 0,
  "dvars_nstd": 21.132167332930045,
  "dvars_std": 1.0433122500567111,
  "dvars_vstd": 1.0046631922873344,
  "efc": 0.501759434057849,
  "fber": 1000.8425903320312,
  "fd_mean": 0.13707374152852367,
  "fd_num": 97,
  "fd_perc": 18.30188679245283,
  "fwhm_avg": 2.806748888888889,
  "fwhm_x": 2.6256066666666666,
  "fwhm_y": 2.93134,
  "fwhm_z": 2.8633,
  "gcor": 0.0186748,
  "gsr_x": 0.003245370229706168,
  "gsr_y": 0.060449592769145966,
  "provenance": {
    "md5sum": "f279e5cd132f2853a0bc65daa4dd7e09",
    "settings": {
      "fd_thres": 0.2,
      "testing": false
    },
    "software": "mriqc",
    "version": "22.0.1",
    "webapi_port": null,
    "webapi_url": "https://mriqc.nimh.nih.gov/api/v1"
  },
  "size_t": 530,
  "size_x": 68,
  "size_y": 68,
  "size_z": 48,
  "snr": 2.5405050452186813,
  "spacing_tr": 1.0,
  "spacing_x": 3.0,
  "spacing_y": 3.0,
  "spacing_z": 3.0,
  "summary_bg_k": 44.486571868644354,
  "summary_bg_mad": 96.00269016178041,
  "summary_bg_mean": 272.4005126953125,
  "summary_bg_median": 130.2188720703125,
  "summary_bg_n": 138401.0,
  "summary_bg_p05": 53.979244232177734,
  "summary_bg_p95": 1005.8623046875,
  "summary_bg_stdv": 443.1949768066406,
  "summary_fg_k": 1.1392703354955263,
  "summary_fg_mad": 1451.2359153203429,
  "summary_fg_mean": 4593.6748046875,
  "summary_fg_median": 4250.6904296875,
  "summary_fg_n": 39159.0,
  "summary_fg_p05": 2507.6761474609375,
  "summary_fg_p95": 7920.824023437499,
  "summary_fg_stdv": 1673.1461181640625,
  "tsnr": 49.46089145576116
}