{
  "aor": 0.0013468888888888888,
  "aqi": 0.004947888111111111,
  "bids_meta": {
    "AcquisitionNumber": 1,
    "AcquisitionTime": "11:30:28.157500",
    "BandwidthPerPixelPhaseEncode": 25.355,
    "BodyPartExamined": "BRAIN",
    "ConversionSoftware": "dcm2niix",
    "ConversionSoftwareVersion": "v1.0.20170724 (OpenJPEG build) GCC6.1.0",
    "DeviceSerialNumber": "67025",
    "EchoTime": 0.035,
    "EchoTrainLength": 68,
    "EffectiveEchoSpacing": 0.000579999,
    "FlipAngle": 52,
    "ImageType": [
      "ORIGINAL",
      "PRIMARY",
      "M",
      "MB",
      "ND",
      "MOSAIC"
    ],
    "InstitutionAddress": "McClintock_3520A_Los_Angeles_SVC0e0594213b1104_CA_US_90089",
    "InstitutionName": "USC",
    "MagneticFieldStrength": 3,
    "Manufacturer": "Siemens",
    "ManufacturersModelName": "Prisma_fit",
    "PhaseEncodingDirection": "j-",
    "PhaseEncodingLines": 68,
    "ProcedureStepDescription": "HAssal_Music",
    "ProtocolName": "MUSIC_DYNAMICS_SNL",
    "RepetitionTime": 1,
    "ScanningSequence": "EP",
    "SequenceName": "epfid2d1_68",
    "SequenceVariant": "SK_SS",
    "SeriesDescription": "MUSIC_DYNAMICS_SNL",
    "SliceTiming": [
      0,
      0.49,
      0.1625,
      0.815,
      0.325,
      0.6525,
      0,
      0.49,
      0.1625,
      0.815,
      0.325,
      0.6525,
      0,
      0.49,
      0.1625,
      0.815,
      0.325,
      0.6525,
      0,
      0.49,
      0.1625,
      0.815,
      0.325,
      0.6525,
      0,
      0.49,
      0.1625,
      0.815,
      0.325,
      0.6525,
      0,
      0.49,
      0.1625,
      0.815,
      0.325,
      0.6525,
      0,
      0.49,
      0.1625,
      0.815,
      0.325,
      0.6525,
      0,
      0.49,
      0.1625,
      0.815,
      0.325,
      0.6525
    ],
    "SoftwareVersions": "syngo_MR_E11",
    "TaskName": "sadsh",
    "TotalReadoutTime": 0.03886,
    "dataset": "ds003085",
    "modality": "bold",
    "subject_id": "37",
    "task_id": "sadsh"
  },
  "dummy_trs": 1,
  "dvars_nstd": 21.852399670185868,
  "dvars_std": 1.0397739474349434,
  "dvars_vstd": 0.9949277425278815,
  "efc": 0.5017801875770778,
  "fber": 989.3861694335938,
  "fd_mean": 0.1312673764805511,
  "fd_num": 46,
  "fd_perc": 17.037037037037038,
  "fwhm_avg": 2.8091955555555557,
  "fwhm_x": 2.60597,
  "fwhm_y": 2.919446666666667,
  "fwhm_z": 2.90217,
  "gcor": 0.0176139,
  "gsr_x": 0.0018308308208361268,
  "gsr_y": 0.06141439080238342,
  "provenance": {
    "md5sum": "674918c4e2cf1b063b22c91a17cbaa6b",
    "settings": {
      "fd_thres": 0.2,
      "testing": false
    },
    "software": "mriqc",
    "version": "22.0.1",
    "webapi_port": null,
    "webapi_url": "https://mriqc.nimh.nih.gov/api/v1"
  },
  "size_t": 270,
  "size_x": 68,
  "size_y": 68,
  "size_z": 48,
  "snr": 2.5503255738172967,
  "spacing_tr": 1.0,
  "spacing_x": 3.0,
  "spacing_y": 3.0,
  "spacing_z": 3.0,
  "summary_bg_k": 45.050885430027414,
  "summary_bg_mad": 95.76238037683662,
  "summary_bg_mean": 270.912109375,
  "summary_bg_median": 130.7351837158203,
  "summary_bg_n": 138268.0,
  "summary_bg_p05": 54.3814811706543,
  "summary_bg_p95": 994.170169067381,
  "summary_bg_stdv": 441.8988037109375,
  "summary_fg_k": 1.1208274073128761,
  "summary_fg_mad": 1448.979797247114,
  "summary_fg_mean": 4583.92138671875,
  "summary_fg_median": 4246.0849609375,
  "summary_fg_n": 39035.0,
  "summary_fg_p05": 2511.9607666015627,
  "summary_fg_p95": 7894.851318359375,
  "summary_fg_stdv": 1664.8974609375,
  "tsnr": 52.3269500794122
}