{
  "aor": 0.0030880769230769234,
  "aqi": 0.0033418176373626375,
  "bids_meta": {
    "AcquisitionNumber": 1,
    "AcquisitionTime": "11:26:8.820000",
    "BandwidthPerPixelPhaseEncode": 25.355,
    "BodyPartExamined": "BRAIN",
    "ConversionSoftware": "dcm2niix",
    "ConversionSoftwareVersion": "v1.0.20170724 (OpenJPEG build) GCC6.1.0",
    "DeviceSerialNumber": "67025",
    "EchoTime": 0.035,
    "EchoTrainLength": 68,
    "EffectiveEchoSpacing": 0.000579999,
    "FlipAngle": 52,
    "ImageType": [
      "ORIGINAL",
      "PRIMARY",
      "M",
      "MB",
      "ND",
      "MOSAIC"
    ],
    "InstitutionAddress": "McClintock_3520A_Los_Angeles_SVC0e0594213b1104_CA_US_90089",
    "InstitutionName": "USC",
    "MagneticFieldStrength": 3,
    "Manufacturer": "Siemens",
    "ManufacturersModelName": "Prisma_fit",
    "PhaseEncodingDirection": "j-",
    "PhaseEncodingLines": 68,
    "ProcedureStepDescription": "HAssal_Music",
    "ProtocolName": "MUSIC_DYNAMICS_HNL",
    "RepetitionTime": 1,
    "ScanningSequence": "EP",
    "SequenceName": "epfid2d1_68",
    "SequenceVariant": "SK_SS",
    "SeriesDescription": "MUSIC_DYNAMICS_HNL",
    "SliceTiming": [
      0,
      0.49,
      0.1625,
      0.815,
      0.325,
      0.6525,
      0,
      0.49,
      0.1625,
      0.815,
      0.325,
      0.6525,
      0,
      0.49,
      0.1625,
      0.815,
      0.325,
      0.6525,
      0,
      0.49,
      0.1625,
      0.815,
      0.325,
      0.6525,
      0,
      0.49,
      0.1625,
      0.815,
      0.325,
      0.6525,
      0,
      0.49,
      0.1625,
      0.815,
      0.325,
      0.6525,
      0,
      0.49,
      0.1625,
      0.815,
      0.325,
      0.6525,
      0,
      0.49,
      0.1625,
      0.815,
      0.325,
      0.6525
    ],
    "SoftwareVersions": "syngo_MR_E11",
    "TaskName": "happy",
    "TotalReadoutTime": 0.03886,
    "dataset": "ds003085",
    "modality": "bold",
    "subject_id": "37",
    "task_id": "happy"
  },
  "dummy_trs": 1,
  "dvars_nstd": 25.0538700482873,
  "dvars_std": 1.1306758406629822,
  "dvars_vstd": 1.0427077539226524,
  "efc": 0.5020508252548102,
  "fber": 979.1392211914062,
  "fd_mean": 0.16702689806143717,
  "fd_num": 58,
  "fd_perc": 31.86813186813187,
  "fwhm_avg": 2.8393955555555555,
  "fwhm_x": 2.6399933333333334,
  "fwhm_y": 2.9094466666666663,
  "fwhm_z": 2.9687466666666666,
  "gcor": 0.0213761,
  "gsr_x": 0.00232624146156013,
  "gsr_y": 0.06324300169944763,
  "provenance": {
    "md5sum": "2f7b25ed7037c9b56d973bc39c09241a",
    "settings": {
      "fd_thres": 0.2,
      "testing": false
    },
    "software": "mriqc",
    "version": "22.0.1",
    "webapi_port": null,
    "webapi_url": "https://mriqc.nimh.nih.gov/api/v1"
  },
  "size_t": 182,
  "size_x": 68,
  "size_y": 68,
  "size_z": 48,
  "snr": 2.5411301999521885,
  "spacing_tr": 1.0,
  "spacing_x": 3.0,
  "spacing_y": 3.0,
  "spacing_z": 3.0,
  "summary_bg_k": 48.20794260542274,
  "summary_bg_mad": 95.67673077967991,
  "summary_bg_mean": 272.08978271484375,
  "summary_bg_median": 130.95054626464844,
  "summary_bg_n": 138095.0,
  "summary_bg_p05": 54.516483306884766,
  "summary_bg_p95": 998.8154296874995,
  "summary_bg_stdv": 451.07672119140625,
  "summary_fg_k": 1.1705778680861458,
  "summary_fg_mad": 1445.7204975213976,
  "summary_fg_mean": 4574.6044921875,
  "summary_fg_median": 4234.89306640625,
  "summary_fg_n": 39220.0,
  "summary_fg_p05": 2506.317736816406,
  "summary_fg_p95": 7884.671630859374,
  "summary_fg_stdv": 1666.5179443359375,
  "tsnr": 56.44124663574621
}