{
  "aor": 0.002685861111111111,
  "aqi": 0.004553549527777778,
  "bids_meta": {
    "AcquisitionNumber": 1,
    "AcquisitionTime": "11:07:34.552500",
    "BandwidthPerPixelPhaseEncode": 25.355,
    "BodyPartExamined": "BRAIN",
    "ConversionSoftware": "dcm2niix",
    "ConversionSoftwareVersion": "v1.0.20170724 (OpenJPEG build) GCC6.1.0",
    "DeviceSerialNumber": "67025",
    "EchoTime": 0.035,
    "EchoTrainLength": 68,
    "EffectiveEchoSpacing": 0.000579999,
    "FlipAngle": 52,
    "ImageType": [
      "ORIGINAL",
      "PRIMARY",
      "M",
      "MB",
      "ND",
      "MOSAIC"
    ],
    "InstitutionAddress": "McClintock_3520A_Los_Angeles_SVC0e0594213b1104_CA_US_90089",
    "InstitutionName": "USC",
    "MagneticFieldStrength": 3,
    "Manufacturer": "Siemens",
    "ManufacturersModelName": "Prisma_fit",
    "PhaseEncodingDirection": "j-",
    "PhaseEncodingLines": 68,
    "ProcedureStepDescription": "HAssal_Music",
    "ProtocolName": "Resting",
    "RepetitionTime": 1,
    "ScanningSequence": "EP",
    "SequenceName": "epfid2d1_68",
    "SequenceVariant": "SK_SS",
    "SeriesDescription": "Resting",
    "SliceTiming": [
      0,
      0.49,
      0.1625,
      0.8175,
      0.3275,
      0.6525,
      0,
      0.49,
      0.1625,
      0.8175,
      0.3275,
      0.6525,
      0,
      0.49,
      0.1625,
      0.8175,
      0.3275,
      0.6525,
      0,
      0.49,
      0.1625,
      0.8175,
      0.3275,
      0.6525,
      0,
      0.49,
      0.1625,
      0.8175,
      0.3275,
      0.6525,
      0,
      0.49,
      0.1625,
      0.8175,
      0.3275,
      0.6525,
      0,
      0.49,
      0.1625,
      0.8175,
      0.3275,
      0.6525,
      0,
      0.49,
      0.1625,
      0.8175,
      0.3275,
      0.6525
    ],
    "SoftwareVersions": "syngo_MR_E11",
    "TaskName": "rest",
    "TotalReadoutTime": 0.03886,
    "dataset": "ds003085",
    "modality": "bold",
    "subject_id": "37",
    "task_id": "rest"
  },
  "dummy_trs": 0,
  "dvars_nstd": 21.658319226350976,
  "dvars_std": 1.0440832613927569,
  "dvars_vstd": 0.9818587816991645,
  "efc": 0.5012116337622615,
  "fber": 984.1119995117188,
  "fd_mean": 0.10636309194857713,
  "fd_num": 38,
  "fd_perc": 10.555555555555555,
  "fwhm_avg": 2.857011111111111,
  "fwhm_x": 2.6445066666666666,
  "fwhm_y": 3.007633333333333,
  "fwhm_z": 2.918893333333333,
  "gcor": 0.0170191,
  "gsr_x": 0.006825674790889025,
  "gsr_y": 0.05912907049059868,
  "provenance": {
    "md5sum": "e30c3dda5e00ebc64d981e483452de5b",
    "settings": {
      "fd_thres": 0.2,
      "testing": false
    },
    "software": "mriqc",
    "version": "22.0.1",
    "webapi_port": null,
    "webapi_url": "https://mriqc.nimh.nih.gov/api/v1"
  },
  "size_t": 360,
  "size_x": 68,
  "size_y": 68,
  "size_z": 48,
  "snr": 2.5045495525883688,
  "spacing_tr": 1.0,
  "spacing_x": 3.0,
  "spacing_y": 3.0,
  "spacing_z": 3.0,
  "summary_bg_k": 37.694871620010886,
  "summary_bg_mad": 100.64809491723521,
  "summary_bg_mean": 284.6275329589844,
  "summary_bg_median": 133.8138885498047,
  "summary_bg_n": 138881.0,
  "summary_bg_p05": 53.463890075683594,
  "summary_bg_p95": 1048.6639404296875,
  "summary_bg_stdv": 470.5027160644531,
  "summary_fg_k": 0.9848707916083472,
  "summary_fg_mad": 1511.857008008817,
  "summary_fg_mean": 4635.7724609375,
  "summary_fg_median": 4281.990234375,
  "summary_fg_n": 39196.0,
  "summary_fg_p05": 2500.7396240234375,
  "summary_fg_p95": 8056.8140869140625,
  "summary_fg_stdv": 1709.6629638671875,
  "tsnr": 50.28944640350528
}