{
  "aor": 0.0015631226765799257,
  "aqi": 0.0034285893308550184,
  "bids_meta": {
    "AcquisitionNumber": 1,
    "AcquisitionTime": "14:47:51.235000",
    "BandwidthPerPixelPhaseEncode": 25.355,
    "BodyPartExamined": "BRAIN",
    "ConversionSoftware": "dcm2niix",
    "ConversionSoftwareVersion": "v1.0.20170724 (OpenJPEG build) GCC6.1.0",
    "DeviceSerialNumber": "67025",
    "EchoTime": 0.035,
    "EchoTrainLength": 68,
    "EffectiveEchoSpacing": 0.000579999,
    "FlipAngle": 52,
    "ImageType": [
      "ORIGINAL",
      "PRIMARY",
      "M",
      "MB",
      "ND",
      "MOSAIC"
    ],
    "InstitutionAddress": "McClintock_3520A_Los_Angeles_SVC0e0594213b1104_CA_US_90089",
    "InstitutionName": "USC",
    "MagneticFieldStrength": 3,
    "Manufacturer": "Siemens",
    "ManufacturersModelName": "Prisma_fit",
    "PhaseEncodingDirection": "j-",
    "PhaseEncodingLines": 68,
    "ProcedureStepDescription": "HAssal_Music",
    "ProtocolName": "MUSIC_DYNAMICS_SNL",
    "RepetitionTime": 1,
    "ScanningSequence": "EP",
    "SequenceName": "epfid2d1_68",
    "SequenceVariant": "SK_SS",
    "SeriesDescription": "MUSIC_DYNAMICS_SNL",
    "SliceTiming": [
      0,
      0.49,
      0.1625,
      0.8175,
      0.3275,
      0.6525,
      0,
      0.49,
      0.1625,
      0.8175,
      0.3275,
      0.6525,
      0,
      0.49,
      0.1625,
      0.8175,
      0.3275,
      0.6525,
      0,
      0.49,
      0.1625,
      0.8175,
      0.3275,
      0.6525,
      0,
      0.49,
      0.1625,
      0.8175,
      0.3275,
      0.6525,
      0,
      0.49,
      0.1625,
      0.8175,
      0.3275,
      0.6525,
      0,
      0.49,
      0.1625,
      0.8175,
      0.3275,
      0.6525,
      0,
      0.49,
      0.1625,
      0.8175,
      0.3275,
      0.6525
    ],
    "SoftwareVersions": "syngo_MR_E11",
    "TaskName": "sadsh",
    "TotalReadoutTime": 0.03886,
    "dataset": "ds003085",
    "modality": "bold",
    "subject_id": "05",
    "task_id": "sadsh"
  },
  "dummy_trs": 2,
  "dvars_nstd": 23.718558461380578,
  "dvars_std": 1.1432976245895523,
  "dvars_vstd": 1.0130555796641798,
  "efc": 0.5234466090736354,
  "fber": 683.084716796875,
  "fd_mean": 0.09084395177242147,
  "fd_num": 8,
  "fd_perc": 2.973977695167286,
  "fwhm_avg": 2.8520177777777778,
  "fwhm_x": 2.63044,
  "fwhm_y": 2.9598933333333335,
  "fwhm_z": 2.9657199999999997,
  "gcor": 0.0355613,
  "gsr_x": 0.015023140236735344,
  "gsr_y": 0.04823123663663864,
  "provenance": {
    "md5sum": "eb0ff37d7d813bb441108b8aa3c6eba9",
    "settings": {
      "fd_thres": 0.2,
      "testing": false
    },
    "software": "mriqc",
    "version": "22.0.1",
    "webapi_port": null,
    "webapi_url": "https://mriqc.nimh.nih.gov/api/v1"
  },
  "size_t": 269,
  "size_x": 68,
  "size_y": 68,
  "size_z": 48,
  "snr": 2.4995817956547777,
  "spacing_tr": 1.0,
  "spacing_x": 3.0,
  "spacing_y": 3.0,
  "spacing_z": 3.0,
  "summary_bg_k": 24.265157736792695,
  "summary_bg_mad": 131.21029633774577,
  "summary_bg_mean": 380.30413818359375,
  "summary_bg_median": 166.77137756347656,
  "summary_bg_n": 137122.0,
  "summary_bg_p05": 61.22676467895508,
  "summary_bg_p95": 1535.6884338378904,
  "summary_bg_stdv": 619.6593017578125,
  "summary_fg_k": 0.7631094012123723,
  "summary_fg_mad": 1695.915232327418,
  "summary_fg_mean": 4907.1279296875,
  "summary_fg_median": 4556.728515625,
  "summary_fg_n": 39057.0,
  "summary_fg_p05": 2591.41416015625,
  "summary_fg_p95": 8452.34375,
  "summary_fg_stdv": 1822.9730224609375,
  "tsnr": 62.07257139729336
}