{
  "aor": 0.0020314339622641508,
  "aqi": 0.004055159849056604,
  "bids_meta": {
    "AcquisitionNumber": 1,
    "AcquisitionTime": "14:53:39.320000",
    "BandwidthPerPixelPhaseEncode": 25.355,
    "BodyPartExamined": "BRAIN",
    "ConversionSoftware": "dcm2niix",
    "ConversionSoftwareVersion": "v1.0.20170724 (OpenJPEG build) GCC6.1.0",
    "DeviceSerialNumber": "67025",
    "EchoTime": 0.035,
    "EchoTrainLength": 68,
    "EffectiveEchoSpacing": 0.000579999,
    "FlipAngle": 52,
    "ImageType": [
      "ORIGINAL",
      "PRIMARY",
      "M",
      "MB",
      "ND",
      "MOSAIC"
    ],
    "InstitutionAddress": "McClintock_3520A_Los_Angeles_SVC0e0594213b1104_CA_US_90089",
    "InstitutionName": "USC",
    "MagneticFieldStrength": 3,
    "Manufacturer": "Siemens",
    "ManufacturersModelName": "Prisma_fit",
    "PhaseEncodingDirection": "j-",
    "PhaseEncodingLines": 68,
    "ProcedureStepDescription": "HAssal_Music",
    "ProtocolName": "MUSIC_DYNAMICS_SNL_L",
    "RepetitionTime": 1,
    "ScanningSequence": "EP",
    "SequenceName": "epfid2d1_68",
    "SequenceVariant": "SK_SS",
    "SeriesDescription": "MUSIC_DYNAMICS_SNL_L",
    "SliceTiming": [
      0,
      0.49,
      0.1625,
      0.815,
      0.325,
      0.6525,
      0,
      0.49,
      0.1625,
      0.815,
      0.325,
      0.6525,
      0,
      0.49,
      0.1625,
      0.815,
      0.325,
      0.6525,
      0,
      0.49,
      0.1625,
      0.815,
      0.325,
      0.6525,
      0,
      0.49,
      0.1625,
      0.815,
      0.325,
      0.6525,
      0,
      0.49,
      0.1625,
      0.815,
      0.325,
      0.6525,
      0,
      0.49,
      0.1625,
      0.815,
      0.325,
      0.6525,
      0,
      0.49,
      0.1625,
      0.815,
      0.325,
      0.6525
    ],
    "SoftwareVersions": "syngo_MR_E11",
    "TaskName": "sadln",
    "TotalReadoutTime": 0.03886,
    "dataset": "ds003085",
    "modality": "bold",
    "subject_id": "05",
    "task_id": "sadln"
  },
  "dummy_trs": 0,
  "dvars_nstd": 24.00263049706995,
  "dvars_std": 1.137117445425332,
  "dvars_vstd": 1.0196155396975428,
  "efc": 0.5239055017980032,
  "fber": 676.4966430664062,
  "fd_mean": 0.11587553178926266,
  "fd_num": 42,
  "fd_perc": 7.9245283018867925,
  "fwhm_avg": 2.843594444444444,
  "fwhm_x": 2.6256666666666666,
  "fwhm_y": 2.9529266666666665,
  "fwhm_z": 2.95219,
  "gcor": 0.0470018,
  "gsr_x": 0.015316326171159744,
  "gsr_y": 0.04901644587516785,
  "provenance": {
    "md5sum": "4c242b8288a4d12c05b84ce908a2b2f8",
    "settings": {
      "fd_thres": 0.2,
      "testing": false
    },
    "software": "mriqc",
    "version": "22.0.1",
    "webapi_port": null,
    "webapi_url": "https://mriqc.nimh.nih.gov/api/v1"
  },
  "size_t": 530,
  "size_x": 68,
  "size_y": 68,
  "size_z": 48,
  "snr": 2.5059162618571484,
  "spacing_tr": 1.0,
  "spacing_x": 3.0,
  "spacing_y": 3.0,
  "spacing_z": 3.0,
  "summary_bg_k": 24.144628155799307,
  "summary_bg_mad": 132.5530336237576,
  "summary_bg_mean": 383.0635681152344,
  "summary_bg_median": 167.9075469970703,
  "summary_bg_n": 137186.0,
  "summary_bg_p05": 61.21792697906494,
  "summary_bg_p95": 1547.2788391113281,
  "summary_bg_stdv": 627.5012817382812,
  "summary_fg_k": 0.7446914434242591,
  "summary_fg_mad": 1694.4633970006537,
  "summary_fg_mean": 4904.46533203125,
  "summary_fg_median": 4554.50390625,
  "summary_fg_n": 39059.0,
  "summary_fg_p05": 2597.7658203125,
  "summary_fg_p95": 8429.81455078125,
  "summary_fg_stdv": 1817.4771728515625,
  "tsnr": 54.373258765786886
}