{
  "aor": 0.0010904945054945056,
  "aqi": 0.0028291274725274727,
  "bids_meta": {
    "AcquisitionNumber": 1,
    "AcquisitionTime": "14:43:29.750000",
    "BandwidthPerPixelPhaseEncode": 25.355,
    "BodyPartExamined": "BRAIN",
    "ConversionSoftware": "dcm2niix",
    "ConversionSoftwareVersion": "v1.0.20170724 (OpenJPEG build) GCC6.1.0",
    "DeviceSerialNumber": "67025",
    "EchoTime": 0.035,
    "EchoTrainLength": 68,
    "EffectiveEchoSpacing": 0.000579999,
    "FlipAngle": 52,
    "ImageType": [
      "ORIGINAL",
      "PRIMARY",
      "M",
      "MB",
      "ND",
      "MOSAIC"
    ],
    "InstitutionAddress": "McClintock_3520A_Los_Angeles_SVC0e0594213b1104_CA_US_90089",
    "InstitutionName": "USC",
    "MagneticFieldStrength": 3,
    "Manufacturer": "Siemens",
    "ManufacturersModelName": "Prisma_fit",
    "PhaseEncodingDirection": "j-",
    "PhaseEncodingLines": 68,
    "ProcedureStepDescription": "HAssal_Music",
    "ProtocolName": "MUSIC_DYNAMICS_HNL",
    "RepetitionTime": 1,
    "ScanningSequence": "EP",
    "SequenceName": "epfid2d1_68",
    "SequenceVariant": "SK_SS",
    "SeriesDescription": "MUSIC_DYNAMICS_HNL",
    "SliceTiming": [
      0,
      0.49,
      0.165,
      0.8175,
      0.3275,
      0.655,
      0,
      0.49,
      0.165,
      0.8175,
      0.3275,
      0.655,
      0,
      0.49,
      0.165,
      0.8175,
      0.3275,
      0.655,
      0,
      0.49,
      0.165,
      0.8175,
      0.3275,
      0.655,
      0,
      0.49,
      0.165,
      0.8175,
      0.3275,
      0.655,
      0,
      0.49,
      0.165,
      0.8175,
      0.3275,
      0.655,
      0,
      0.49,
      0.165,
      0.8175,
      0.3275,
      0.655,
      0,
      0.49,
      0.165,
      0.8175,
      0.3275,
      0.655
    ],
    "SoftwareVersions": "syngo_MR_E11",
    "TaskName": "happy",
    "TotalReadoutTime": 0.03886,
    "dataset": "ds003085",
    "modality": "bold",
    "subject_id": "05",
    "task_id": "happy"
  },
  "dummy_trs": 1,
  "dvars_nstd": 23.438456899060764,
  "dvars_std": 1.1692188402762433,
  "dvars_vstd": 1.0200467977900554,
  "efc": 0.5228511135705708,
  "fber": 696.542724609375,
  "fd_mean": 0.08527989854529532,
  "fd_num": 0,
  "fd_perc": 0.0,
  "fwhm_avg": 2.8431677777777775,
  "fwhm_x": 2.6275133333333334,
  "fwhm_y": 2.9512699999999996,
  "fwhm_z": 2.95072,
  "gcor": 0.0169387,
  "gsr_x": 0.015623366460204124,
  "gsr_y": 0.04888712987303734,
  "provenance": {
    "md5sum": "b0bf46166cebe1da45e8e08c7dcff67b",
    "settings": {
      "fd_thres": 0.2,
      "testing": false
    },
    "software": "mriqc",
    "version": "22.0.1",
    "webapi_port": null,
    "webapi_url": "https://mriqc.nimh.nih.gov/api/v1"
  },
  "size_t": 182,
  "size_x": 68,
  "size_y": 68,
  "size_z": 48,
  "snr": 2.487933768596881,
  "spacing_tr": 1.0,
  "spacing_x": 3.0,
  "spacing_y": 3.0,
  "spacing_z": 3.0,
  "summary_bg_k": 24.596008303161053,
  "summary_bg_mad": 129.50774477736059,
  "summary_bg_mean": 376.4954833984375,
  "summary_bg_median": 165.24725341796875,
  "summary_bg_n": 137073.0,
  "summary_bg_p05": 60.95604705810547,
  "summary_bg_p95": 1521.3088378906248,
  "summary_bg_stdv": 615.1094360351562,
  "summary_fg_k": 0.7561506907243052,
  "summary_fg_mad": 1705.3959595266874,
  "summary_fg_mean": 4898.05908203125,
  "summary_fg_median": 4553.662109375,
  "summary_fg_n": 39354.0,
  "summary_fg_p05": 2576.3753051757812,
  "summary_fg_p95": 8457.011035156249,
  "summary_fg_stdv": 1830.2755126953125,
  "tsnr": 69.08034223504364
}