{
  "aor": 0.003112451253481894,
  "aqi": 0.00663514860724234,
  "bids_meta": {
    "AcquisitionNumber": 1,
    "AcquisitionTime": "14:28:48.027500",
    "BandwidthPerPixelPhaseEncode": 25.355,
    "BodyPartExamined": "BRAIN",
    "ConversionSoftware": "dcm2niix",
    "ConversionSoftwareVersion": "v1.0.20170724 (OpenJPEG build) GCC6.1.0",
    "DeviceSerialNumber": "67025",
    "EchoTime": 0.035,
    "EchoTrainLength": 68,
    "EffectiveEchoSpacing": 0.000579999,
    "FlipAngle": 52,
    "ImageType": [
      "ORIGINAL",
      "PRIMARY",
      "M",
      "MB",
      "ND",
      "MOSAIC"
    ],
    "InstitutionAddress": "McClintock_3520A_Los_Angeles_SVC0e0594213b1104_CA_US_90089",
    "InstitutionName": "USC",
    "MagneticFieldStrength": 3,
    "Manufacturer": "Siemens",
    "ManufacturersModelName": "Prisma_fit",
    "PhaseEncodingDirection": "j-",
    "PhaseEncodingLines": 68,
    "ProcedureStepDescription": "HAssal_Music",
    "ProtocolName": "Resting",
    "RepetitionTime": 1,
    "ScanningSequence": "EP",
    "SequenceName": "epfid2d1_68",
    "SequenceVariant": "SK_SS",
    "SeriesDescription": "Resting",
    "SliceTiming": [
      0,
      0.49,
      0.1625,
      0.8175,
      0.3275,
      0.6525,
      0,
      0.49,
      0.1625,
      0.8175,
      0.3275,
      0.6525,
      0,
      0.49,
      0.1625,
      0.8175,
      0.3275,
      0.6525,
      0,
      0.49,
      0.1625,
      0.8175,
      0.3275,
      0.6525,
      0,
      0.49,
      0.1625,
      0.8175,
      0.3275,
      0.6525,
      0,
      0.49,
      0.1625,
      0.8175,
      0.3275,
      0.6525,
      0,
      0.49,
      0.1625,
      0.8175,
      0.3275,
      0.6525,
      0,
      0.49,
      0.1625,
      0.8175,
      0.3275,
      0.6525
    ],
    "SoftwareVersions": "syngo_MR_E11",
    "TaskName": "rest",
    "TotalReadoutTime": 0.03886,
    "dataset": "ds003085",
    "modality": "bold",
    "subject_id": "05",
    "task_id": "rest"
  },
  "dummy_trs": 1,
  "dvars_nstd": 24.89537838469274,
  "dvars_std": 1.1214909663687147,
  "dvars_vstd": 1.018664933379888,
  "efc": 0.5197917585808055,
  "fber": 740.500244140625,
  "fd_mean": 0.1276251599093993,
  "fd_num": 50,
  "fd_perc": 13.927576601671309,
  "fwhm_avg": 2.849686666666667,
  "fwhm_x": 2.6409366666666667,
  "fwhm_y": 2.940326666666667,
  "fwhm_z": 2.9677966666666666,
  "gcor": 0.0451276,
  "gsr_x": 0.017062019556760788,
  "gsr_y": 0.05089355260133743,
  "provenance": {
    "md5sum": "51451d32d67a480cda128ed948c684fa",
    "settings": {
      "fd_thres": 0.2,
      "testing": false
    },
    "software": "mriqc",
    "version": "22.0.1",
    "webapi_port": null,
    "webapi_url": "https://mriqc.nimh.nih.gov/api/v1"
  },
  "size_t": 359,
  "size_x": 68,
  "size_y": 68,
  "size_z": 48,
  "snr": 2.519522205390823,
  "spacing_tr": 1.0,
  "spacing_x": 3.0,
  "spacing_y": 3.0,
  "spacing_z": 3.0,
  "summary_bg_k": 22.77574690678467,
  "summary_bg_mad": 123.01262770359548,
  "summary_bg_mean": 363.5412292480469,
  "summary_bg_median": 157.7980499267578,
  "summary_bg_n": 137824.0,
  "summary_bg_p05": 58.713510513305664,
  "summary_bg_p95": 1473.4828369140612,
  "summary_bg_stdv": 605.082763671875,
  "summary_fg_k": 0.6645648369893493,
  "summary_fg_mad": 1639.6402345699976,
  "summary_fg_mean": 4818.6796875,
  "summary_fg_median": 4480.5361328125,
  "summary_fg_n": 39050.0,
  "summary_fg_p05": 2550.556115722656,
  "summary_fg_p95": 8321.573925781242,
  "summary_fg_stdv": 1778.304931640625,
  "tsnr": 42.46365682792384
}