{
  "bids_meta": {
    "AccelFactPE": 2,
    "AcquisitionNumber": 1,
    "AcquisitionTime": "11:51:18.705000",
    "BodyPartExamined": "BRAIN",
    "ConversionSoftware": "dcm2niix",
    "ConversionSoftwareVersion": "v1.0.20170724 (OpenJPEG build) GCC6.1.0",
    "DeviceSerialNumber": "67025",
    "EchoTime": 0.00226,
    "FlipAngle": 9,
    "ImageType": [
      "ORIGINAL",
      "PRIMARY",
      "M",
      "ND",
      "NORM"
    ],
    "InstitutionAddress": "McClintock_3520A_Los_Angeles_SVC0e0594213b1104_CA_US_90089",
    "InstitutionName": "USC",
    "InversionTime": 1.06,
    "MagneticFieldStrength": 3,
    "Manufacturer": "Siemens",
    "ManufacturersModelName": "Prisma_fit",
    "PhaseEncodingDirection": "i-",
    "PhaseEncodingLines": 224,
    "ProcedureStepDescription": "HAssal_Music",
    "ProtocolName": "t1_mprage_short_32channel",
    "RepetitionTime": 2.3,
    "ScanningSequence": "GR_IR",
    "SequenceName": "_tfl3d1_16ns",
    "SequenceVariant": "SK_SP_MP",
    "SeriesDescription": "t1_mprage_short_32channel",
    "SoftwareVersions": "syngo_MR_E11",
    "dataset": "ds003085",
    "modality": "T1w",
    "subject_id": "39"
  },
  "cjv": 0.35529671888371805,
  "cnr": 3.756614298295645,
  "efc": 0.6272015350664207,
  "fber": -1.0,
  "fwhm_avg": 4.347915706038461,
  "fwhm_x": 4.265077118115384,
  "fwhm_y": 4.41815,
  "fwhm_z": 4.36052,
  "icvs_csf": 0.19718420264711978,
  "icvs_gm": 0.45150886075966873,
  "icvs_wm": 0.3513069365932115,
  "inu_med": 0.3611290454864502,
  "inu_range": 0.11555071473121642,
  "provenance": {
    "md5sum": "c6e49c25d8ad070b43238dc69889a619",
    "settings": {
      "testing": false
    },
    "software": "mriqc",
    "version": "22.0.1",
    "warnings": {
      "large_rot_frame": true,
      "small_air_mask": false
    },
    "webapi_port": null,
    "webapi_url": "https://mriqc.nimh.nih.gov/api/v1"
  },
  "qi_1": 0.02306225294554796,
  "qi_2": 0.02571795235260504,
  "rpve_csf": 19.155053899324106,
  "rpve_gm": 9.09520938798094,
  "rpve_wm": 13.066031054066274,
  "size_x": 176,
  "size_y": 224,
  "size_z": 256,
  "snr_csf": 3.0801129929470417,
  "snr_gm": 18.238432949218314,
  "snr_total": 16.605892613637067,
  "snr_wm": 28.499131898745844,
  "snrd_csf": 67.59034035055998,
  "snrd_gm": 157.87813877591108,
  "snrd_total": 141.7547144860399,
  "snrd_wm": 199.7956643316485,
  "spacing_x": 0.9999983310699463,
  "spacing_y": 1.0,
  "spacing_z": 1.0,
  "summary_bg_k": 18.290506986752238,
  "summary_bg_mad": 0.0,
  "summary_bg_mean": 1.4881106164964708,
  "summary_bg_median": 0.0,
  "summary_bg_n": 1633974.0,
  "summary_bg_p05": 0.0,
  "summary_bg_p95": 8.437651511281729,
  "summary_bg_stdv": 3.2791833897431624,
  "summary_csf_k": 1.659743206998984,
  "summary_csf_mad": 70.2387818194947,
  "summary_csf_mean": 344.2512678918666,
  "summary_csf_median": 338.3129396941513,
  "summary_csf_n": 41736.0,
  "summary_csf_p05": 130.6913836542517,
  "summary_csf_p95": 536.3902669753879,
  "summary_csf_stdv": 109.83651815160022,
  "summary_gm_k": 0.17050231434226015,
  "summary_gm_mad": 42.27998691518975,
  "summary_gm_mean": 788.5416589458918,
  "summary_gm_median": 790.2344767861068,
  "summary_gm_n": 54337.0,
  "summary_gm_p05": 714.337109831348,
  "summary_gm_p95": 856.7720445234328,
  "summary_gm_stdv": 43.32758232832875,
  "summary_wm_k": 0.8948962942711991,
  "summary_wm_mad": 32.26540634433236,
  "summary_wm_mean": 1001.7503555014538,
  "summary_wm_median": 1000.0461336281151,
  "summary_wm_n": 228025.0,
  "summary_wm_p05": 947.7188620425761,
  "summary_wm_p95": 1061.9452984035015,
  "summary_wm_stdv": 35.090329920769854,
  "tpm_overlap_csf": 0.14077146896365275,
  "tpm_overlap_gm": 0.4568924672801629,
  "tpm_overlap_wm": 0.4829529496050905,
  "wm2max": 0.870509639255219
}