{
  "aor": 0.0017948327137546466,
  "aqi": 0.00313894282527881,
  "bids_meta": {
    "AcquisitionNumber": 1,
    "AcquisitionTime": "17:21:40.722500",
    "BandwidthPerPixelPhaseEncode": 25.355,
    "BodyPartExamined": "BRAIN",
    "ConversionSoftware": "dcm2niix",
    "ConversionSoftwareVersion": "v1.0.20170724 (OpenJPEG build) GCC6.1.0",
    "DeviceSerialNumber": "67025",
    "EchoTime": 0.035,
    "EchoTrainLength": 68,
    "EffectiveEchoSpacing": 0.000579999,
    "FlipAngle": 52,
    "ImageType": [
      "ORIGINAL",
      "PRIMARY",
      "M",
      "MB",
      "ND",
      "MOSAIC"
    ],
    "InstitutionAddress": "McClintock_3520A_Los_Angeles_SVC0e0594213b1104_CA_US_90089",
    "InstitutionName": "USC",
    "MagneticFieldStrength": 3,
    "Manufacturer": "Siemens",
    "ManufacturersModelName": "Prisma_fit",
    "PhaseEncodingDirection": "j-",
    "PhaseEncodingLines": 68,
    "ProcedureStepDescription": "HAssal_Music",
    "ProtocolName": "MUSIC_DYNAMICS_SNL",
    "RepetitionTime": 1,
    "ScanningSequence": "EP",
    "SequenceName": "epfid2d1_68",
    "SequenceVariant": "SK_SS",
    "SeriesDescription": "MUSIC_DYNAMICS_SNL",
    "SliceTiming": [
      0,
      0.49,
      0.165,
      0.8175,
      0.3275,
      0.655,
      0,
      0.49,
      0.165,
      0.8175,
      0.3275,
      0.655,
      0,
      0.49,
      0.165,
      0.8175,
      0.3275,
      0.655,
      0,
      0.49,
      0.165,
      0.8175,
      0.3275,
      0.655,
      0,
      0.49,
      0.165,
      0.8175,
      0.3275,
      0.655,
      0,
      0.49,
      0.165,
      0.8175,
      0.3275,
      0.655,
      0,
      0.49,
      0.165,
      0.8175,
      0.3275,
      0.655,
      0,
      0.49,
      0.165,
      0.8175,
      0.3275,
      0.655
    ],
    "SoftwareVersions": "syngo_MR_E11",
    "TaskName": "sadsh",
    "TotalReadoutTime": 0.03886,
    "dataset": "ds003085",
    "modality": "bold",
    "subject_id": "03",
    "task_id": "sadsh"
  },
  "dummy_trs": 2,
  "dvars_nstd": 24.929431715858215,
  "dvars_std": 1.110787759813433,
  "dvars_vstd": 0.97167573261194,
  "efc": 0.4847075765051933,
  "fber": 1158.6260986328125,
  "fd_mean": 0.14216174824631334,
  "fd_num": 42,
  "fd_perc": 15.613382899628252,
  "fwhm_avg": 2.8039233333333335,
  "fwhm_x": 2.62266,
  "fwhm_y": 2.9048966666666662,
  "fwhm_z": 2.8842133333333333,
  "gcor": 0.0129997,
  "gsr_x": 0.0036355778574943542,
  "gsr_y": 0.03610307350754738,
  "provenance": {
    "md5sum": "c0db9494ebae80a324feb0c9180d63fc",
    "settings": {
      "fd_thres": 0.2,
      "testing": false
    },
    "software": "mriqc",
    "version": "22.0.1",
    "webapi_port": null,
    "webapi_url": "https://mriqc.nimh.nih.gov/api/v1"
  },
  "size_t": 269,
  "size_x": 68,
  "size_y": 68,
  "size_z": 48,
  "snr": 2.5637713898767807,
  "spacing_tr": 1.0,
  "spacing_x": 3.0,
  "spacing_y": 3.0,
  "spacing_z": 3.0,
  "summary_bg_k": 28.727320012240675,
  "summary_bg_mad": 106.44974661159111,
  "summary_bg_mean": 292.40032958984375,
  "summary_bg_median": 141.34201049804688,
  "summary_bg_n": 142550.0,
  "summary_bg_p05": 58.100372314453125,
  "summary_bg_p95": 1046.665234374998,
  "summary_bg_stdv": 460.3685302734375,
  "summary_fg_k": 1.0352461431059634,
  "summary_fg_mad": 1801.4883826855946,
  "summary_fg_mean": 5262.09033203125,
  "summary_fg_median": 4891.83251953125,
  "summary_fg_n": 36913.0,
  "summary_fg_p05": 2840.576123046875,
  "summary_fg_p95": 8874.674023437501,
  "summary_fg_stdv": 1908.0352783203125,
  "tsnr": 58.57645298587158
}