{
  "aor": 0.0015147540983606557,
  "aqi": 0.0017918481967213117,
  "bids_meta": {
    "AcquisitionNumber": 1,
    "AcquisitionTime": "17:40:48.032500",
    "BandwidthPerPixelPhaseEncode": 25.355,
    "BodyPartExamined": "BRAIN",
    "ConversionSoftware": "dcm2niix",
    "ConversionSoftwareVersion": "v1.0.20170724 (OpenJPEG build) GCC6.1.0",
    "DeviceSerialNumber": "67025",
    "EchoTime": 0.035,
    "EchoTrainLength": 68,
    "EffectiveEchoSpacing": 0.000579999,
    "FlipAngle": 52,
    "ImageType": [
      "ORIGINAL",
      "PRIMARY",
      "M",
      "MB",
      "ND",
      "MOSAIC"
    ],
    "InstitutionAddress": "McClintock_3520A_Los_Angeles_SVC0e0594213b1104_CA_US_90089",
    "InstitutionName": "USC",
    "MagneticFieldStrength": 3,
    "Manufacturer": "Siemens",
    "ManufacturersModelName": "Prisma_fit",
    "PhaseEncodingDirection": "j-",
    "PhaseEncodingLines": 68,
    "ProcedureStepDescription": "HAssal_Music",
    "ProtocolName": "MUSIC_DYNAMICS_HNL",
    "RepetitionTime": 1,
    "ScanningSequence": "EP",
    "SequenceName": "epfid2d1_68",
    "SequenceVariant": "SK_SS",
    "SeriesDescription": "MUSIC_DYNAMICS_HNL",
    "SliceTiming": [
      0,
      0.49,
      0.165,
      0.8175,
      0.3275,
      0.655,
      0,
      0.49,
      0.165,
      0.8175,
      0.3275,
      0.655,
      0,
      0.49,
      0.165,
      0.8175,
      0.3275,
      0.655,
      0,
      0.49,
      0.165,
      0.8175,
      0.3275,
      0.655,
      0,
      0.49,
      0.165,
      0.8175,
      0.3275,
      0.655,
      0,
      0.49,
      0.165,
      0.8175,
      0.3275,
      0.655,
      0,
      0.49,
      0.165,
      0.8175,
      0.3275,
      0.655,
      0,
      0.49,
      0.165,
      0.8175,
      0.3275,
      0.655
    ],
    "SoftwareVersions": "syngo_MR_E11",
    "TaskName": "happy",
    "TotalReadoutTime": 0.03886,
    "dataset": "ds003085",
    "modality": "bold",
    "subject_id": "03",
    "task_id": "happy"
  },
  "dummy_trs": 0,
  "dvars_nstd": 24.1846240641758,
  "dvars_std": 1.1680504132417584,
  "dvars_vstd": 1.0152538771428572,
  "efc": 0.48598583332341444,
  "fber": 1106.8475341796875,
  "fd_mean": 0.14092171884884674,
  "fd_num": 31,
  "fd_perc": 16.939890710382514,
  "fwhm_avg": 2.8033955555555554,
  "fwhm_x": 2.6133866666666665,
  "fwhm_y": 2.9116933333333335,
  "fwhm_z": 2.8851066666666667,
  "gcor": 0.0209346,
  "gsr_x": 0.0034519387409090996,
  "gsr_y": 0.034037768840789795,
  "provenance": {
    "md5sum": "180a3cb117ad255670bfebe7bd37fe4f",
    "settings": {
      "fd_thres": 0.2,
      "testing": false
    },
    "software": "mriqc",
    "version": "22.0.1",
    "webapi_port": null,
    "webapi_url": "https://mriqc.nimh.nih.gov/api/v1"
  },
  "size_t": 183,
  "size_x": 68,
  "size_y": 68,
  "size_z": 48,
  "snr": 2.570751310084128,
  "spacing_tr": 1.0,
  "spacing_x": 3.0,
  "spacing_y": 3.0,
  "spacing_z": 3.0,
  "summary_bg_k": 25.653772922805388,
  "summary_bg_mad": 111.34099240568881,
  "summary_bg_mean": 306.2591552734375,
  "summary_bg_median": 146.38796997070312,
  "summary_bg_n": 143320.0,
  "summary_bg_p05": 58.49726486206055,
  "summary_bg_p95": 1123.2332885742167,
  "summary_bg_stdv": 487.7729187011719,
  "summary_fg_k": 0.9846306275453989,
  "summary_fg_mad": 1816.74658920876,
  "summary_fg_mean": 5271.02685546875,
  "summary_fg_median": 4910.5517578125,
  "summary_fg_n": 36899.0,
  "summary_fg_p05": 2837.3550537109377,
  "summary_fg_p95": 8883.326171874998,
  "summary_fg_stdv": 1910.13623046875,
  "tsnr": 70.02697287825868
}