{
  "aor": 0.0003339495798319328,
  "aqi": 0.0018754975350140054,
  "bids_meta": {
    "AcquisitionNumber": 1,
    "AcquisitionTime": "11:54:36.155000",
    "BandwidthPerPixelPhaseEncode": 25.355,
    "BodyPartExamined": "BRAIN",
    "ConversionSoftware": "dcm2niix",
    "ConversionSoftwareVersion": "v1.0.20170724 (OpenJPEG build) GCC6.1.0",
    "DeviceSerialNumber": "67025",
    "EchoTime": 0.035,
    "EchoTrainLength": 68,
    "EffectiveEchoSpacing": 0.000579999,
    "FlipAngle": 52,
    "ImageType": [
      "ORIGINAL",
      "PRIMARY",
      "M",
      "MB",
      "ND",
      "MOSAIC"
    ],
    "InstitutionAddress": "McClintock_3520A_Los_Angeles_SVC0e0594213b1104_CA_US_90089",
    "InstitutionName": "USC",
    "MagneticFieldStrength": 3,
    "Manufacturer": "Siemens",
    "ManufacturersModelName": "Prisma_fit",
    "PhaseEncodingDirection": "j-",
    "PhaseEncodingLines": 68,
    "ProcedureStepDescription": "HAssal_Music",
    "ProtocolName": "Resting",
    "RepetitionTime": 1,
    "ScanningSequence": "EP",
    "SequenceName": "epfid2d1_68",
    "SequenceVariant": "SK_SS",
    "SeriesDescription": "Resting",
    "SliceTiming": [
      0,
      0.49,
      0.1625,
      0.815,
      0.325,
      0.6525,
      0,
      0.49,
      0.1625,
      0.815,
      0.325,
      0.6525,
      0,
      0.49,
      0.1625,
      0.815,
      0.325,
      0.6525,
      0,
      0.49,
      0.1625,
      0.815,
      0.325,
      0.6525,
      0,
      0.49,
      0.1625,
      0.815,
      0.325,
      0.6525,
      0,
      0.49,
      0.1625,
      0.815,
      0.325,
      0.6525,
      0,
      0.49,
      0.1625,
      0.815,
      0.325,
      0.6525,
      0,
      0.49,
      0.1625,
      0.815,
      0.325,
      0.6525
    ],
    "SoftwareVersions": "syngo_MR_E11",
    "TaskName": "rest",
    "TotalReadoutTime": 0.03886,
    "dataset": "ds003085",
    "modality": "bold",
    "subject_id": "03",
    "task_id": "rest"
  },
  "dummy_trs": 3,
  "dvars_nstd": 23.442579350140456,
  "dvars_std": 1.138184863061798,
  "dvars_vstd": 0.9880433605337078,
  "efc": 0.487306439107851,
  "fber": 1126.144775390625,
  "fd_mean": 0.09701719830407429,
  "fd_num": 1,
  "fd_perc": 0.2801120448179272,
  "fwhm_avg": 2.870714444444445,
  "fwhm_x": 2.6741966666666666,
  "fwhm_y": 2.9707633333333336,
  "fwhm_z": 2.9671833333333333,
  "gcor": 0.0134926,
  "gsr_x": 0.003907192498445511,
  "gsr_y": 0.03768371790647507,
  "provenance": {
    "md5sum": "31e5d739f79c57ef0a5c36230c43423e",
    "settings": {
      "fd_thres": 0.2,
      "testing": false
    },
    "software": "mriqc",
    "version": "22.0.1",
    "webapi_port": null,
    "webapi_url": "https://mriqc.nimh.nih.gov/api/v1"
  },
  "size_t": 357,
  "size_x": 68,
  "size_y": 68,
  "size_z": 48,
  "snr": 2.502788427075678,
  "spacing_tr": 1.0,
  "spacing_x": 3.0,
  "spacing_y": 3.0,
  "spacing_z": 3.0,
  "summary_bg_k": 27.211404308051804,
  "summary_bg_mad": 104.47778114403759,
  "summary_bg_mean": 297.45928955078125,
  "summary_bg_median": 138.8893585205078,
  "summary_bg_n": 142414.0,
  "summary_bg_p05": 56.773109436035156,
  "summary_bg_p95": 1080.3374389648445,
  "summary_bg_stdv": 485.6325988769531,
  "summary_fg_k": 0.9621247652588485,
  "summary_fg_mad": 1731.052470549882,
  "summary_fg_mean": 5078.72900390625,
  "summary_fg_median": 4707.2841796875,
  "summary_fg_n": 37660.0,
  "summary_fg_p05": 2715.2033447265626,
  "summary_fg_p95": 8731.336767578123,
  "summary_fg_stdv": 1880.7908935546875,
  "tsnr": 67.32667967164889
}