{
  "aor": 0.0006640555555555555,
  "aqi": 0.0014996469444444444,
  "bids_meta": {
    "AcquisitionNumber": 1,
    "AcquisitionTime": "11:55:43.412500",
    "BandwidthPerPixelPhaseEncode": 25.355,
    "BodyPartExamined": "BRAIN",
    "ConversionSoftware": "dcm2niix",
    "ConversionSoftwareVersion": "v1.0.20170724 (OpenJPEG build) GCC6.1.0",
    "DeviceSerialNumber": "67025",
    "EchoTime": 0.035,
    "EchoTrainLength": 68,
    "EffectiveEchoSpacing": 0.000579999,
    "FlipAngle": 52,
    "ImageType": [
      "ORIGINAL",
      "PRIMARY",
      "M",
      "MB",
      "ND",
      "MOSAIC"
    ],
    "InstitutionAddress": "McClintock_3520A_Los_Angeles_SVC0e0594213b1104_CA_US_90089",
    "InstitutionName": "USC",
    "MagneticFieldStrength": 3,
    "Manufacturer": "Siemens",
    "ManufacturersModelName": "Prisma_fit",
    "PhaseEncodingDirection": "j-",
    "PhaseEncodingLines": 68,
    "ProcedureStepDescription": "HAssal_Music",
    "ProtocolName": "MUSIC_DYNAMICS_HNL",
    "RepetitionTime": 1,
    "ScanningSequence": "EP",
    "SequenceName": "epfid2d1_68",
    "SequenceVariant": "SK_SS",
    "SeriesDescription": "MUSIC_DYNAMICS_HNL",
    "SliceTiming": [
      0,
      0.49,
      0.1625,
      0.815,
      0.325,
      0.6525,
      0,
      0.49,
      0.1625,
      0.815,
      0.325,
      0.6525,
      0,
      0.49,
      0.1625,
      0.815,
      0.325,
      0.6525,
      0,
      0.49,
      0.1625,
      0.815,
      0.325,
      0.6525,
      0,
      0.49,
      0.1625,
      0.815,
      0.325,
      0.6525,
      0,
      0.49,
      0.1625,
      0.815,
      0.325,
      0.6525,
      0,
      0.49,
      0.1625,
      0.815,
      0.325,
      0.6525,
      0,
      0.49,
      0.1625,
      0.815,
      0.325,
      0.6525
    ],
    "SoftwareVersions": "syngo_MR_E11",
    "TaskName": "happy",
    "TotalReadoutTime": 0.03886,
    "dataset": "ds003085",
    "modality": "bold",
    "subject_id": "31",
    "task_id": "happy"
  },
  "dummy_trs": 3,
  "dvars_nstd": 19.839318547039095,
  "dvars_std": 1.0549338188268151,
  "dvars_vstd": 0.9957268465921785,
  "efc": 0.5039566971200544,
  "fber": 954.196533203125,
  "fd_mean": 0.09881668063773755,
  "fd_num": 1,
  "fd_perc": 0.5555555555555556,
  "fwhm_avg": 2.902593333333334,
  "fwhm_x": 2.7252066666666668,
  "fwhm_y": 2.9745233333333334,
  "fwhm_z": 3.0080500000000003,
  "gcor": 0.0149829,
  "gsr_x": -0.006821588613092899,
  "gsr_y": 0.06446751952171326,
  "provenance": {
    "md5sum": "11bf3dd4efb469478e803e20371a30ba",
    "settings": {
      "fd_thres": 0.2,
      "testing": false
    },
    "software": "mriqc",
    "version": "22.0.1",
    "webapi_port": null,
    "webapi_url": "https://mriqc.nimh.nih.gov/api/v1"
  },
  "size_t": 180,
  "size_x": 68,
  "size_y": 68,
  "size_z": 48,
  "snr": 2.2907361302841633,
  "spacing_tr": 1.0,
  "spacing_x": 3.0,
  "spacing_y": 3.0,
  "spacing_z": 3.0,
  "summary_bg_k": 26.354139769157143,
  "summary_bg_mad": 111.40519566948457,
  "summary_bg_mean": 323.607177734375,
  "summary_bg_median": 149.352783203125,
  "summary_bg_n": 136810.0,
  "summary_bg_p05": 61.07222366333008,
  "summary_bg_p95": 1279.4650146484353,
  "summary_bg_stdv": 492.5426940917969,
  "summary_fg_k": 1.5748387938469053,
  "summary_fg_mad": 1847.6767264581551,
  "summary_fg_mean": 5199.0986328125,
  "summary_fg_median": 4739.6669921875,
  "summary_fg_n": 40553.0,
  "summary_fg_p05": 2692.6490234375,
  "summary_fg_p95": 9222.019140625005,
  "summary_fg_stdv": 2069.032958984375,
  "tsnr": 70.43970744777471
}