{
  "aor": 0.000415047258979206,
  "aqi": 0.002620528468809074,
  "bids_meta": {
    "AcquisitionNumber": 1,
    "AcquisitionTime": "11:45:33.660000",
    "BandwidthPerPixelPhaseEncode": 25.355,
    "BodyPartExamined": "BRAIN",
    "ConversionSoftware": "dcm2niix",
    "ConversionSoftwareVersion": "v1.0.20170724 (OpenJPEG build) GCC6.1.0",
    "DeviceSerialNumber": "67025",
    "EchoTime": 0.035,
    "EchoTrainLength": 68,
    "EffectiveEchoSpacing": 0.000579999,
    "FlipAngle": 52,
    "ImageType": [
      "ORIGINAL",
      "PRIMARY",
      "M",
      "MB",
      "ND",
      "MOSAIC"
    ],
    "InstitutionAddress": "McClintock_3520A_Los_Angeles_SVC0e0594213b1104_CA_US_90089",
    "InstitutionName": "USC",
    "MagneticFieldStrength": 3,
    "Manufacturer": "Siemens",
    "ManufacturersModelName": "Prisma_fit",
    "PhaseEncodingDirection": "j-",
    "PhaseEncodingLines": 68,
    "ProcedureStepDescription": "HAssal_Music",
    "ProtocolName": "MUSIC_DYNAMICS_SNL_L",
    "RepetitionTime": 1,
    "ScanningSequence": "EP",
    "SequenceName": "epfid2d1_68",
    "SequenceVariant": "SK_SS",
    "SeriesDescription": "MUSIC_DYNAMICS_SNL_L",
    "SliceTiming": [
      0,
      0.49,
      0.1625,
      0.815,
      0.325,
      0.6525,
      0,
      0.49,
      0.1625,
      0.815,
      0.325,
      0.6525,
      0,
      0.49,
      0.1625,
      0.815,
      0.325,
      0.6525,
      0,
      0.49,
      0.1625,
      0.815,
      0.325,
      0.6525,
      0,
      0.49,
      0.1625,
      0.815,
      0.325,
      0.6525,
      0,
      0.49,
      0.1625,
      0.815,
      0.325,
      0.6525,
      0,
      0.49,
      0.1625,
      0.815,
      0.325,
      0.6525,
      0,
      0.49,
      0.1625,
      0.815,
      0.325,
      0.6525
    ],
    "SoftwareVersions": "syngo_MR_E11",
    "TaskName": "sadln",
    "TotalReadoutTime": 0.03886,
    "dataset": "ds003085",
    "modality": "bold",
    "subject_id": "31",
    "task_id": "sadln"
  },
  "dummy_trs": 1,
  "dvars_nstd": 19.510472868390156,
  "dvars_std": 1.0190565054545457,
  "dvars_vstd": 0.972195487367424,
  "efc": 0.5038209783655033,
  "fber": 963.66015625,
  "fd_mean": 0.10961496114458606,
  "fd_num": 7,
  "fd_perc": 1.3232514177693762,
  "fwhm_avg": 2.915862222222222,
  "fwhm_x": 2.747203333333333,
  "fwhm_y": 2.9834133333333335,
  "fwhm_z": 3.01697,
  "gcor": 0.0144564,
  "gsr_x": -0.008454480208456516,
  "gsr_y": 0.0667044147849083,
  "provenance": {
    "md5sum": "cdc2bb6d65439fc5625a0433d741dd4b",
    "settings": {
      "fd_thres": 0.2,
      "testing": false
    },
    "software": "mriqc",
    "version": "22.0.1",
    "webapi_port": null,
    "webapi_url": "https://mriqc.nimh.nih.gov/api/v1"
  },
  "size_t": 529,
  "size_x": 68,
  "size_y": 68,
  "size_z": 48,
  "snr": 2.2821941282257083,
  "spacing_tr": 1.0,
  "spacing_x": 3.0,
  "spacing_y": 3.0,
  "spacing_z": 3.0,
  "summary_bg_k": 25.342092479399124,
  "summary_bg_mad": 113.4891322625339,
  "summary_bg_mean": 327.298095703125,
  "summary_bg_median": 149.8846893310547,
  "summary_bg_n": 137144.0,
  "summary_bg_p05": 60.425331115722656,
  "summary_bg_p95": 1298.2036560058593,
  "summary_bg_stdv": 500.5823059082031,
  "summary_fg_k": 1.7266536397325325,
  "summary_fg_mad": 1850.7472622539517,
  "summary_fg_mean": 5211.72314453125,
  "summary_fg_median": 4745.43310546875,
  "summary_fg_n": 40639.0,
  "summary_fg_p05": 2706.2217041015624,
  "summary_fg_p95": 9256.9474609375,
  "summary_fg_stdv": 2079.3037109375,
  "tsnr": 58.40551668428816
}