{
  "aor": 0.0010055988857938718,
  "aqi": 0.0018440880501392758,
  "bids_meta": {
    "AcquisitionNumber": 1,
    "AcquisitionTime": "11:28:8.365000",
    "BandwidthPerPixelPhaseEncode": 25.355,
    "BodyPartExamined": "BRAIN",
    "ConversionSoftware": "dcm2niix",
    "ConversionSoftwareVersion": "v1.0.20170724 (OpenJPEG build) GCC6.1.0",
    "DeviceSerialNumber": "67025",
    "EchoTime": 0.035,
    "EchoTrainLength": 68,
    "EffectiveEchoSpacing": 0.000579999,
    "FlipAngle": 52,
    "ImageType": [
      "ORIGINAL",
      "PRIMARY",
      "M",
      "MB",
      "ND",
      "MOSAIC"
    ],
    "InstitutionAddress": "McClintock_3520A_Los_Angeles_SVC0e0594213b1104_CA_US_90089",
    "InstitutionName": "USC",
    "MagneticFieldStrength": 3,
    "Manufacturer": "Siemens",
    "ManufacturersModelName": "Prisma_fit",
    "PhaseEncodingDirection": "j-",
    "PhaseEncodingLines": 68,
    "ProcedureStepDescription": "HAssal_Music",
    "ProtocolName": "Resting",
    "RepetitionTime": 1,
    "ScanningSequence": "EP",
    "SequenceName": "epfid2d1_68",
    "SequenceVariant": "SK_SS",
    "SeriesDescription": "Resting",
    "SliceTiming": [
      0,
      0.49,
      0.165,
      0.8175,
      0.3275,
      0.655,
      0,
      0.49,
      0.165,
      0.8175,
      0.3275,
      0.655,
      0,
      0.49,
      0.165,
      0.8175,
      0.3275,
      0.655,
      0,
      0.49,
      0.165,
      0.8175,
      0.3275,
      0.655,
      0,
      0.49,
      0.165,
      0.8175,
      0.3275,
      0.655,
      0,
      0.49,
      0.165,
      0.8175,
      0.3275,
      0.655,
      0,
      0.49,
      0.165,
      0.8175,
      0.3275,
      0.655,
      0,
      0.49,
      0.165,
      0.8175,
      0.3275,
      0.655
    ],
    "SoftwareVersions": "syngo_MR_E11",
    "TaskName": "rest",
    "TotalReadoutTime": 0.03886,
    "dataset": "ds003085",
    "modality": "bold",
    "subject_id": "31",
    "task_id": "rest"
  },
  "dummy_trs": 1,
  "dvars_nstd": 18.828325987905043,
  "dvars_std": 1.063588563072625,
  "dvars_vstd": 1.0106026193296087,
  "efc": 0.4997574140426682,
  "fber": 970.6203002929688,
  "fd_mean": 0.11467739074878328,
  "fd_num": 16,
  "fd_perc": 4.456824512534819,
  "fwhm_avg": 2.928357777777778,
  "fwhm_x": 2.7820366666666665,
  "fwhm_y": 3.0105466666666665,
  "fwhm_z": 2.99249,
  "gcor": 0.0425291,
  "gsr_x": -0.005345548037439585,
  "gsr_y": 0.06144274026155472,
  "provenance": {
    "md5sum": "78d4db3374ea7e36c8b9f1a5c7697e45",
    "settings": {
      "fd_thres": 0.2,
      "testing": false
    },
    "software": "mriqc",
    "version": "22.0.1",
    "webapi_port": null,
    "webapi_url": "https://mriqc.nimh.nih.gov/api/v1"
  },
  "size_t": 359,
  "size_x": 68,
  "size_y": 68,
  "size_z": 48,
  "snr": 2.2735441152534244,
  "spacing_tr": 1.0,
  "spacing_x": 3.0,
  "spacing_y": 3.0,
  "spacing_z": 3.0,
  "summary_bg_k": 26.68459172109874,
  "summary_bg_mad": 113.96626793438602,
  "summary_bg_mean": 320.07464599609375,
  "summary_bg_median": 151.1169891357422,
  "summary_bg_n": 137433.0,
  "summary_bg_p05": 60.89024963378906,
  "summary_bg_p95": 1237.8428710937496,
  "summary_bg_stdv": 485.41204833984375,
  "summary_fg_k": 2.031324525616104,
  "summary_fg_mad": 1905.1069305096087,
  "summary_fg_mean": 5281.2275390625,
  "summary_fg_median": 4822.41796875,
  "summary_fg_n": 40227.0,
  "summary_fg_p05": 2713.269873046875,
  "summary_fg_p95": 9341.32392578125,
  "summary_fg_stdv": 2121.0751953125,
  "tsnr": 63.837711489759386
}