{
  "aor": 0.0003852592592592593,
  "aqi": 0.004242878074074074,
  "bids_meta": {
    "AcquisitionNumber": 1,
    "AcquisitionTime": "17:11:30.657500",
    "BandwidthPerPixelPhaseEncode": 25.355,
    "BodyPartExamined": "BRAIN",
    "ConversionSoftware": "dcm2niix",
    "ConversionSoftwareVersion": "v1.0.20170724 (OpenJPEG build) GCC6.1.0",
    "DeviceSerialNumber": "67025",
    "EchoTime": 0.035,
    "EchoTrainLength": 68,
    "EffectiveEchoSpacing": 0.000579999,
    "FlipAngle": 52,
    "ImageType": [
      "ORIGINAL",
      "PRIMARY",
      "M",
      "MB",
      "ND",
      "MOSAIC"
    ],
    "InstitutionAddress": "McClintock_3520A_Los_Angeles_SVC0e0594213b1104_CA_US_90089",
    "InstitutionName": "USC",
    "MagneticFieldStrength": 3,
    "Manufacturer": "Siemens",
    "ManufacturersModelName": "Prisma_fit",
    "PhaseEncodingDirection": "j-",
    "PhaseEncodingLines": 68,
    "ProcedureStepDescription": "HAssal_Music",
    "ProtocolName": "MUSIC_DYNAMICS_SNL",
    "RepetitionTime": 1,
    "ScanningSequence": "EP",
    "SequenceName": "epfid2d1_68",
    "SequenceVariant": "SK_SS",
    "SeriesDescription": "MUSIC_DYNAMICS_SNL",
    "SliceTiming": [
      0,
      0.49,
      0.165,
      0.8175,
      0.3275,
      0.655,
      0,
      0.49,
      0.165,
      0.8175,
      0.3275,
      0.655,
      0,
      0.49,
      0.165,
      0.8175,
      0.3275,
      0.655,
      0,
      0.49,
      0.165,
      0.8175,
      0.3275,
      0.655,
      0,
      0.49,
      0.165,
      0.8175,
      0.3275,
      0.655,
      0,
      0.49,
      0.165,
      0.8175,
      0.3275,
      0.655,
      0,
      0.49,
      0.165,
      0.8175,
      0.3275,
      0.655,
      0,
      0.49,
      0.165,
      0.8175,
      0.3275,
      0.655
    ],
    "SoftwareVersions": "syngo_MR_E11",
    "TaskName": "sadsh",
    "TotalReadoutTime": 0.03886,
    "dataset": "ds003085",
    "modality": "bold",
    "subject_id": "24",
    "task_id": "sadsh"
  },
  "dummy_trs": 1,
  "dvars_nstd": 28.36140346888476,
  "dvars_std": 1.06462314197026,
  "dvars_vstd": 0.9825967345724905,
  "efc": 0.5373193895093721,
  "fber": 469.67706298828125,
  "fd_mean": 0.18918209029680136,
  "fd_num": 106,
  "fd_perc": 39.25925925925926,
  "fwhm_avg": 2.740505564154177,
  "fwhm_x": 2.559233129943758,
  "fwhm_y": 2.8838202291854405,
  "fwhm_z": 2.7784633333333333,
  "gcor": 0.0234461,
  "gsr_x": 0.00409284420311451,
  "gsr_y": 0.08153515309095383,
  "provenance": {
    "md5sum": "a5b85fc0fe55a4ee7cdf3d636b763dc9",
    "settings": {
      "fd_thres": 0.2,
      "testing": false
    },
    "software": "mriqc",
    "version": "22.0.1",
    "webapi_port": null,
    "webapi_url": "https://mriqc.nimh.nih.gov/api/v1"
  },
  "size_t": 270,
  "size_x": 68,
  "size_y": 68,
  "size_z": 48,
  "snr": 2.260084870297586,
  "spacing_tr": 1.0,
  "spacing_x": 3.000000238418579,
  "spacing_y": 2.999999761581421,
  "spacing_z": 3.0,
  "summary_bg_k": 19.412745691885686,
  "summary_bg_mad": 151.20620829159026,
  "summary_bg_mean": 407.3376770019531,
  "summary_bg_median": 187.52407836914062,
  "summary_bg_n": 134010.0,
  "summary_bg_p05": 67.70536994934082,
  "summary_bg_p95": 1548.5360656738271,
  "summary_bg_stdv": 606.2367553710938,
  "summary_fg_k": 1.4604188167227026,
  "summary_fg_mad": 1706.9308654611536,
  "summary_fg_mean": 4641.224609375,
  "summary_fg_median": 4259.9443359375,
  "summary_fg_n": 42443.0,
  "summary_fg_p05": 2278.1407470703125,
  "summary_fg_p95": 8179.00458984375,
  "summary_fg_stdv": 1884.838134765625,
  "tsnr": 46.58013641950674
}