{
  "aor": 0.0004956145251396648,
  "aqi": 0.004393827346368715,
  "bids_meta": {
    "AcquisitionNumber": 1,
    "AcquisitionTime": "16:36:6.600000",
    "BandwidthPerPixelPhaseEncode": 25.355,
    "BodyPartExamined": "BRAIN",
    "ConversionSoftware": "dcm2niix",
    "ConversionSoftwareVersion": "v1.0.20170724 (OpenJPEG build) GCC6.1.0",
    "DeviceSerialNumber": "67025",
    "EchoTime": 0.035,
    "EchoTrainLength": 68,
    "EffectiveEchoSpacing": 0.000579999,
    "FlipAngle": 52,
    "ImageType": [
      "ORIGINAL",
      "PRIMARY",
      "M",
      "MB",
      "ND",
      "MOSAIC"
    ],
    "InstitutionAddress": "McClintock_3520A_Los_Angeles_SVC0e0594213b1104_CA_US_90089",
    "InstitutionName": "USC",
    "MagneticFieldStrength": 3,
    "Manufacturer": "Siemens",
    "ManufacturersModelName": "Prisma_fit",
    "PhaseEncodingDirection": "j-",
    "PhaseEncodingLines": 68,
    "ProcedureStepDescription": "HAssal_Music",
    "ProtocolName": "Resting",
    "RepetitionTime": 1,
    "ScanningSequence": "EP",
    "SequenceName": "epfid2d1_68",
    "SequenceVariant": "SK_SS",
    "SeriesDescription": "Resting",
    "SliceTiming": [
      0,
      0.49,
      0.1625,
      0.815,
      0.325,
      0.6525,
      0,
      0.49,
      0.1625,
      0.815,
      0.325,
      0.6525,
      0,
      0.49,
      0.1625,
      0.815,
      0.325,
      0.6525,
      0,
      0.49,
      0.1625,
      0.815,
      0.325,
      0.6525,
      0,
      0.49,
      0.1625,
      0.815,
      0.325,
      0.6525,
      0,
      0.49,
      0.1625,
      0.815,
      0.325,
      0.6525,
      0,
      0.49,
      0.1625,
      0.815,
      0.325,
      0.6525,
      0,
      0.49,
      0.1625,
      0.815,
      0.325,
      0.6525
    ],
    "SoftwareVersions": "syngo_MR_E11",
    "TaskName": "rest",
    "TotalReadoutTime": 0.03886,
    "dataset": "ds003085",
    "modality": "bold",
    "subject_id": "24",
    "task_id": "rest"
  },
  "dummy_trs": 2,
  "dvars_nstd": 27.288399015210118,
  "dvars_std": 1.0711591598319323,
  "dvars_vstd": 0.9831510992717085,
  "efc": 0.537589816705165,
  "fber": 465.6248474121094,
  "fd_mean": 0.15122797436722282,
  "fd_num": 91,
  "fd_perc": 25.41899441340782,
  "fwhm_avg": 2.7417100088709483,
  "fwhm_x": 2.56275979633015,
  "fwhm_y": 2.8976268969493626,
  "fwhm_z": 2.7647433333333336,
  "gcor": 0.0160507,
  "gsr_x": 0.003218968864530325,
  "gsr_y": 0.08348497748374939,
  "provenance": {
    "md5sum": "6afd9a1a110eee3d41573e88c71dc0db",
    "settings": {
      "fd_thres": 0.2,
      "testing": false
    },
    "software": "mriqc",
    "version": "22.0.1",
    "webapi_port": null,
    "webapi_url": "https://mriqc.nimh.nih.gov/api/v1"
  },
  "size_t": 358,
  "size_x": 68,
  "size_y": 68,
  "size_z": 48,
  "snr": 2.2630796614246225,
  "spacing_tr": 1.0,
  "spacing_x": 3.000000238418579,
  "spacing_y": 2.999999761581421,
  "spacing_z": 3.0,
  "summary_bg_k": 20.04699051174034,
  "summary_bg_mad": 154.89880086842703,
  "summary_bg_mean": 406.33587646484375,
  "summary_bg_median": 189.87429809570312,
  "summary_bg_n": 133206.0,
  "summary_bg_p05": 67.64315414428711,
  "summary_bg_p95": 1519.054443359375,
  "summary_bg_stdv": 599.6729736328125,
  "summary_fg_k": 1.5582901332590922,
  "summary_fg_mad": 1704.2738728867052,
  "summary_fg_mean": 4681.615234375,
  "summary_fg_median": 4294.55712890625,
  "summary_fg_n": 42542.0,
  "summary_fg_p05": 2315.301647949219,
  "summary_fg_p95": 8267.185498046874,
  "summary_fg_stdv": 1897.6383056640625,
  "tsnr": 45.73083641845733
}