{
  "aor": 0.0016520879120879121,
  "aqi": 0.004464179010989011,
  "bids_meta": {
    "AcquisitionNumber": 1,
    "AcquisitionTime": "17:07:6.560000",
    "BandwidthPerPixelPhaseEncode": 25.355,
    "BodyPartExamined": "BRAIN",
    "ConversionSoftware": "dcm2niix",
    "ConversionSoftwareVersion": "v1.0.20170724 (OpenJPEG build) GCC6.1.0",
    "DeviceSerialNumber": "67025",
    "EchoTime": 0.035,
    "EchoTrainLength": 68,
    "EffectiveEchoSpacing": 0.000579999,
    "FlipAngle": 52,
    "ImageType": [
      "ORIGINAL",
      "PRIMARY",
      "M",
      "MB",
      "ND",
      "MOSAIC"
    ],
    "InstitutionAddress": "McClintock_3520A_Los_Angeles_SVC0e0594213b1104_CA_US_90089",
    "InstitutionName": "USC",
    "MagneticFieldStrength": 3,
    "Manufacturer": "Siemens",
    "ManufacturersModelName": "Prisma_fit",
    "PhaseEncodingDirection": "j-",
    "PhaseEncodingLines": 68,
    "ProcedureStepDescription": "HAssal_Music",
    "ProtocolName": "MUSIC_DYNAMICS_HNL",
    "RepetitionTime": 1,
    "ScanningSequence": "EP",
    "SequenceName": "epfid2d1_68",
    "SequenceVariant": "SK_SS",
    "SeriesDescription": "MUSIC_DYNAMICS_HNL",
    "SliceTiming": [
      0,
      0.49,
      0.1625,
      0.815,
      0.325,
      0.6525,
      0,
      0.49,
      0.1625,
      0.815,
      0.325,
      0.6525,
      0,
      0.49,
      0.1625,
      0.815,
      0.325,
      0.6525,
      0,
      0.49,
      0.1625,
      0.815,
      0.325,
      0.6525,
      0,
      0.49,
      0.1625,
      0.815,
      0.325,
      0.6525,
      0,
      0.49,
      0.1625,
      0.815,
      0.325,
      0.6525,
      0,
      0.49,
      0.1625,
      0.815,
      0.325,
      0.6525,
      0,
      0.49,
      0.1625,
      0.815,
      0.325,
      0.6525
    ],
    "SoftwareVersions": "syngo_MR_E11",
    "TaskName": "happy",
    "TotalReadoutTime": 0.03886,
    "dataset": "ds003085",
    "modality": "bold",
    "subject_id": "24",
    "task_id": "happy"
  },
  "dummy_trs": 1,
  "dvars_nstd": 30.308602475414364,
  "dvars_std": 1.0940095738121542,
  "dvars_vstd": 1.006383820607735,
  "efc": 0.537817010910597,
  "fber": 472.68719482421875,
  "fd_mean": 0.2257437927814097,
  "fd_num": 94,
  "fd_perc": 51.64835164835165,
  "fwhm_avg": 2.692575564487875,
  "fwhm_x": 2.518726466496272,
  "fwhm_y": 2.8559102269673526,
  "fwhm_z": 2.70309,
  "gcor": 0.0380767,
  "gsr_x": 0.0037878239527344704,
  "gsr_y": 0.08188899606466293,
  "provenance": {
    "md5sum": "78f41240ce1c827aeffe4c2305c0f977",
    "settings": {
      "fd_thres": 0.2,
      "testing": false
    },
    "software": "mriqc",
    "version": "22.0.1",
    "webapi_port": null,
    "webapi_url": "https://mriqc.nimh.nih.gov/api/v1"
  },
  "size_t": 182,
  "size_x": 68,
  "size_y": 68,
  "size_z": 48,
  "snr": 2.2696296313908997,
  "spacing_tr": 1.0,
  "spacing_x": 3.000000238418579,
  "spacing_y": 2.999999761581421,
  "spacing_z": 3.0,
  "summary_bg_k": 19.529939943062164,
  "summary_bg_mad": 151.4046547433226,
  "summary_bg_mean": 406.82012939453125,
  "summary_bg_median": 186.70880126953125,
  "summary_bg_n": 133772.0,
  "summary_bg_p05": 67.37362670898438,
  "summary_bg_p95": 1539.6473388671875,
  "summary_bg_stdv": 604.1132202148438,
  "summary_fg_k": 1.442943665480005,
  "summary_fg_mad": 1695.3639620200977,
  "summary_fg_mean": 4618.49755859375,
  "summary_fg_median": 4244.208984375,
  "summary_fg_n": 42393.0,
  "summary_fg_p05": 2270.1923828125,
  "summary_fg_p95": 8146.359667968751,
  "summary_fg_stdv": 1869.9786376953125,
  "tsnr": 43.945045537431724
}